{
  "aor": 0.000953421052631579,
  "aqi": 0.009133842669172932,
  "bids_meta": {
    "AcquisitionMatrixPE": 64,
    "AcquisitionNumber": 1,
    "AcquisitionTime": "14:41:48.552500",
    "BandwidthPerPixelPhaseEncode": 58.962,
    "BaseResolution": 64,
    "CoilString": "t:HEA;HEP",
    "ConversionSoftware": "dcm2niix",
    "ConversionSoftwareVersion": "v1.0.20181125  (JP2:OpenJPEG) (JP-LS:CharLS) Clang10.0.0",
    "DerivedVendorReportedEchoSpacing": 0.000530002,
    "DeviceSerialNumber": "35370",
    "DwellTime": 3.5e-06,
    "EchoTime": 0.03,
    "EffectiveEchoSpacing": 0.000265001,
    "FlipAngle": 70,
    "ImageOrientationPatientDICOM": [
      0.998942,
      0.042586,
      -0.017382,
      -0.0453617,
      0.974676,
      -0.218972
    ],
    "ImageType": [
      "ORIGINAL",
      "PRIMARY",
      "M",
      "ND",
      "MOSAIC"
    ],
    "ImagingFrequency": 123.243,
    "InPlanePhaseEncodingDirectionDICOM": "COL",
    "InstitutionAddress": "Habelschwerdter_Allee_45_Berlin_District_DE_14195",
    "InstitutionName": "Freie_Universitaet",
    "InstitutionalDepartmentName": "Department",
    "MRAcquisitionType": "2D",
    "MagneticFieldStrength": 3,
    "Manufacturer": "Siemens",
    "ManufacturersModelName": "TrioTim",
    "Modality": "MR",
    "ParallelReductionFactorInPlane": 2,
    "PartialFourier": 1,
    "PatientPosition": "HFS",
    "PercentPhaseFOV": 100,
    "PhaseEncodingDirection": "j-",
    "PhaseEncodingSteps": 63,
    "PhaseResolution": 1,
    "PixelBandwidth": 2232,
    "ProcedureStepDescription": "Projekte_fMRI_12ch_localizer",
    "ProtocolName": "ep2d_267",
    "PulseSequenceDetails": "%SiemensSeq%_ep2d_bold",
    "ReceiveCoilName": "HeadMatrix",
    "ReconMatrixPE": 64,
    "RepetitionTime": 2,
    "SAR": 0.143019,
    "ScanOptions": "FS",
    "ScanningSequence": "EP",
    "SequenceName": "_epfid2d1_64",
    "SequenceVariant": "SK",
    "SeriesDescription": "ep2d_267",
    "SeriesNumber": 4,
    "ShimSetting": [
      -6769,
      -5408,
      -10834,
      95,
      838,
      1920,
      39,
      -42
    ],
    "SliceThickness": 3,
    "SliceTiming": [
      0,
      1.03,
      0.0525,
      1.085,
      0.1075,
      1.1375,
      0.1625,
      1.1925,
      0.2175,
      1.2475,
      0.27,
      1.3025,
      0.325,
      1.355,
      0.38,
      1.41,
      0.4325,
      1.465,
      0.4875,
      1.5175,
      0.5425,
      1.5725,
      0.595,
      1.6275,
      0.65,
      1.68,
      0.705,
      1.735,
      0.76,
      1.79,
      0.8125,
      1.845,
      0.8675,
      1.8975,
      0.9225,
      1.9525,
      0.975
    ],
    "SoftwareVersions": "syngo_MR_B17",
    "SpacingBetweenSlices": 3.3,
    "StationName": "MRC35370",
    "TaskName": "silentreading",
    "TotalReadoutTime": 0.0166951,
    "TxRefAmp": 284.602,
    "dataset": "ds002727",
    "modality": "bold",
    "run_id": 1,
    "subject_id": "19",
    "task_id": "silentreading"
  },
  "dummy_trs": 1,
  "dvars_nstd": 29.315250879094346,
  "dvars_std": 1.0593328938490583,
  "dvars_vstd": 1.0052869161886797,
  "efc": 0.5551086484320288,
  "fber": 836.9035034179688,
  "fd_mean": 0.05784916591386895,
  "fd_num": 3,
  "fd_perc": 1.1278195488721805,
  "fwhm_avg": 1.8841629382549574,
  "fwhm_x": 1.8189233333333332,
  "fwhm_y": 1.9728866666666667,
  "fwhm_z": 1.8606788147648727,
  "gcor": 0.00475713,
  "gsr_x": -0.002547501353546977,
  "gsr_y": 0.02654392272233963,
  "provenance": {
    "md5sum": "b7791cddefbe0ce0ec2222fa9ecc1b75",
    "settings": {
      "fd_thres": 0.2,
      "testing": false
    },
    "software": "mriqc",
    "version": "22.0.6",
    "webapi_port": null,
    "webapi_url": "https://mriqc.nimh.nih.gov/api/v1"
  },
  "size_t": 266,
  "size_x": 64,
  "size_y": 64,
  "size_z": 37,
  "snr": 5.035529778176492,
  "spacing_tr": 2.0,
  "spacing_x": 3.0,
  "spacing_y": 3.0,
  "spacing_z": 3.299999952316284,
  "summary_bg_k": 35.53320691552749,
  "summary_bg_mad": 8.299227655290213,
  "summary_bg_mean": 48.37081527709961,
  "summary_bg_median": 29.973684310913086,
  "summary_bg_n": 85158.0,
  "summary_bg_p05": 22.69548988342285,
  "summary_bg_p95": 130.51936187744138,
  "summary_bg_stdv": 59.875396728515625,
  "summary_fg_k": 1.1081024261644004,
  "summary_fg_mad": 160.21578352699706,
  "summary_fg_mean": 901.0415649414062,
  "summary_fg_median": 882.5977783203125,
  "summary_fg_n": 32233.0,
  "summary_fg_p05": 659.9857421875,
  "summary_fg_p95": 1220.2233154296875,
  "summary_fg_stdv": 175.27134704589844,
  "tsnr": 45.13382887560874
}