{
  "aor": 0.0011808614232209737,
  "aqi": 0.008147933220973782,
  "bids_meta": {
    "AcquisitionMatrixPE": 64,
    "AcquisitionNumber": 1,
    "AcquisitionTime": "14:52:28.947500",
    "BandwidthPerPixelPhaseEncode": 58.962,
    "BaseResolution": 64,
    "CoilString": "t:HEA;HEP",
    "ConversionSoftware": "dcm2niix",
    "ConversionSoftwareVersion": "v1.0.20181125  (JP2:OpenJPEG) (JP-LS:CharLS) Clang10.0.0",
    "DerivedVendorReportedEchoSpacing": 0.000530002,
    "DeviceSerialNumber": "35370",
    "DwellTime": 3.5e-06,
    "EchoTime": 0.03,
    "EffectiveEchoSpacing": 0.000265001,
    "FlipAngle": 70,
    "ImageOrientationPatientDICOM": [
      0.998942,
      0.042586,
      -0.017382,
      -0.0453617,
      0.974676,
      -0.218972
    ],
    "ImageType": [
      "ORIGINAL",
      "PRIMARY",
      "M",
      "ND",
      "MOSAIC"
    ],
    "ImagingFrequency": 123.243,
    "InPlanePhaseEncodingDirectionDICOM": "COL",
    "InstitutionAddress": "Habelschwerdter_Allee_45_Berlin_District_DE_14195",
    "InstitutionName": "Freie_Universitaet",
    "InstitutionalDepartmentName": "Department",
    "MRAcquisitionType": "2D",
    "MagneticFieldStrength": 3,
    "Manufacturer": "Siemens",
    "ManufacturersModelName": "TrioTim",
    "Modality": "MR",
    "ParallelReductionFactorInPlane": 2,
    "PartialFourier": 1,
    "PatientPosition": "HFS",
    "PercentPhaseFOV": 100,
    "PhaseEncodingDirection": "j-",
    "PhaseEncodingSteps": 63,
    "PhaseResolution": 1,
    "PixelBandwidth": 2232,
    "ProcedureStepDescription": "Projekte_fMRI_12ch_localizer",
    "ProtocolName": "ep2d_267",
    "PulseSequenceDetails": "%SiemensSeq%_ep2d_bold",
    "ReceiveCoilName": "HeadMatrix",
    "ReconMatrixPE": 64,
    "RepetitionTime": 2,
    "SAR": 0.143019,
    "ScanOptions": "FS",
    "ScanningSequence": "EP",
    "SequenceName": "_epfid2d1_64",
    "SequenceVariant": "SK",
    "SeriesDescription": "ep2d_267",
    "SeriesNumber": 5,
    "ShimSetting": [
      -6769,
      -5408,
      -10834,
      95,
      838,
      1920,
      39,
      -42
    ],
    "SliceThickness": 3,
    "SliceTiming": [
      0,
      1.03,
      0.055,
      1.085,
      0.1075,
      1.14,
      0.1625,
      1.195,
      0.2175,
      1.2475,
      0.2725,
      1.3025,
      0.325,
      1.3575,
      0.38,
      1.41,
      0.435,
      1.465,
      0.4875,
      1.52,
      0.5425,
      1.5725,
      0.5975,
      1.6275,
      0.65,
      1.6825,
      0.705,
      1.7375,
      0.76,
      1.79,
      0.815,
      1.845,
      0.8675,
      1.9,
      0.9225,
      1.9525,
      0.9775
    ],
    "SoftwareVersions": "syngo_MR_B17",
    "SpacingBetweenSlices": 3.3,
    "StationName": "MRC35370",
    "TaskName": "silentreading",
    "TotalReadoutTime": 0.0166951,
    "TxRefAmp": 284.602,
    "dataset": "ds002727",
    "modality": "bold",
    "run_id": 2,
    "subject_id": "19",
    "task_id": "silentreading"
  },
  "dummy_trs": 0,
  "dvars_nstd": 29.156691938533832,
  "dvars_std": 1.055469762593985,
  "dvars_vstd": 1.005771044285714,
  "efc": 0.5559291100738725,
  "fber": 831.8048095703125,
  "fd_mean": 0.050540287649630006,
  "fd_num": 2,
  "fd_perc": 0.7490636704119851,
  "fwhm_avg": 1.8806288978062256,
  "fwhm_x": 1.8209866666666665,
  "fwhm_y": 1.9695,
  "fwhm_z": 1.8514000267520099,
  "gcor": 0.00653693,
  "gsr_x": -0.003194584744051099,
  "gsr_y": 0.028436340391635895,
  "provenance": {
    "md5sum": "89d40896ad17eb55d4bec427cd62ee33",
    "settings": {
      "fd_thres": 0.2,
      "testing": false
    },
    "software": "mriqc",
    "version": "22.0.6",
    "webapi_port": null,
    "webapi_url": "https://mriqc.nimh.nih.gov/api/v1"
  },
  "size_t": 267,
  "size_x": 64,
  "size_y": 64,
  "size_z": 37,
  "snr": 5.031204847222336,
  "spacing_tr": 2.0,
  "spacing_x": 3.0,
  "spacing_y": 3.0,
  "spacing_z": 3.299999952316284,
  "summary_bg_k": 36.08736685337396,
  "summary_bg_mad": 8.32367432616382,
  "summary_bg_mean": 48.827537536621094,
  "summary_bg_median": 30.074907302856445,
  "summary_bg_n": 85194.0,
  "summary_bg_p05": 22.677902221679688,
  "summary_bg_p95": 133.8702255249023,
  "summary_bg_stdv": 60.31504440307617,
  "summary_fg_k": 1.1991032998818882,
  "summary_fg_mad": 158.40800241004177,
  "summary_fg_mean": 901.1137084960938,
  "summary_fg_median": 882.8090209960938,
  "summary_fg_n": 32288.0,
  "summary_fg_p05": 660.7058197021485,
  "summary_fg_p95": 1222.246484375,
  "summary_fg_stdv": 175.46400451660156,
  "tsnr": 46.577925996039994
}