{
  "aor": 0.0004116541353383459,
  "aqi": 0.006520439398496241,
  "bids_meta": {
    "AcquisitionMatrixPE": 64,
    "AcquisitionNumber": 1,
    "AcquisitionTime": "15:02:6.920000",
    "BandwidthPerPixelPhaseEncode": 58.962,
    "BaseResolution": 64,
    "CoilString": "t:HEA;HEP",
    "ConversionSoftware": "dcm2niix",
    "ConversionSoftwareVersion": "v1.0.20181125  (JP2:OpenJPEG) (JP-LS:CharLS) Clang10.0.0",
    "DerivedVendorReportedEchoSpacing": 0.000530002,
    "DeviceSerialNumber": "35370",
    "DwellTime": 3.5e-06,
    "EchoTime": 0.03,
    "EffectiveEchoSpacing": 0.000265001,
    "FlipAngle": 70,
    "ImageOrientationPatientDICOM": [
      0.998942,
      0.042586,
      -0.017382,
      -0.0453617,
      0.974676,
      -0.218972
    ],
    "ImageType": [
      "ORIGINAL",
      "PRIMARY",
      "M",
      "ND",
      "MOSAIC"
    ],
    "ImagingFrequency": 123.243,
    "InPlanePhaseEncodingDirectionDICOM": "COL",
    "InstitutionAddress": "Habelschwerdter_Allee_45_Berlin_District_DE_14195",
    "InstitutionName": "Freie_Universitaet",
    "InstitutionalDepartmentName": "Department",
    "MRAcquisitionType": "2D",
    "MagneticFieldStrength": 3,
    "Manufacturer": "Siemens",
    "ManufacturersModelName": "TrioTim",
    "Modality": "MR",
    "ParallelReductionFactorInPlane": 2,
    "PartialFourier": 1,
    "PatientPosition": "HFS",
    "PercentPhaseFOV": 100,
    "PhaseEncodingDirection": "j-",
    "PhaseEncodingSteps": 63,
    "PhaseResolution": 1,
    "PixelBandwidth": 2232,
    "ProcedureStepDescription": "Projekte_fMRI_12ch_localizer",
    "ProtocolName": "ep2d_267",
    "PulseSequenceDetails": "%SiemensSeq%_ep2d_bold",
    "ReceiveCoilName": "HeadMatrix",
    "ReconMatrixPE": 64,
    "RepetitionTime": 2,
    "SAR": 0.143019,
    "ScanOptions": "FS",
    "ScanningSequence": "EP",
    "SequenceName": "_epfid2d1_64",
    "SequenceVariant": "SK",
    "SeriesDescription": "ep2d_267",
    "SeriesNumber": 6,
    "ShimSetting": [
      -6769,
      -5408,
      -10834,
      95,
      838,
      1920,
      39,
      -42
    ],
    "SliceThickness": 3,
    "SliceTiming": [
      0,
      1.0325,
      0.055,
      1.0875,
      0.11,
      1.14,
      0.165,
      1.195,
      0.2175,
      1.25,
      0.2725,
      1.3025,
      0.3275,
      1.3575,
      0.38,
      1.4125,
      0.435,
      1.465,
      0.49,
      1.52,
      0.545,
      1.575,
      0.5975,
      1.63,
      0.6525,
      1.6825,
      0.7075,
      1.7375,
      0.76,
      1.7925,
      0.815,
      1.845,
      0.87,
      1.9,
      0.9225,
      1.955,
      0.9775
    ],
    "SoftwareVersions": "syngo_MR_B17",
    "SpacingBetweenSlices": 3.3,
    "StationName": "MRC35370",
    "TaskName": "silentreading",
    "TotalReadoutTime": 0.0166951,
    "TxRefAmp": 284.602,
    "dataset": "ds002727",
    "modality": "bold",
    "run_id": 3,
    "subject_id": "19",
    "task_id": "silentreading"
  },
  "dummy_trs": 1,
  "dvars_nstd": 28.75138550543395,
  "dvars_std": 1.0561784134339618,
  "dvars_vstd": 1.0088764743396228,
  "efc": 0.5564273488909783,
  "fber": 823.5647583007812,
  "fd_mean": 0.04764597182093091,
  "fd_num": 1,
  "fd_perc": 0.37593984962406013,
  "fwhm_avg": 1.883105160485368,
  "fwhm_x": 1.8176733333333335,
  "fwhm_y": 1.9692633333333334,
  "fwhm_z": 1.8623788147894371,
  "gcor": 0.00934104,
  "gsr_x": -0.0034846472553908825,
  "gsr_y": 0.028047556057572365,
  "provenance": {
    "md5sum": "e5ab69f8c3808a82066a1a0d723fcb5b",
    "settings": {
      "fd_thres": 0.2,
      "testing": false
    },
    "software": "mriqc",
    "version": "22.0.6",
    "webapi_port": null,
    "webapi_url": "https://mriqc.nimh.nih.gov/api/v1"
  },
  "size_t": 266,
  "size_x": 64,
  "size_y": 64,
  "size_z": 37,
  "snr": 5.05659982599753,
  "spacing_tr": 2.0,
  "spacing_x": 3.0,
  "spacing_y": 3.0,
  "spacing_z": 3.299999952316284,
  "summary_bg_k": 36.43528283442572,
  "summary_bg_mad": 8.480374800016282,
  "summary_bg_mean": 48.988948822021484,
  "summary_bg_median": 30.189849853515625,
  "summary_bg_n": 85194.0,
  "summary_bg_p05": 22.721805572509766,
  "summary_bg_p95": 134.42481994628906,
  "summary_bg_stdv": 60.381778717041016,
  "summary_fg_k": 1.160026144621634,
  "summary_fg_mad": 158.54930388490726,
  "summary_fg_mean": 898.50537109375,
  "summary_fg_median": 880.319580078125,
  "summary_fg_n": 32209.0,
  "summary_fg_p05": 660.6451171875,
  "summary_fg_p95": 1216.0669433593748,
  "summary_fg_stdv": 174.09048461914062,
  "tsnr": 49.50788321229629
}