{
  "aor": 0.0003502996254681648,
  "aqi": 0.0064810559176029965,
  "bids_meta": {
    "AcquisitionMatrixPE": 64,
    "AcquisitionNumber": 1,
    "AcquisitionTime": "11:31:57.577500",
    "BandwidthPerPixelPhaseEncode": 58.962,
    "BaseResolution": 64,
    "CoilString": "t:HEA;HEP",
    "ConversionSoftware": "dcm2niix",
    "ConversionSoftwareVersion": "v1.0.20181125  (JP2:OpenJPEG) (JP-LS:CharLS) Clang10.0.0",
    "DerivedVendorReportedEchoSpacing": 0.000530002,
    "DeviceSerialNumber": "35370",
    "DwellTime": 3.5e-06,
    "EchoTime": 0.03,
    "EffectiveEchoSpacing": 0.000265001,
    "FlipAngle": 70,
    "ImageOrientationPatientDICOM": [
      0.99937,
      -0.0317726,
      -0.0158301,
      0.0314065,
      0.999245,
      -0.0228658
    ],
    "ImageType": [
      "ORIGINAL",
      "PRIMARY",
      "M",
      "ND",
      "MOSAIC"
    ],
    "ImagingFrequency": 123.243,
    "InPlanePhaseEncodingDirectionDICOM": "COL",
    "InstitutionAddress": "Habelschwerdter_Allee_45_Berlin_District_DE_14195",
    "InstitutionName": "Freie_Universitaet",
    "InstitutionalDepartmentName": "Department",
    "MRAcquisitionType": "2D",
    "MagneticFieldStrength": 3,
    "Manufacturer": "Siemens",
    "ManufacturersModelName": "TrioTim",
    "Modality": "MR",
    "ParallelReductionFactorInPlane": 2,
    "PartialFourier": 1,
    "PatientPosition": "HFS",
    "PercentPhaseFOV": 100,
    "PhaseEncodingDirection": "j-",
    "PhaseEncodingSteps": 63,
    "PhaseResolution": 1,
    "PixelBandwidth": 2232,
    "ProcedureStepDescription": "Projekte_fMRI_12ch_localizer",
    "ProtocolName": "ep2d_267",
    "PulseSequenceDetails": "%SiemensSeq%_ep2d_bold",
    "ReceiveCoilName": "HeadMatrix",
    "ReconMatrixPE": 64,
    "RepetitionTime": 2,
    "SAR": 0.120322,
    "ScanOptions": "FS",
    "ScanningSequence": "EP",
    "SequenceName": "_epfid2d1_64",
    "SequenceVariant": "SK",
    "SeriesDescription": "ep2d_267",
    "SeriesNumber": 5,
    "ShimSetting": [
      -6790,
      -5734,
      -10749,
      698,
      528,
      1040,
      992,
      191
    ],
    "SliceThickness": 3,
    "SliceTiming": [
      0,
      1.03,
      0.055,
      1.085,
      0.1075,
      1.14,
      0.1625,
      1.195,
      0.2175,
      1.2475,
      0.2725,
      1.3025,
      0.325,
      1.3575,
      0.38,
      1.41,
      0.435,
      1.465,
      0.4875,
      1.52,
      0.5425,
      1.5725,
      0.5975,
      1.6275,
      0.6525,
      1.6825,
      0.705,
      1.7375,
      0.76,
      1.79,
      0.815,
      1.845,
      0.8675,
      1.9,
      0.9225,
      1.9525,
      0.9775
    ],
    "SoftwareVersions": "syngo_MR_B17",
    "SpacingBetweenSlices": 3.3,
    "StationName": "MRC35370",
    "TaskName": "silentreading",
    "TotalReadoutTime": 0.0166951,
    "TxRefAmp": 299.906,
    "dataset": "ds002727",
    "modality": "bold",
    "run_id": 2,
    "subject_id": "15",
    "task_id": "silentreading"
  },
  "dummy_trs": 0,
  "dvars_nstd": 29.769150346766914,
  "dvars_std": 1.0731144464285711,
  "dvars_vstd": 1.0024473539473688,
  "efc": 0.5568008308532786,
  "fber": 849.491455078125,
  "fd_mean": 0.10678752275157138,
  "fd_num": 7,
  "fd_perc": 2.6217228464419478,
  "fwhm_avg": 1.8299218266772843,
  "fwhm_x": 1.7303266666666666,
  "fwhm_y": 1.9956266666666667,
  "fwhm_z": 1.7638121466985202,
  "gcor": 0.00997527,
  "gsr_x": -0.0025790829677134752,
  "gsr_y": 0.022413082420825958,
  "provenance": {
    "md5sum": "863e8bd96e61f50052d69decc20994c7",
    "settings": {
      "fd_thres": 0.2,
      "testing": false
    },
    "software": "mriqc",
    "version": "22.0.6",
    "webapi_port": null,
    "webapi_url": "https://mriqc.nimh.nih.gov/api/v1"
  },
  "size_t": 267,
  "size_x": 64,
  "size_y": 64,
  "size_z": 37,
  "snr": 5.201561337334408,
  "spacing_tr": 2.0,
  "spacing_x": 3.0,
  "spacing_y": 3.0,
  "spacing_z": 3.299999952316284,
  "summary_bg_k": 39.80710203527906,
  "summary_bg_mad": 7.307507235544395,
  "summary_bg_mean": 45.23955154418945,
  "summary_bg_median": 29.17977523803711,
  "summary_bg_n": 84679.0,
  "summary_bg_p05": 22.621723175048828,
  "summary_bg_p95": 113.10712051391582,
  "summary_bg_stdv": 56.327640533447266,
  "summary_fg_k": 1.3117756465389485,
  "summary_fg_mad": 151.9584022378824,
  "summary_fg_mean": 879.6766967773438,
  "summary_fg_median": 864.312744140625,
  "summary_fg_n": 33144.0,
  "summary_fg_p05": 648.2511291503906,
  "summary_fg_p95": 1176.0498291015624,
  "summary_fg_stdv": 166.16159057617188,
  "tsnr": 51.241014344617724
}