{
  "bids_meta": {
    "AcquisitionMatrixPE": 256,
    "AcquisitionNumber": 1,
    "AcquisitionTime": "12:11:4.275000",
    "BaseResolution": 256,
    "CoilString": "T:HEA;HEP",
    "ConversionSoftware": "dcm2niix",
    "ConversionSoftwareVersion": "v1.0.20181125  (JP2:OpenJPEG) (JP-LS:CharLS) Clang10.0.0",
    "DeviceSerialNumber": "35370",
    "DwellTime": 1.15e-05,
    "EchoTime": 0.00252,
    "FlipAngle": 9,
    "ImageOrientationPatientDICOM": [
      1e-16,
      0.999986,
      -0.00523601,
      0,
      -0.00523601,
      -0.999986
    ],
    "ImageType": [
      "ORIGINAL",
      "PRIMARY",
      "M",
      "ND",
      "NORM"
    ],
    "ImagingFrequency": 123.243,
    "InPlanePhaseEncodingDirectionDICOM": "ROW",
    "InstitutionAddress": "Habelschwerdter_Allee_45_Berlin_District_DE_14195",
    "InstitutionName": "Freie_Universitaet",
    "InstitutionalDepartmentName": "Department",
    "InversionTime": 0.9,
    "MRAcquisitionType": "3D",
    "MagneticFieldStrength": 3,
    "Manufacturer": "Siemens",
    "ManufacturersModelName": "TrioTim",
    "Modality": "MR",
    "PartialFourier": 1,
    "PatientPosition": "HFS",
    "PercentPhaseFOV": 100,
    "PhaseEncodingSteps": 255,
    "PhaseResolution": 1,
    "PixelBandwidth": 170,
    "ProcedureStepDescription": "Projekte_fMRI_12ch_localizer",
    "ProtocolName": "t1_mpr_1x1x1_176",
    "PulseSequenceDetails": "%SiemensSeq%_tfl",
    "ReceiveCoilName": "HeadMatrix",
    "ReconMatrixPE": 256,
    "RepetitionTime": 1.9,
    "SAR": 0.100027,
    "ScanOptions": "IR",
    "ScanningSequence": "GR_IR",
    "SequenceName": "_tfl3d1_ns",
    "SequenceVariant": "SP_MP",
    "SeriesDescription": "t1_mpr_1x1x1_176",
    "SeriesNumber": 7,
    "ShimSetting": [
      -6866,
      -5632,
      -10858,
      -283,
      713,
      568,
      462,
      157
    ],
    "SliceThickness": 1,
    "SoftwareVersions": "syngo_MR_B17",
    "StationName": "MRC35370",
    "TxRefAmp": 288.021,
    "dataset": "ds002727",
    "modality": "T1w",
    "subject_id": "11"
  },
  "cjv": 0.3798908472553814,
  "cnr": 3.646442640437966,
  "efc": 0.5533729955874224,
  "fber": 16188.047492195628,
  "fwhm_avg": 4.31807,
  "fwhm_x": 4.32013,
  "fwhm_y": 4.36898,
  "fwhm_z": 4.2651,
  "icvs_csf": 0.19938528638856856,
  "icvs_gm": 0.42963526972589766,
  "icvs_wm": 0.3709794438855338,
  "inu_med": 0.455600306391716,
  "inu_range": 0.17175592482089996,
  "provenance": {
    "md5sum": "c44147df87c6c1d651d77a3033815287",
    "settings": {
      "testing": false
    },
    "software": "mriqc",
    "version": "22.0.6",
    "warnings": {
      "large_rot_frame": true,
      "small_air_mask": false
    },
    "webapi_port": null,
    "webapi_url": "https://mriqc.nimh.nih.gov/api/v1"
  },
  "qi_1": 7.574926470972359e-05,
  "qi_2": 0.005724139767158607,
  "rpve_csf": 26.556010605997393,
  "rpve_gm": 13.026576616287151,
  "rpve_wm": 17.40633396554449,
  "size_x": 176,
  "size_y": 256,
  "size_z": 256,
  "snr_csf": 2.84299271526556,
  "snr_gm": 13.664378144061823,
  "snr_total": 13.720176078465459,
  "snr_wm": 24.653157376068997,
  "snrd_csf": 27.303862051747256,
  "snrd_gm": 65.55574304844839,
  "snrd_total": 60.10056679444551,
  "snrd_wm": 87.4420952831409,
  "spacing_x": 1.0,
  "spacing_y": 1.0,
  "spacing_z": 1.0,
  "summary_bg_k": 8.00405325741626,
  "summary_bg_mad": 0.0,
  "summary_bg_mean": 4.940659164479499,
  "summary_bg_median": 0.0,
  "summary_bg_n": 2472397.0,
  "summary_bg_p05": 0.0,
  "summary_bg_p95": 18.72761514781874,
  "summary_bg_stdv": 7.492507918326378,
  "summary_csf_k": 0.7440328409661774,
  "summary_csf_mad": 87.97185577906781,
  "summary_csf_mean": 320.7471180085581,
  "summary_csf_median": 312.2623054124415,
  "summary_csf_n": 30648.0,
  "summary_csf_p05": 133.8736479524523,
  "summary_csf_p95": 518.3934582220389,
  "summary_csf_stdv": 109.8339821133093,
  "summary_gm_k": -0.039790933682661844,
  "summary_gm_mad": 55.61879618639259,
  "summary_gm_mean": 748.2988407520536,
  "summary_gm_median": 749.7323059476912,
  "summary_gm_n": 25983.0,
  "summary_gm_p05": 655.8062266632915,
  "summary_gm_p95": 835.7641342096031,
  "summary_gm_stdv": 54.86659330870793,
  "summary_wm_k": 0.2840296006099816,
  "summary_wm_mad": 39.46963784487112,
  "summary_wm_mean": 1001.2022828587513,
  "summary_wm_median": 1000.036925598979,
  "summary_wm_n": 205253.0,
  "summary_wm_p05": 936.6022985801101,
  "summary_wm_p95": 1069.6747059002519,
  "summary_wm_stdv": 40.56415469358151,
  "tpm_overlap_csf": 0.1614825667003629,
  "tpm_overlap_gm": 0.46482962853658577,
  "tpm_overlap_wm": 0.5199802373848171,
  "wm2max": 0.49455998171784815
}