{
  "aor": 0.001930112359550562,
  "aqi": 0.008525377003745319,
  "bids_meta": {
    "AcquisitionMatrixPE": 64,
    "AcquisitionNumber": 1,
    "AcquisitionTime": "13:46:59.137500",
    "BandwidthPerPixelPhaseEncode": 58.962,
    "BaseResolution": 64,
    "CoilString": "t:HEA;HEP",
    "ConversionSoftware": "dcm2niix",
    "ConversionSoftwareVersion": "v1.0.20181125  (JP2:OpenJPEG) (JP-LS:CharLS) Clang10.0.0",
    "DerivedVendorReportedEchoSpacing": 0.000530002,
    "DeviceSerialNumber": "35370",
    "DwellTime": 3.5e-06,
    "EchoTime": 0.03,
    "EffectiveEchoSpacing": 0.000265001,
    "FlipAngle": 70,
    "ImageOrientationPatientDICOM": [
      0.998763,
      0.0450248,
      -0.0210798,
      -0.0488476,
      0.967617,
      -0.247651
    ],
    "ImageType": [
      "ORIGINAL",
      "PRIMARY",
      "M",
      "ND",
      "MOSAIC"
    ],
    "ImagingFrequency": 123.243,
    "InPlanePhaseEncodingDirectionDICOM": "COL",
    "InstitutionAddress": "Habelschwerdter_Allee_45_Berlin_District_DE_14195",
    "InstitutionName": "Freie_Universitaet",
    "InstitutionalDepartmentName": "Department",
    "MRAcquisitionType": "2D",
    "MagneticFieldStrength": 3,
    "Manufacturer": "Siemens",
    "ManufacturersModelName": "TrioTim",
    "Modality": "MR",
    "ParallelReductionFactorInPlane": 2,
    "PartialFourier": 1,
    "PatientPosition": "HFS",
    "PercentPhaseFOV": 100,
    "PhaseEncodingDirection": "j-",
    "PhaseEncodingSteps": 63,
    "PhaseResolution": 1,
    "PixelBandwidth": 2232,
    "ProcedureStepDescription": "Projekte_fMRI_12ch_localizer",
    "ProtocolName": "ep2d_267",
    "PulseSequenceDetails": "%SiemensSeq%_ep2d_bold",
    "ReceiveCoilName": "HeadMatrix",
    "ReconMatrixPE": 64,
    "RepetitionTime": 2,
    "SAR": 0.105588,
    "ScanOptions": "FS",
    "ScanningSequence": "EP",
    "SequenceName": "_epfid2d1_64",
    "SequenceVariant": "SK",
    "SeriesDescription": "ep2d_267",
    "SeriesNumber": 6,
    "ShimSetting": [
      -6844,
      -5436,
      -10819,
      118,
      563,
      2316,
      -85,
      28
    ],
    "SliceThickness": 3,
    "SliceTiming": [
      0,
      1.03,
      0.055,
      1.085,
      0.11,
      1.14,
      0.1625,
      1.195,
      0.2175,
      1.2475,
      0.2725,
      1.3025,
      0.325,
      1.3575,
      0.38,
      1.41,
      0.435,
      1.465,
      0.4875,
      1.52,
      0.5425,
      1.575,
      0.5975,
      1.6275,
      0.6525,
      1.6825,
      0.705,
      1.7375,
      0.76,
      1.79,
      0.815,
      1.845,
      0.8675,
      1.9,
      0.9225,
      1.9525,
      0.9775
    ],
    "SoftwareVersions": "syngo_MR_B17",
    "SpacingBetweenSlices": 3.3,
    "StationName": "MRC35370",
    "TaskName": "silentreading",
    "TotalReadoutTime": 0.0166951,
    "TxRefAmp": 292.629,
    "dataset": "ds002727",
    "modality": "bold",
    "run_id": 3,
    "subject_id": "16",
    "task_id": "silentreading"
  },
  "dummy_trs": 0,
  "dvars_nstd": 32.25967021469924,
  "dvars_std": 1.1144635870300756,
  "dvars_vstd": 1.0173562565413525,
  "efc": 0.588847885936822,
  "fber": 717.4193725585938,
  "fd_mean": 0.05985896521995302,
  "fd_num": 2,
  "fd_perc": 0.7490636704119851,
  "fwhm_avg": 1.9084011202215907,
  "fwhm_x": 1.8126966666666666,
  "fwhm_y": 2.0210066666666666,
  "fwhm_z": 1.8915000273314393,
  "gcor": 0.00979424,
  "gsr_x": -0.0009510010713711381,
  "gsr_y": 0.04918113723397255,
  "provenance": {
    "md5sum": "08e403be06e1128e6b39d6db5a2121ab",
    "settings": {
      "fd_thres": 0.2,
      "testing": false
    },
    "software": "mriqc",
    "version": "22.0.6",
    "webapi_port": null,
    "webapi_url": "https://mriqc.nimh.nih.gov/api/v1"
  },
  "size_t": 267,
  "size_x": 64,
  "size_y": 64,
  "size_z": 37,
  "snr": 4.659683569754215,
  "spacing_tr": 2.0,
  "spacing_x": 3.0,
  "spacing_y": 3.0,
  "spacing_z": 3.299999952316284,
  "summary_bg_k": 37.45951648438699,
  "summary_bg_mad": 11.216689681155197,
  "summary_bg_mean": 66.45487213134766,
  "summary_bg_median": 33.19475555419922,
  "summary_bg_n": 80813.0,
  "summary_bg_p05": 23.606740951538086,
  "summary_bg_p95": 258.38277587890565,
  "summary_bg_stdv": 94.79757690429688,
  "summary_fg_k": 1.624844610051296,
  "summary_fg_mad": 172.78980497286608,
  "summary_fg_mean": 926.1113891601562,
  "summary_fg_median": 900.2415771484375,
  "summary_fg_n": 36060.0,
  "summary_fg_p05": 674.2572998046875,
  "summary_fg_p95": 1285.3984741210936,
  "summary_fg_stdv": 193.19532775878906,
  "tsnr": 46.64556398894638
}