{
  "aor": 0.0003250187265917603,
  "aqi": 0.0068259477528089885,
  "bids_meta": {
    "AcquisitionMatrixPE": 64,
    "AcquisitionNumber": 1,
    "AcquisitionTime": "13:26:3.105000",
    "BandwidthPerPixelPhaseEncode": 58.962,
    "BaseResolution": 64,
    "CoilString": "t:HEA;HEP",
    "ConversionSoftware": "dcm2niix",
    "ConversionSoftwareVersion": "v1.0.20181125  (JP2:OpenJPEG) (JP-LS:CharLS) Clang10.0.0",
    "DerivedVendorReportedEchoSpacing": 0.000530002,
    "DeviceSerialNumber": "35370",
    "DwellTime": 3.5e-06,
    "EchoTime": 0.03,
    "EffectiveEchoSpacing": 0.000265001,
    "FlipAngle": 70,
    "ImageOrientationPatientDICOM": [
      0.998763,
      0.0450248,
      -0.0210798,
      -0.0488476,
      0.967617,
      -0.247651
    ],
    "ImageType": [
      "ORIGINAL",
      "PRIMARY",
      "M",
      "ND",
      "MOSAIC"
    ],
    "ImagingFrequency": 123.243,
    "InPlanePhaseEncodingDirectionDICOM": "COL",
    "InstitutionAddress": "Habelschwerdter_Allee_45_Berlin_District_DE_14195",
    "InstitutionName": "Freie_Universitaet",
    "InstitutionalDepartmentName": "Department",
    "MRAcquisitionType": "2D",
    "MagneticFieldStrength": 3,
    "Manufacturer": "Siemens",
    "ManufacturersModelName": "TrioTim",
    "Modality": "MR",
    "ParallelReductionFactorInPlane": 2,
    "PartialFourier": 1,
    "PatientPosition": "HFS",
    "PercentPhaseFOV": 100,
    "PhaseEncodingDirection": "j-",
    "PhaseEncodingSteps": 63,
    "PhaseResolution": 1,
    "PixelBandwidth": 2232,
    "ProcedureStepDescription": "Projekte_fMRI_12ch_localizer",
    "ProtocolName": "ep2d_267",
    "PulseSequenceDetails": "%SiemensSeq%_ep2d_bold",
    "ReceiveCoilName": "HeadMatrix",
    "ReconMatrixPE": 64,
    "RepetitionTime": 2,
    "SAR": 0.105588,
    "ScanOptions": "FS",
    "ScanningSequence": "EP",
    "SequenceName": "_epfid2d1_64",
    "SequenceVariant": "SK",
    "SeriesDescription": "ep2d_267",
    "SeriesNumber": 4,
    "ShimSetting": [
      -6844,
      -5436,
      -10819,
      118,
      563,
      2316,
      -85,
      28
    ],
    "SliceThickness": 3,
    "SliceTiming": [
      0,
      1.03,
      0.0525,
      1.085,
      0.1075,
      1.1375,
      0.1625,
      1.1925,
      0.215,
      1.2475,
      0.27,
      1.3,
      0.325,
      1.355,
      0.3775,
      1.41,
      0.4325,
      1.465,
      0.4875,
      1.5175,
      0.5425,
      1.5725,
      0.595,
      1.6275,
      0.65,
      1.68,
      0.705,
      1.735,
      0.7575,
      1.79,
      0.8125,
      1.8425,
      0.8675,
      1.8975,
      0.92,
      1.9525,
      0.975
    ],
    "SoftwareVersions": "syngo_MR_B17",
    "SpacingBetweenSlices": 3.3,
    "StationName": "MRC35370",
    "TaskName": "silentreading",
    "TotalReadoutTime": 0.0166951,
    "TxRefAmp": 292.629,
    "dataset": "ds002727",
    "modality": "bold",
    "run_id": 1,
    "subject_id": "16",
    "task_id": "silentreading"
  },
  "dummy_trs": 0,
  "dvars_nstd": 32.976620803233075,
  "dvars_std": 1.1079206267669175,
  "dvars_vstd": 0.9936751869548875,
  "efc": 0.585383924854046,
  "fber": 751.4039916992188,
  "fd_mean": 0.051096035818586974,
  "fd_num": 0,
  "fd_perc": 0.0,
  "fwhm_avg": 1.8906017263514674,
  "fwhm_x": 1.7836800000000002,
  "fwhm_y": 1.9822433333333331,
  "fwhm_z": 1.9058818457210693,
  "gcor": 0.00475993,
  "gsr_x": -0.0003887179191224277,
  "gsr_y": 0.04524760693311691,
  "provenance": {
    "md5sum": "f7188daa2e6866ae981f0df4a67a0b87",
    "settings": {
      "fd_thres": 0.2,
      "testing": false
    },
    "software": "mriqc",
    "version": "22.0.6",
    "webapi_port": null,
    "webapi_url": "https://mriqc.nimh.nih.gov/api/v1"
  },
  "size_t": 267,
  "size_x": 64,
  "size_y": 64,
  "size_z": 37,
  "snr": 4.717869070996838,
  "spacing_tr": 2.0,
  "spacing_x": 3.0,
  "spacing_y": 3.0,
  "spacing_z": 3.299999952316284,
  "summary_bg_k": 42.1235154213308,
  "summary_bg_mad": 10.095021561391471,
  "summary_bg_mean": 62.814849853515625,
  "summary_bg_median": 32.35955047607422,
  "summary_bg_n": 80877.0,
  "summary_bg_p05": 23.797752380371094,
  "summary_bg_p95": 233.27341308593745,
  "summary_bg_stdv": 89.0093765258789,
  "summary_fg_k": 1.5465026438429152,
  "summary_fg_mad": 173.17018329473427,
  "summary_fg_mean": 926.0686645507812,
  "summary_fg_median": 900.9512939453125,
  "summary_fg_n": 35996.0,
  "summary_fg_p05": 676.5693206787109,
  "summary_fg_p95": 1283.6301574707031,
  "summary_fg_stdv": 190.96307373046875,
  "tsnr": 48.46631319494918
}