{
  "aor": 0.008749887640449438,
  "aqi": 0.010674732397003747,
  "bids_meta": {
    "AcquisitionMatrixPE": 64,
    "AcquisitionNumber": 1,
    "AcquisitionTime": "13:35:40.345000",
    "BandwidthPerPixelPhaseEncode": 58.962,
    "BaseResolution": 64,
    "CoilString": "t:HEA;HEP",
    "ConversionSoftware": "dcm2niix",
    "ConversionSoftwareVersion": "v1.0.20181125  (JP2:OpenJPEG) (JP-LS:CharLS) Clang10.0.0",
    "DerivedVendorReportedEchoSpacing": 0.000530002,
    "DeviceSerialNumber": "35370",
    "DwellTime": 3.5e-06,
    "EchoTime": 0.03,
    "EffectiveEchoSpacing": 0.000265001,
    "FlipAngle": 70,
    "ImageOrientationPatientDICOM": [
      0.998763,
      0.0450248,
      -0.0210798,
      -0.0488476,
      0.967617,
      -0.247651
    ],
    "ImageType": [
      "ORIGINAL",
      "PRIMARY",
      "M",
      "ND",
      "MOSAIC"
    ],
    "ImagingFrequency": 123.243,
    "InPlanePhaseEncodingDirectionDICOM": "COL",
    "InstitutionAddress": "Habelschwerdter_Allee_45_Berlin_District_DE_14195",
    "InstitutionName": "Freie_Universitaet",
    "InstitutionalDepartmentName": "Department",
    "MRAcquisitionType": "2D",
    "MagneticFieldStrength": 3,
    "Manufacturer": "Siemens",
    "ManufacturersModelName": "TrioTim",
    "Modality": "MR",
    "ParallelReductionFactorInPlane": 2,
    "PartialFourier": 1,
    "PatientPosition": "HFS",
    "PercentPhaseFOV": 100,
    "PhaseEncodingDirection": "j-",
    "PhaseEncodingSteps": 63,
    "PhaseResolution": 1,
    "PixelBandwidth": 2232,
    "ProcedureStepDescription": "Projekte_fMRI_12ch_localizer",
    "ProtocolName": "ep2d_267",
    "PulseSequenceDetails": "%SiemensSeq%_ep2d_bold",
    "ReceiveCoilName": "HeadMatrix",
    "ReconMatrixPE": 64,
    "RepetitionTime": 2,
    "SAR": 0.105588,
    "ScanOptions": "FS",
    "ScanningSequence": "EP",
    "SequenceName": "_epfid2d1_64",
    "SequenceVariant": "SK",
    "SeriesDescription": "ep2d_267",
    "SeriesNumber": 5,
    "ShimSetting": [
      -6844,
      -5436,
      -10819,
      118,
      563,
      2316,
      -85,
      28
    ],
    "SliceThickness": 3,
    "SliceTiming": [
      0,
      1.03,
      0.0525,
      1.085,
      0.1075,
      1.1375,
      0.1625,
      1.1925,
      0.215,
      1.2475,
      0.27,
      1.3,
      0.325,
      1.355,
      0.3775,
      1.41,
      0.4325,
      1.4625,
      0.4875,
      1.5175,
      0.5425,
      1.5725,
      0.595,
      1.6275,
      0.65,
      1.68,
      0.705,
      1.735,
      0.7575,
      1.79,
      0.8125,
      1.8425,
      0.8675,
      1.8975,
      0.92,
      1.9525,
      0.975
    ],
    "SoftwareVersions": "syngo_MR_B17",
    "SpacingBetweenSlices": 3.3,
    "StationName": "MRC35370",
    "TaskName": "silentreading",
    "TotalReadoutTime": 0.0166951,
    "TxRefAmp": 292.629,
    "dataset": "ds002727",
    "modality": "bold",
    "run_id": 2,
    "subject_id": "16",
    "task_id": "silentreading"
  },
  "dummy_trs": 0,
  "dvars_nstd": 33.55886343887219,
  "dvars_std": 1.176675390827068,
  "dvars_vstd": 1.1026764514661656,
  "efc": 0.5877594047223703,
  "fber": 720.12353515625,
  "fd_mean": 0.07958518769504701,
  "fd_num": 17,
  "fd_perc": 6.367041198501872,
  "fwhm_avg": 1.9102229385627343,
  "fwhm_x": 1.8077633333333332,
  "fwhm_y": 1.9983266666666666,
  "fwhm_z": 1.9245788156882029,
  "gcor": 0.0185746,
  "gsr_x": -0.0008353669545613229,
  "gsr_y": 0.04714692756533623,
  "provenance": {
    "md5sum": "84bfc7baaeb59185524fdb1d75754f55",
    "settings": {
      "fd_thres": 0.2,
      "testing": false
    },
    "software": "mriqc",
    "version": "22.0.6",
    "webapi_port": null,
    "webapi_url": "https://mriqc.nimh.nih.gov/api/v1"
  },
  "size_t": 267,
  "size_x": 64,
  "size_y": 64,
  "size_z": 37,
  "snr": 4.71477705577493,
  "spacing_tr": 2.0,
  "spacing_x": 3.0,
  "spacing_y": 3.0,
  "spacing_z": 3.299999952316284,
  "summary_bg_k": 39.622177289656186,
  "summary_bg_mad": 10.733592924028153,
  "summary_bg_mean": 64.74195098876953,
  "summary_bg_median": 32.99250793457031,
  "summary_bg_n": 80757.0,
  "summary_bg_p05": 23.816478729248047,
  "summary_bg_p95": 245.46442871093728,
  "summary_bg_stdv": 91.96562957763672,
  "summary_fg_k": 1.5523340282075777,
  "summary_fg_mad": 172.40942665099791,
  "summary_fg_mean": 924.8052978515625,
  "summary_fg_median": 899.2958984375,
  "summary_fg_n": 36081.0,
  "summary_fg_p05": 675.7752685546875,
  "summary_fg_p95": 1281.1610107421875,
  "summary_fg_stdv": 190.73721313476562,
  "tsnr": 42.12918064557016
}