{
  "aor": 0.00045995918367346946,
  "aqi": 0.007349920326530613,
  "bids_meta": {
    "AcquisitionMatrixPE": 64,
    "AcquisitionNumber": 1,
    "AcquisitionTime": "15:03:56.957500",
    "BandwidthPerPixelPhaseEncode": 58.962,
    "BaseResolution": 64,
    "CoilString": "t:HEA;HEP",
    "ConversionSoftware": "dcm2niix",
    "ConversionSoftwareVersion": "v1.0.20181125  (JP2:OpenJPEG) (JP-LS:CharLS) Clang10.0.0",
    "DerivedVendorReportedEchoSpacing": 0.000530002,
    "DeviceSerialNumber": "35370",
    "DwellTime": 3.5e-06,
    "EchoTime": 0.03,
    "EffectiveEchoSpacing": 0.000265001,
    "FlipAngle": 70,
    "ImageOrientationPatientDICOM": [
      0.999995,
      0.00323168,
      0.000480311,
      -0.00314163,
      0.991482,
      -0.130206
    ],
    "ImageType": [
      "ORIGINAL",
      "PRIMARY",
      "M",
      "ND",
      "MOSAIC"
    ],
    "ImagingFrequency": 123.243,
    "InPlanePhaseEncodingDirectionDICOM": "COL",
    "InstitutionAddress": "Habelschwerdter_Allee_45_Berlin_District_DE_14195",
    "InstitutionName": "Freie_Universitaet",
    "InstitutionalDepartmentName": "Department",
    "MRAcquisitionType": "2D",
    "MagneticFieldStrength": 3,
    "Manufacturer": "Siemens",
    "ManufacturersModelName": "TrioTim",
    "Modality": "MR",
    "ParallelReductionFactorInPlane": 2,
    "PartialFourier": 1,
    "PatientPosition": "HFS",
    "PercentPhaseFOV": 100,
    "PhaseEncodingDirection": "j-",
    "PhaseEncodingSteps": 63,
    "PhaseResolution": 1,
    "PixelBandwidth": 2232,
    "ProcedureStepDescription": "Projekte_fMRI_12ch_localizer",
    "ProtocolName": "ep2d_254",
    "PulseSequenceDetails": "%SiemensSeq%_ep2d_bold",
    "ReceiveCoilName": "HeadMatrix",
    "ReconMatrixPE": 64,
    "RepetitionTime": 2,
    "SAR": 0.1296,
    "ScanOptions": "FS",
    "ScanningSequence": "EP",
    "SequenceName": "_epfid2d1_64",
    "SequenceVariant": "SK",
    "SeriesDescription": "ep2d_254",
    "SeriesNumber": 6,
    "ShimSetting": [
      -6928,
      -5637,
      -11042,
      346,
      430,
      2103,
      182,
      182
    ],
    "SliceThickness": 3,
    "SliceTiming": [
      0,
      1.03,
      0.055,
      1.085,
      0.11,
      1.14,
      0.1625,
      1.195,
      0.2175,
      1.2475,
      0.2725,
      1.3025,
      0.325,
      1.3575,
      0.38,
      1.41,
      0.435,
      1.465,
      0.4875,
      1.52,
      0.5425,
      1.575,
      0.5975,
      1.6275,
      0.6525,
      1.6825,
      0.705,
      1.7375,
      0.76,
      1.79,
      0.815,
      1.845,
      0.8675,
      1.9,
      0.9225,
      1.9525,
      0.9775
    ],
    "SoftwareVersions": "syngo_MR_B17",
    "SpacingBetweenSlices": 3.3,
    "StationName": "MRC35370",
    "TaskName": "silentreading",
    "TotalReadoutTime": 0.0166951,
    "TxRefAmp": 303.945,
    "dataset": "ds002727",
    "modality": "bold",
    "run_id": 3,
    "subject_id": "02",
    "task_id": "silentreading"
  },
  "dummy_trs": 0,
  "dvars_nstd": 28.856325188401648,
  "dvars_std": 1.0812529273360656,
  "dvars_vstd": 1.005721143770492,
  "efc": 0.5539822091690437,
  "fber": 896.6055908203125,
  "fd_mean": 0.09891415027787195,
  "fd_num": 5,
  "fd_perc": 2.0408163265306123,
  "fwhm_avg": 1.9334540044172135,
  "fwhm_x": 1.8081133333333332,
  "fwhm_y": 2.12437,
  "fwhm_z": 1.8678786799183076,
  "gcor": 0.0156832,
  "gsr_x": -0.002798334928229451,
  "gsr_y": 0.033060505986213684,
  "provenance": {
    "md5sum": "e33e2b193fa1f90fc7b5d4779ce1ca56",
    "settings": {
      "fd_thres": 0.2,
      "testing": false
    },
    "software": "mriqc",
    "version": "22.0.6",
    "webapi_port": null,
    "webapi_url": "https://mriqc.nimh.nih.gov/api/v1"
  },
  "size_t": 245,
  "size_x": 64,
  "size_y": 64,
  "size_z": 37,
  "snr": 5.439087761855535,
  "spacing_tr": 2.0,
  "spacing_x": 3.0,
  "spacing_y": 3.0,
  "spacing_z": 3.3000001907348633,
  "summary_bg_k": 72.04880440502475,
  "summary_bg_mad": 7.903174620101916,
  "summary_bg_mean": 51.395259857177734,
  "summary_bg_median": 29.98775291442871,
  "summary_bg_n": 85779.0,
  "summary_bg_p05": 23.1959171295166,
  "summary_bg_p95": 154.38815002441402,
  "summary_bg_stdv": 68.12105560302734,
  "summary_fg_k": 1.376490916510634,
  "summary_fg_mad": 147.88504675303065,
  "summary_fg_mean": 922.9476928710938,
  "summary_fg_median": 911.6571044921875,
  "summary_fg_n": 31787.0,
  "summary_fg_p05": 676.9934448242187,
  "summary_fg_p95": 1216.1011474609372,
  "summary_fg_stdv": 167.6094970703125,
  "tsnr": 52.82431603549048
}