{
  "aor": 0.0010292134831460676,
  "aqi": 0.007641018464419477,
  "bids_meta": {
    "AcquisitionMatrixPE": 64,
    "AcquisitionNumber": 1,
    "AcquisitionTime": "14:41:33.100000",
    "BandwidthPerPixelPhaseEncode": 58.962,
    "BaseResolution": 64,
    "CoilString": "t:HEA;HEP",
    "ConversionSoftware": "dcm2niix",
    "ConversionSoftwareVersion": "v1.0.20181125  (JP2:OpenJPEG) (JP-LS:CharLS) Clang10.0.0",
    "DerivedVendorReportedEchoSpacing": 0.000530002,
    "DeviceSerialNumber": "35370",
    "DwellTime": 3.5e-06,
    "EchoTime": 0.03,
    "EffectiveEchoSpacing": 0.000265001,
    "FlipAngle": 70,
    "ImageOrientationPatientDICOM": [
      0.999995,
      0.00323168,
      0.000480311,
      -0.00314163,
      0.991482,
      -0.130206
    ],
    "ImageType": [
      "ORIGINAL",
      "PRIMARY",
      "M",
      "ND",
      "MOSAIC"
    ],
    "ImagingFrequency": 123.243,
    "InPlanePhaseEncodingDirectionDICOM": "COL",
    "InstitutionAddress": "Habelschwerdter_Allee_45_Berlin_District_DE_14195",
    "InstitutionName": "Freie_Universitaet",
    "InstitutionalDepartmentName": "Department",
    "MRAcquisitionType": "2D",
    "MagneticFieldStrength": 3,
    "Manufacturer": "Siemens",
    "ManufacturersModelName": "TrioTim",
    "Modality": "MR",
    "ParallelReductionFactorInPlane": 2,
    "PartialFourier": 1,
    "PatientPosition": "HFS",
    "PercentPhaseFOV": 100,
    "PhaseEncodingDirection": "j-",
    "PhaseEncodingSteps": 63,
    "PhaseResolution": 1,
    "PixelBandwidth": 2232,
    "ProcedureStepDescription": "Projekte_fMRI_12ch_localizer",
    "ProtocolName": "ep2d_254",
    "PulseSequenceDetails": "%SiemensSeq%_ep2d_bold",
    "ReceiveCoilName": "HeadMatrix",
    "ReconMatrixPE": 64,
    "RepetitionTime": 2,
    "SAR": 0.1296,
    "ScanOptions": "FS",
    "ScanningSequence": "EP",
    "SequenceName": "_epfid2d1_64",
    "SequenceVariant": "SK",
    "SeriesDescription": "ep2d_254",
    "SeriesNumber": 4,
    "ShimSetting": [
      -6928,
      -5637,
      -11042,
      346,
      430,
      2103,
      182,
      182
    ],
    "SliceThickness": 3,
    "SliceTiming": [
      0,
      1.0325,
      0.055,
      1.0875,
      0.11,
      1.14,
      0.165,
      1.195,
      0.2175,
      1.25,
      0.2725,
      1.3025,
      0.3275,
      1.3575,
      0.38,
      1.4125,
      0.435,
      1.465,
      0.49,
      1.52,
      0.5425,
      1.575,
      0.5975,
      1.63,
      0.6525,
      1.6825,
      0.7075,
      1.7375,
      0.76,
      1.7925,
      0.815,
      1.845,
      0.87,
      1.9,
      0.9225,
      1.955,
      0.9775
    ],
    "SoftwareVersions": "syngo_MR_B17",
    "SpacingBetweenSlices": 3.3,
    "StationName": "MRC35370",
    "TaskName": "silentreading",
    "TotalReadoutTime": 0.0166951,
    "TxRefAmp": 303.945,
    "dataset": "ds002727",
    "modality": "bold",
    "run_id": 1,
    "subject_id": "02",
    "task_id": "silentreading"
  },
  "dummy_trs": 0,
  "dvars_nstd": 29.227723802781956,
  "dvars_std": 1.0839986189473685,
  "dvars_vstd": 1.0119537504135339,
  "efc": 0.5534367593719062,
  "fber": 898.681396484375,
  "fd_mean": 0.10560944963897877,
  "fd_num": 14,
  "fd_perc": 5.2434456928838955,
  "fwhm_avg": 1.9105478434165761,
  "fwhm_x": 1.7816733333333332,
  "fwhm_y": 2.11404,
  "fwhm_z": 1.8359301969163953,
  "gcor": 0.012495,
  "gsr_x": -0.003561922814697027,
  "gsr_y": 0.03289913386106491,
  "provenance": {
    "md5sum": "022a03a76cb72a36671b1920d347f589",
    "settings": {
      "fd_thres": 0.2,
      "testing": false
    },
    "software": "mriqc",
    "version": "22.0.6",
    "webapi_port": null,
    "webapi_url": "https://mriqc.nimh.nih.gov/api/v1"
  },
  "size_t": 267,
  "size_x": 64,
  "size_y": 64,
  "size_z": 37,
  "snr": 5.524540176340046,
  "spacing_tr": 2.0,
  "spacing_x": 3.0,
  "spacing_y": 3.0,
  "spacing_z": 3.3000001907348633,
  "summary_bg_k": 80.59686863542325,
  "summary_bg_mad": 7.821143243348072,
  "summary_bg_mean": 50.60424041748047,
  "summary_bg_median": 29.897003173828125,
  "summary_bg_n": 85668.0,
  "summary_bg_p05": 23.243446350097656,
  "summary_bg_p95": 149.55281524658196,
  "summary_bg_stdv": 67.3292236328125,
  "summary_fg_k": 1.4127124430180356,
  "summary_fg_mad": 145.54210270149025,
  "summary_fg_mean": 922.019775390625,
  "summary_fg_median": 910.2771606445312,
  "summary_fg_n": 31758.0,
  "summary_fg_p05": 681.0602905273438,
  "summary_fg_p95": 1212.8041748046874,
  "summary_fg_stdv": 164.7671661376953,
  "tsnr": 52.09995386470109
}