{
  "aor": 0.0005614285714285714,
  "aqi": 0.019248103759398498,
  "bids_meta": {
    "AcquisitionMatrixPE": 64,
    "AcquisitionNumber": 1,
    "AcquisitionTime": "11:51:49.772500",
    "BandwidthPerPixelPhaseEncode": 58.962,
    "BaseResolution": 64,
    "CoilString": "t:HEA;HEP",
    "ConversionSoftware": "dcm2niix",
    "ConversionSoftwareVersion": "v1.0.20181125  (JP2:OpenJPEG) (JP-LS:CharLS) Clang10.0.0",
    "DerivedVendorReportedEchoSpacing": 0.000530002,
    "DeviceSerialNumber": "35370",
    "DwellTime": 3.5e-06,
    "EchoTime": 0.03,
    "EffectiveEchoSpacing": 0.000265001,
    "FlipAngle": 70,
    "ImageOrientationPatientDICOM": [
      0.999995,
      0.00326482,
      0.000122798,
      -0.00314158,
      0.971206,
      -0.238219
    ],
    "ImageType": [
      "ORIGINAL",
      "PRIMARY",
      "M",
      "ND",
      "MOSAIC"
    ],
    "ImagingFrequency": 123.243,
    "InPlanePhaseEncodingDirectionDICOM": "COL",
    "InstitutionAddress": "Habelschwerdter_Allee_45_Berlin_District_DE_14195",
    "InstitutionName": "Freie_Universitaet",
    "InstitutionalDepartmentName": "Department",
    "MRAcquisitionType": "2D",
    "MagneticFieldStrength": 3,
    "Manufacturer": "Siemens",
    "ManufacturersModelName": "TrioTim",
    "Modality": "MR",
    "ParallelReductionFactorInPlane": 2,
    "PartialFourier": 1,
    "PatientPosition": "HFS",
    "PercentPhaseFOV": 100,
    "PhaseEncodingDirection": "j-",
    "PhaseEncodingSteps": 63,
    "PhaseResolution": 1,
    "PixelBandwidth": 2232,
    "ProcedureStepDescription": "Projekte_fMRI_12ch_localizer",
    "ProtocolName": "ep2d_267",
    "PulseSequenceDetails": "%SiemensSeq%_ep2d_bold",
    "ReceiveCoilName": "HeadMatrix",
    "ReconMatrixPE": 64,
    "RepetitionTime": 2,
    "SAR": 0.0979039,
    "ScanOptions": "FS",
    "ScanningSequence": "EP",
    "SequenceName": "_epfid2d1_64",
    "SequenceVariant": "SK",
    "SeriesDescription": "ep2d_267",
    "SeriesNumber": 5,
    "ShimSetting": [
      -6780,
      -5549,
      -10800,
      -23,
      693,
      1767,
      307,
      -32
    ],
    "SliceThickness": 3,
    "SliceTiming": [
      0,
      1.0325,
      0.055,
      1.085,
      0.11,
      1.14,
      0.1625,
      1.195,
      0.2175,
      1.25,
      0.2725,
      1.3025,
      0.3275,
      1.3575,
      0.38,
      1.4125,
      0.435,
      1.465,
      0.49,
      1.52,
      0.5425,
      1.575,
      0.5975,
      1.6275,
      0.6525,
      1.6825,
      0.705,
      1.7375,
      0.76,
      1.7925,
      0.815,
      1.845,
      0.87,
      1.9,
      0.9225,
      1.955,
      0.9775
    ],
    "SoftwareVersions": "syngo_MR_B17",
    "SpacingBetweenSlices": 3.3,
    "StationName": "MRC35370",
    "TaskName": "silentreading",
    "TotalReadoutTime": 0.0166951,
    "TxRefAmp": 306.913,
    "dataset": "ds002727",
    "modality": "bold",
    "run_id": 2,
    "subject_id": "09",
    "task_id": "silentreading"
  },
  "dummy_trs": 1,
  "dvars_nstd": 37.08551660207549,
  "dvars_std": 1.0030956943773583,
  "dvars_vstd": 0.9610606527169809,
  "efc": 0.6177975747747403,
  "fber": 450.84796142578125,
  "fd_mean": 0.2496789953176486,
  "fd_num": 141,
  "fd_perc": 53.00751879699248,
  "fwhm_avg": 1.8556216251284903,
  "fwhm_x": 1.7564333333333335,
  "fwhm_y": 1.9487466666666666,
  "fwhm_z": 1.8616848753854705,
  "gcor": 0.0134552,
  "gsr_x": 0.02628391794860363,
  "gsr_y": 0.048033393919467926,
  "provenance": {
    "md5sum": "cf9a25d9182f48a3363470f5b301b514",
    "settings": {
      "fd_thres": 0.2,
      "testing": false
    },
    "software": "mriqc",
    "version": "22.0.6",
    "webapi_port": null,
    "webapi_url": "https://mriqc.nimh.nih.gov/api/v1"
  },
  "size_t": 266,
  "size_x": 64,
  "size_y": 64,
  "size_z": 37,
  "snr": 5.082986501294806,
  "spacing_tr": 2.0,
  "spacing_x": 3.0,
  "spacing_y": 3.0,
  "spacing_z": 3.299999952316284,
  "summary_bg_k": 17.52154724365036,
  "summary_bg_mad": 19.08710943847759,
  "summary_bg_mean": 84.60417175292969,
  "summary_bg_median": 39.644737243652344,
  "summary_bg_n": 79598.0,
  "summary_bg_p05": 24.251880645751953,
  "summary_bg_p95": 341.3883636474609,
  "summary_bg_stdv": 115.0012435913086,
  "summary_fg_k": 2.422252697195642,
  "summary_fg_mad": 140.33991900773051,
  "summary_fg_mean": 864.04541015625,
  "summary_fg_median": 844.5263671875,
  "summary_fg_n": 37101.0,
  "summary_fg_p05": 641.6616821289062,
  "summary_fg_p95": 1163.11279296875,
  "summary_fg_stdv": 166.1454315185547,
  "tsnr": 34.19275925809052
}