{
  "aor": 0.0002675849056603774,
  "aqi": 0.009671296000000001,
  "bids_meta": {
    "AcquisitionMatrixPE": 64,
    "AcquisitionNumber": 1,
    "AcquisitionTime": "11:54:15.762500",
    "BandwidthPerPixelPhaseEncode": 58.962,
    "BaseResolution": 64,
    "CoilString": "t:HEA;HEP",
    "ConversionSoftware": "dcm2niix",
    "ConversionSoftwareVersion": "v1.0.20181125  (JP2:OpenJPEG) (JP-LS:CharLS) Clang10.0.0",
    "DerivedVendorReportedEchoSpacing": 0.000530002,
    "DeviceSerialNumber": "35370",
    "DwellTime": 3.5e-06,
    "EchoTime": 0.03,
    "EffectiveEchoSpacing": 0.000265001,
    "FlipAngle": 70,
    "ImageOrientationPatientDICOM": [
      0.999995,
      0.00326712,
      1.44791e-05,
      -0.0031416,
      0.962774,
      -0.270289
    ],
    "ImageType": [
      "ORIGINAL",
      "PRIMARY",
      "M",
      "ND",
      "MOSAIC"
    ],
    "ImagingFrequency": 123.243,
    "InPlanePhaseEncodingDirectionDICOM": "COL",
    "InstitutionAddress": "Habelschwerdter_Allee_45_Berlin_District_DE_14195",
    "InstitutionName": "Freie_Universitaet",
    "InstitutionalDepartmentName": "Department",
    "MRAcquisitionType": "2D",
    "MagneticFieldStrength": 3,
    "Manufacturer": "Siemens",
    "ManufacturersModelName": "TrioTim",
    "Modality": "MR",
    "ParallelReductionFactorInPlane": 2,
    "PartialFourier": 1,
    "PatientPosition": "HFS",
    "PercentPhaseFOV": 100,
    "PhaseEncodingDirection": "j-",
    "PhaseEncodingSteps": 63,
    "PhaseResolution": 1,
    "PixelBandwidth": 2232,
    "ProcedureStepDescription": "Projekte_fMRI_12ch_localizer",
    "ProtocolName": "ep2d_267",
    "PulseSequenceDetails": "%SiemensSeq%_ep2d_bold",
    "ReceiveCoilName": "HeadMatrix",
    "ReconMatrixPE": 64,
    "RepetitionTime": 2,
    "SAR": 0.120703,
    "ScanOptions": "FS",
    "ScanningSequence": "EP",
    "SequenceName": "_epfid2d1_64",
    "SequenceVariant": "SK",
    "SeriesDescription": "ep2d_267",
    "SeriesNumber": 6,
    "ShimSetting": [
      -6820,
      -5495,
      -10889,
      306,
      522,
      2135,
      173,
      15
    ],
    "SliceThickness": 3,
    "SliceTiming": [
      0,
      1.0325,
      0.055,
      1.085,
      0.11,
      1.14,
      0.1625,
      1.195,
      0.2175,
      1.2475,
      0.2725,
      1.3025,
      0.325,
      1.3575,
      0.38,
      1.41,
      0.435,
      1.465,
      0.49,
      1.52,
      0.5425,
      1.575,
      0.5975,
      1.6275,
      0.6525,
      1.6825,
      0.705,
      1.7375,
      0.76,
      1.79,
      0.815,
      1.845,
      0.8675,
      1.9,
      0.9225,
      1.955,
      0.9775
    ],
    "SoftwareVersions": "syngo_MR_B17",
    "SpacingBetweenSlices": 3.3,
    "StationName": "MRC35370",
    "TaskName": "silentreading",
    "TotalReadoutTime": 0.0166951,
    "TxRefAmp": 287.74,
    "dataset": "ds002727",
    "modality": "bold",
    "run_id": 3,
    "subject_id": "17",
    "task_id": "silentreading"
  },
  "dummy_trs": 2,
  "dvars_nstd": 35.02959124253787,
  "dvars_std": 1.1073881762121214,
  "dvars_vstd": 0.9939013435606058,
  "efc": 0.6010538169201121,
  "fber": 719.5192260742188,
  "fd_mean": 0.16689068990587877,
  "fd_num": 98,
  "fd_perc": 36.9811320754717,
  "fwhm_avg": 1.7750018265252425,
  "fwhm_x": 1.69641,
  "fwhm_y": 1.89635,
  "fwhm_z": 1.7322454795757276,
  "gcor": 0.00509812,
  "gsr_x": -0.001776803401298821,
  "gsr_y": 0.04308577626943588,
  "provenance": {
    "md5sum": "b837d197f2859e9523b833711f5f58fa",
    "settings": {
      "fd_thres": 0.2,
      "testing": false
    },
    "software": "mriqc",
    "version": "22.0.6",
    "webapi_port": null,
    "webapi_url": "https://mriqc.nimh.nih.gov/api/v1"
  },
  "size_t": 265,
  "size_x": 64,
  "size_y": 64,
  "size_z": 37,
  "snr": 5.4176869185722945,
  "spacing_tr": 2.0,
  "spacing_x": 3.0,
  "spacing_y": 3.0,
  "spacing_z": 3.299999952316284,
  "summary_bg_k": 50.265642117515156,
  "summary_bg_mad": 9.706849714372606,
  "summary_bg_mean": 56.376853942871094,
  "summary_bg_median": 31.7396240234375,
  "summary_bg_n": 76930.0,
  "summary_bg_p05": 23.43773651123047,
  "summary_bg_p95": 173.81320419311535,
  "summary_bg_stdv": 76.17961883544922,
  "summary_fg_k": 2.4384887657611642,
  "summary_fg_mad": 135.03986945097557,
  "summary_fg_mean": 883.3276977539062,
  "summary_fg_median": 863.3056640625,
  "summary_fg_n": 39149.0,
  "summary_fg_p05": 679.5751098632812,
  "summary_fg_p95": 1176.5245361328125,
  "summary_fg_stdv": 159.3474578857422,
  "tsnr": 47.437307437649
}