{
  "bids_meta": {
    "AcquisitionMatrixPE": 256,
    "AcquisitionNumber": 1,
    "AcquisitionTime": "15:12:24.262500",
    "BaseResolution": 256,
    "CoilString": "T:HEA;HEP",
    "ConversionSoftware": "dcm2niix",
    "ConversionSoftwareVersion": "v1.0.20181125  (JP2:OpenJPEG) (JP-LS:CharLS) Clang10.0.0",
    "DeviceSerialNumber": "35370",
    "DwellTime": 1.15e-05,
    "EchoTime": 0.00252,
    "FlipAngle": 9,
    "ImageOrientationPatientDICOM": [
      -0.0593086,
      0.99824,
      6.27738e-09,
      0.00869582,
      0.000516653,
      -0.999962
    ],
    "ImageType": [
      "ORIGINAL",
      "PRIMARY",
      "M",
      "ND",
      "NORM"
    ],
    "ImagingFrequency": 123.243,
    "InPlanePhaseEncodingDirectionDICOM": "ROW",
    "InstitutionAddress": "Habelschwerdter_Allee_45_Berlin_District_DE_14195",
    "InstitutionName": "Freie_Universitaet",
    "InstitutionalDepartmentName": "Department",
    "InversionTime": 0.9,
    "MRAcquisitionType": "3D",
    "MagneticFieldStrength": 3,
    "Manufacturer": "Siemens",
    "ManufacturersModelName": "TrioTim",
    "Modality": "MR",
    "PartialFourier": 1,
    "PatientPosition": "HFS",
    "PercentPhaseFOV": 100,
    "PhaseEncodingSteps": 255,
    "PhaseResolution": 1,
    "PixelBandwidth": 170,
    "ProcedureStepDescription": "Projekte_fMRI_12ch_localizer",
    "ProtocolName": "t1_mpr_1x1x1_176",
    "PulseSequenceDetails": "%SiemensSeq%_tfl",
    "ReceiveCoilName": "HeadMatrix",
    "ReconMatrixPE": 256,
    "RepetitionTime": 1.9,
    "SAR": 0.131111,
    "ScanOptions": "IR",
    "ScanningSequence": "GR_IR",
    "SequenceName": "_tfl3d1_ns",
    "SequenceVariant": "SP_MP",
    "SeriesDescription": "t1_mpr_1x1x1_176",
    "SeriesNumber": 7,
    "ShimSetting": [
      -6806,
      -5546,
      -11014,
      -558,
      540,
      999,
      152,
      -11
    ],
    "SliceThickness": 1,
    "SoftwareVersions": "syngo_MR_B17",
    "StationName": "MRC35370",
    "TxRefAmp": 284.602,
    "dataset": "ds002727",
    "modality": "T1w",
    "subject_id": "19"
  },
  "cjv": 0.35961367592362425,
  "cnr": 3.7684300704365747,
  "efc": 0.5585581566789904,
  "fber": 10993.278664142781,
  "fwhm_avg": 4.367583333333333,
  "fwhm_x": 4.37352,
  "fwhm_y": 4.31752,
  "fwhm_z": 4.41171,
  "icvs_csf": 0.2234575529976302,
  "icvs_gm": 0.4279792205491855,
  "icvs_wm": 0.34856322645318427,
  "inu_med": 0.48838621377944946,
  "inu_range": 0.1929135352373123,
  "provenance": {
    "md5sum": "2fd49d5cdaafbd77c80343322aad49e2",
    "settings": {
      "testing": false
    },
    "software": "mriqc",
    "version": "22.0.6",
    "warnings": {
      "large_rot_frame": true,
      "small_air_mask": false
    },
    "webapi_port": null,
    "webapi_url": "https://mriqc.nimh.nih.gov/api/v1"
  },
  "qi_1": 8.8292498753394e-06,
  "qi_2": 0.01672077431689895,
  "rpve_csf": 25.686546923368322,
  "rpve_gm": 13.864379234154447,
  "rpve_wm": 19.575310627950028,
  "size_x": 176,
  "size_y": 256,
  "size_z": 256,
  "snr_csf": 3.1220354045897367,
  "snr_gm": 13.505048519349181,
  "snr_total": 13.816221844987007,
  "snr_wm": 24.821581611022108,
  "snrd_csf": 26.296607221078354,
  "snrd_gm": 60.578538532833704,
  "snrd_total": 56.18787378360861,
  "snrd_wm": 81.68847559691378,
  "spacing_x": 1.0,
  "spacing_y": 1.0,
  "spacing_z": 1.0,
  "summary_bg_k": 7.638594195025844,
  "summary_bg_mad": 0.0,
  "summary_bg_mean": 5.605074192318034,
  "summary_bg_median": 0.0,
  "summary_bg_n": 2178386.0,
  "summary_bg_p05": 0.0,
  "summary_bg_p95": 20.76485760882497,
  "summary_bg_stdv": 8.019936398757956,
  "summary_csf_k": 0.8919197249830706,
  "summary_csf_mad": 84.73322795088214,
  "summary_csf_mean": 324.6506205481536,
  "summary_csf_median": 321.9132953323424,
  "summary_csf_n": 33000.0,
  "summary_csf_p05": 146.97613692414015,
  "summary_csf_p95": 505.24146696422247,
  "summary_csf_stdv": 103.10850970747438,
  "summary_gm_k": 0.1213383771970733,
  "summary_gm_mad": 53.77521503242723,
  "summary_gm_mean": 739.4332873011498,
  "summary_gm_median": 741.5799613073468,
  "summary_gm_n": 25168.0,
  "summary_gm_p05": 645.3481868414208,
  "summary_gm_p95": 826.391064088419,
  "summary_gm_stdv": 54.910223203000996,
  "summary_wm_k": 0.22550260386697163,
  "summary_wm_mad": 39.15615337649019,
  "summary_wm_mean": 1000.6623383623383,
  "summary_wm_median": 999.9999676384032,
  "summary_wm_n": 185236.0,
  "summary_wm_p05": 935.5399720445275,
  "summary_wm_p95": 1067.8627704381943,
  "summary_wm_stdv": 40.287411336087956,
  "tpm_overlap_csf": 0.16256408108444867,
  "tpm_overlap_gm": 0.4717469551376751,
  "tpm_overlap_wm": 0.5174861763143478,
  "wm2max": 0.47585985549120674
}