{
  "aor": 0.0008125093632958802,
  "aqi": 0.016823451423220975,
  "bids_meta": {
    "AcquisitionMatrixPE": 64,
    "AcquisitionNumber": 1,
    "AcquisitionTime": "12:01:28.340000",
    "BandwidthPerPixelPhaseEncode": 58.962,
    "BaseResolution": 64,
    "CoilString": "t:HEA;HEP",
    "ConversionSoftware": "dcm2niix",
    "ConversionSoftwareVersion": "v1.0.20181125  (JP2:OpenJPEG) (JP-LS:CharLS) Clang10.0.0",
    "DerivedVendorReportedEchoSpacing": 0.000530002,
    "DeviceSerialNumber": "35370",
    "DwellTime": 3.5e-06,
    "EchoTime": 0.03,
    "EffectiveEchoSpacing": 0.000265001,
    "FlipAngle": 70,
    "ImageOrientationPatientDICOM": [
      0.999995,
      0.00326482,
      0.000122798,
      -0.00314158,
      0.971206,
      -0.238219
    ],
    "ImageType": [
      "ORIGINAL",
      "PRIMARY",
      "M",
      "ND",
      "MOSAIC"
    ],
    "ImagingFrequency": 123.243,
    "InPlanePhaseEncodingDirectionDICOM": "COL",
    "InstitutionAddress": "Habelschwerdter_Allee_45_Berlin_District_DE_14195",
    "InstitutionName": "Freie_Universitaet",
    "InstitutionalDepartmentName": "Department",
    "MRAcquisitionType": "2D",
    "MagneticFieldStrength": 3,
    "Manufacturer": "Siemens",
    "ManufacturersModelName": "TrioTim",
    "Modality": "MR",
    "ParallelReductionFactorInPlane": 2,
    "PartialFourier": 1,
    "PatientPosition": "HFS",
    "PercentPhaseFOV": 100,
    "PhaseEncodingDirection": "j-",
    "PhaseEncodingSteps": 63,
    "PhaseResolution": 1,
    "PixelBandwidth": 2232,
    "ProcedureStepDescription": "Projekte_fMRI_12ch_localizer",
    "ProtocolName": "ep2d_267",
    "PulseSequenceDetails": "%SiemensSeq%_ep2d_bold",
    "ReceiveCoilName": "HeadMatrix",
    "ReconMatrixPE": 64,
    "RepetitionTime": 2,
    "SAR": 0.0979039,
    "ScanOptions": "FS",
    "ScanningSequence": "EP",
    "SequenceName": "_epfid2d1_64",
    "SequenceVariant": "SK",
    "SeriesDescription": "ep2d_267",
    "SeriesNumber": 6,
    "ShimSetting": [
      -6780,
      -5549,
      -10800,
      -23,
      693,
      1767,
      307,
      -32
    ],
    "SliceThickness": 3,
    "SliceTiming": [
      0,
      1.03,
      0.0525,
      1.085,
      0.1075,
      1.1375,
      0.1625,
      1.1925,
      0.215,
      1.2475,
      0.27,
      1.3,
      0.325,
      1.355,
      0.38,
      1.41,
      0.4325,
      1.465,
      0.4875,
      1.5175,
      0.5425,
      1.5725,
      0.595,
      1.6275,
      0.65,
      1.68,
      0.705,
      1.735,
      0.7575,
      1.79,
      0.8125,
      1.845,
      0.8675,
      1.8975,
      0.9225,
      1.9525,
      0.975
    ],
    "SoftwareVersions": "syngo_MR_B17",
    "SpacingBetweenSlices": 3.3,
    "StationName": "MRC35370",
    "TaskName": "silentreading",
    "TotalReadoutTime": 0.0166951,
    "TxRefAmp": 306.913,
    "dataset": "ds002727",
    "modality": "bold",
    "run_id": 3,
    "subject_id": "09",
    "task_id": "silentreading"
  },
  "dummy_trs": 0,
  "dvars_nstd": 40.12371651932331,
  "dvars_std": 1.066297558157894,
  "dvars_vstd": 0.99866237593985,
  "efc": 0.6167131417178191,
  "fber": 452.5601501464844,
  "fd_mean": 0.29761368651075415,
  "fd_num": 165,
  "fd_perc": 61.79775280898876,
  "fwhm_avg": 1.8495542512788326,
  "fwhm_x": 1.7655866666666666,
  "fwhm_y": 1.9447033333333332,
  "fwhm_z": 1.8383727538364982,
  "gcor": 0.0194997,
  "gsr_x": 0.026239925995469093,
  "gsr_y": 0.052482329308986664,
  "provenance": {
    "md5sum": "f9ea492ab9139135cd59d19bd2eafa41",
    "settings": {
      "fd_thres": 0.2,
      "testing": false
    },
    "software": "mriqc",
    "version": "22.0.6",
    "webapi_port": null,
    "webapi_url": "https://mriqc.nimh.nih.gov/api/v1"
  },
  "size_t": 267,
  "size_x": 64,
  "size_y": 64,
  "size_z": 37,
  "snr": 5.13840008473713,
  "spacing_tr": 2.0,
  "spacing_x": 3.0,
  "spacing_y": 3.0,
  "spacing_z": 3.299999952316284,
  "summary_bg_k": 19.01705125529815,
  "summary_bg_mad": 19.706949193495213,
  "summary_bg_mean": 83.53437805175781,
  "summary_bg_median": 39.56554412841797,
  "summary_bg_n": 79832.0,
  "summary_bg_p05": 23.623783493041994,
  "summary_bg_p95": 335.14345855712855,
  "summary_bg_stdv": 112.82038879394531,
  "summary_fg_k": 2.2227446867948117,
  "summary_fg_mad": 140.75834873541424,
  "summary_fg_mean": 865.451904296875,
  "summary_fg_median": 846.0150146484375,
  "summary_fg_n": 36783.0,
  "summary_fg_p05": 644.9621948242187,
  "summary_fg_p95": 1163.122900390625,
  "summary_fg_stdv": 164.64337158203125,
  "tsnr": 35.905025122337975
}