{
  "aor": 0.0008183458646616541,
  "aqi": 0.00930189484962406,
  "bids_meta": {
    "AcquisitionMatrixPE": 64,
    "AcquisitionNumber": 1,
    "AcquisitionTime": "11:41:46.355000",
    "BandwidthPerPixelPhaseEncode": 58.962,
    "BaseResolution": 64,
    "CoilString": "t:HEA;HEP",
    "ConversionSoftware": "dcm2niix",
    "ConversionSoftwareVersion": "v1.0.20181125  (JP2:OpenJPEG) (JP-LS:CharLS) Clang10.0.0",
    "DerivedVendorReportedEchoSpacing": 0.000530002,
    "DeviceSerialNumber": "35370",
    "DwellTime": 3.5e-06,
    "EchoTime": 0.03,
    "EffectiveEchoSpacing": 0.000265001,
    "FlipAngle": 70,
    "ImageOrientationPatientDICOM": [
      0.999995,
      0.00326482,
      0.000122798,
      -0.00314158,
      0.971206,
      -0.238219
    ],
    "ImageType": [
      "ORIGINAL",
      "PRIMARY",
      "M",
      "ND",
      "MOSAIC"
    ],
    "ImagingFrequency": 123.243,
    "InPlanePhaseEncodingDirectionDICOM": "COL",
    "InstitutionAddress": "Habelschwerdter_Allee_45_Berlin_District_DE_14195",
    "InstitutionName": "Freie_Universitaet",
    "InstitutionalDepartmentName": "Department",
    "MRAcquisitionType": "2D",
    "MagneticFieldStrength": 3,
    "Manufacturer": "Siemens",
    "ManufacturersModelName": "TrioTim",
    "Modality": "MR",
    "ParallelReductionFactorInPlane": 2,
    "PartialFourier": 1,
    "PatientPosition": "HFS",
    "PercentPhaseFOV": 100,
    "PhaseEncodingDirection": "j-",
    "PhaseEncodingSteps": 63,
    "PhaseResolution": 1,
    "PixelBandwidth": 2232,
    "ProcedureStepDescription": "Projekte_fMRI_12ch_localizer",
    "ProtocolName": "ep2d_267",
    "PulseSequenceDetails": "%SiemensSeq%_ep2d_bold",
    "ReceiveCoilName": "HeadMatrix",
    "ReconMatrixPE": 64,
    "RepetitionTime": 2,
    "SAR": 0.0979039,
    "ScanOptions": "FS",
    "ScanningSequence": "EP",
    "SequenceName": "_epfid2d1_64",
    "SequenceVariant": "SK",
    "SeriesDescription": "ep2d_267",
    "SeriesNumber": 4,
    "ShimSetting": [
      -6780,
      -5549,
      -10800,
      -23,
      693,
      1767,
      307,
      -32
    ],
    "SliceThickness": 3,
    "SliceTiming": [
      0,
      1.0325,
      0.055,
      1.085,
      0.11,
      1.14,
      0.1625,
      1.195,
      0.2175,
      1.2475,
      0.2725,
      1.3025,
      0.325,
      1.3575,
      0.38,
      1.41,
      0.435,
      1.465,
      0.49,
      1.52,
      0.5425,
      1.575,
      0.5975,
      1.6275,
      0.6525,
      1.6825,
      0.705,
      1.7375,
      0.76,
      1.79,
      0.815,
      1.845,
      0.8675,
      1.9,
      0.9225,
      1.955,
      0.9775
    ],
    "SoftwareVersions": "syngo_MR_B17",
    "SpacingBetweenSlices": 3.3,
    "StationName": "MRC35370",
    "TaskName": "silentreading",
    "TotalReadoutTime": 0.0166951,
    "TxRefAmp": 306.913,
    "dataset": "ds002727",
    "modality": "bold",
    "run_id": 1,
    "subject_id": "09",
    "task_id": "silentreading"
  },
  "dummy_trs": 1,
  "dvars_nstd": 35.241228866113204,
  "dvars_std": 1.0996871011698108,
  "dvars_vstd": 1.016778092679245,
  "efc": 0.6158940469863103,
  "fber": 472.0444030761719,
  "fd_mean": 0.14791465018548433,
  "fd_num": 40,
  "fd_perc": 15.037593984962406,
  "fwhm_avg": 1.8344041503064759,
  "fwhm_x": 1.7532066666666666,
  "fwhm_y": 1.9037966666666666,
  "fwhm_z": 1.8462091175860942,
  "gcor": 0.0141056,
  "gsr_x": 0.028167644515633583,
  "gsr_y": 0.046448107808828354,
  "provenance": {
    "md5sum": "d7f135996b4acb63c8f4239ac9e55a73",
    "settings": {
      "fd_thres": 0.2,
      "testing": false
    },
    "software": "mriqc",
    "version": "22.0.6",
    "webapi_port": null,
    "webapi_url": "https://mriqc.nimh.nih.gov/api/v1"
  },
  "size_t": 266,
  "size_x": 64,
  "size_y": 64,
  "size_z": 37,
  "snr": 5.038461702580002,
  "spacing_tr": 2.0,
  "spacing_x": 3.0,
  "spacing_y": 3.0,
  "spacing_z": 3.299999952316284,
  "summary_bg_k": 17.065553506968126,
  "summary_bg_mad": 17.31746456251725,
  "summary_bg_mean": 83.67728424072266,
  "summary_bg_median": 38.556392669677734,
  "summary_bg_n": 79626.0,
  "summary_bg_p05": 24.853384017944336,
  "summary_bg_p95": 344.12689208984375,
  "summary_bg_stdv": 115.39461517333984,
  "summary_fg_k": 2.5124455937033296,
  "summary_fg_mad": 141.67773585333518,
  "summary_fg_mean": 866.6361083984375,
  "summary_fg_median": 846.8045043945312,
  "summary_fg_n": 37049.0,
  "summary_fg_p05": 645.6759521484375,
  "summary_fg_p95": 1170.2308105468746,
  "summary_fg_stdv": 168.0657958984375,
  "tsnr": 43.28366715926677
}