{
  "bids_meta": {
    "AcquisitionMatrixPE": 256,
    "AcquisitionNumber": 1,
    "AcquisitionTime": "13:51:2.777500",
    "BaseResolution": 256,
    "CoilString": "T:HEA;HEP",
    "ConversionSoftware": "dcm2niix",
    "ConversionSoftwareVersion": "v1.0.20181125  (JP2:OpenJPEG) (JP-LS:CharLS) Clang10.0.0",
    "DeviceSerialNumber": "35370",
    "DwellTime": 1.15e-05,
    "EchoTime": 0.00252,
    "FlipAngle": 9,
    "ImageOrientationPatientDICOM": [
      -0.0280554,
      0.9996,
      0.00348806,
      0.0382752,
      0.00456111,
      -0.999257
    ],
    "ImageType": [
      "ORIGINAL",
      "PRIMARY",
      "M",
      "ND",
      "NORM"
    ],
    "ImagingFrequency": 123.243,
    "InPlanePhaseEncodingDirectionDICOM": "ROW",
    "InstitutionAddress": "Habelschwerdter_Allee_45_Berlin_District_DE_14195",
    "InstitutionName": "Freie_Universitaet",
    "InstitutionalDepartmentName": "Department",
    "InversionTime": 0.9,
    "MRAcquisitionType": "3D",
    "MagneticFieldStrength": 3,
    "Manufacturer": "Siemens",
    "ManufacturersModelName": "TrioTim",
    "Modality": "MR",
    "PartialFourier": 1,
    "PatientPosition": "HFS",
    "PercentPhaseFOV": 100,
    "PhaseEncodingSteps": 255,
    "PhaseResolution": 1,
    "PixelBandwidth": 170,
    "ProcedureStepDescription": "Projekte_fMRI_12ch_localizer",
    "ProtocolName": "t1_mpr_1x1x1_176",
    "PulseSequenceDetails": "%SiemensSeq%_tfl",
    "ReceiveCoilName": "HeadMatrix",
    "ReconMatrixPE": 256,
    "RepetitionTime": 1.9,
    "SAR": 0.0865679,
    "ScanOptions": "IR",
    "ScanningSequence": "GR_IR",
    "SequenceName": "_tfl3d1_ns",
    "SequenceVariant": "SP_MP",
    "SeriesDescription": "t1_mpr_1x1x1_176",
    "SeriesNumber": 7,
    "ShimSetting": [
      -6764,
      -5560,
      -10992,
      -139,
      478,
      1181,
      860,
      -9
    ],
    "SliceThickness": 1,
    "SoftwareVersions": "syngo_MR_B17",
    "StationName": "MRC35370",
    "TxRefAmp": 291.154,
    "dataset": "ds002727",
    "modality": "T1w",
    "subject_id": "12"
  },
  "cjv": 0.37318040066889824,
  "cnr": 3.7091271125747935,
  "efc": 0.5635057289306342,
  "fber": 20315.1572265625,
  "fwhm_avg": 4.17378,
  "fwhm_x": 4.01894,
  "fwhm_y": 4.23023,
  "fwhm_z": 4.27217,
  "icvs_csf": 0.19879762088494748,
  "icvs_gm": 0.446464288791168,
  "icvs_wm": 0.35473809032388454,
  "inu_med": 0.5075865983963013,
  "inu_range": 0.2098415821790695,
  "provenance": {
    "md5sum": "45d32c32972f919749a10f8c46e14403",
    "settings": {
      "testing": false
    },
    "software": "mriqc",
    "version": "22.0.6",
    "warnings": {
      "large_rot_frame": true,
      "small_air_mask": false
    },
    "webapi_port": null,
    "webapi_url": "https://mriqc.nimh.nih.gov/api/v1"
  },
  "qi_1": 0.00016975281910931736,
  "qi_2": 0.00400482808961566,
  "rpve_csf": 28.58013354968482,
  "rpve_gm": 13.44662401972244,
  "rpve_wm": 18.685000758550824,
  "size_x": 176,
  "size_y": 256,
  "size_z": 256,
  "snr_csf": 3.38749591221254,
  "snr_gm": 14.061890397844312,
  "snr_total": 13.33934877787536,
  "snr_wm": 22.56866002356923,
  "snrd_csf": 24.03851910682164,
  "snrd_gm": 57.92039733066077,
  "snrd_total": 53.32378226311648,
  "snrd_wm": 78.01243035186704,
  "spacing_x": 1.0,
  "spacing_y": 1.0,
  "spacing_z": 1.0,
  "summary_bg_k": 18.338245771471165,
  "summary_bg_mad": 0.0,
  "summary_bg_mean": 5.005482408578185,
  "summary_bg_median": 0.0,
  "summary_bg_n": 2392515.0,
  "summary_bg_p05": 0.0,
  "summary_bg_p95": 21.72044636309147,
  "summary_bg_stdv": 8.398174160400075,
  "summary_csf_k": 2.515490125207541,
  "summary_csf_mad": 61.277955609375404,
  "summary_csf_mean": 317.3804936312104,
  "summary_csf_median": 308.149066388607,
  "summary_csf_n": 39898.0,
  "summary_csf_p05": 186.2801734492183,
  "summary_csf_p95": 487.7001986758784,
  "summary_csf_stdv": 90.96548383801662,
  "summary_gm_k": 0.032503120472377134,
  "summary_gm_mad": 52.79287007367266,
  "summary_gm_mean": 742.0584926087248,
  "summary_gm_median": 742.4798625484109,
  "summary_gm_n": 29756.0,
  "summary_gm_p05": 654.0256886677817,
  "summary_gm_p95": 827.5060343276709,
  "summary_gm_stdv": 52.799969655605665,
  "summary_wm_k": 0.22447494268620893,
  "summary_wm_mad": 43.32316710379282,
  "summary_wm_mean": 1001.0064994764127,
  "summary_wm_median": 1000.0390403755009,
  "summary_wm_n": 169622.0,
  "summary_wm_p05": 930.1527228912339,
  "summary_wm_p95": 1075.1620949730277,
  "summary_wm_stdv": 44.310831546085,
  "tpm_overlap_csf": 0.16478647083885112,
  "tpm_overlap_gm": 0.47220542067784216,
  "tpm_overlap_wm": 0.505092911735577,
  "wm2max": 0.4935428909623185
}