{
  "aor": 0.0011901498127340824,
  "aqi": 0.0092893065917603,
  "bids_meta": {
    "AcquisitionMatrixPE": 64,
    "AcquisitionNumber": 1,
    "AcquisitionTime": "16:29:56.615000",
    "BandwidthPerPixelPhaseEncode": 58.962,
    "BaseResolution": 64,
    "CoilString": "t:HEA;HEP",
    "ConversionSoftware": "dcm2niix",
    "ConversionSoftwareVersion": "v1.0.20181125  (JP2:OpenJPEG) (JP-LS:CharLS) Clang10.0.0",
    "DerivedVendorReportedEchoSpacing": 0.000530002,
    "DeviceSerialNumber": "35370",
    "DwellTime": 3.5e-06,
    "EchoTime": 0.03,
    "EffectiveEchoSpacing": 0.000265001,
    "FlipAngle": 70,
    "ImageOrientationPatientDICOM": [
      0.999953,
      -0.00609528,
      -0.00757494,
      0.00349056,
      0.952209,
      -0.305426
    ],
    "ImageType": [
      "ORIGINAL",
      "PRIMARY",
      "M",
      "ND",
      "MOSAIC"
    ],
    "ImagingFrequency": 123.243,
    "InPlanePhaseEncodingDirectionDICOM": "COL",
    "InstitutionAddress": "Habelschwerdter_Allee_45_Berlin_District_DE_14195",
    "InstitutionName": "Freie_Universitaet",
    "InstitutionalDepartmentName": "Department",
    "MRAcquisitionType": "2D",
    "MagneticFieldStrength": 3,
    "Manufacturer": "Siemens",
    "ManufacturersModelName": "TrioTim",
    "Modality": "MR",
    "ParallelReductionFactorInPlane": 2,
    "PartialFourier": 1,
    "PatientPosition": "HFS",
    "PercentPhaseFOV": 100,
    "PhaseEncodingDirection": "j-",
    "PhaseEncodingSteps": 63,
    "PhaseResolution": 1,
    "PixelBandwidth": 2232,
    "ProcedureStepDescription": "Projekte_fMRI_12ch_localizer",
    "ProtocolName": "ep2d_267",
    "PulseSequenceDetails": "%SiemensSeq%_ep2d_bold",
    "ReceiveCoilName": "HeadMatrix",
    "ReconMatrixPE": 64,
    "RepetitionTime": 2,
    "SAR": 0.122693,
    "ScanOptions": "FS",
    "ScanningSequence": "EP",
    "SequenceName": "_epfid2d1_64",
    "SequenceVariant": "SK",
    "SeriesDescription": "ep2d_267",
    "SeriesNumber": 5,
    "ShimSetting": [
      -6849,
      -5506,
      -10736,
      236,
      619,
      1923,
      -241,
      11
    ],
    "SliceThickness": 3,
    "SliceTiming": [
      0,
      1.03,
      0.055,
      1.085,
      0.1075,
      1.14,
      0.1625,
      1.195,
      0.2175,
      1.2475,
      0.2725,
      1.3025,
      0.325,
      1.3575,
      0.38,
      1.41,
      0.435,
      1.465,
      0.4875,
      1.52,
      0.5425,
      1.5725,
      0.5975,
      1.6275,
      0.65,
      1.6825,
      0.705,
      1.7375,
      0.76,
      1.79,
      0.815,
      1.845,
      0.8675,
      1.9,
      0.9225,
      1.9525,
      0.9775
    ],
    "SoftwareVersions": "syngo_MR_B17",
    "SpacingBetweenSlices": 3.3,
    "StationName": "MRC35370",
    "TaskName": "silentreading",
    "TotalReadoutTime": 0.0166951,
    "TxRefAmp": 310.865,
    "dataset": "ds002727",
    "modality": "bold",
    "run_id": 2,
    "subject_id": "13",
    "task_id": "silentreading"
  },
  "dummy_trs": 0,
  "dvars_nstd": 31.300613216992488,
  "dvars_std": 1.0307503986090218,
  "dvars_vstd": 1.0000753245864662,
  "efc": 0.5922670544193896,
  "fber": 677.3942260742188,
  "fd_mean": 0.1708204942535352,
  "fd_num": 76,
  "fd_perc": 28.46441947565543,
  "fwhm_avg": 1.909736372671107,
  "fwhm_x": 1.8046633333333333,
  "fwhm_y": 2.0487699999999998,
  "fwhm_z": 1.8757757846799876,
  "gcor": 0.00723031,
  "gsr_x": 0.003962826449424028,
  "gsr_y": 0.0440206341445446,
  "provenance": {
    "md5sum": "c5bd43327d8456fa592e821d8aa1376d",
    "settings": {
      "fd_thres": 0.2,
      "testing": false
    },
    "software": "mriqc",
    "version": "22.0.6",
    "webapi_port": null,
    "webapi_url": "https://mriqc.nimh.nih.gov/api/v1"
  },
  "size_t": 267,
  "size_x": 64,
  "size_y": 64,
  "size_z": 37,
  "snr": 5.071116630814039,
  "spacing_tr": 2.0,
  "spacing_x": 3.0,
  "spacing_y": 3.0,
  "spacing_z": 3.299999952316284,
  "summary_bg_k": 52.73439493506301,
  "summary_bg_mad": 10.178312740559914,
  "summary_bg_mean": 60.63991165161133,
  "summary_bg_median": 32.43071365356445,
  "summary_bg_n": 79780.0,
  "summary_bg_p05": 24.1535587310791,
  "summary_bg_p95": 197.5020637512207,
  "summary_bg_stdv": 87.19844818115234,
  "summary_fg_k": 1.9438861800340925,
  "summary_fg_mad": 144.98409082524424,
  "summary_fg_mean": 881.129638671875,
  "summary_fg_median": 860.4194946289062,
  "summary_fg_n": 37153.0,
  "summary_fg_p05": 655.7835327148438,
  "summary_fg_p95": 1194.3385498046875,
  "summary_fg_stdv": 169.6683349609375,
  "tsnr": 44.88997093425132
}