{
  "aor": 0.00201796992481203,
  "aqi": 0.010026401654135339,
  "bids_meta": {
    "AcquisitionMatrixPE": 64,
    "AcquisitionNumber": 1,
    "AcquisitionTime": "16:19:33.660000",
    "BandwidthPerPixelPhaseEncode": 58.962,
    "BaseResolution": 64,
    "CoilString": "t:HEA;HEP",
    "ConversionSoftware": "dcm2niix",
    "ConversionSoftwareVersion": "v1.0.20181125  (JP2:OpenJPEG) (JP-LS:CharLS) Clang10.0.0",
    "DerivedVendorReportedEchoSpacing": 0.000530002,
    "DeviceSerialNumber": "35370",
    "DwellTime": 3.5e-06,
    "EchoTime": 0.03,
    "EffectiveEchoSpacing": 0.000265001,
    "FlipAngle": 70,
    "ImageOrientationPatientDICOM": [
      0.999953,
      -0.00609528,
      -0.00757494,
      0.00349056,
      0.952209,
      -0.305426
    ],
    "ImageType": [
      "ORIGINAL",
      "PRIMARY",
      "M",
      "ND",
      "MOSAIC"
    ],
    "ImagingFrequency": 123.243,
    "InPlanePhaseEncodingDirectionDICOM": "COL",
    "InstitutionAddress": "Habelschwerdter_Allee_45_Berlin_District_DE_14195",
    "InstitutionName": "Freie_Universitaet",
    "InstitutionalDepartmentName": "Department",
    "MRAcquisitionType": "2D",
    "MagneticFieldStrength": 3,
    "Manufacturer": "Siemens",
    "ManufacturersModelName": "TrioTim",
    "Modality": "MR",
    "ParallelReductionFactorInPlane": 2,
    "PartialFourier": 1,
    "PatientPosition": "HFS",
    "PercentPhaseFOV": 100,
    "PhaseEncodingDirection": "j-",
    "PhaseEncodingSteps": 63,
    "PhaseResolution": 1,
    "PixelBandwidth": 2232,
    "ProcedureStepDescription": "Projekte_fMRI_12ch_localizer",
    "ProtocolName": "ep2d_267",
    "PulseSequenceDetails": "%SiemensSeq%_ep2d_bold",
    "ReceiveCoilName": "HeadMatrix",
    "ReconMatrixPE": 64,
    "RepetitionTime": 2,
    "SAR": 0.122693,
    "ScanOptions": "FS",
    "ScanningSequence": "EP",
    "SequenceName": "_epfid2d1_64",
    "SequenceVariant": "SK",
    "SeriesDescription": "ep2d_267",
    "SeriesNumber": 4,
    "ShimSetting": [
      -6849,
      -5506,
      -10736,
      236,
      619,
      1923,
      -241,
      11
    ],
    "SliceThickness": 3,
    "SliceTiming": [
      0,
      1.03,
      0.055,
      1.085,
      0.11,
      1.14,
      0.1625,
      1.195,
      0.2175,
      1.2475,
      0.2725,
      1.3025,
      0.325,
      1.3575,
      0.38,
      1.41,
      0.435,
      1.465,
      0.4875,
      1.52,
      0.5425,
      1.5725,
      0.5975,
      1.6275,
      0.6525,
      1.6825,
      0.705,
      1.7375,
      0.76,
      1.79,
      0.815,
      1.845,
      0.8675,
      1.9,
      0.9225,
      1.9525,
      0.9775
    ],
    "SoftwareVersions": "syngo_MR_B17",
    "SpacingBetweenSlices": 3.3,
    "StationName": "MRC35370",
    "TaskName": "silentreading",
    "TotalReadoutTime": 0.0166951,
    "TxRefAmp": 310.865,
    "dataset": "ds002727",
    "modality": "bold",
    "run_id": 1,
    "subject_id": "13",
    "task_id": "silentreading"
  },
  "dummy_trs": 1,
  "dvars_nstd": 31.443128888037744,
  "dvars_std": 1.0518345201132078,
  "dvars_vstd": 1.023001562037736,
  "efc": 0.5917615604628135,
  "fber": 680.79296875,
  "fd_mean": 0.19859024668460076,
  "fd_num": 122,
  "fd_perc": 45.86466165413534,
  "fwhm_avg": 1.9000397058003797,
  "fwhm_x": 1.8035766666666666,
  "fwhm_y": 2.0631333333333335,
  "fwhm_z": 1.8334091174011393,
  "gcor": 0.00621102,
  "gsr_x": 0.004334720317274332,
  "gsr_y": 0.044624533504247665,
  "provenance": {
    "md5sum": "11b889644a2b9e252df2bc25aeeebedc",
    "settings": {
      "fd_thres": 0.2,
      "testing": false
    },
    "software": "mriqc",
    "version": "22.0.6",
    "webapi_port": null,
    "webapi_url": "https://mriqc.nimh.nih.gov/api/v1"
  },
  "size_t": 266,
  "size_x": 64,
  "size_y": 64,
  "size_z": 37,
  "snr": 5.0619468337513895,
  "spacing_tr": 2.0,
  "spacing_x": 3.0,
  "spacing_y": 3.0,
  "spacing_z": 3.299999952316284,
  "summary_bg_k": 51.025952794802876,
  "summary_bg_mad": 11.303450619162495,
  "summary_bg_mean": 60.64945602416992,
  "summary_bg_median": 32.413536071777344,
  "summary_bg_n": 79809.0,
  "summary_bg_p05": 22.620302200317383,
  "summary_bg_p95": 196.1097778320307,
  "summary_bg_stdv": 87.45691680908203,
  "summary_fg_k": 2.0402514571847714,
  "summary_fg_mad": 143.87376799681016,
  "summary_fg_mean": 881.2330932617188,
  "summary_fg_median": 858.8984985351562,
  "summary_fg_n": 37109.0,
  "summary_fg_p05": 656.5338256835937,
  "summary_fg_p95": 1198.4940185546873,
  "summary_fg_stdv": 169.6752166748047,
  "tsnr": 42.70701573626138
}