{
  "aor": 0.00041617977528089886,
  "aqi": 0.009002013520599251,
  "bids_meta": {
    "AcquisitionMatrixPE": 64,
    "AcquisitionNumber": 1,
    "AcquisitionTime": "14:33:20.807500",
    "BandwidthPerPixelPhaseEncode": 58.962,
    "BaseResolution": 64,
    "CoilString": "t:HEA;HEP",
    "ConversionSoftware": "dcm2niix",
    "ConversionSoftwareVersion": "v1.0.20181125  (JP2:OpenJPEG) (JP-LS:CharLS) Clang10.0.0",
    "DerivedVendorReportedEchoSpacing": 0.000530002,
    "DeviceSerialNumber": "35370",
    "DwellTime": 3.5e-06,
    "EchoTime": 0.03,
    "EffectiveEchoSpacing": 0.000265001,
    "FlipAngle": 70,
    "ImageOrientationPatientDICOM": [
      0.999839,
      0.0154309,
      -0.00912568,
      -0.0174523,
      0.954213,
      -0.298619
    ],
    "ImageType": [
      "ORIGINAL",
      "PRIMARY",
      "M",
      "ND",
      "MOSAIC"
    ],
    "ImagingFrequency": 123.243,
    "InPlanePhaseEncodingDirectionDICOM": "COL",
    "InstitutionAddress": "Habelschwerdter_Allee_45_Berlin_District_DE_14195",
    "InstitutionName": "Freie_Universitaet",
    "InstitutionalDepartmentName": "Department",
    "MRAcquisitionType": "2D",
    "MagneticFieldStrength": 3,
    "Manufacturer": "Siemens",
    "ManufacturersModelName": "TrioTim",
    "Modality": "MR",
    "ParallelReductionFactorInPlane": 2,
    "PartialFourier": 1,
    "PatientPosition": "HFS",
    "PercentPhaseFOV": 100,
    "PhaseEncodingDirection": "j-",
    "PhaseEncodingSteps": 63,
    "PhaseResolution": 1,
    "PixelBandwidth": 2232,
    "ProcedureStepDescription": "Projekte_fMRI_12ch_localizer",
    "ProtocolName": "ep2d_267",
    "PulseSequenceDetails": "%SiemensSeq%_ep2d_bold",
    "ReceiveCoilName": "HeadMatrix",
    "ReconMatrixPE": 64,
    "RepetitionTime": 2,
    "SAR": 0.132386,
    "ScanOptions": "FS",
    "ScanningSequence": "EP",
    "SequenceName": "_epfid2d1_64",
    "SequenceVariant": "SK",
    "SeriesDescription": "ep2d_267",
    "SeriesNumber": 6,
    "ShimSetting": [
      -6768,
      -5479,
      -11009,
      14,
      642,
      1926,
      396,
      63
    ],
    "SliceThickness": 3,
    "SliceTiming": [
      0,
      1.0325,
      0.055,
      1.085,
      0.11,
      1.14,
      0.1625,
      1.195,
      0.2175,
      1.2475,
      0.2725,
      1.3025,
      0.325,
      1.3575,
      0.38,
      1.4125,
      0.435,
      1.465,
      0.49,
      1.52,
      0.5425,
      1.575,
      0.5975,
      1.6275,
      0.6525,
      1.6825,
      0.705,
      1.7375,
      0.76,
      1.79,
      0.815,
      1.845,
      0.87,
      1.9,
      0.9225,
      1.955,
      0.9775
    ],
    "SoftwareVersions": "syngo_MR_B17",
    "SpacingBetweenSlices": 3.3,
    "StationName": "MRC35370",
    "TaskName": "silentreading",
    "TotalReadoutTime": 0.0166951,
    "TxRefAmp": 291.931,
    "dataset": "ds002727",
    "modality": "bold",
    "run_id": 3,
    "subject_id": "23",
    "task_id": "silentreading"
  },
  "dummy_trs": 0,
  "dvars_nstd": 29.63493627533837,
  "dvars_std": 1.0983961170300753,
  "dvars_vstd": 1.0050010969924814,
  "efc": 0.575717292685382,
  "fber": 953.0615844726562,
  "fd_mean": 0.11607897068600408,
  "fd_num": 23,
  "fd_perc": 8.614232209737828,
  "fwhm_avg": 1.756948594137454,
  "fwhm_x": 1.6551133333333334,
  "fwhm_y": 1.89689,
  "fwhm_z": 1.7188424490790288,
  "gcor": 0.0192008,
  "gsr_x": -0.007855799049139023,
  "gsr_y": 0.03699459880590439,
  "provenance": {
    "md5sum": "dbba6a0704dfb71accbfbc1255208c1f",
    "settings": {
      "fd_thres": 0.2,
      "testing": false
    },
    "software": "mriqc",
    "version": "22.0.6",
    "webapi_port": null,
    "webapi_url": "https://mriqc.nimh.nih.gov/api/v1"
  },
  "size_t": 267,
  "size_x": 64,
  "size_y": 64,
  "size_z": 37,
  "snr": 6.185168849738218,
  "spacing_tr": 2.0,
  "spacing_x": 3.0,
  "spacing_y": 3.0,
  "spacing_z": 3.299999952316284,
  "summary_bg_k": 77.9185981761545,
  "summary_bg_mad": 7.340822010508183,
  "summary_bg_mean": 49.3283576965332,
  "summary_bg_median": 28.546815872192383,
  "summary_bg_n": 80958.0,
  "summary_bg_p05": 22.104869842529297,
  "summary_bg_p95": 133.56179809570312,
  "summary_bg_stdv": 76.05399322509766,
  "summary_fg_k": 2.0901488889306066,
  "summary_fg_mad": 125.41598571425024,
  "summary_fg_mean": 903.8758544921875,
  "summary_fg_median": 891.955078125,
  "summary_fg_n": 36209.0,
  "summary_fg_p05": 701.7460815429688,
  "summary_fg_p95": 1154.3423339843748,
  "summary_fg_stdv": 144.20669555664062,
  "tsnr": 53.86315799225122
}