{
  "aor": 0.00031597744360902256,
  "aqi": 0.00993082894736842,
  "bids_meta": {
    "AcquisitionMatrixPE": 64,
    "AcquisitionNumber": 1,
    "AcquisitionTime": "11:44:10.237500",
    "BandwidthPerPixelPhaseEncode": 58.962,
    "BaseResolution": 64,
    "CoilString": "t:HEA;HEP",
    "ConversionSoftware": "dcm2niix",
    "ConversionSoftwareVersion": "v1.0.20181125  (JP2:OpenJPEG) (JP-LS:CharLS) Clang10.0.0",
    "DerivedVendorReportedEchoSpacing": 0.000530002,
    "DeviceSerialNumber": "35370",
    "DwellTime": 3.5e-06,
    "EchoTime": 0.03,
    "EffectiveEchoSpacing": 0.000265001,
    "FlipAngle": 70,
    "ImageOrientationPatientDICOM": [
      0.999995,
      0.00326712,
      1.44791e-05,
      -0.0031416,
      0.962774,
      -0.270289
    ],
    "ImageType": [
      "ORIGINAL",
      "PRIMARY",
      "M",
      "ND",
      "MOSAIC"
    ],
    "ImagingFrequency": 123.243,
    "InPlanePhaseEncodingDirectionDICOM": "COL",
    "InstitutionAddress": "Habelschwerdter_Allee_45_Berlin_District_DE_14195",
    "InstitutionName": "Freie_Universitaet",
    "InstitutionalDepartmentName": "Department",
    "MRAcquisitionType": "2D",
    "MagneticFieldStrength": 3,
    "Manufacturer": "Siemens",
    "ManufacturersModelName": "TrioTim",
    "Modality": "MR",
    "ParallelReductionFactorInPlane": 2,
    "PartialFourier": 1,
    "PatientPosition": "HFS",
    "PercentPhaseFOV": 100,
    "PhaseEncodingDirection": "j-",
    "PhaseEncodingSteps": 63,
    "PhaseResolution": 1,
    "PixelBandwidth": 2232,
    "ProcedureStepDescription": "Projekte_fMRI_12ch_localizer",
    "ProtocolName": "ep2d_267",
    "PulseSequenceDetails": "%SiemensSeq%_ep2d_bold",
    "ReceiveCoilName": "HeadMatrix",
    "ReconMatrixPE": 64,
    "RepetitionTime": 2,
    "SAR": 0.120703,
    "ScanOptions": "FS",
    "ScanningSequence": "EP",
    "SequenceName": "_epfid2d1_64",
    "SequenceVariant": "SK",
    "SeriesDescription": "ep2d_267",
    "SeriesNumber": 5,
    "ShimSetting": [
      -6820,
      -5495,
      -10889,
      306,
      522,
      2135,
      173,
      15
    ],
    "SliceThickness": 3,
    "SliceTiming": [
      0,
      1.03,
      0.055,
      1.085,
      0.1075,
      1.14,
      0.1625,
      1.1925,
      0.2175,
      1.2475,
      0.27,
      1.3025,
      0.325,
      1.3575,
      0.38,
      1.41,
      0.435,
      1.465,
      0.4875,
      1.52,
      0.5425,
      1.5725,
      0.5975,
      1.6275,
      0.65,
      1.6825,
      0.705,
      1.735,
      0.76,
      1.79,
      0.815,
      1.845,
      0.8675,
      1.9,
      0.9225,
      1.9525,
      0.9775
    ],
    "SoftwareVersions": "syngo_MR_B17",
    "SpacingBetweenSlices": 3.3,
    "StationName": "MRC35370",
    "TaskName": "silentreading",
    "TotalReadoutTime": 0.0166951,
    "TxRefAmp": 287.74,
    "dataset": "ds002727",
    "modality": "bold",
    "run_id": 2,
    "subject_id": "17",
    "task_id": "silentreading"
  },
  "dummy_trs": 1,
  "dvars_nstd": 34.87409543460379,
  "dvars_std": 1.1216006220754715,
  "dvars_vstd": 1.0030403611320748,
  "efc": 0.6006471085219766,
  "fber": 721.174072265625,
  "fd_mean": 0.14620064280607828,
  "fd_num": 72,
  "fd_perc": 27.06766917293233,
  "fwhm_avg": 1.7660125335457557,
  "fwhm_x": 1.6900866666666667,
  "fwhm_y": 1.8861266666666667,
  "fwhm_z": 1.721824267303933,
  "gcor": 0.00393151,
  "gsr_x": -0.0013395106652751565,
  "gsr_y": 0.043540313839912415,
  "provenance": {
    "md5sum": "f2de2d5e9a9f762ef4e9d6845a8fb7ab",
    "settings": {
      "fd_thres": 0.2,
      "testing": false
    },
    "software": "mriqc",
    "version": "22.0.6",
    "webapi_port": null,
    "webapi_url": "https://mriqc.nimh.nih.gov/api/v1"
  },
  "size_t": 266,
  "size_x": 64,
  "size_y": 64,
  "size_z": 37,
  "snr": 5.427341200965849,
  "spacing_tr": 2.0,
  "spacing_x": 3.0,
  "spacing_y": 3.0,
  "spacing_z": 3.299999952316284,
  "summary_bg_k": 49.09004691541908,
  "summary_bg_mad": 9.97133752545512,
  "summary_bg_mean": 56.2047119140625,
  "summary_bg_median": 31.68421173095703,
  "summary_bg_n": 77008.0,
  "summary_bg_p05": 23.36842155456543,
  "summary_bg_p95": 172.87820281982414,
  "summary_bg_stdv": 75.99440002441406,
  "summary_fg_k": 2.412697612949139,
  "summary_fg_mad": 133.9163349572643,
  "summary_fg_mean": 883.181884765625,
  "summary_fg_median": 863.56201171875,
  "summary_fg_n": 39104.0,
  "summary_fg_p05": 680.56767578125,
  "summary_fg_p95": 1176.5714111328125,
  "summary_fg_stdv": 159.11123657226562,
  "tsnr": 47.21970111131668
}