{
  "aor": 0.00036305660377358495,
  "aqi": 0.00997778966037736,
  "bids_meta": {
    "AcquisitionMatrixPE": 64,
    "AcquisitionNumber": 1,
    "AcquisitionTime": "11:33:12.900000",
    "BandwidthPerPixelPhaseEncode": 58.962,
    "BaseResolution": 64,
    "CoilString": "t:HEA;HEP",
    "ConversionSoftware": "dcm2niix",
    "ConversionSoftwareVersion": "v1.0.20181125  (JP2:OpenJPEG) (JP-LS:CharLS) Clang10.0.0",
    "DerivedVendorReportedEchoSpacing": 0.000530002,
    "DeviceSerialNumber": "35370",
    "DwellTime": 3.5e-06,
    "EchoTime": 0.03,
    "EffectiveEchoSpacing": 0.000265001,
    "FlipAngle": 70,
    "ImageOrientationPatientDICOM": [
      0.999995,
      0.00326712,
      1.44791e-05,
      -0.0031416,
      0.962774,
      -0.270289
    ],
    "ImageType": [
      "ORIGINAL",
      "PRIMARY",
      "M",
      "ND",
      "MOSAIC"
    ],
    "ImagingFrequency": 123.243,
    "InPlanePhaseEncodingDirectionDICOM": "COL",
    "InstitutionAddress": "Habelschwerdter_Allee_45_Berlin_District_DE_14195",
    "InstitutionName": "Freie_Universitaet",
    "InstitutionalDepartmentName": "Department",
    "MRAcquisitionType": "2D",
    "MagneticFieldStrength": 3,
    "Manufacturer": "Siemens",
    "ManufacturersModelName": "TrioTim",
    "Modality": "MR",
    "ParallelReductionFactorInPlane": 2,
    "PartialFourier": 1,
    "PatientPosition": "HFS",
    "PercentPhaseFOV": 100,
    "PhaseEncodingDirection": "j-",
    "PhaseEncodingSteps": 63,
    "PhaseResolution": 1,
    "PixelBandwidth": 2232,
    "ProcedureStepDescription": "Projekte_fMRI_12ch_localizer",
    "ProtocolName": "ep2d_267",
    "PulseSequenceDetails": "%SiemensSeq%_ep2d_bold",
    "ReceiveCoilName": "HeadMatrix",
    "ReconMatrixPE": 64,
    "RepetitionTime": 2,
    "SAR": 0.120703,
    "ScanOptions": "FS",
    "ScanningSequence": "EP",
    "SequenceName": "_epfid2d1_64",
    "SequenceVariant": "SK",
    "SeriesDescription": "ep2d_267",
    "SeriesNumber": 4,
    "ShimSetting": [
      -6820,
      -5495,
      -10889,
      306,
      522,
      2135,
      173,
      15
    ],
    "SliceThickness": 3,
    "SliceTiming": [
      0,
      1.0325,
      0.055,
      1.085,
      0.11,
      1.14,
      0.1625,
      1.195,
      0.2175,
      1.2475,
      0.2725,
      1.3025,
      0.325,
      1.3575,
      0.38,
      1.4125,
      0.435,
      1.465,
      0.49,
      1.52,
      0.5425,
      1.575,
      0.5975,
      1.6275,
      0.6525,
      1.6825,
      0.705,
      1.7375,
      0.76,
      1.79,
      0.815,
      1.845,
      0.8675,
      1.9,
      0.9225,
      1.955,
      0.9775
    ],
    "SoftwareVersions": "syngo_MR_B17",
    "SpacingBetweenSlices": 3.3,
    "StationName": "MRC35370",
    "TaskName": "silentreading",
    "TotalReadoutTime": 0.0166951,
    "TxRefAmp": 287.74,
    "dataset": "ds002727",
    "modality": "bold",
    "run_id": 1,
    "subject_id": "17",
    "task_id": "silentreading"
  },
  "dummy_trs": 2,
  "dvars_nstd": 34.05198902041667,
  "dvars_std": 1.10064972439394,
  "dvars_vstd": 1.0020261808333337,
  "efc": 0.5994738788667551,
  "fber": 734.7988891601562,
  "fd_mean": 0.19825994298811514,
  "fd_num": 134,
  "fd_perc": 50.56603773584906,
  "fwhm_avg": 1.7713794022929623,
  "fwhm_x": 1.6957233333333335,
  "fwhm_y": 1.8840633333333334,
  "fwhm_z": 1.7343515402122198,
  "gcor": 0.00878437,
  "gsr_x": -0.0024932757951319218,
  "gsr_y": 0.04349900037050247,
  "provenance": {
    "md5sum": "28114b72db1b9d4bae3d9cba683c7ac1",
    "settings": {
      "fd_thres": 0.2,
      "testing": false
    },
    "software": "mriqc",
    "version": "22.0.6",
    "webapi_port": null,
    "webapi_url": "https://mriqc.nimh.nih.gov/api/v1"
  },
  "size_t": 265,
  "size_x": 64,
  "size_y": 64,
  "size_z": 37,
  "snr": 5.458953437595875,
  "spacing_tr": 2.0,
  "spacing_x": 3.0,
  "spacing_y": 3.0,
  "spacing_z": 3.299999952316284,
  "summary_bg_k": 53.47144579719387,
  "summary_bg_mad": 9.432704832031172,
  "summary_bg_mean": 54.92369079589844,
  "summary_bg_median": 31.373584747314453,
  "summary_bg_n": 77041.0,
  "summary_bg_p05": 23.55094337463379,
  "summary_bg_p95": 164.35472106933594,
  "summary_bg_stdv": 74.57411193847656,
  "summary_fg_k": 2.4810752468313577,
  "summary_fg_mad": 133.2803199613679,
  "summary_fg_mean": 883.5286865234375,
  "summary_fg_median": 864.0546875,
  "summary_fg_n": 39118.0,
  "summary_fg_p05": 681.3583404541016,
  "summary_fg_p95": 1172.8775512695313,
  "summary_fg_stdv": 158.28009033203125,
  "tsnr": 47.61020630411804
}