{
  "bids_meta": {
    "AcquisitionMatrixPE": 256,
    "AcquisitionNumber": 1,
    "AcquisitionTime": "14:43:39.260000",
    "BaseResolution": 256,
    "CoilString": "T:HEA;HEP",
    "ConversionSoftware": "dcm2niix",
    "ConversionSoftwareVersion": "v1.0.20181125  (JP2:OpenJPEG) (JP-LS:CharLS) Clang10.0.0",
    "DeviceSerialNumber": "35370",
    "DwellTime": 1.15e-05,
    "EchoTime": 0.00252,
    "FlipAngle": 9,
    "ImageOrientationPatientDICOM": [
      -0.0174358,
      0.998896,
      0.0436194,
      -0.000761281,
      0.0436127,
      -0.999048
    ],
    "ImageType": [
      "ORIGINAL",
      "PRIMARY",
      "M",
      "ND",
      "NORM"
    ],
    "ImagingFrequency": 123.243,
    "InPlanePhaseEncodingDirectionDICOM": "ROW",
    "InstitutionAddress": "Habelschwerdter_Allee_45_Berlin_District_DE_14195",
    "InstitutionName": "Freie_Universitaet",
    "InstitutionalDepartmentName": "Department",
    "InversionTime": 0.9,
    "MRAcquisitionType": "3D",
    "MagneticFieldStrength": 3,
    "Manufacturer": "Siemens",
    "ManufacturersModelName": "TrioTim",
    "Modality": "MR",
    "PartialFourier": 1,
    "PatientPosition": "HFS",
    "PercentPhaseFOV": 100,
    "PhaseEncodingSteps": 255,
    "PhaseResolution": 1,
    "PixelBandwidth": 170,
    "ProcedureStepDescription": "Projekte_fMRI_12ch_localizer",
    "ProtocolName": "t1_mpr_1x1x1_176",
    "PulseSequenceDetails": "%SiemensSeq%_tfl",
    "ReceiveCoilName": "HeadMatrix",
    "ReconMatrixPE": 256,
    "RepetitionTime": 1.9,
    "SAR": 0.121364,
    "ScanOptions": "IR",
    "ScanningSequence": "GR_IR",
    "SequenceName": "_tfl3d1_ns",
    "SequenceVariant": "SP_MP",
    "SeriesDescription": "t1_mpr_1x1x1_176",
    "SeriesNumber": 7,
    "ShimSetting": [
      -6767,
      -5619,
      -11064,
      -175,
      642,
      1047,
      502,
      52
    ],
    "SliceThickness": 1,
    "SoftwareVersions": "syngo_MR_B17",
    "StationName": "MRC35370",
    "TxRefAmp": 291.931,
    "dataset": "ds002727",
    "modality": "T1w",
    "subject_id": "23"
  },
  "cjv": 0.3844267541739956,
  "cnr": 3.595775590715383,
  "efc": 0.5642040726359742,
  "fber": 19077.77035350137,
  "fwhm_avg": 4.308473333333334,
  "fwhm_x": 4.25771,
  "fwhm_y": 4.32767,
  "fwhm_z": 4.34004,
  "icvs_csf": 0.193018581792138,
  "icvs_gm": 0.43459698646775474,
  "icvs_wm": 0.37238443174010727,
  "inu_med": 0.46364477276802063,
  "inu_range": 0.18569971323013307,
  "provenance": {
    "md5sum": "f324dc1e4a73bb1c5f885f16be89b3c7",
    "settings": {
      "testing": false
    },
    "software": "mriqc",
    "version": "22.0.6",
    "warnings": {
      "large_rot_frame": true,
      "small_air_mask": false
    },
    "webapi_port": null,
    "webapi_url": "https://mriqc.nimh.nih.gov/api/v1"
  },
  "qi_1": 0.0,
  "qi_2": 0.003492067601343698,
  "rpve_csf": 26.605838992396542,
  "rpve_gm": 12.583945359457752,
  "rpve_wm": 16.775195842341788,
  "size_x": 176,
  "size_y": 256,
  "size_z": 256,
  "snr_csf": 2.9781598227380965,
  "snr_gm": 13.255839156727426,
  "snr_total": 13.63314030197395,
  "snr_wm": 24.66542192645633,
  "snrd_csf": 28.19621089918771,
  "snrd_gm": 66.89546911167145,
  "snrd_total": 61.48280853687516,
  "snrd_wm": 89.35674559976633,
  "spacing_x": 1.0,
  "spacing_y": 1.0,
  "spacing_z": 1.0,
  "summary_bg_k": 8.411210708169856,
  "summary_bg_mad": 0.0,
  "summary_bg_mean": 4.767389089029178,
  "summary_bg_median": 0.0,
  "summary_bg_n": 2127688.0,
  "summary_bg_p05": 0.0,
  "summary_bg_p95": 19.609291177242994,
  "summary_bg_stdv": 7.331965638732895,
  "summary_csf_k": 1.9219485975126007,
  "summary_csf_mad": 76.26813671104517,
  "summary_csf_mean": 325.9997861646529,
  "summary_csf_median": 315.5581791140139,
  "summary_csf_n": 34439.0,
  "summary_csf_p05": 158.11883622147144,
  "summary_csf_p95": 522.3420321214942,
  "summary_csf_stdv": 105.95589775408203,
  "summary_gm_k": 0.0023711307694225248,
  "summary_gm_mad": 56.66728032730205,
  "summary_gm_mean": 747.1211418857911,
  "summary_gm_median": 748.6613183356822,
  "summary_gm_n": 29091.0,
  "summary_gm_p05": 651.9443059191108,
  "summary_gm_p95": 837.9002112355083,
  "summary_gm_stdv": 56.476881002962244,
  "summary_wm_k": 0.23162800253413085,
  "summary_wm_mad": 39.968226704280674,
  "summary_wm_mean": 1000.8786433570768,
  "summary_wm_median": 1000.0369210541248,
  "summary_wm_n": 219322.0,
  "summary_wm_p05": 935.9651316143572,
  "summary_wm_p95": 1068.3924727849662,
  "summary_wm_stdv": 40.54399086283834,
  "tpm_overlap_csf": 0.16071508986548838,
  "tpm_overlap_gm": 0.46728043079373943,
  "tpm_overlap_wm": 0.5238826872563127,
  "wm2max": 0.5210113758158518
}