{
  "aor": 0.0004795488721804512,
  "aqi": 0.007183436203007519,
  "bids_meta": {
    "AcquisitionMatrixPE": 64,
    "AcquisitionNumber": 1,
    "AcquisitionTime": "16:40:27.657500",
    "BandwidthPerPixelPhaseEncode": 58.962,
    "BaseResolution": 64,
    "CoilString": "t:HEA;HEP",
    "ConversionSoftware": "dcm2niix",
    "ConversionSoftwareVersion": "v1.0.20181125  (JP2:OpenJPEG) (JP-LS:CharLS) Clang10.0.0",
    "DerivedVendorReportedEchoSpacing": 0.000530002,
    "DeviceSerialNumber": "35370",
    "DwellTime": 3.5e-06,
    "EchoTime": 0.03,
    "EffectiveEchoSpacing": 0.000265001,
    "FlipAngle": 70,
    "ImageOrientationPatientDICOM": [
      0.999311,
      -0.0187855,
      -0.0320125,
      0.0122095,
      0.980838,
      -0.19444
    ],
    "ImageType": [
      "ORIGINAL",
      "PRIMARY",
      "M",
      "ND",
      "MOSAIC"
    ],
    "ImagingFrequency": 123.243,
    "InPlanePhaseEncodingDirectionDICOM": "COL",
    "InstitutionAddress": "Habelschwerdter_Allee_45_Berlin_District_DE_14195",
    "InstitutionName": "Freie_Universitaet",
    "InstitutionalDepartmentName": "Department",
    "MRAcquisitionType": "2D",
    "MagneticFieldStrength": 3,
    "Manufacturer": "Siemens",
    "ManufacturersModelName": "TrioTim",
    "Modality": "MR",
    "ParallelReductionFactorInPlane": 2,
    "PartialFourier": 1,
    "PatientPosition": "HFS",
    "PercentPhaseFOV": 100,
    "PhaseEncodingDirection": "j-",
    "PhaseEncodingSteps": 63,
    "PhaseResolution": 1,
    "PixelBandwidth": 2232,
    "ProcedureStepDescription": "Projekte_fMRI_12ch_localizer",
    "ProtocolName": "ep2d_267",
    "PulseSequenceDetails": "%SiemensSeq%_ep2d_bold",
    "ReceiveCoilName": "HeadMatrix",
    "ReconMatrixPE": 64,
    "RepetitionTime": 2,
    "SAR": 0.110815,
    "ScanOptions": "FS",
    "ScanningSequence": "EP",
    "SequenceName": "_epfid2d1_64",
    "SequenceVariant": "SK",
    "SeriesDescription": "ep2d_267",
    "SeriesNumber": 6,
    "ShimSetting": [
      -6838,
      -5506,
      -10746,
      304,
      561,
      1780,
      -94,
      70
    ],
    "SliceThickness": 3,
    "SliceTiming": [
      0,
      1.0325,
      0.055,
      1.085,
      0.11,
      1.14,
      0.1625,
      1.195,
      0.2175,
      1.2475,
      0.2725,
      1.3025,
      0.3275,
      1.3575,
      0.38,
      1.4125,
      0.435,
      1.465,
      0.49,
      1.52,
      0.5425,
      1.575,
      0.5975,
      1.6275,
      0.6525,
      1.6825,
      0.705,
      1.7375,
      0.76,
      1.79,
      0.815,
      1.845,
      0.87,
      1.9,
      0.9225,
      1.955,
      0.9775
    ],
    "SoftwareVersions": "syngo_MR_B17",
    "SpacingBetweenSlices": 3.3,
    "StationName": "MRC35370",
    "TaskName": "silentreading",
    "TotalReadoutTime": 0.0166951,
    "TxRefAmp": 293.367,
    "dataset": "ds002727",
    "modality": "bold",
    "run_id": 3,
    "subject_id": "20",
    "task_id": "silentreading"
  },
  "dummy_trs": 1,
  "dvars_nstd": 29.587691663396235,
  "dvars_std": 1.0830495190188674,
  "dvars_vstd": 1.0076814087924535,
  "efc": 0.5427327474059295,
  "fber": 894.5167846679688,
  "fd_mean": 0.11841394988933805,
  "fd_num": 18,
  "fd_perc": 6.7669172932330826,
  "fwhm_avg": 1.8602945545154004,
  "fwhm_x": 1.7550366666666666,
  "fwhm_y": 1.94465,
  "fwhm_z": 1.8811969968795343,
  "gcor": 0.00755858,
  "gsr_x": -0.0013055397430434823,
  "gsr_y": 0.02833998017013073,
  "provenance": {
    "md5sum": "ff7fb218b533b35c6a9f72fe43f6797d",
    "settings": {
      "fd_thres": 0.2,
      "testing": false
    },
    "software": "mriqc",
    "version": "22.0.6",
    "webapi_port": null,
    "webapi_url": "https://mriqc.nimh.nih.gov/api/v1"
  },
  "size_t": 266,
  "size_x": 64,
  "size_y": 64,
  "size_z": 37,
  "snr": 5.0891727392717785,
  "spacing_tr": 2.0,
  "spacing_x": 3.0,
  "spacing_y": 3.0,
  "spacing_z": 3.299999952316284,
  "summary_bg_k": 72.90067347608888,
  "summary_bg_mad": 8.32709601173433,
  "summary_bg_mean": 50.652313232421875,
  "summary_bg_median": 29.40225601196289,
  "summary_bg_n": 88015.0,
  "summary_bg_p05": 22.11654281616211,
  "summary_bg_p95": 147.76053009033205,
  "summary_bg_stdv": 73.97115325927734,
  "summary_fg_k": 1.7915560653986686,
  "summary_fg_mad": 145.41202209302455,
  "summary_fg_mean": 908.3320922851562,
  "summary_fg_median": 888.3233032226562,
  "summary_fg_n": 30519.0,
  "summary_fg_p05": 666.6988708496094,
  "summary_fg_p95": 1231.1687866210937,
  "summary_fg_stdv": 174.5487518310547,
  "tsnr": 51.261107821483165
}