{
  "aor": 0.0005957894736842106,
  "aqi": 0.008525057593984963,
  "bids_meta": {
    "AcquisitionMatrixPE": 64,
    "AcquisitionNumber": 1,
    "AcquisitionTime": "16:29:3.330000",
    "BandwidthPerPixelPhaseEncode": 58.962,
    "BaseResolution": 64,
    "CoilString": "t:HEA;HEP",
    "ConversionSoftware": "dcm2niix",
    "ConversionSoftwareVersion": "v1.0.20181125  (JP2:OpenJPEG) (JP-LS:CharLS) Clang10.0.0",
    "DerivedVendorReportedEchoSpacing": 0.000530002,
    "DeviceSerialNumber": "35370",
    "DwellTime": 3.5e-06,
    "EchoTime": 0.03,
    "EffectiveEchoSpacing": 0.000265001,
    "FlipAngle": 70,
    "ImageOrientationPatientDICOM": [
      0.999311,
      -0.0187855,
      -0.0320125,
      0.0122095,
      0.980838,
      -0.19444
    ],
    "ImageType": [
      "ORIGINAL",
      "PRIMARY",
      "M",
      "ND",
      "MOSAIC"
    ],
    "ImagingFrequency": 123.243,
    "InPlanePhaseEncodingDirectionDICOM": "COL",
    "InstitutionAddress": "Habelschwerdter_Allee_45_Berlin_District_DE_14195",
    "InstitutionName": "Freie_Universitaet",
    "InstitutionalDepartmentName": "Department",
    "MRAcquisitionType": "2D",
    "MagneticFieldStrength": 3,
    "Manufacturer": "Siemens",
    "ManufacturersModelName": "TrioTim",
    "Modality": "MR",
    "ParallelReductionFactorInPlane": 2,
    "PartialFourier": 1,
    "PatientPosition": "HFS",
    "PercentPhaseFOV": 100,
    "PhaseEncodingDirection": "j-",
    "PhaseEncodingSteps": 63,
    "PhaseResolution": 1,
    "PixelBandwidth": 2232,
    "ProcedureStepDescription": "Projekte_fMRI_12ch_localizer",
    "ProtocolName": "ep2d_267",
    "PulseSequenceDetails": "%SiemensSeq%_ep2d_bold",
    "ReceiveCoilName": "HeadMatrix",
    "ReconMatrixPE": 64,
    "RepetitionTime": 2,
    "SAR": 0.110815,
    "ScanOptions": "FS",
    "ScanningSequence": "EP",
    "SequenceName": "_epfid2d1_64",
    "SequenceVariant": "SK",
    "SeriesDescription": "ep2d_267",
    "SeriesNumber": 5,
    "ShimSetting": [
      -6838,
      -5506,
      -10746,
      304,
      561,
      1780,
      -94,
      70
    ],
    "SliceThickness": 3,
    "SliceTiming": [
      0,
      1.0325,
      0.055,
      1.085,
      0.11,
      1.14,
      0.165,
      1.195,
      0.2175,
      1.25,
      0.2725,
      1.3025,
      0.3275,
      1.3575,
      0.38,
      1.4125,
      0.435,
      1.465,
      0.49,
      1.52,
      0.5425,
      1.575,
      0.5975,
      1.63,
      0.6525,
      1.6825,
      0.7075,
      1.7375,
      0.76,
      1.7925,
      0.815,
      1.845,
      0.87,
      1.9,
      0.9225,
      1.955,
      0.9775
    ],
    "SoftwareVersions": "syngo_MR_B17",
    "SpacingBetweenSlices": 3.3,
    "StationName": "MRC35370",
    "TaskName": "silentreading",
    "TotalReadoutTime": 0.0166951,
    "TxRefAmp": 293.367,
    "dataset": "ds002727",
    "modality": "bold",
    "run_id": 2,
    "subject_id": "20",
    "task_id": "silentreading"
  },
  "dummy_trs": 1,
  "dvars_nstd": 29.82570107656604,
  "dvars_std": 1.0715993807169806,
  "dvars_vstd": 1.0058879125283025,
  "efc": 0.5413991160802437,
  "fber": 902.5253295898438,
  "fd_mean": 0.13712041428395894,
  "fd_num": 26,
  "fd_perc": 9.774436090225564,
  "fwhm_avg": 1.8768223324010684,
  "fwhm_x": 1.7793599999999998,
  "fwhm_y": 1.94751,
  "fwhm_z": 1.9035969972032054,
  "gcor": 0.00995403,
  "gsr_x": -0.0008411188027821481,
  "gsr_y": 0.028234120458364487,
  "provenance": {
    "md5sum": "938d17bbd7c6ed70c09c2564bcc2c957",
    "settings": {
      "fd_thres": 0.2,
      "testing": false
    },
    "software": "mriqc",
    "version": "22.0.6",
    "webapi_port": null,
    "webapi_url": "https://mriqc.nimh.nih.gov/api/v1"
  },
  "size_t": 266,
  "size_x": 64,
  "size_y": 64,
  "size_z": 37,
  "snr": 5.075355063467707,
  "spacing_tr": 2.0,
  "spacing_x": 3.0,
  "spacing_y": 3.0,
  "spacing_z": 3.299999952316284,
  "summary_bg_k": 76.43169805599976,
  "summary_bg_mad": 8.215622585957865,
  "summary_bg_mean": 50.117042541503906,
  "summary_bg_median": 29.218046188354492,
  "summary_bg_n": 88074.0,
  "summary_bg_p05": 21.962406158447266,
  "summary_bg_p95": 145.73064346313473,
  "summary_bg_stdv": 73.3170394897461,
  "summary_fg_k": 1.726900952987343,
  "summary_fg_mad": 146.16454406867717,
  "summary_fg_mean": 908.3479614257812,
  "summary_fg_median": 888.1578979492188,
  "summary_fg_n": 30427.0,
  "summary_fg_p05": 665.4120300292968,
  "summary_fg_p95": 1232.792102050781,
  "summary_fg_stdv": 174.99136352539062,
  "tsnr": 48.75484206620604
}