{
  "aor": 0.0006851685393258427,
  "aqi": 0.008138078689138578,
  "bids_meta": {
    "AcquisitionMatrixPE": 64,
    "AcquisitionNumber": 1,
    "AcquisitionTime": "16:18:18.932500",
    "BandwidthPerPixelPhaseEncode": 58.962,
    "BaseResolution": 64,
    "CoilString": "t:HEA;HEP",
    "ConversionSoftware": "dcm2niix",
    "ConversionSoftwareVersion": "v1.0.20181125  (JP2:OpenJPEG) (JP-LS:CharLS) Clang10.0.0",
    "DerivedVendorReportedEchoSpacing": 0.000530002,
    "DeviceSerialNumber": "35370",
    "DwellTime": 3.5e-06,
    "EchoTime": 0.03,
    "EffectiveEchoSpacing": 0.000265001,
    "FlipAngle": 70,
    "ImageOrientationPatientDICOM": [
      0.999311,
      -0.0187855,
      -0.0320125,
      0.0122095,
      0.980838,
      -0.19444
    ],
    "ImageType": [
      "ORIGINAL",
      "PRIMARY",
      "M",
      "ND",
      "MOSAIC"
    ],
    "ImagingFrequency": 123.243,
    "InPlanePhaseEncodingDirectionDICOM": "COL",
    "InstitutionAddress": "Habelschwerdter_Allee_45_Berlin_District_DE_14195",
    "InstitutionName": "Freie_Universitaet",
    "InstitutionalDepartmentName": "Department",
    "MRAcquisitionType": "2D",
    "MagneticFieldStrength": 3,
    "Manufacturer": "Siemens",
    "ManufacturersModelName": "TrioTim",
    "Modality": "MR",
    "ParallelReductionFactorInPlane": 2,
    "PartialFourier": 1,
    "PatientPosition": "HFS",
    "PercentPhaseFOV": 100,
    "PhaseEncodingDirection": "j-",
    "PhaseEncodingSteps": 63,
    "PhaseResolution": 1,
    "PixelBandwidth": 2232,
    "ProcedureStepDescription": "Projekte_fMRI_12ch_localizer",
    "ProtocolName": "ep2d_267",
    "PulseSequenceDetails": "%SiemensSeq%_ep2d_bold",
    "ReceiveCoilName": "HeadMatrix",
    "ReconMatrixPE": 64,
    "RepetitionTime": 2,
    "SAR": 0.110815,
    "ScanOptions": "FS",
    "ScanningSequence": "EP",
    "SequenceName": "_epfid2d1_64",
    "SequenceVariant": "SK",
    "SeriesDescription": "ep2d_267",
    "SeriesNumber": 4,
    "ShimSetting": [
      -6838,
      -5506,
      -10746,
      304,
      561,
      1780,
      -94,
      70
    ],
    "SliceThickness": 3,
    "SliceTiming": [
      0,
      1.03,
      0.055,
      1.085,
      0.1075,
      1.14,
      0.1625,
      1.1925,
      0.2175,
      1.2475,
      0.27,
      1.3025,
      0.325,
      1.355,
      0.38,
      1.41,
      0.435,
      1.465,
      0.4875,
      1.52,
      0.5425,
      1.5725,
      0.5975,
      1.6275,
      0.65,
      1.6825,
      0.705,
      1.735,
      0.76,
      1.79,
      0.8125,
      1.845,
      0.8675,
      1.8975,
      0.9225,
      1.9525,
      0.9775
    ],
    "SoftwareVersions": "syngo_MR_B17",
    "SpacingBetweenSlices": 3.3,
    "StationName": "MRC35370",
    "TaskName": "silentreading",
    "TotalReadoutTime": 0.0166951,
    "TxRefAmp": 293.367,
    "dataset": "ds002727",
    "modality": "bold",
    "run_id": 1,
    "subject_id": "20",
    "task_id": "silentreading"
  },
  "dummy_trs": 0,
  "dvars_nstd": 30.634264013984968,
  "dvars_std": 1.0738828043984965,
  "dvars_vstd": 1.0007950713157894,
  "efc": 0.5413828183031726,
  "fber": 906.6141967773438,
  "fd_mean": 0.1644945600443539,
  "fd_num": 64,
  "fd_perc": 23.970037453183522,
  "fwhm_avg": 1.8715927364598774,
  "fwhm_x": 1.7673566666666665,
  "fwhm_y": 1.9400033333333333,
  "fwhm_z": 1.9074182093796328,
  "gcor": 0.00721755,
  "gsr_x": -0.0011744687799364328,
  "gsr_y": 0.028099216520786285,
  "provenance": {
    "md5sum": "dbf679de1917fec300cdb2f7df6a6522",
    "settings": {
      "fd_thres": 0.2,
      "testing": false
    },
    "software": "mriqc",
    "version": "22.0.6",
    "webapi_port": null,
    "webapi_url": "https://mriqc.nimh.nih.gov/api/v1"
  },
  "size_t": 267,
  "size_x": 64,
  "size_y": 64,
  "size_z": 37,
  "snr": 5.056852973943419,
  "spacing_tr": 2.0,
  "spacing_x": 3.0,
  "spacing_y": 3.0,
  "spacing_z": 3.299999952316284,
  "summary_bg_k": 76.88291848001194,
  "summary_bg_mad": 8.273697921959165,
  "summary_bg_mean": 49.879737854003906,
  "summary_bg_median": 29.202247619628906,
  "summary_bg_n": 88123.0,
  "summary_bg_p05": 21.880149841308594,
  "summary_bg_p95": 143.55581207275378,
  "summary_bg_stdv": 72.66943359375,
  "summary_fg_k": 1.7369833311378207,
  "summary_fg_mad": 146.39724131018642,
  "summary_fg_mean": 908.918701171875,
  "summary_fg_median": 889.4326171875,
  "summary_fg_n": 30422.0,
  "summary_fg_p05": 663.9183532714844,
  "summary_fg_p95": 1231.700439453125,
  "summary_fg_stdv": 175.88369750976562,
  "tsnr": 49.06033670925535
}