{
  "aor": 0.0003224436090225564,
  "aqi": 0.0066823849248120295,
  "bids_meta": {
    "AcquisitionMatrixPE": 64,
    "AcquisitionNumber": 1,
    "AcquisitionTime": "17:07:28.585000",
    "BandwidthPerPixelPhaseEncode": 58.962,
    "BaseResolution": 64,
    "CoilString": "t:HEA;HEP",
    "ConversionSoftware": "dcm2niix",
    "ConversionSoftwareVersion": "v1.0.20181125  (JP2:OpenJPEG) (JP-LS:CharLS) Clang10.0.0",
    "DerivedVendorReportedEchoSpacing": 0.000530002,
    "DeviceSerialNumber": "35370",
    "DwellTime": 3.5e-06,
    "EchoTime": 0.03,
    "EffectiveEchoSpacing": 0.000265001,
    "FlipAngle": 70,
    "ImageOrientationPatientDICOM": [
      0.999995,
      0.00324171,
      0.000406877,
      -0.0031416,
      0.988273,
      -0.152666
    ],
    "ImageType": [
      "ORIGINAL",
      "PRIMARY",
      "M",
      "ND",
      "MOSAIC"
    ],
    "ImagingFrequency": 123.243,
    "InPlanePhaseEncodingDirectionDICOM": "COL",
    "InstitutionAddress": "Habelschwerdter_Allee_45_Berlin_District_DE_14195",
    "InstitutionName": "Freie_Universitaet",
    "InstitutionalDepartmentName": "Department",
    "MRAcquisitionType": "2D",
    "MagneticFieldStrength": 3,
    "Manufacturer": "Siemens",
    "ManufacturersModelName": "TrioTim",
    "Modality": "MR",
    "ParallelReductionFactorInPlane": 2,
    "PartialFourier": 1,
    "PatientPosition": "HFS",
    "PercentPhaseFOV": 100,
    "PhaseEncodingDirection": "j-",
    "PhaseEncodingSteps": 63,
    "PhaseResolution": 1,
    "PixelBandwidth": 2232,
    "ProcedureStepDescription": "Projekte_fMRI_12ch_localizer",
    "ProtocolName": "ep2d_267",
    "PulseSequenceDetails": "%SiemensSeq%_ep2d_bold",
    "ReceiveCoilName": "HeadMatrix",
    "ReconMatrixPE": 64,
    "RepetitionTime": 2,
    "SAR": 0.127089,
    "ScanOptions": "FS",
    "ScanningSequence": "EP",
    "SequenceName": "_epfid2d1_64",
    "SequenceVariant": "SK",
    "SeriesDescription": "ep2d_267",
    "SeriesNumber": 6,
    "ShimSetting": [
      -6837,
      -5779,
      -10886,
      315,
      599,
      1825,
      508,
      115
    ],
    "SliceThickness": 3,
    "SliceTiming": [
      0,
      1.03,
      0.055,
      1.085,
      0.1075,
      1.14,
      0.1625,
      1.1925,
      0.2175,
      1.2475,
      0.2725,
      1.3025,
      0.325,
      1.3575,
      0.38,
      1.41,
      0.435,
      1.465,
      0.4875,
      1.52,
      0.5425,
      1.5725,
      0.5975,
      1.6275,
      0.65,
      1.6825,
      0.705,
      1.7375,
      0.76,
      1.79,
      0.815,
      1.845,
      0.8675,
      1.9,
      0.9225,
      1.9525,
      0.9775
    ],
    "SoftwareVersions": "syngo_MR_B17",
    "SpacingBetweenSlices": 3.3,
    "StationName": "MRC35370",
    "TaskName": "silentreading",
    "TotalReadoutTime": 0.0166951,
    "TxRefAmp": 294.903,
    "dataset": "ds002727",
    "modality": "bold",
    "run_id": 3,
    "subject_id": "06",
    "task_id": "silentreading"
  },
  "dummy_trs": 1,
  "dvars_nstd": 27.816964649660385,
  "dvars_std": 1.0444637949433961,
  "dvars_vstd": 1.0061790729056599,
  "efc": 0.5786860642125686,
  "fber": 860.5828857421875,
  "fd_mean": 0.04087035507333966,
  "fd_num": 1,
  "fd_perc": 0.37593984962406013,
  "fwhm_avg": 1.848928651484365,
  "fwhm_x": 1.7414066666666665,
  "fwhm_y": 1.9687733333333333,
  "fwhm_z": 1.8366059544530955,
  "gcor": 0.00811788,
  "gsr_x": -0.013174477964639664,
  "gsr_y": 0.047397833317518234,
  "provenance": {
    "md5sum": "dd999419044a8c5d456390ebf54dc592",
    "settings": {
      "fd_thres": 0.2,
      "testing": false
    },
    "software": "mriqc",
    "version": "22.0.6",
    "webapi_port": null,
    "webapi_url": "https://mriqc.nimh.nih.gov/api/v1"
  },
  "size_t": 266,
  "size_x": 64,
  "size_y": 64,
  "size_z": 37,
  "snr": 5.038556095217968,
  "spacing_tr": 2.0,
  "spacing_x": 3.0,
  "spacing_y": 3.0,
  "spacing_z": 3.3000001907348633,
  "summary_bg_k": 69.75953302559178,
  "summary_bg_mad": 6.772036066474026,
  "summary_bg_mean": 49.44483947753906,
  "summary_bg_median": 29.037593841552734,
  "summary_bg_n": 80298.0,
  "summary_bg_p05": 23.033270549774173,
  "summary_bg_p95": 145.39023437499975,
  "summary_bg_stdv": 66.84432983398438,
  "summary_fg_k": 1.1144227626515057,
  "summary_fg_mad": 161.52839866863116,
  "summary_fg_mean": 881.0820922851562,
  "summary_fg_median": 864.4473876953125,
  "summary_fg_n": 36856.0,
  "summary_fg_p05": 646.0094299316406,
  "summary_fg_p95": 1193.5188598632812,
  "summary_fg_stdv": 171.5641632080078,
  "tsnr": 51.18248483748175
}