{
  "bids_meta": {
    "AcquisitionMatrixPE": 256,
    "AcquisitionNumber": 1,
    "AcquisitionTime": "11:42:2.280000",
    "BaseResolution": 256,
    "CoilString": "T:HEA;HEP",
    "ConversionSoftware": "dcm2niix",
    "ConversionSoftwareVersion": "v1.0.20181125  (JP2:OpenJPEG) (JP-LS:CharLS) Clang10.0.0",
    "DeviceSerialNumber": "35370",
    "DwellTime": 1.15e-05,
    "EchoTime": 0.00252,
    "FlipAngle": 9,
    "ImageComments": "Pilot",
    "ImageOrientationPatientDICOM": [
      -0.111587,
      0.99373,
      -0.00698023,
      -0.0165651,
      -0.00888314,
      -0.999823
    ],
    "ImageType": [
      "ORIGINAL",
      "PRIMARY",
      "M",
      "ND",
      "NORM"
    ],
    "ImagingFrequency": 123.243,
    "InPlanePhaseEncodingDirectionDICOM": "ROW",
    "InstitutionAddress": "Habelschwerdter_Allee_45_Berlin_District_DE_14195",
    "InstitutionName": "Freie_Universitaet",
    "InstitutionalDepartmentName": "Department",
    "InversionTime": 0.9,
    "MRAcquisitionType": "3D",
    "MagneticFieldStrength": 3,
    "Manufacturer": "Siemens",
    "ManufacturersModelName": "TrioTim",
    "Modality": "MR",
    "PartialFourier": 1,
    "PatientPosition": "HFS",
    "PercentPhaseFOV": 100,
    "PhaseEncodingSteps": 255,
    "PhaseResolution": 1,
    "PixelBandwidth": 170,
    "ProcedureStepDescription": "Projekte_fMRI_12ch_localizer",
    "ProtocolName": "t1_mpr_1x1x1_176",
    "PulseSequenceDetails": "%SiemensSeq%_tfl",
    "ReceiveCoilName": "HeadMatrix",
    "ReconMatrixPE": 256,
    "RepetitionTime": 1.9,
    "SAR": 0.113303,
    "ScanOptions": "IR",
    "ScanningSequence": "GR_IR",
    "SequenceName": "_tfl3d1_ns",
    "SequenceVariant": "SP_MP",
    "SeriesDescription": "t1_mpr_1x1x1_176",
    "SeriesNumber": 7,
    "ShimSetting": [
      -6871,
      -5863,
      -11011,
      -241,
      560,
      843,
      383,
      13
    ],
    "SliceThickness": 1,
    "SoftwareVersions": "syngo_MR_B17",
    "StationName": "MRC35370",
    "TxRefAmp": 301.253,
    "dataset": "ds002727",
    "modality": "T1w",
    "subject_id": "01"
  },
  "cjv": 0.35152020341987655,
  "cnr": 3.8776705191041425,
  "efc": 0.5799050389424495,
  "fber": 16957.08037460978,
  "fwhm_avg": 4.1964266666666665,
  "fwhm_x": 4.08156,
  "fwhm_y": 4.24444,
  "fwhm_z": 4.26328,
  "icvs_csf": 0.1856482428982581,
  "icvs_gm": 0.4648981042572759,
  "icvs_wm": 0.349453652844466,
  "inu_med": 0.5044922530651093,
  "inu_range": 0.20469126254320147,
  "provenance": {
    "md5sum": "e32a297d324ddc041a759bce8a2dd01e",
    "settings": {
      "testing": false
    },
    "software": "mriqc",
    "version": "22.0.6",
    "warnings": {
      "large_rot_frame": true,
      "small_air_mask": false
    },
    "webapi_port": null,
    "webapi_url": "https://mriqc.nimh.nih.gov/api/v1"
  },
  "qi_1": 2.0576224060863722e-05,
  "qi_2": 0.006738265998309683,
  "rpve_csf": 29.553433186611553,
  "rpve_gm": 12.849371058539502,
  "rpve_wm": 18.641163049563215,
  "size_x": 176,
  "size_y": 256,
  "size_z": 256,
  "snr_csf": 2.8292751075514824,
  "snr_gm": 13.381280702065482,
  "snr_total": 13.039372850717816,
  "snr_wm": 22.907562742536488,
  "snrd_csf": 22.21345611955188,
  "snrd_gm": 52.35402897795304,
  "snrd_total": 48.8481788231794,
  "snrd_wm": 71.97705137203329,
  "spacing_x": 1.0,
  "spacing_y": 1.0,
  "spacing_z": 1.0,
  "summary_bg_k": 9.94469507127078,
  "summary_bg_mad": 0.0,
  "summary_bg_mean": 5.87148668064931,
  "summary_bg_median": 0.0,
  "summary_bg_n": 2459400.0,
  "summary_bg_p05": 0.0,
  "summary_bg_p95": 23.13703054189682,
  "summary_bg_stdv": 9.102326098095142,
  "summary_csf_k": 1.8396464460270883,
  "summary_csf_mad": 77.18177882485821,
  "summary_csf_mean": 308.1886332360418,
  "summary_csf_median": 308.6290448307991,
  "summary_csf_n": 26449.0,
  "summary_csf_p05": 84.83577865362167,
  "summary_csf_p95": 487.7719011902809,
  "summary_csf_stdv": 109.08207884552873,
  "summary_gm_k": 0.08616532768553675,
  "summary_gm_mad": 53.66114577166881,
  "summary_gm_mean": 726.9188199142217,
  "summary_gm_median": 727.3957672119141,
  "summary_gm_n": 38773.0,
  "summary_gm_p05": 635.8286010175943,
  "summary_gm_p95": 814.3084664434195,
  "summary_gm_stdv": 54.3585029835682,
  "summary_wm_k": 0.3588692035907295,
  "summary_wm_mad": 42.17665756446118,
  "summary_wm_mean": 1000.7847272060602,
  "summary_wm_median": 1000.033875644207,
  "summary_wm_n": 172335.0,
  "summary_wm_p05": 930.5213058143854,
  "summary_wm_p95": 1073.5040954351425,
  "summary_wm_stdv": 43.65505774033634,
  "tpm_overlap_csf": 0.1518945254912097,
  "tpm_overlap_gm": 0.4699497682599589,
  "tpm_overlap_wm": 0.4991096003143121,
  "wm2max": 0.5781464494588835
}