{
  "bids_meta": {
    "AcquisitionMatrixPE": 256,
    "AcquisitionNumber": 1,
    "AcquisitionTime": "16:50:10.265000",
    "BaseResolution": 256,
    "CoilString": "T:HEA;HEP",
    "ConversionSoftware": "dcm2niix",
    "ConversionSoftwareVersion": "v1.0.20181125  (JP2:OpenJPEG) (JP-LS:CharLS) Clang10.0.0",
    "DeviceSerialNumber": "35370",
    "DwellTime": 1.15e-05,
    "EchoTime": 0.00252,
    "FlipAngle": 9,
    "ImageOrientationPatientDICOM": [
      0.0174524,
      0.999848,
      0,
      0,
      0,
      -1
    ],
    "ImageType": [
      "ORIGINAL",
      "PRIMARY",
      "M",
      "ND",
      "NORM"
    ],
    "ImagingFrequency": 123.243,
    "InPlanePhaseEncodingDirectionDICOM": "ROW",
    "InstitutionAddress": "Habelschwerdter_Allee_45_Berlin_District_DE_14195",
    "InstitutionName": "Freie_Universitaet",
    "InstitutionalDepartmentName": "Department",
    "InversionTime": 0.9,
    "MRAcquisitionType": "3D",
    "MagneticFieldStrength": 3,
    "Manufacturer": "Siemens",
    "ManufacturersModelName": "TrioTim",
    "Modality": "MR",
    "PartialFourier": 1,
    "PatientPosition": "HFS",
    "PercentPhaseFOV": 100,
    "PhaseEncodingSteps": 255,
    "PhaseResolution": 1,
    "PixelBandwidth": 170,
    "ProcedureStepDescription": "Projekte_fMRI_12ch_localizer",
    "ProtocolName": "t1_mpr_1x1x1_176",
    "PulseSequenceDetails": "%SiemensSeq%_tfl",
    "ReceiveCoilName": "HeadMatrix",
    "ReconMatrixPE": 256,
    "RepetitionTime": 1.9,
    "SAR": 0.112478,
    "ScanOptions": "IR",
    "ScanningSequence": "GR_IR",
    "SequenceName": "_tfl3d1_ns",
    "SequenceVariant": "SP_MP",
    "SeriesDescription": "t1_mpr_1x1x1_176",
    "SeriesNumber": 7,
    "ShimSetting": [
      -6834,
      -5664,
      -10893,
      -176,
      570,
      620,
      104,
      84
    ],
    "SliceThickness": 1,
    "SoftwareVersions": "syngo_MR_B17",
    "StationName": "MRC35370",
    "TxRefAmp": 310.865,
    "dataset": "ds002727",
    "modality": "T1w",
    "subject_id": "13"
  },
  "cjv": 0.4063973719742206,
  "cnr": 3.424662602713663,
  "efc": 0.591780630618208,
  "fber": 15052.87066058322,
  "fwhm_avg": 4.277486666666666,
  "fwhm_x": 4.18909,
  "fwhm_y": 4.32585,
  "fwhm_z": 4.31752,
  "icvs_csf": 0.2004427483960805,
  "icvs_gm": 0.421166109071501,
  "icvs_wm": 0.3783911425324185,
  "inu_med": 0.47822147607803345,
  "inu_range": 0.18237946778535835,
  "provenance": {
    "md5sum": "13bd251a0722b13bb7abeb06ed0d96e2",
    "settings": {
      "testing": false
    },
    "software": "mriqc",
    "version": "22.0.6",
    "warnings": {
      "large_rot_frame": true,
      "small_air_mask": false
    },
    "webapi_port": null,
    "webapi_url": "https://mriqc.nimh.nih.gov/api/v1"
  },
  "qi_1": 0.00016642542367963792,
  "qi_2": 0.004161978542742289,
  "rpve_csf": 24.440483048496873,
  "rpve_gm": 12.192870431430578,
  "rpve_wm": 15.619231341176086,
  "size_x": 176,
  "size_y": 256,
  "size_z": 256,
  "snr_csf": 2.673311739947531,
  "snr_gm": 12.612900063480419,
  "snr_total": 12.52881240411751,
  "snr_wm": 22.30022540892458,
  "snrd_csf": 22.3434796413223,
  "snrd_gm": 55.392448096060484,
  "snrd_total": 50.71673265738952,
  "snrd_wm": 74.41427023478577,
  "spacing_x": 1.0,
  "spacing_y": 1.0,
  "spacing_z": 1.0,
  "summary_bg_k": 9.019350548550209,
  "summary_bg_mad": 0.0,
  "summary_bg_mean": 5.864151604785435,
  "summary_bg_median": 0.0,
  "summary_bg_n": 2262979.0,
  "summary_bg_p05": 0.0,
  "summary_bg_p95": 23.588189363479614,
  "summary_bg_stdv": 8.803908087244514,
  "summary_csf_k": 0.8662871273375155,
  "summary_csf_mad": 85.60830147910316,
  "summary_csf_mean": 303.9135747680486,
  "summary_csf_median": 300.2579937726259,
  "summary_csf_n": 37405.0,
  "summary_csf_p05": 95.25369524210691,
  "summary_csf_p95": 499.23419946581106,
  "summary_csf_stdv": 112.31536361859922,
  "summary_gm_k": -0.02677539075245816,
  "summary_gm_mad": 59.68295060564426,
  "summary_gm_mean": 742.9579685261049,
  "summary_gm_median": 744.3793716318905,
  "summary_gm_n": 32945.0,
  "summary_gm_p05": 643.3514842018485,
  "summary_gm_p95": 837.0121569447219,
  "summary_gm_stdv": 59.01640942967963,
  "summary_wm_k": 0.12522872560946086,
  "summary_wm_mad": 44.2005982104873,
  "summary_wm_mean": 1001.2078102308493,
  "summary_wm_median": 999.9999931715429,
  "summary_wm_n": 241725.0,
  "summary_wm_p05": 929.5630388222635,
  "summary_wm_p95": 1077.1120774969459,
  "summary_wm_stdv": 44.8425029956417,
  "tpm_overlap_csf": 0.16217261768911215,
  "tpm_overlap_gm": 0.46705262715510804,
  "tpm_overlap_wm": 0.5189809397398482,
  "wm2max": 0.44864775483207175
}