{
  "bids_meta": {
    "AcquisitionMatrixPE": 256,
    "AcquisitionNumber": 1,
    "AcquisitionTime": "10:25:11.832500",
    "BaseResolution": 256,
    "CoilString": "T:HEA;HEP",
    "ConversionSoftware": "dcm2niix",
    "ConversionSoftwareVersion": "v1.0.20181125  (JP2:OpenJPEG) (JP-LS:CharLS) Clang10.0.0",
    "DeviceSerialNumber": "35370",
    "DwellTime": 1.15e-05,
    "EchoTime": 0.00252,
    "FlipAngle": 9,
    "ImageOrientationPatientDICOM": [
      -0.0471307,
      0.998887,
      -0.00174517,
      -0.0138645,
      -0.00240111,
      -0.999901
    ],
    "ImageType": [
      "ORIGINAL",
      "PRIMARY",
      "M",
      "ND",
      "NORM"
    ],
    "ImagingFrequency": 123.243,
    "InPlanePhaseEncodingDirectionDICOM": "ROW",
    "InstitutionAddress": "Habelschwerdter_Allee_45_Berlin_District_DE_14195",
    "InstitutionName": "Freie_Universitaet",
    "InstitutionalDepartmentName": "Department",
    "InversionTime": 0.9,
    "MRAcquisitionType": "3D",
    "MagneticFieldStrength": 3,
    "Manufacturer": "Siemens",
    "ManufacturersModelName": "TrioTim",
    "Modality": "MR",
    "PartialFourier": 1,
    "PatientPosition": "HFS",
    "PercentPhaseFOV": 100,
    "PhaseEncodingSteps": 255,
    "PhaseResolution": 1,
    "PixelBandwidth": 170,
    "ProcedureStepDescription": "Projekte_fMRI_12ch_localizer",
    "ProtocolName": "t1_mpr_1x1x1_176",
    "PulseSequenceDetails": "%SiemensSeq%_tfl",
    "ReceiveCoilName": "HeadMatrix",
    "ReconMatrixPE": 256,
    "RepetitionTime": 1.9,
    "SAR": 0.125209,
    "ScanOptions": "IR",
    "ScanningSequence": "GR_IR",
    "SequenceName": "_tfl3d1_ns",
    "SequenceVariant": "SP_MP",
    "SeriesDescription": "t1_mpr_1x1x1_176",
    "SeriesNumber": 12,
    "ShimSetting": [
      -6841,
      -5704,
      -10880,
      -288,
      513,
      747,
      383,
      74
    ],
    "SliceThickness": 1,
    "SoftwareVersions": "syngo_MR_B17",
    "StationName": "MRC35370",
    "TxRefAmp": 337.577,
    "dataset": "ds002727",
    "modality": "T1w",
    "subject_id": "14"
  },
  "cjv": 0.39036462075834355,
  "cnr": 3.5526785093066438,
  "efc": 0.5924143275908101,
  "fber": 12338.082840236686,
  "fwhm_avg": 4.235496666666666,
  "fwhm_x": 4.12698,
  "fwhm_y": 4.27461,
  "fwhm_z": 4.3049,
  "icvs_csf": 0.189448938209086,
  "icvs_gm": 0.4304413838087721,
  "icvs_wm": 0.3801096779821419,
  "inu_med": 0.48259715735912323,
  "inu_range": 0.19319461733102794,
  "provenance": {
    "md5sum": "f4c606aa349ebbaf7540ed15e5bd3733",
    "settings": {
      "testing": false
    },
    "software": "mriqc",
    "version": "22.0.6",
    "warnings": {
      "large_rot_frame": true,
      "small_air_mask": false
    },
    "webapi_port": null,
    "webapi_url": "https://mriqc.nimh.nih.gov/api/v1"
  },
  "qi_1": 0.00023316628788238987,
  "qi_2": 0.006494900657562672,
  "rpve_csf": 24.33398699336921,
  "rpve_gm": 11.392549367583582,
  "rpve_wm": 14.661301297453148,
  "size_x": 176,
  "size_y": 256,
  "size_z": 256,
  "snr_csf": 3.0297505607817565,
  "snr_gm": 12.893935985570307,
  "snr_total": 12.699666673663232,
  "snr_wm": 22.175313474637637,
  "snrd_csf": 20.24027350181298,
  "snrd_gm": 47.83576575627418,
  "snrd_total": 44.28243352837951,
  "snrd_wm": 64.77126132705138,
  "spacing_x": 1.0,
  "spacing_y": 1.0,
  "spacing_z": 1.0,
  "summary_bg_k": 13.803982699584271,
  "summary_bg_mad": 0.0,
  "summary_bg_mean": 6.661548307343916,
  "summary_bg_median": 0.0,
  "summary_bg_n": 2404407.0,
  "summary_bg_p05": 0.0,
  "summary_bg_p95": 27.630671113729477,
  "summary_bg_stdv": 10.115081622783487,
  "summary_csf_k": 1.4881660162752448,
  "summary_csf_mad": 75.30786600681903,
  "summary_csf_mean": 321.225451411953,
  "summary_csf_median": 312.5028902962804,
  "summary_csf_n": 43335.0,
  "summary_csf_p05": 145.3695658411831,
  "summary_csf_p95": 505.2268213145435,
  "summary_csf_stdv": 103.14356853553808,
  "summary_gm_k": -0.0022491807692985866,
  "summary_gm_mad": 57.96589142319977,
  "summary_gm_mean": 738.8253410975902,
  "summary_gm_median": 738.5678388699889,
  "summary_gm_n": 36046.0,
  "summary_gm_p05": 644.8077615574002,
  "summary_gm_p95": 832.4545567585155,
  "summary_gm_stdv": 57.27945251390895,
  "summary_wm_k": 0.21346438762801823,
  "summary_wm_mad": 44.105966854401714,
  "summary_wm_mean": 1001.203040453198,
  "summary_wm_median": 1000.0460898429155,
  "summary_wm_n": 248698.0,
  "summary_wm_p05": 929.5418273843825,
  "summary_wm_p95": 1077.3659178428352,
  "summary_wm_stdv": 45.09717891571059,
  "tpm_overlap_csf": 0.1689680445626611,
  "tpm_overlap_gm": 0.45320749623790124,
  "tpm_overlap_wm": 0.5177153485357423,
  "wm2max": 0.42086360180052734
}