{
  "aor": 0.000401498127340824,
  "aqi": 0.006377241835205992,
  "bids_meta": {
    "AcquisitionMatrixPE": 64,
    "AcquisitionNumber": 1,
    "AcquisitionTime": "11:14:52.720000",
    "BandwidthPerPixelPhaseEncode": 58.962,
    "BaseResolution": 64,
    "CoilString": "t:HEA;HEP",
    "ConversionSoftware": "dcm2niix",
    "ConversionSoftwareVersion": "v1.0.20181125  (JP2:OpenJPEG) (JP-LS:CharLS) Clang10.0.0",
    "DerivedVendorReportedEchoSpacing": 0.000530002,
    "DeviceSerialNumber": "35370",
    "DwellTime": 3.5e-06,
    "EchoTime": 0.03,
    "EffectiveEchoSpacing": 0.000265001,
    "FlipAngle": 70,
    "ImageOrientationPatientDICOM": [
      0.997249,
      -0.0709695,
      -0.0214116,
      0.0644892,
      0.973021,
      -0.221519
    ],
    "ImageType": [
      "ORIGINAL",
      "PRIMARY",
      "M",
      "ND",
      "MOSAIC"
    ],
    "ImagingFrequency": 123.243,
    "InPlanePhaseEncodingDirectionDICOM": "COL",
    "InstitutionAddress": "Habelschwerdter_Allee_45_Berlin_District_DE_14195",
    "InstitutionName": "Freie_Universitaet",
    "InstitutionalDepartmentName": "Department",
    "MRAcquisitionType": "2D",
    "MagneticFieldStrength": 3,
    "Manufacturer": "Siemens",
    "ManufacturersModelName": "TrioTim",
    "Modality": "MR",
    "ParallelReductionFactorInPlane": 2,
    "PartialFourier": 1,
    "PatientPosition": "HFS",
    "PercentPhaseFOV": 100,
    "PhaseEncodingDirection": "j-",
    "PhaseEncodingSteps": 63,
    "PhaseResolution": 1,
    "PixelBandwidth": 2232,
    "ProcedureStepDescription": "Projekte_fMRI_12ch_localizer",
    "ProtocolName": "ep2d_267",
    "PulseSequenceDetails": "%SiemensSeq%_ep2d_bold",
    "ReceiveCoilName": "HeadMatrix",
    "ReconMatrixPE": 64,
    "RepetitionTime": 2,
    "SAR": 0.124265,
    "ScanOptions": "FS",
    "ScanningSequence": "EP",
    "SequenceName": "_epfid2d1_64",
    "SequenceVariant": "SK",
    "SeriesDescription": "ep2d_267",
    "SeriesNumber": 5,
    "ShimSetting": [
      -6824,
      -5463,
      -10768,
      339,
      566,
      1880,
      393,
      195
    ],
    "SliceThickness": 3,
    "SliceTiming": [
      0,
      1.03,
      0.055,
      1.085,
      0.1075,
      1.14,
      0.1625,
      1.1925,
      0.2175,
      1.2475,
      0.2725,
      1.3025,
      0.325,
      1.3575,
      0.38,
      1.41,
      0.435,
      1.465,
      0.4875,
      1.52,
      0.5425,
      1.5725,
      0.5975,
      1.6275,
      0.65,
      1.6825,
      0.705,
      1.7375,
      0.76,
      1.79,
      0.815,
      1.845,
      0.8675,
      1.9,
      0.9225,
      1.9525,
      0.9775
    ],
    "SoftwareVersions": "syngo_MR_B17",
    "SpacingBetweenSlices": 3.3,
    "StationName": "MRC35370",
    "TaskName": "silentreading",
    "TotalReadoutTime": 0.0166951,
    "TxRefAmp": 291.695,
    "dataset": "ds002727",
    "modality": "bold",
    "run_id": 2,
    "subject_id": "22",
    "task_id": "silentreading"
  },
  "dummy_trs": 0,
  "dvars_nstd": 29.491565761691746,
  "dvars_std": 1.0742577295488713,
  "dvars_vstd": 1.004945753007519,
  "efc": 0.570188928982442,
  "fber": 841.1220703125,
  "fd_mean": 0.06562852108456567,
  "fd_num": 0,
  "fd_perc": 0.0,
  "fwhm_avg": 1.8889534432893342,
  "fwhm_x": 1.79302,
  "fwhm_y": 2.01651,
  "fwhm_z": 1.8573303298680037,
  "gcor": 0.0255142,
  "gsr_x": -0.0016722161090001464,
  "gsr_y": 0.033174991607666016,
  "provenance": {
    "md5sum": "0f2de7338082597478930879d22e7297",
    "settings": {
      "fd_thres": 0.2,
      "testing": false
    },
    "software": "mriqc",
    "version": "22.0.6",
    "webapi_port": null,
    "webapi_url": "https://mriqc.nimh.nih.gov/api/v1"
  },
  "size_t": 267,
  "size_x": 64,
  "size_y": 64,
  "size_z": 37,
  "snr": 4.587184378719338,
  "spacing_tr": 2.0,
  "spacing_x": 3.0,
  "spacing_y": 3.0,
  "spacing_z": 3.299999952316284,
  "summary_bg_k": 37.48779590615034,
  "summary_bg_mad": 8.756791851246895,
  "summary_bg_mean": 51.39950180053711,
  "summary_bg_median": 30.0711612701416,
  "summary_bg_n": 81923.0,
  "summary_bg_p05": 22.850187301635742,
  "summary_bg_p95": 149.36104888916003,
  "summary_bg_stdv": 66.6802749633789,
  "summary_fg_k": 2.023321644243853,
  "summary_fg_mad": 162.21445510903644,
  "summary_fg_mean": 916.6511840820312,
  "summary_fg_median": 884.4456787109375,
  "summary_fg_n": 35158.0,
  "summary_fg_p05": 672.5651947021485,
  "summary_fg_p95": 1287.829443359375,
  "summary_fg_stdv": 192.8052215576172,
  "tsnr": 51.62488389131613
}