{
  "bids_meta": {
    "AcquisitionMatrixPE": 256,
    "AcquisitionNumber": 1,
    "AcquisitionTime": "11:52:18.252500",
    "BaseResolution": 256,
    "CoilString": "T:HEA;HEP",
    "ConversionSoftware": "dcm2niix",
    "ConversionSoftwareVersion": "v1.0.20181125  (JP2:OpenJPEG) (JP-LS:CharLS) Clang10.0.0",
    "DeviceSerialNumber": "35370",
    "DwellTime": 1.15e-05,
    "EchoTime": 0.00252,
    "FlipAngle": 9,
    "ImageOrientationPatientDICOM": [
      0.0331552,
      0.99945,
      -8.36857e-09,
      0.033137,
      -0.00109928,
      -0.99945
    ],
    "ImageType": [
      "ORIGINAL",
      "PRIMARY",
      "M",
      "ND",
      "NORM"
    ],
    "ImagingFrequency": 123.243,
    "InPlanePhaseEncodingDirectionDICOM": "ROW",
    "InstitutionAddress": "Habelschwerdter_Allee_45_Berlin_District_DE_14195",
    "InstitutionName": "Freie_Universitaet",
    "InstitutionalDepartmentName": "Department",
    "InversionTime": 0.9,
    "MRAcquisitionType": "3D",
    "MagneticFieldStrength": 3,
    "Manufacturer": "Siemens",
    "ManufacturersModelName": "TrioTim",
    "Modality": "MR",
    "PartialFourier": 1,
    "PatientPosition": "HFS",
    "PercentPhaseFOV": 100,
    "PhaseEncodingSteps": 255,
    "PhaseResolution": 1,
    "PixelBandwidth": 170,
    "ProcedureStepDescription": "Projekte_fMRI_12ch_localizer",
    "ProtocolName": "t1_mpr_1x1x1_176",
    "PulseSequenceDetails": "%SiemensSeq%_tfl",
    "ReceiveCoilName": "HeadMatrix",
    "ReconMatrixPE": 256,
    "RepetitionTime": 1.9,
    "SAR": 0.110304,
    "ScanOptions": "IR",
    "ScanningSequence": "GR_IR",
    "SequenceName": "_tfl3d1_ns",
    "SequenceVariant": "SP_MP",
    "SeriesDescription": "t1_mpr_1x1x1_176",
    "SeriesNumber": 7,
    "ShimSetting": [
      -6771,
      -5769,
      -10923,
      39,
      417,
      911,
      850,
      170
    ],
    "SliceThickness": 1,
    "SoftwareVersions": "syngo_MR_B17",
    "StationName": "MRC35370",
    "TxRefAmp": 299.906,
    "dataset": "ds002727",
    "modality": "T1w",
    "subject_id": "15"
  },
  "cjv": 0.37002087800850236,
  "cnr": 3.717622593989002,
  "efc": 0.567362815792275,
  "fber": 17747.949030612246,
  "fwhm_avg": 4.110893333333333,
  "fwhm_x": 4.10459,
  "fwhm_y": 4.13502,
  "fwhm_z": 4.09307,
  "icvs_csf": 0.18872298071446322,
  "icvs_gm": 0.4392211186392134,
  "icvs_wm": 0.3720559006463234,
  "inu_med": 0.4208369255065918,
  "inu_range": 0.14725594520568847,
  "provenance": {
    "md5sum": "8d35c06ff2adb835dcec8fd16b3d28bf",
    "settings": {
      "testing": false
    },
    "software": "mriqc",
    "version": "22.0.6",
    "warnings": {
      "large_rot_frame": true,
      "small_air_mask": false
    },
    "webapi_port": null,
    "webapi_url": "https://mriqc.nimh.nih.gov/api/v1"
  },
  "qi_1": 0.00014768180587500102,
  "qi_2": 0.005606268790605653,
  "rpve_csf": 28.458924209021035,
  "rpve_gm": 13.3525400365935,
  "rpve_wm": 17.97543950443033,
  "size_x": 176,
  "size_y": 256,
  "size_z": 256,
  "snr_csf": 3.0018684360234804,
  "snr_gm": 13.453659939864572,
  "snr_total": 14.113805888048303,
  "snr_wm": 25.885889288256855,
  "snrd_csf": 28.43973950386917,
  "snrd_gm": 67.47778907716186,
  "snrd_total": 62.07984819626373,
  "snrd_wm": 90.32201600776015,
  "spacing_x": 1.0,
  "spacing_y": 1.0,
  "spacing_z": 1.0,
  "summary_bg_k": 48.45002509094187,
  "summary_bg_mad": 0.0,
  "summary_bg_mean": 4.841063510614811,
  "summary_bg_median": 0.0,
  "summary_bg_n": 2002061.0,
  "summary_bg_p05": 0.0,
  "summary_bg_p95": 18.90625,
  "summary_bg_stdv": 7.253624533904731,
  "summary_csf_k": 1.1794260318077532,
  "summary_csf_mad": 81.60103616696848,
  "summary_csf_mean": 325.4765519286579,
  "summary_csf_median": 314.8828125,
  "summary_csf_n": 28083.0,
  "summary_csf_p05": 162.93359375,
  "summary_csf_p95": 519.1328124999998,
  "summary_csf_stdv": 104.89373963986192,
  "summary_gm_k": -0.031657041063184455,
  "summary_gm_mad": 56.0029822380827,
  "summary_gm_mean": 747.5518049499757,
  "summary_gm_median": 747.109375,
  "summary_gm_n": 35033.0,
  "summary_gm_p05": 656.8359375,
  "summary_gm_p95": 839.8046875,
  "summary_gm_stdv": 55.53126177752808,
  "summary_wm_k": 0.3364277472319501,
  "summary_wm_mad": 37.58628280508342,
  "summary_wm_mean": 1000.9055005845566,
  "summary_wm_median": 1000.0390625,
  "summary_wm_n": 211592.0,
  "summary_wm_p05": 938.9453125,
  "summary_wm_p95": 1065.5078125,
  "summary_wm_stdv": 38.63250314603905,
  "tpm_overlap_csf": 0.17550650786279517,
  "tpm_overlap_gm": 0.4811939902048479,
  "tpm_overlap_wm": 0.5408509920385972,
  "wm2max": 0.46440880891049596
}