{
  "aor": 0.00045249056603773583,
  "aqi": 0.007507372000000001,
  "bids_meta": {
    "AcquisitionMatrixPE": 64,
    "AcquisitionNumber": 1,
    "AcquisitionTime": "12:29:34.265000",
    "BandwidthPerPixelPhaseEncode": 58.962,
    "BaseResolution": 64,
    "CoilString": "t:HEA;HEP",
    "ConversionSoftware": "dcm2niix",
    "ConversionSoftwareVersion": "v1.0.20181125  (JP2:OpenJPEG) (JP-LS:CharLS) Clang10.0.0",
    "DerivedVendorReportedEchoSpacing": 0.000530002,
    "DeviceSerialNumber": "35370",
    "DwellTime": 3.5e-06,
    "EchoTime": 0.03,
    "EffectiveEchoSpacing": 0.000265001,
    "FlipAngle": 70,
    "ImageOrientationPatientDICOM": [
      0.999932,
      0.00738327,
      -0.00901103,
      -0.00872626,
      0.987161,
      -0.159492
    ],
    "ImageType": [
      "ORIGINAL",
      "PRIMARY",
      "M",
      "ND",
      "MOSAIC"
    ],
    "ImagingFrequency": 123.243,
    "InPlanePhaseEncodingDirectionDICOM": "COL",
    "InstitutionAddress": "Habelschwerdter_Allee_45_Berlin_District_DE_14195",
    "InstitutionName": "Freie_Universitaet",
    "InstitutionalDepartmentName": "Department",
    "MRAcquisitionType": "2D",
    "MagneticFieldStrength": 3,
    "Manufacturer": "Siemens",
    "ManufacturersModelName": "TrioTim",
    "Modality": "MR",
    "ParallelReductionFactorInPlane": 2,
    "PartialFourier": 1,
    "PatientPosition": "HFS",
    "PercentPhaseFOV": 100,
    "PhaseEncodingDirection": "j-",
    "PhaseEncodingSteps": 63,
    "PhaseResolution": 1,
    "PixelBandwidth": 2232,
    "ProcedureStepDescription": "Projekte_fMRI_12ch_localizer",
    "ProtocolName": "ep2d_267",
    "PulseSequenceDetails": "%SiemensSeq%_ep2d_bold",
    "ReceiveCoilName": "HeadMatrix",
    "ReconMatrixPE": 64,
    "RepetitionTime": 2,
    "SAR": 0.141115,
    "ScanOptions": "FS",
    "ScanningSequence": "EP",
    "SequenceName": "_epfid2d1_64",
    "SequenceVariant": "SK",
    "SeriesDescription": "ep2d_267",
    "SeriesNumber": 4,
    "ShimSetting": [
      -6800,
      -5727,
      -10685,
      662,
      668,
      1683,
      51,
      89
    ],
    "SliceThickness": 3,
    "SliceTiming": [
      0,
      1.0325,
      0.055,
      1.085,
      0.11,
      1.14,
      0.1625,
      1.195,
      0.2175,
      1.2475,
      0.2725,
      1.3025,
      0.325,
      1.3575,
      0.38,
      1.41,
      0.435,
      1.465,
      0.49,
      1.52,
      0.5425,
      1.575,
      0.5975,
      1.6275,
      0.6525,
      1.6825,
      0.705,
      1.7375,
      0.76,
      1.79,
      0.815,
      1.845,
      0.8675,
      1.9,
      0.9225,
      1.955,
      0.9775
    ],
    "SoftwareVersions": "syngo_MR_B17",
    "SpacingBetweenSlices": 3.3,
    "StationName": "MRC35370",
    "TaskName": "silentreading",
    "TotalReadoutTime": 0.0166951,
    "TxRefAmp": 306.618,
    "dataset": "ds002727",
    "modality": "bold",
    "run_id": 1,
    "subject_id": "04",
    "task_id": "silentreading"
  },
  "dummy_trs": 2,
  "dvars_nstd": 32.541372299053016,
  "dvars_std": 1.1024180889015154,
  "dvars_vstd": 1.0088291523484847,
  "efc": 0.6190888844535155,
  "fber": 660.42626953125,
  "fd_mean": 0.08556212600534899,
  "fd_num": 4,
  "fd_perc": 1.509433962264151,
  "fwhm_avg": 1.849151725977383,
  "fwhm_x": 1.7578633333333336,
  "fwhm_y": 1.9613766666666665,
  "fwhm_z": 1.8282151779321494,
  "gcor": 0.00741273,
  "gsr_x": 0.0021137255243957043,
  "gsr_y": 0.054530948400497437,
  "provenance": {
    "md5sum": "650b955346ede6cad48b44f5592aa42e",
    "settings": {
      "fd_thres": 0.2,
      "testing": false
    },
    "software": "mriqc",
    "version": "22.0.6",
    "webapi_port": null,
    "webapi_url": "https://mriqc.nimh.nih.gov/api/v1"
  },
  "size_t": 265,
  "size_x": 64,
  "size_y": 64,
  "size_z": 37,
  "snr": 5.140723581241584,
  "spacing_tr": 2.0,
  "spacing_x": 3.0,
  "spacing_y": 3.0,
  "spacing_z": 3.299999952316284,
  "summary_bg_k": 29.181218077403962,
  "summary_bg_mad": 12.845491192218972,
  "summary_bg_mean": 72.68396759033203,
  "summary_bg_median": 34.93962478637695,
  "summary_bg_n": 75009.0,
  "summary_bg_p05": 24.513208389282227,
  "summary_bg_p95": 273.4905700683594,
  "summary_bg_stdv": 102.80427551269531,
  "summary_fg_k": 1.620436399814742,
  "summary_fg_mad": 159.05804348893793,
  "summary_fg_mean": 933.1473999023438,
  "summary_fg_median": 914.9283447265625,
  "summary_fg_n": 40949.0,
  "summary_fg_p05": 696.2173706054688,
  "summary_fg_p95": 1259.628662109375,
  "summary_fg_stdv": 177.97439575195312,
  "tsnr": 48.392049060203135
}