{
  "aor": 0.0007739097744360903,
  "aqi": 0.012096723157894737,
  "bids_meta": {
    "AcquisitionMatrixPE": 64,
    "AcquisitionNumber": 1,
    "AcquisitionTime": "12:49:37.680000",
    "BandwidthPerPixelPhaseEncode": 58.962,
    "BaseResolution": 64,
    "CoilString": "t:HEA;HEP",
    "ConversionSoftware": "dcm2niix",
    "ConversionSoftwareVersion": "v1.0.20181125  (JP2:OpenJPEG) (JP-LS:CharLS) Clang10.0.0",
    "DerivedVendorReportedEchoSpacing": 0.000530002,
    "DeviceSerialNumber": "35370",
    "DwellTime": 3.5e-06,
    "EchoTime": 0.03,
    "EffectiveEchoSpacing": 0.000265001,
    "FlipAngle": 70,
    "ImageOrientationPatientDICOM": [
      0.999932,
      0.00738327,
      -0.00901103,
      -0.00872626,
      0.987161,
      -0.159492
    ],
    "ImageType": [
      "ORIGINAL",
      "PRIMARY",
      "M",
      "ND",
      "MOSAIC"
    ],
    "ImagingFrequency": 123.243,
    "InPlanePhaseEncodingDirectionDICOM": "COL",
    "InstitutionAddress": "Habelschwerdter_Allee_45_Berlin_District_DE_14195",
    "InstitutionName": "Freie_Universitaet",
    "InstitutionalDepartmentName": "Department",
    "MRAcquisitionType": "2D",
    "MagneticFieldStrength": 3,
    "Manufacturer": "Siemens",
    "ManufacturersModelName": "TrioTim",
    "Modality": "MR",
    "ParallelReductionFactorInPlane": 2,
    "PartialFourier": 1,
    "PatientPosition": "HFS",
    "PercentPhaseFOV": 100,
    "PhaseEncodingDirection": "j-",
    "PhaseEncodingSteps": 63,
    "PhaseResolution": 1,
    "PixelBandwidth": 2232,
    "ProcedureStepDescription": "Projekte_fMRI_12ch_localizer",
    "ProtocolName": "ep2d_267",
    "PulseSequenceDetails": "%SiemensSeq%_ep2d_bold",
    "ReceiveCoilName": "HeadMatrix",
    "ReconMatrixPE": 64,
    "RepetitionTime": 2,
    "SAR": 0.141115,
    "ScanOptions": "FS",
    "ScanningSequence": "EP",
    "SequenceName": "_epfid2d1_64",
    "SequenceVariant": "SK",
    "SeriesDescription": "ep2d_267",
    "SeriesNumber": 6,
    "ShimSetting": [
      -6800,
      -5727,
      -10685,
      662,
      668,
      1683,
      51,
      89
    ],
    "SliceThickness": 3,
    "SliceTiming": [
      0,
      1.0325,
      0.055,
      1.085,
      0.11,
      1.14,
      0.1625,
      1.195,
      0.2175,
      1.2475,
      0.2725,
      1.3025,
      0.325,
      1.3575,
      0.38,
      1.41,
      0.435,
      1.465,
      0.49,
      1.52,
      0.5425,
      1.575,
      0.5975,
      1.6275,
      0.6525,
      1.6825,
      0.705,
      1.7375,
      0.76,
      1.79,
      0.815,
      1.845,
      0.8675,
      1.9,
      0.9225,
      1.9525,
      0.9775
    ],
    "SoftwareVersions": "syngo_MR_B17",
    "SpacingBetweenSlices": 3.3,
    "StationName": "MRC35370",
    "TaskName": "silentreading",
    "TotalReadoutTime": 0.0166951,
    "TxRefAmp": 306.618,
    "dataset": "ds002727",
    "modality": "bold",
    "run_id": 3,
    "subject_id": "04",
    "task_id": "silentreading"
  },
  "dummy_trs": 1,
  "dvars_nstd": 32.67130363728302,
  "dvars_std": 1.0658285419622635,
  "dvars_vstd": 0.9830087270566032,
  "efc": 0.621194241810255,
  "fber": 624.5656127929688,
  "fd_mean": 0.11216977883672848,
  "fd_num": 18,
  "fd_perc": 6.7669172932330826,
  "fwhm_avg": 1.8394923319174883,
  "fwhm_x": 1.7573166666666669,
  "fwhm_y": 1.9579633333333335,
  "fwhm_z": 1.8031969957524645,
  "gcor": 0.0070346,
  "gsr_x": 0.0009571570553816855,
  "gsr_y": 0.05495293065905571,
  "provenance": {
    "md5sum": "c7be487cec95e1f308b573a78ec64759",
    "settings": {
      "fd_thres": 0.2,
      "testing": false
    },
    "software": "mriqc",
    "version": "22.0.6",
    "webapi_port": null,
    "webapi_url": "https://mriqc.nimh.nih.gov/api/v1"
  },
  "size_t": 266,
  "size_x": 64,
  "size_y": 64,
  "size_z": 37,
  "snr": 5.111115574653671,
  "spacing_tr": 2.0,
  "spacing_x": 3.0,
  "spacing_y": 3.0,
  "spacing_z": 3.299999952316284,
  "summary_bg_k": 26.829091022366107,
  "summary_bg_mad": 15.160445290224727,
  "summary_bg_mean": 74.36237335205078,
  "summary_bg_median": 35.98872375488281,
  "summary_bg_n": 74969.0,
  "summary_bg_p05": 23.099248504638673,
  "summary_bg_p95": 281.97670288085897,
  "summary_bg_stdv": 103.67021179199219,
  "summary_fg_k": 1.6523047392658308,
  "summary_fg_mad": 159.1902506325681,
  "summary_fg_mean": 933.6936645507812,
  "summary_fg_median": 916.0413818359375,
  "summary_fg_n": 40981.0,
  "summary_fg_p05": 693.7218017578125,
  "summary_fg_p95": 1261.845947265625,
  "summary_fg_stdv": 179.22314453125,
  "tsnr": 41.90791338123381
}