{
  "aor": 0.0026748863636363637,
  "aqi": 0.00976884087121212,
  "bids_meta": {
    "AcquisitionMatrixPE": 64,
    "AcquisitionNumber": 1,
    "AcquisitionTime": "12:39:45.630000",
    "BandwidthPerPixelPhaseEncode": 58.962,
    "BaseResolution": 64,
    "CoilString": "t:HEA;HEP",
    "ConversionSoftware": "dcm2niix",
    "ConversionSoftwareVersion": "v1.0.20181125  (JP2:OpenJPEG) (JP-LS:CharLS) Clang10.0.0",
    "DerivedVendorReportedEchoSpacing": 0.000530002,
    "DeviceSerialNumber": "35370",
    "DwellTime": 3.5e-06,
    "EchoTime": 0.03,
    "EffectiveEchoSpacing": 0.000265001,
    "FlipAngle": 70,
    "ImageOrientationPatientDICOM": [
      0.999932,
      0.00738327,
      -0.00901103,
      -0.00872626,
      0.987161,
      -0.159492
    ],
    "ImageType": [
      "ORIGINAL",
      "PRIMARY",
      "M",
      "ND",
      "MOSAIC"
    ],
    "ImagingFrequency": 123.243,
    "InPlanePhaseEncodingDirectionDICOM": "COL",
    "InstitutionAddress": "Habelschwerdter_Allee_45_Berlin_District_DE_14195",
    "InstitutionName": "Freie_Universitaet",
    "InstitutionalDepartmentName": "Department",
    "MRAcquisitionType": "2D",
    "MagneticFieldStrength": 3,
    "Manufacturer": "Siemens",
    "ManufacturersModelName": "TrioTim",
    "Modality": "MR",
    "ParallelReductionFactorInPlane": 2,
    "PartialFourier": 1,
    "PatientPosition": "HFS",
    "PercentPhaseFOV": 100,
    "PhaseEncodingDirection": "j-",
    "PhaseEncodingSteps": 63,
    "PhaseResolution": 1,
    "PixelBandwidth": 2232,
    "ProcedureStepDescription": "Projekte_fMRI_12ch_localizer",
    "ProtocolName": "ep2d_267",
    "PulseSequenceDetails": "%SiemensSeq%_ep2d_bold",
    "ReceiveCoilName": "HeadMatrix",
    "ReconMatrixPE": 64,
    "RepetitionTime": 2,
    "SAR": 0.141115,
    "ScanOptions": "FS",
    "ScanningSequence": "EP",
    "SequenceName": "_epfid2d1_64",
    "SequenceVariant": "SK",
    "SeriesDescription": "ep2d_267",
    "SeriesNumber": 5,
    "ShimSetting": [
      -6800,
      -5727,
      -10685,
      662,
      668,
      1683,
      51,
      89
    ],
    "SliceThickness": 3,
    "SliceTiming": [
      0,
      1.0325,
      0.055,
      1.085,
      0.11,
      1.14,
      0.165,
      1.195,
      0.2175,
      1.25,
      0.2725,
      1.3025,
      0.3275,
      1.3575,
      0.38,
      1.4125,
      0.435,
      1.465,
      0.49,
      1.52,
      0.5425,
      1.575,
      0.5975,
      1.63,
      0.6525,
      1.6825,
      0.7075,
      1.7375,
      0.76,
      1.7925,
      0.815,
      1.845,
      0.87,
      1.9,
      0.9225,
      1.955,
      0.9775
    ],
    "SoftwareVersions": "syngo_MR_B17",
    "SpacingBetweenSlices": 3.3,
    "StationName": "MRC35370",
    "TaskName": "silentreading",
    "TotalReadoutTime": 0.0166951,
    "TxRefAmp": 306.618,
    "dataset": "ds002727",
    "modality": "bold",
    "run_id": 2,
    "subject_id": "04",
    "task_id": "silentreading"
  },
  "dummy_trs": 3,
  "dvars_nstd": 32.926038437414455,
  "dvars_std": 1.1197908316349812,
  "dvars_vstd": 1.0323282254372628,
  "efc": 0.6203428669654505,
  "fber": 646.3966064453125,
  "fd_mean": 0.10385247280860516,
  "fd_num": 10,
  "fd_perc": 3.787878787878788,
  "fwhm_avg": 1.8461411198704656,
  "fwhm_x": 1.7607533333333334,
  "fwhm_y": 1.9590699999999999,
  "fwhm_z": 1.8186000262780628,
  "gcor": 0.00723867,
  "gsr_x": 0.000836695428006351,
  "gsr_y": 0.05456406995654106,
  "provenance": {
    "md5sum": "e507b0321222f596827fbf002a9601c1",
    "settings": {
      "fd_thres": 0.2,
      "testing": false
    },
    "software": "mriqc",
    "version": "22.0.6",
    "webapi_port": null,
    "webapi_url": "https://mriqc.nimh.nih.gov/api/v1"
  },
  "size_t": 264,
  "size_x": 64,
  "size_y": 64,
  "size_z": 37,
  "snr": 5.121550464495119,
  "spacing_tr": 2.0,
  "spacing_x": 3.0,
  "spacing_y": 3.0,
  "spacing_z": 3.299999952316284,
  "summary_bg_k": 27.899281575600394,
  "summary_bg_mad": 13.12440098380529,
  "summary_bg_mean": 73.76258850097656,
  "summary_bg_median": 35.43560791015625,
  "summary_bg_n": 75004.0,
  "summary_bg_p05": 24.65151596069336,
  "summary_bg_p95": 279.398109436035,
  "summary_bg_stdv": 103.14848327636719,
  "summary_fg_k": 1.663845440127404,
  "summary_fg_mad": 159.95824654494953,
  "summary_fg_mean": 934.9688110351562,
  "summary_fg_median": 917.3106079101562,
  "summary_fg_n": 40981.0,
  "summary_fg_p05": 697.2765502929688,
  "summary_fg_p95": 1260.57958984375,
  "summary_fg_stdv": 179.10580444335938,
  "tsnr": 44.68189660110511
}