{
  "aor": 0.00031432330827067665,
  "aqi": 0.00765313439849624,
  "bids_meta": {
    "AcquisitionMatrixPE": 64,
    "AcquisitionNumber": 1,
    "AcquisitionTime": "16:39:49.950000",
    "BandwidthPerPixelPhaseEncode": 58.962,
    "BaseResolution": 64,
    "CoilString": "t:HEA;HEP",
    "ConversionSoftware": "dcm2niix",
    "ConversionSoftwareVersion": "v1.0.20181125  (JP2:OpenJPEG) (JP-LS:CharLS) Clang10.0.0",
    "DerivedVendorReportedEchoSpacing": 0.000530002,
    "DeviceSerialNumber": "35370",
    "DwellTime": 3.5e-06,
    "EchoTime": 0.03,
    "EffectiveEchoSpacing": 0.000265001,
    "FlipAngle": 70,
    "ImageOrientationPatientDICOM": [
      0.999953,
      -0.00609528,
      -0.00757494,
      0.00349056,
      0.952209,
      -0.305426
    ],
    "ImageType": [
      "ORIGINAL",
      "PRIMARY",
      "M",
      "ND",
      "MOSAIC"
    ],
    "ImagingFrequency": 123.243,
    "InPlanePhaseEncodingDirectionDICOM": "COL",
    "InstitutionAddress": "Habelschwerdter_Allee_45_Berlin_District_DE_14195",
    "InstitutionName": "Freie_Universitaet",
    "InstitutionalDepartmentName": "Department",
    "MRAcquisitionType": "2D",
    "MagneticFieldStrength": 3,
    "Manufacturer": "Siemens",
    "ManufacturersModelName": "TrioTim",
    "Modality": "MR",
    "ParallelReductionFactorInPlane": 2,
    "PartialFourier": 1,
    "PatientPosition": "HFS",
    "PercentPhaseFOV": 100,
    "PhaseEncodingDirection": "j-",
    "PhaseEncodingSteps": 63,
    "PhaseResolution": 1,
    "PixelBandwidth": 2232,
    "ProcedureStepDescription": "Projekte_fMRI_12ch_localizer",
    "ProtocolName": "ep2d_267",
    "PulseSequenceDetails": "%SiemensSeq%_ep2d_bold",
    "ReceiveCoilName": "HeadMatrix",
    "ReconMatrixPE": 64,
    "RepetitionTime": 2,
    "SAR": 0.122693,
    "ScanOptions": "FS",
    "ScanningSequence": "EP",
    "SequenceName": "_epfid2d1_64",
    "SequenceVariant": "SK",
    "SeriesDescription": "ep2d_267",
    "SeriesNumber": 6,
    "ShimSetting": [
      -6849,
      -5506,
      -10736,
      236,
      619,
      1923,
      -241,
      11
    ],
    "SliceThickness": 3,
    "SliceTiming": [
      0,
      1.03,
      0.055,
      1.085,
      0.1075,
      1.14,
      0.1625,
      1.1925,
      0.2175,
      1.2475,
      0.27,
      1.3025,
      0.325,
      1.3575,
      0.38,
      1.41,
      0.435,
      1.465,
      0.4875,
      1.52,
      0.5425,
      1.5725,
      0.5975,
      1.6275,
      0.65,
      1.6825,
      0.705,
      1.735,
      0.76,
      1.79,
      0.815,
      1.845,
      0.8675,
      1.9,
      0.9225,
      1.9525,
      0.9775
    ],
    "SoftwareVersions": "syngo_MR_B17",
    "SpacingBetweenSlices": 3.3,
    "StationName": "MRC35370",
    "TaskName": "silentreading",
    "TotalReadoutTime": 0.0166951,
    "TxRefAmp": 310.865,
    "dataset": "ds002727",
    "modality": "bold",
    "run_id": 3,
    "subject_id": "13",
    "task_id": "silentreading"
  },
  "dummy_trs": 1,
  "dvars_nstd": 31.062598620943398,
  "dvars_std": 1.040546595509434,
  "dvars_vstd": 1.0049304092075473,
  "efc": 0.5929721172848752,
  "fber": 672.8734130859375,
  "fd_mean": 0.1512315431187185,
  "fd_num": 60,
  "fd_perc": 22.55639097744361,
  "fwhm_avg": 1.8992132412301477,
  "fwhm_x": 1.7885766666666667,
  "fwhm_y": 2.0598266666666665,
  "fwhm_z": 1.8492363903571098,
  "gcor": 0.00811363,
  "gsr_x": 0.002835350576788187,
  "gsr_y": 0.044215671718120575,
  "provenance": {
    "md5sum": "d6decd60796b476161dc6c6ca0ac0e30",
    "settings": {
      "fd_thres": 0.2,
      "testing": false
    },
    "software": "mriqc",
    "version": "22.0.6",
    "webapi_port": null,
    "webapi_url": "https://mriqc.nimh.nih.gov/api/v1"
  },
  "size_t": 266,
  "size_x": 64,
  "size_y": 64,
  "size_z": 37,
  "snr": 5.071189938598582,
  "spacing_tr": 2.0,
  "spacing_x": 3.0,
  "spacing_y": 3.0,
  "spacing_z": 3.299999952316284,
  "summary_bg_k": 53.570868671250366,
  "summary_bg_mad": 10.879845945533303,
  "summary_bg_mean": 60.88302993774414,
  "summary_bg_median": 32.71052551269531,
  "summary_bg_n": 79669.0,
  "summary_bg_p05": 23.778196334838867,
  "summary_bg_p95": 200.4075256347655,
  "summary_bg_stdv": 86.86467742919922,
  "summary_fg_k": 1.9184643961699877,
  "summary_fg_mad": 146.2314168127858,
  "summary_fg_mean": 881.6690063476562,
  "summary_fg_median": 861.4586791992188,
  "summary_fg_n": 37235.0,
  "summary_fg_p05": 656.3259521484375,
  "summary_fg_p95": 1195.9673339843748,
  "summary_fg_stdv": 169.8708038330078,
  "tsnr": 46.50542503525503
}