{
  "bids_meta": {
    "AcquisitionMatrixPE": 256,
    "AcquisitionNumber": 1,
    "AcquisitionTime": "11:39:55.690000",
    "BaseResolution": 256,
    "CoilString": "T:HEA;HEP",
    "ConversionSoftware": "dcm2niix",
    "ConversionSoftwareVersion": "v1.0.20181125  (JP2:OpenJPEG) (JP-LS:CharLS) Clang10.0.0",
    "DeviceSerialNumber": "35370",
    "DwellTime": 1.15e-05,
    "EchoTime": 0.00252,
    "FlipAngle": 9,
    "ImageOrientationPatientDICOM": [
      -0.0174524,
      0.999848,
      1.30333e-08,
      0.0209392,
      0.000365508,
      -0.999781
    ],
    "ImageType": [
      "ORIGINAL",
      "PRIMARY",
      "M",
      "ND",
      "NORM"
    ],
    "ImagingFrequency": 123.243,
    "InPlanePhaseEncodingDirectionDICOM": "ROW",
    "InstitutionAddress": "Habelschwerdter_Allee_45_Berlin_District_DE_14195",
    "InstitutionName": "Freie_Universitaet",
    "InstitutionalDepartmentName": "Department",
    "InversionTime": 0.9,
    "MRAcquisitionType": "3D",
    "MagneticFieldStrength": 3,
    "Manufacturer": "Siemens",
    "ManufacturersModelName": "TrioTim",
    "Modality": "MR",
    "PartialFourier": 1,
    "PatientPosition": "HFS",
    "PercentPhaseFOV": 100,
    "PhaseEncodingSteps": 255,
    "PhaseResolution": 1,
    "PixelBandwidth": 170,
    "ProcedureStepDescription": "Projekte_fMRI_12ch_localizer",
    "ProtocolName": "t1_mpr_1x1x1_176",
    "PulseSequenceDetails": "%SiemensSeq%_tfl",
    "ReceiveCoilName": "HeadMatrix",
    "ReconMatrixPE": 256,
    "RepetitionTime": 1.9,
    "SAR": 0.0950354,
    "ScanOptions": "IR",
    "ScanningSequence": "GR_IR",
    "SequenceName": "_tfl3d1_ns",
    "SequenceVariant": "SP_MP",
    "SeriesDescription": "t1_mpr_1x1x1_176",
    "SeriesNumber": 7,
    "ShimSetting": [
      -6807,
      -5718,
      -10860,
      -215,
      443,
      523,
      468,
      67
    ],
    "SliceThickness": 1,
    "SoftwareVersions": "syngo_MR_B17",
    "StationName": "MRC35370",
    "TxRefAmp": 289.514,
    "dataset": "ds002727",
    "modality": "T1w",
    "subject_id": "08"
  },
  "cjv": 0.3883785060985977,
  "cnr": 3.541239103089154,
  "efc": 0.5467419615062535,
  "fber": 32597.280526877894,
  "fwhm_avg": 4.268903333333333,
  "fwhm_x": 4.28361,
  "fwhm_y": 4.25196,
  "fwhm_z": 4.27114,
  "icvs_csf": 0.1734520997675352,
  "icvs_gm": 0.4545562903435547,
  "icvs_wm": 0.3719916098889101,
  "inu_med": 0.41896916925907135,
  "inu_range": 0.16127858161926267,
  "provenance": {
    "md5sum": "a2e233f61819856a41b1855177d04ea1",
    "settings": {
      "testing": false
    },
    "software": "mriqc",
    "version": "22.0.6",
    "warnings": {
      "large_rot_frame": true,
      "small_air_mask": false
    },
    "webapi_port": null,
    "webapi_url": "https://mriqc.nimh.nih.gov/api/v1"
  },
  "qi_1": 0.0,
  "qi_2": 0.00835593311455171,
  "rpve_csf": 29.896061226352366,
  "rpve_gm": 12.67516685738202,
  "rpve_wm": 17.317725418819595,
  "size_x": 176,
  "size_y": 256,
  "size_z": 256,
  "snr_csf": 2.1759031477207516,
  "snr_gm": 12.901373833460946,
  "snr_total": 13.359270558405193,
  "snr_wm": 25.000534694033878,
  "snrd_csf": 25.805858623706563,
  "snrd_gm": 63.22591383718771,
  "snrd_total": 57.82030935240726,
  "snrd_wm": 84.4291555963275,
  "spacing_x": 1.0,
  "spacing_y": 1.0,
  "spacing_z": 1.0,
  "summary_bg_k": 10.382604995809007,
  "summary_bg_mad": 0.0,
  "summary_bg_mean": 4.408992477961901,
  "summary_bg_median": 0.0,
  "summary_bg_n": 2671426.0,
  "summary_bg_p05": 0.0,
  "summary_bg_p95": 21.06741562485695,
  "summary_bg_stdv": 7.759885861484829,
  "summary_csf_k": -0.18980215866546635,
  "summary_csf_mad": 121.43134608807188,
  "summary_csf_mean": 291.15048981066036,
  "summary_csf_median": 305.6623284518719,
  "summary_csf_n": 22372.0,
  "summary_csf_p05": 45.83086907863617,
  "summary_csf_p95": 518.5134509816767,
  "summary_csf_stdv": 140.47293296885678,
  "summary_gm_k": -0.06835679669492833,
  "summary_gm_mad": 58.24978379585758,
  "summary_gm_mean": 748.0771118134222,
  "summary_gm_median": 748.8911848962307,
  "summary_gm_n": 49293.0,
  "summary_gm_p05": 652.0771700054407,
  "summary_gm_p95": 842.9553476423025,
  "summary_gm_stdv": 58.046809448427446,
  "summary_wm_k": 0.20394729772729292,
  "summary_wm_mad": 39.28983535430845,
  "summary_wm_mean": 1000.9279167361656,
  "summary_wm_median": 1000.0369553714991,
  "summary_wm_n": 212176.0,
  "summary_wm_p05": 937.0564707666636,
  "summary_wm_p95": 1068.1549325585365,
  "summary_wm_stdv": 40.00052842814141,
  "tpm_overlap_csf": 0.14340282366715404,
  "tpm_overlap_gm": 0.47621584733709216,
  "tpm_overlap_wm": 0.5273633953918556,
  "wm2max": 0.5091261478247779
}