{
  "bids_meta": {
    "AcquisitionMatrixPE": 256,
    "AcquisitionNumber": 1,
    "AcquisitionTime": "12:04:28.255000",
    "BaseResolution": 256,
    "CoilString": "T:HEA;HEP",
    "ConversionSoftware": "dcm2niix",
    "ConversionSoftwareVersion": "v1.0.20181125  (JP2:OpenJPEG) (JP-LS:CharLS) Clang10.0.0",
    "DeviceSerialNumber": "35370",
    "DwellTime": 1.15e-05,
    "EchoTime": 0.00252,
    "FlipAngle": 9,
    "ImageOrientationPatientDICOM": [
      0,
      0.999962,
      -0.00872651,
      0,
      -0.00872651,
      -0.999962
    ],
    "ImageType": [
      "ORIGINAL",
      "PRIMARY",
      "M",
      "ND",
      "NORM"
    ],
    "ImagingFrequency": 123.243,
    "InPlanePhaseEncodingDirectionDICOM": "ROW",
    "InstitutionAddress": "Habelschwerdter_Allee_45_Berlin_District_DE_14195",
    "InstitutionName": "Freie_Universitaet",
    "InstitutionalDepartmentName": "Department",
    "InversionTime": 0.9,
    "MRAcquisitionType": "3D",
    "MagneticFieldStrength": 3,
    "Manufacturer": "Siemens",
    "ManufacturersModelName": "TrioTim",
    "Modality": "MR",
    "PartialFourier": 1,
    "PatientPosition": "HFS",
    "PercentPhaseFOV": 100,
    "PhaseEncodingSteps": 255,
    "PhaseResolution": 1,
    "PixelBandwidth": 170,
    "ProcedureStepDescription": "Projekte_fMRI_12ch_localizer",
    "ProtocolName": "t1_mpr_1x1x1_176",
    "PulseSequenceDetails": "%SiemensSeq%_tfl",
    "ReceiveCoilName": "HeadMatrix",
    "ReconMatrixPE": 256,
    "RepetitionTime": 1.9,
    "SAR": 0.110653,
    "ScanOptions": "IR",
    "ScanningSequence": "GR_IR",
    "SequenceName": "_tfl3d1_ns",
    "SequenceVariant": "SP_MP",
    "SeriesDescription": "t1_mpr_1x1x1_176",
    "SeriesNumber": 7,
    "ShimSetting": [
      -6812,
      -5650,
      -10985,
      -111,
      528,
      964,
      408,
      76
    ],
    "SliceThickness": 1,
    "SoftwareVersions": "syngo_MR_B17",
    "StationName": "MRC35370",
    "TxRefAmp": 287.74,
    "dataset": "ds002727",
    "modality": "T1w",
    "subject_id": "17"
  },
  "cjv": 0.4002297885744865,
  "cnr": 3.4664167568125825,
  "efc": 0.5660356948669362,
  "fber": 16557.47747919144,
  "fwhm_avg": 4.367076666666667,
  "fwhm_x": 4.38487,
  "fwhm_y": 4.44235,
  "fwhm_z": 4.27401,
  "icvs_csf": 0.2022872543810632,
  "icvs_gm": 0.423142285725826,
  "icvs_wm": 0.3745704598931108,
  "inu_med": 0.467079222202301,
  "inu_range": 0.19000576436519623,
  "provenance": {
    "md5sum": "9e8339cd438a6222849ba019e2c2fcdd",
    "settings": {
      "testing": false
    },
    "software": "mriqc",
    "version": "22.0.6",
    "warnings": {
      "large_rot_frame": true,
      "small_air_mask": false
    },
    "webapi_port": null,
    "webapi_url": "https://mriqc.nimh.nih.gov/api/v1"
  },
  "qi_1": 0.0,
  "qi_2": 0.004514097099667371,
  "rpve_csf": 24.03809671673356,
  "rpve_gm": 11.833795472287276,
  "rpve_wm": 15.29755071925233,
  "size_x": 176,
  "size_y": 256,
  "size_z": 256,
  "snr_csf": 2.6052405311394047,
  "snr_gm": 12.828527308893362,
  "snr_total": 13.42762621263587,
  "snr_wm": 24.849110797874843,
  "snrd_csf": 26.424956370588117,
  "snrd_gm": 68.0048968267282,
  "snrd_total": 61.61239068416855,
  "snrd_wm": 90.40731885518932,
  "spacing_x": 1.0,
  "spacing_y": 1.0,
  "spacing_z": 1.0,
  "summary_bg_k": 8.123841885132876,
  "summary_bg_mad": 0.0,
  "summary_bg_mean": 4.489290842769667,
  "summary_bg_median": 0.0,
  "summary_bg_n": 2652958.0,
  "summary_bg_p05": 0.0,
  "summary_bg_p95": 19.509412184357643,
  "summary_bg_stdv": 7.2467728798666124,
  "summary_csf_k": 0.7776846907774786,
  "summary_csf_mad": 88.57836300629315,
  "summary_csf_mean": 295.98916431108313,
  "summary_csf_median": 292.2989123761654,
  "summary_csf_n": 46168.0,
  "summary_csf_p05": 89.95436278805137,
  "summary_csf_p95": 493.9722317010164,
  "summary_csf_stdv": 112.19530145664557,
  "summary_gm_k": -0.14257090041201215,
  "summary_gm_mad": 59.99196577892801,
  "summary_gm_mean": 751.2263478608927,
  "summary_gm_median": 752.2342553734779,
  "summary_gm_n": 34490.0,
  "summary_gm_p05": 654.0577972359955,
  "summary_gm_p95": 846.4936190567911,
  "summary_gm_stdv": 58.63676570780832,
  "summary_wm_k": 0.2728972585459344,
  "summary_wm_mad": 39.186481406348655,
  "summary_wm_mean": 1001.3573858664822,
  "summary_wm_median": 1000.0380171537399,
  "summary_wm_n": 232927.0,
  "summary_wm_p05": 937.5926861464977,
  "summary_wm_p95": 1069.709056377411,
  "summary_wm_stdv": 40.244332226168375,
  "tpm_overlap_csf": 0.15653704640747274,
  "tpm_overlap_gm": 0.46039363102606645,
  "tpm_overlap_wm": 0.5084874151439547,
  "wm2max": 0.4795477341114252
}