{
  "aor": 0.0003292105263157895,
  "aqi": 0.0063620781578947365,
  "bids_meta": {
    "AcquisitionMatrixPE": 64,
    "AcquisitionNumber": 1,
    "AcquisitionTime": "13:23:49.957500",
    "BandwidthPerPixelPhaseEncode": 58.962,
    "BaseResolution": 64,
    "CoilString": "t:HEA;HEP",
    "ConversionSoftware": "dcm2niix",
    "ConversionSoftwareVersion": "v1.0.20181125  (JP2:OpenJPEG) (JP-LS:CharLS) Clang10.0.0",
    "DerivedVendorReportedEchoSpacing": 0.000530002,
    "DeviceSerialNumber": "35370",
    "DwellTime": 3.5e-06,
    "EchoTime": 0.03,
    "EffectiveEchoSpacing": 0.000265001,
    "FlipAngle": 70,
    "ImageOrientationPatientDICOM": [
      0.998212,
      -0.0435418,
      -0.0409489,
      0.0418375,
      0.998258,
      -0.0415943
    ],
    "ImageType": [
      "ORIGINAL",
      "PRIMARY",
      "M",
      "ND",
      "MOSAIC"
    ],
    "ImagingFrequency": 123.243,
    "InPlanePhaseEncodingDirectionDICOM": "COL",
    "InstitutionAddress": "Habelschwerdter_Allee_45_Berlin_District_DE_14195",
    "InstitutionName": "Freie_Universitaet",
    "InstitutionalDepartmentName": "Department",
    "MRAcquisitionType": "2D",
    "MagneticFieldStrength": 3,
    "Manufacturer": "Siemens",
    "ManufacturersModelName": "TrioTim",
    "Modality": "MR",
    "ParallelReductionFactorInPlane": 2,
    "PartialFourier": 1,
    "PatientPosition": "HFS",
    "PercentPhaseFOV": 100,
    "PhaseEncodingDirection": "j-",
    "PhaseEncodingSteps": 63,
    "PhaseResolution": 1,
    "PixelBandwidth": 2232,
    "ProcedureStepDescription": "Projekte_fMRI_12ch_localizer",
    "ProtocolName": "ep2d_267",
    "PulseSequenceDetails": "%SiemensSeq%_ep2d_bold",
    "ReceiveCoilName": "HeadMatrix",
    "ReconMatrixPE": 64,
    "RepetitionTime": 2,
    "SAR": 0.130697,
    "ScanOptions": "FS",
    "ScanningSequence": "EP",
    "SequenceName": "_epfid2d1_64",
    "SequenceVariant": "SK",
    "SeriesDescription": "ep2d_267",
    "SeriesNumber": 4,
    "ShimSetting": [
      -6833,
      -5533,
      -10685,
      623,
      658,
      1624,
      463,
      130
    ],
    "SliceThickness": 3,
    "SliceTiming": [
      0,
      1.03,
      0.055,
      1.085,
      0.11,
      1.14,
      0.1625,
      1.195,
      0.2175,
      1.2475,
      0.2725,
      1.3025,
      0.325,
      1.3575,
      0.38,
      1.41,
      0.435,
      1.465,
      0.4875,
      1.52,
      0.5425,
      1.5725,
      0.5975,
      1.6275,
      0.6525,
      1.6825,
      0.705,
      1.7375,
      0.76,
      1.79,
      0.815,
      1.845,
      0.8675,
      1.9,
      0.9225,
      1.9525,
      0.9775
    ],
    "SoftwareVersions": "syngo_MR_B17",
    "SpacingBetweenSlices": 3.3,
    "StationName": "MRC35370",
    "TaskName": "silentreading",
    "TotalReadoutTime": 0.0166951,
    "TxRefAmp": 285.593,
    "dataset": "ds002727",
    "modality": "bold",
    "run_id": 1,
    "subject_id": "18",
    "task_id": "silentreading"
  },
  "dummy_trs": 1,
  "dvars_nstd": 29.626941839509424,
  "dvars_std": 1.0791484464150944,
  "dvars_vstd": 1.007497702,
  "efc": 0.5930566028582728,
  "fber": 814.7216796875,
  "fd_mean": 0.05556673241335029,
  "fd_num": 1,
  "fd_perc": 0.37593984962406013,
  "fwhm_avg": 1.8595233420673205,
  "fwhm_x": 1.7751266666666667,
  "fwhm_y": 1.9901099999999998,
  "fwhm_z": 1.8133333595352947,
  "gcor": 0.0107089,
  "gsr_x": 0.0055458019487559795,
  "gsr_y": 0.039273492991924286,
  "provenance": {
    "md5sum": "04097afbb8af90922d2bd978e6d9ea25",
    "settings": {
      "fd_thres": 0.2,
      "testing": false
    },
    "software": "mriqc",
    "version": "22.0.6",
    "webapi_port": null,
    "webapi_url": "https://mriqc.nimh.nih.gov/api/v1"
  },
  "size_t": 266,
  "size_x": 64,
  "size_y": 64,
  "size_z": 37,
  "snr": 4.91822998260512,
  "spacing_tr": 2.0,
  "spacing_x": 3.0,
  "spacing_y": 3.0,
  "spacing_z": 3.299999952316284,
  "summary_bg_k": 30.856616067376265,
  "summary_bg_mad": 8.890036811905475,
  "summary_bg_mean": 55.218196868896484,
  "summary_bg_median": 30.654136657714844,
  "summary_bg_n": 77936.0,
  "summary_bg_p05": 23.02255630493164,
  "summary_bg_p95": 176.27068710327148,
  "summary_bg_stdv": 76.55447387695312,
  "summary_fg_k": 1.2708703567536146,
  "summary_fg_mad": 162.25019899797135,
  "summary_fg_mean": 908.4650268554688,
  "summary_fg_median": 888.9360961914062,
  "summary_fg_n": 38887.0,
  "summary_fg_p05": 668.0898620605469,
  "summary_fg_p95": 1242.25947265625,
  "summary_fg_stdv": 180.7407684326172,
  "tsnr": 50.85939464229159
}