{
  "aor": 0.0003933584905660377,
  "aqi": 0.006385881169811321,
  "bids_meta": {
    "AcquisitionMatrixPE": 64,
    "AcquisitionNumber": 1,
    "AcquisitionTime": "13:42:49.960000",
    "BandwidthPerPixelPhaseEncode": 58.962,
    "BaseResolution": 64,
    "CoilString": "t:HEA;HEP",
    "ConversionSoftware": "dcm2niix",
    "ConversionSoftwareVersion": "v1.0.20181125  (JP2:OpenJPEG) (JP-LS:CharLS) Clang10.0.0",
    "DerivedVendorReportedEchoSpacing": 0.000530002,
    "DeviceSerialNumber": "35370",
    "DwellTime": 3.5e-06,
    "EchoTime": 0.03,
    "EffectiveEchoSpacing": 0.000265001,
    "FlipAngle": 70,
    "ImageOrientationPatientDICOM": [
      0.998212,
      -0.0435418,
      -0.0409489,
      0.0418375,
      0.998258,
      -0.0415943
    ],
    "ImageType": [
      "ORIGINAL",
      "PRIMARY",
      "M",
      "ND",
      "MOSAIC"
    ],
    "ImagingFrequency": 123.243,
    "InPlanePhaseEncodingDirectionDICOM": "COL",
    "InstitutionAddress": "Habelschwerdter_Allee_45_Berlin_District_DE_14195",
    "InstitutionName": "Freie_Universitaet",
    "InstitutionalDepartmentName": "Department",
    "MRAcquisitionType": "2D",
    "MagneticFieldStrength": 3,
    "Manufacturer": "Siemens",
    "ManufacturersModelName": "TrioTim",
    "Modality": "MR",
    "ParallelReductionFactorInPlane": 2,
    "PartialFourier": 1,
    "PatientPosition": "HFS",
    "PercentPhaseFOV": 100,
    "PhaseEncodingDirection": "j-",
    "PhaseEncodingSteps": 63,
    "PhaseResolution": 1,
    "PixelBandwidth": 2232,
    "ProcedureStepDescription": "Projekte_fMRI_12ch_localizer",
    "ProtocolName": "ep2d_267",
    "PulseSequenceDetails": "%SiemensSeq%_ep2d_bold",
    "ReceiveCoilName": "HeadMatrix",
    "ReconMatrixPE": 64,
    "RepetitionTime": 2,
    "SAR": 0.130697,
    "ScanOptions": "FS",
    "ScanningSequence": "EP",
    "SequenceName": "_epfid2d1_64",
    "SequenceVariant": "SK",
    "SeriesDescription": "ep2d_267",
    "SeriesNumber": 6,
    "ShimSetting": [
      -6833,
      -5533,
      -10685,
      623,
      658,
      1624,
      463,
      130
    ],
    "SliceThickness": 3,
    "SliceTiming": [
      0,
      1.03,
      0.055,
      1.085,
      0.1075,
      1.14,
      0.1625,
      1.1925,
      0.2175,
      1.2475,
      0.27,
      1.3025,
      0.325,
      1.3575,
      0.38,
      1.41,
      0.435,
      1.465,
      0.4875,
      1.52,
      0.5425,
      1.5725,
      0.5975,
      1.6275,
      0.65,
      1.6825,
      0.705,
      1.735,
      0.76,
      1.79,
      0.8125,
      1.845,
      0.8675,
      1.9,
      0.9225,
      1.9525,
      0.9775
    ],
    "SoftwareVersions": "syngo_MR_B17",
    "SpacingBetweenSlices": 3.3,
    "StationName": "MRC35370",
    "TaskName": "silentreading",
    "TotalReadoutTime": 0.0166951,
    "TxRefAmp": 285.593,
    "dataset": "ds002727",
    "modality": "bold",
    "run_id": 3,
    "subject_id": "18",
    "task_id": "silentreading"
  },
  "dummy_trs": 2,
  "dvars_nstd": 29.372397986628776,
  "dvars_std": 1.0709238468560605,
  "dvars_vstd": 1.0016169485227278,
  "efc": 0.5948479388522843,
  "fber": 800.2827758789062,
  "fd_mean": 0.05630781040114951,
  "fd_num": 2,
  "fd_perc": 0.7547169811320755,
  "fwhm_avg": 1.8703597057918706,
  "fwhm_x": 1.7812599999999998,
  "fwhm_y": 1.9981766666666667,
  "fwhm_z": 1.8316424507089448,
  "gcor": 0.00946451,
  "gsr_x": 0.0051845405250787735,
  "gsr_y": 0.039148423820734024,
  "provenance": {
    "md5sum": "59954ba849a054bdb21860546419d806",
    "settings": {
      "fd_thres": 0.2,
      "testing": false
    },
    "software": "mriqc",
    "version": "22.0.6",
    "webapi_port": null,
    "webapi_url": "https://mriqc.nimh.nih.gov/api/v1"
  },
  "size_t": 265,
  "size_x": 64,
  "size_y": 64,
  "size_z": 37,
  "snr": 4.917740444050388,
  "spacing_tr": 2.0,
  "spacing_x": 3.0,
  "spacing_y": 3.0,
  "spacing_z": 3.299999952316284,
  "summary_bg_k": 28.051796046322977,
  "summary_bg_mad": 9.192134885870457,
  "summary_bg_mean": 56.96315002441406,
  "summary_bg_median": 31.049057006835938,
  "summary_bg_n": 77887.0,
  "summary_bg_p05": 23.35094451904297,
  "summary_bg_p95": 188.9113189697265,
  "summary_bg_stdv": 78.31781768798828,
  "summary_fg_k": 1.2457023657022797,
  "summary_fg_mad": 162.66102749357776,
  "summary_fg_mean": 911.7017822265625,
  "summary_fg_median": 892.3698120117188,
  "summary_fg_n": 38949.0,
  "summary_fg_p05": 668.9592651367187,
  "summary_fg_p95": 1248.2422607421875,
  "summary_fg_stdv": 181.4569854736328,
  "tsnr": 51.212041249964386
}