{
  "aor": 0.0003854511278195489,
  "aqi": 0.005923519887218045,
  "bids_meta": {
    "AcquisitionMatrixPE": 64,
    "AcquisitionNumber": 1,
    "AcquisitionTime": "13:33:17.410000",
    "BandwidthPerPixelPhaseEncode": 58.962,
    "BaseResolution": 64,
    "CoilString": "t:HEA;HEP",
    "ConversionSoftware": "dcm2niix",
    "ConversionSoftwareVersion": "v1.0.20181125  (JP2:OpenJPEG) (JP-LS:CharLS) Clang10.0.0",
    "DerivedVendorReportedEchoSpacing": 0.000530002,
    "DeviceSerialNumber": "35370",
    "DwellTime": 3.5e-06,
    "EchoTime": 0.03,
    "EffectiveEchoSpacing": 0.000265001,
    "FlipAngle": 70,
    "ImageOrientationPatientDICOM": [
      0.998212,
      -0.0435418,
      -0.0409489,
      0.0418375,
      0.998258,
      -0.0415943
    ],
    "ImageType": [
      "ORIGINAL",
      "PRIMARY",
      "M",
      "ND",
      "MOSAIC"
    ],
    "ImagingFrequency": 123.243,
    "InPlanePhaseEncodingDirectionDICOM": "COL",
    "InstitutionAddress": "Habelschwerdter_Allee_45_Berlin_District_DE_14195",
    "InstitutionName": "Freie_Universitaet",
    "InstitutionalDepartmentName": "Department",
    "MRAcquisitionType": "2D",
    "MagneticFieldStrength": 3,
    "Manufacturer": "Siemens",
    "ManufacturersModelName": "TrioTim",
    "Modality": "MR",
    "ParallelReductionFactorInPlane": 2,
    "PartialFourier": 1,
    "PatientPosition": "HFS",
    "PercentPhaseFOV": 100,
    "PhaseEncodingDirection": "j-",
    "PhaseEncodingSteps": 63,
    "PhaseResolution": 1,
    "PixelBandwidth": 2232,
    "ProcedureStepDescription": "Projekte_fMRI_12ch_localizer",
    "ProtocolName": "ep2d_267",
    "PulseSequenceDetails": "%SiemensSeq%_ep2d_bold",
    "ReceiveCoilName": "HeadMatrix",
    "ReconMatrixPE": 64,
    "RepetitionTime": 2,
    "SAR": 0.130697,
    "ScanOptions": "FS",
    "ScanningSequence": "EP",
    "SequenceName": "_epfid2d1_64",
    "SequenceVariant": "SK",
    "SeriesDescription": "ep2d_267",
    "SeriesNumber": 5,
    "ShimSetting": [
      -6833,
      -5533,
      -10685,
      623,
      658,
      1624,
      463,
      130
    ],
    "SliceThickness": 3,
    "SliceTiming": [
      0,
      1.03,
      0.0525,
      1.085,
      0.1075,
      1.1375,
      0.1625,
      1.1925,
      0.215,
      1.2475,
      0.27,
      1.3,
      0.325,
      1.355,
      0.38,
      1.41,
      0.4325,
      1.465,
      0.4875,
      1.5175,
      0.5425,
      1.5725,
      0.595,
      1.6275,
      0.65,
      1.68,
      0.705,
      1.735,
      0.7575,
      1.79,
      0.8125,
      1.8425,
      0.8675,
      1.8975,
      0.9225,
      1.9525,
      0.975
    ],
    "SoftwareVersions": "syngo_MR_B17",
    "SpacingBetweenSlices": 3.3,
    "StationName": "MRC35370",
    "TaskName": "silentreading",
    "TotalReadoutTime": 0.0166951,
    "TxRefAmp": 285.593,
    "dataset": "ds002727",
    "modality": "bold",
    "run_id": 2,
    "subject_id": "18",
    "task_id": "silentreading"
  },
  "dummy_trs": 1,
  "dvars_nstd": 29.377274934264147,
  "dvars_std": 1.0810675186415097,
  "dvars_vstd": 1.010443440226415,
  "efc": 0.594249442419454,
  "fber": 807.206787109375,
  "fd_mean": 0.048839160735588666,
  "fd_num": 0,
  "fd_perc": 0.0,
  "fwhm_avg": 1.861051220869313,
  "fwhm_x": 1.7729433333333333,
  "fwhm_y": 1.9939466666666668,
  "fwhm_z": 1.8162636626079394,
  "gcor": 0.0104367,
  "gsr_x": 0.005240504629909992,
  "gsr_y": 0.03920412436127663,
  "provenance": {
    "md5sum": "4e69de59ca9999b00b3ba2048b572d9d",
    "settings": {
      "fd_thres": 0.2,
      "testing": false
    },
    "software": "mriqc",
    "version": "22.0.6",
    "webapi_port": null,
    "webapi_url": "https://mriqc.nimh.nih.gov/api/v1"
  },
  "size_t": 266,
  "size_x": 64,
  "size_y": 64,
  "size_z": 37,
  "snr": 4.910557990779131,
  "spacing_tr": 2.0,
  "spacing_x": 3.0,
  "spacing_y": 3.0,
  "spacing_z": 3.299999952316284,
  "summary_bg_k": 29.91933659775006,
  "summary_bg_mad": 8.968071037788313,
  "summary_bg_mean": 56.378726959228516,
  "summary_bg_median": 30.86842155456543,
  "summary_bg_n": 77857.0,
  "summary_bg_p05": 23.387218475341797,
  "summary_bg_p95": 184.62782287597656,
  "summary_bg_stdv": 78.34504699707031,
  "summary_fg_k": 1.2561286736427242,
  "summary_fg_mad": 162.85775461900693,
  "summary_fg_mean": 909.7628784179688,
  "summary_fg_median": 890.5545654296875,
  "summary_fg_n": 38952.0,
  "summary_fg_p05": 667.6648590087891,
  "summary_fg_p95": 1244.32349243164,
  "summary_fg_stdv": 181.3527374267578,
  "tsnr": 52.70915611507371
}