{
  "aor": 0.0005053759398496241,
  "aqi": 0.007237471842105264,
  "bids_meta": {
    "AcquisitionMatrixPE": 64,
    "AcquisitionNumber": 1,
    "AcquisitionTime": "11:41:44.487500",
    "BandwidthPerPixelPhaseEncode": 58.962,
    "BaseResolution": 64,
    "CoilString": "t:HEA;HEP",
    "ConversionSoftware": "dcm2niix",
    "ConversionSoftwareVersion": "v1.0.20181125  (JP2:OpenJPEG) (JP-LS:CharLS) Clang10.0.0",
    "DerivedVendorReportedEchoSpacing": 0.000530002,
    "DeviceSerialNumber": "35370",
    "DwellTime": 3.5e-06,
    "EchoTime": 0.03,
    "EffectiveEchoSpacing": 0.000265001,
    "FlipAngle": 70,
    "ImageOrientationPatientDICOM": [
      0.99937,
      -0.0317726,
      -0.0158301,
      0.0314065,
      0.999245,
      -0.0228658
    ],
    "ImageType": [
      "ORIGINAL",
      "PRIMARY",
      "M",
      "ND",
      "MOSAIC"
    ],
    "ImagingFrequency": 123.243,
    "InPlanePhaseEncodingDirectionDICOM": "COL",
    "InstitutionAddress": "Habelschwerdter_Allee_45_Berlin_District_DE_14195",
    "InstitutionName": "Freie_Universitaet",
    "InstitutionalDepartmentName": "Department",
    "MRAcquisitionType": "2D",
    "MagneticFieldStrength": 3,
    "Manufacturer": "Siemens",
    "ManufacturersModelName": "TrioTim",
    "Modality": "MR",
    "ParallelReductionFactorInPlane": 2,
    "PartialFourier": 1,
    "PatientPosition": "HFS",
    "PercentPhaseFOV": 100,
    "PhaseEncodingDirection": "j-",
    "PhaseEncodingSteps": 63,
    "PhaseResolution": 1,
    "PixelBandwidth": 2232,
    "ProcedureStepDescription": "Projekte_fMRI_12ch_localizer",
    "ProtocolName": "ep2d_267",
    "PulseSequenceDetails": "%SiemensSeq%_ep2d_bold",
    "ReceiveCoilName": "HeadMatrix",
    "ReconMatrixPE": 64,
    "RepetitionTime": 2,
    "SAR": 0.120322,
    "ScanOptions": "FS",
    "ScanningSequence": "EP",
    "SequenceName": "_epfid2d1_64",
    "SequenceVariant": "SK",
    "SeriesDescription": "ep2d_267",
    "SeriesNumber": 6,
    "ShimSetting": [
      -6790,
      -5734,
      -10749,
      698,
      528,
      1040,
      992,
      191
    ],
    "SliceThickness": 3,
    "SliceTiming": [
      0,
      1.03,
      0.055,
      1.085,
      0.1075,
      1.14,
      0.1625,
      1.1925,
      0.2175,
      1.2475,
      0.2725,
      1.3025,
      0.325,
      1.3575,
      0.38,
      1.41,
      0.435,
      1.465,
      0.4875,
      1.52,
      0.5425,
      1.5725,
      0.5975,
      1.6275,
      0.65,
      1.6825,
      0.705,
      1.7375,
      0.76,
      1.79,
      0.815,
      1.845,
      0.8675,
      1.9,
      0.9225,
      1.9525,
      0.9775
    ],
    "SoftwareVersions": "syngo_MR_B17",
    "SpacingBetweenSlices": 3.3,
    "StationName": "MRC35370",
    "TaskName": "silentreading",
    "TotalReadoutTime": 0.0166951,
    "TxRefAmp": 299.906,
    "dataset": "ds002727",
    "modality": "bold",
    "run_id": 3,
    "subject_id": "15",
    "task_id": "silentreading"
  },
  "dummy_trs": 1,
  "dvars_nstd": 29.992372800603768,
  "dvars_std": 1.080656264,
  "dvars_vstd": 1.008734398867925,
  "efc": 0.5575726620312812,
  "fber": 844.572998046875,
  "fd_mean": 0.1132853543755678,
  "fd_num": 10,
  "fd_perc": 3.7593984962406015,
  "fwhm_avg": 1.8428303116435119,
  "fwhm_x": 1.7466933333333332,
  "fwhm_y": 1.99354,
  "fwhm_z": 1.7882576015972023,
  "gcor": 0.00953401,
  "gsr_x": -0.003291911445558071,
  "gsr_y": 0.02319916896522045,
  "provenance": {
    "md5sum": "f45229c921ce1a7bfffc2c84237ec23d",
    "settings": {
      "fd_thres": 0.2,
      "testing": false
    },
    "software": "mriqc",
    "version": "22.0.6",
    "webapi_port": null,
    "webapi_url": "https://mriqc.nimh.nih.gov/api/v1"
  },
  "size_t": 266,
  "size_x": 64,
  "size_y": 64,
  "size_z": 37,
  "snr": 5.195509058969073,
  "spacing_tr": 2.0,
  "spacing_x": 3.0,
  "spacing_y": 3.0,
  "spacing_z": 3.299999952316284,
  "summary_bg_k": 40.05230429544673,
  "summary_bg_mad": 7.758581540274363,
  "summary_bg_mean": 45.59548568725586,
  "summary_bg_median": 29.22556495666504,
  "summary_bg_n": 84645.0,
  "summary_bg_p05": 22.309023284912108,
  "summary_bg_p95": 116.28572082519531,
  "summary_bg_stdv": 57.168941497802734,
  "summary_fg_k": 1.3251776314441823,
  "summary_fg_mad": 152.51845015843483,
  "summary_fg_mean": 881.004150390625,
  "summary_fg_median": 865.6090698242188,
  "summary_fg_n": 33167.0,
  "summary_fg_p05": 649.5481323242187,
  "summary_fg_p95": 1181.2677368164059,
  "summary_fg_stdv": 166.6046600341797,
  "tsnr": 49.57996372017078
}