{
  "aor": 0.00038996240601503755,
  "aqi": 0.009563269887218047,
  "bids_meta": {
    "AcquisitionMatrixPE": 64,
    "AcquisitionNumber": 1,
    "AcquisitionTime": "11:22:29.910000",
    "BandwidthPerPixelPhaseEncode": 58.962,
    "BaseResolution": 64,
    "CoilString": "t:HEA;HEP",
    "ConversionSoftware": "dcm2niix",
    "ConversionSoftwareVersion": "v1.0.20181125  (JP2:OpenJPEG) (JP-LS:CharLS) Clang10.0.0",
    "DerivedVendorReportedEchoSpacing": 0.000530002,
    "DeviceSerialNumber": "35370",
    "DwellTime": 3.5e-06,
    "EchoTime": 0.03,
    "EffectiveEchoSpacing": 0.000265001,
    "FlipAngle": 70,
    "ImageOrientationPatientDICOM": [
      0.99937,
      -0.0317726,
      -0.0158301,
      0.0314065,
      0.999245,
      -0.0228658
    ],
    "ImageType": [
      "ORIGINAL",
      "PRIMARY",
      "M",
      "ND",
      "MOSAIC"
    ],
    "ImagingFrequency": 123.243,
    "InPlanePhaseEncodingDirectionDICOM": "COL",
    "InstitutionAddress": "Habelschwerdter_Allee_45_Berlin_District_DE_14195",
    "InstitutionName": "Freie_Universitaet",
    "InstitutionalDepartmentName": "Department",
    "MRAcquisitionType": "2D",
    "MagneticFieldStrength": 3,
    "Manufacturer": "Siemens",
    "ManufacturersModelName": "TrioTim",
    "Modality": "MR",
    "ParallelReductionFactorInPlane": 2,
    "PartialFourier": 1,
    "PatientPosition": "HFS",
    "PercentPhaseFOV": 100,
    "PhaseEncodingDirection": "j-",
    "PhaseEncodingSteps": 63,
    "PhaseResolution": 1,
    "PixelBandwidth": 2232,
    "ProcedureStepDescription": "Projekte_fMRI_12ch_localizer",
    "ProtocolName": "ep2d_267",
    "PulseSequenceDetails": "%SiemensSeq%_ep2d_bold",
    "ReceiveCoilName": "HeadMatrix",
    "ReconMatrixPE": 64,
    "RepetitionTime": 2,
    "SAR": 0.120322,
    "ScanOptions": "FS",
    "ScanningSequence": "EP",
    "SequenceName": "_epfid2d1_64",
    "SequenceVariant": "SK",
    "SeriesDescription": "ep2d_267",
    "SeriesNumber": 4,
    "ShimSetting": [
      -6790,
      -5734,
      -10749,
      698,
      528,
      1040,
      992,
      191
    ],
    "SliceThickness": 3,
    "SliceTiming": [
      0,
      1.03,
      0.055,
      1.085,
      0.1075,
      1.14,
      0.1625,
      1.1925,
      0.2175,
      1.2475,
      0.27,
      1.3025,
      0.325,
      1.355,
      0.38,
      1.41,
      0.435,
      1.465,
      0.4875,
      1.52,
      0.5425,
      1.5725,
      0.5975,
      1.6275,
      0.65,
      1.6825,
      0.705,
      1.735,
      0.76,
      1.79,
      0.8125,
      1.845,
      0.8675,
      1.9,
      0.9225,
      1.9525,
      0.9775
    ],
    "SoftwareVersions": "syngo_MR_B17",
    "SpacingBetweenSlices": 3.3,
    "StationName": "MRC35370",
    "TaskName": "silentreading",
    "TotalReadoutTime": 0.0166951,
    "TxRefAmp": 299.906,
    "dataset": "ds002727",
    "modality": "bold",
    "run_id": 1,
    "subject_id": "15",
    "task_id": "silentreading"
  },
  "dummy_trs": 1,
  "dvars_nstd": 29.35968018298113,
  "dvars_std": 1.0446310558867924,
  "dvars_vstd": 0.9840725218490574,
  "efc": 0.5561553863077887,
  "fber": 863.098876953125,
  "fd_mean": 0.11057901018707557,
  "fd_num": 7,
  "fd_perc": 2.6315789473684212,
  "fwhm_avg": 1.8472218267206333,
  "fwhm_x": 1.7576866666666666,
  "fwhm_y": 2.0111666666666665,
  "fwhm_z": 1.7728121468285667,
  "gcor": 0.00315805,
  "gsr_x": -0.0026083593256771564,
  "gsr_y": 0.02278978005051613,
  "provenance": {
    "md5sum": "bf1f8d1e1931ea07e270943825d147f4",
    "settings": {
      "fd_thres": 0.2,
      "testing": false
    },
    "software": "mriqc",
    "version": "22.0.6",
    "webapi_port": null,
    "webapi_url": "https://mriqc.nimh.nih.gov/api/v1"
  },
  "size_t": 266,
  "size_x": 64,
  "size_y": 64,
  "size_z": 37,
  "snr": 5.216963094306124,
  "spacing_tr": 2.0,
  "spacing_x": 3.0,
  "spacing_y": 3.0,
  "spacing_z": 3.299999952316284,
  "summary_bg_k": 38.90112407723015,
  "summary_bg_mad": 7.652681785786722,
  "summary_bg_mean": 44.70171356201172,
  "summary_bg_median": 28.909774780273438,
  "summary_bg_n": 84676.0,
  "summary_bg_p05": 21.84586524963379,
  "summary_bg_p95": 111.3656063079834,
  "summary_bg_stdv": 54.85529708862305,
  "summary_fg_k": 1.2793006964409726,
  "summary_fg_mad": 151.83298190860694,
  "summary_fg_mean": 879.0581665039062,
  "summary_fg_median": 864.6221923828125,
  "summary_fg_n": 33228.0,
  "summary_fg_p05": 647.3379943847656,
  "summary_fg_p95": 1174.6614746093749,
  "summary_fg_stdv": 165.73036193847656,
  "tsnr": 46.71071081678383
}