{
  "aor": 0.00037333333333333343,
  "aqi": 0.007351748913857677,
  "bids_meta": {
    "AcquisitionMatrixPE": 64,
    "AcquisitionNumber": 1,
    "AcquisitionTime": "10:03:17.820000",
    "BandwidthPerPixelPhaseEncode": 58.962,
    "BaseResolution": 64,
    "CoilString": "t:HEA;HEP",
    "ConversionSoftware": "dcm2niix",
    "ConversionSoftwareVersion": "v1.0.20181125  (JP2:OpenJPEG) (JP-LS:CharLS) Clang10.0.0",
    "DerivedVendorReportedEchoSpacing": 0.000530002,
    "DeviceSerialNumber": "35370",
    "DwellTime": 3.5e-06,
    "EchoTime": 0.03,
    "EffectiveEchoSpacing": 0.000265001,
    "FlipAngle": 70,
    "ImageOrientationPatientDICOM": [
      0.998505,
      0.0129596,
      -0.053101,
      -0.0261468,
      0.966373,
      -0.255812
    ],
    "ImageType": [
      "ORIGINAL",
      "PRIMARY",
      "M",
      "ND",
      "MOSAIC"
    ],
    "ImagingFrequency": 123.243,
    "InPlanePhaseEncodingDirectionDICOM": "COL",
    "InstitutionAddress": "Habelschwerdter_Allee_45_Berlin_District_DE_14195",
    "InstitutionName": "Freie_Universitaet",
    "InstitutionalDepartmentName": "Department",
    "MRAcquisitionType": "2D",
    "MagneticFieldStrength": 3,
    "Manufacturer": "Siemens",
    "ManufacturersModelName": "TrioTim",
    "Modality": "MR",
    "ParallelReductionFactorInPlane": 2,
    "PartialFourier": 1,
    "PatientPosition": "HFS",
    "PercentPhaseFOV": 100,
    "PhaseEncodingDirection": "j-",
    "PhaseEncodingSteps": 63,
    "PhaseResolution": 1,
    "PixelBandwidth": 2232,
    "ProcedureStepDescription": "Projekte_fMRI_12ch_localizer",
    "ProtocolName": "ep2d_267",
    "PulseSequenceDetails": "%SiemensSeq%_ep2d_bold",
    "ReceiveCoilName": "HeadMatrix",
    "ReconMatrixPE": 64,
    "RepetitionTime": 2,
    "SAR": 0.123933,
    "ScanOptions": "FS",
    "ScanningSequence": "EP",
    "SequenceName": "_epfid2d1_64",
    "SequenceVariant": "SK",
    "SeriesDescription": "ep2d_267",
    "SeriesNumber": 6,
    "ShimSetting": [
      -6812,
      -5506,
      -10704,
      136,
      665,
      1618,
      -128,
      7
    ],
    "SliceThickness": 3,
    "SliceTiming": [
      0,
      1.03,
      0.0525,
      1.085,
      0.1075,
      1.1375,
      0.1625,
      1.1925,
      0.2175,
      1.2475,
      0.27,
      1.3025,
      0.325,
      1.355,
      0.38,
      1.41,
      0.4325,
      1.465,
      0.4875,
      1.5175,
      0.5425,
      1.5725,
      0.595,
      1.6275,
      0.65,
      1.6825,
      0.705,
      1.735,
      0.76,
      1.79,
      0.8125,
      1.845,
      0.8675,
      1.8975,
      0.9225,
      1.9525,
      0.975
    ],
    "SoftwareVersions": "syngo_MR_B17",
    "SpacingBetweenSlices": 3.3,
    "StationName": "MRC35370",
    "TaskName": "silentreading",
    "TotalReadoutTime": 0.0166951,
    "TxRefAmp": 299.858,
    "dataset": "ds002727",
    "modality": "bold",
    "run_id": 3,
    "subject_id": "21",
    "task_id": "silentreading"
  },
  "dummy_trs": 0,
  "dvars_nstd": 31.834286524887222,
  "dvars_std": 1.06840150981203,
  "dvars_vstd": 1.0045495684210521,
  "efc": 0.6233274105349641,
  "fber": 566.9802856445312,
  "fd_mean": 0.06281739517105465,
  "fd_num": 0,
  "fd_perc": 0.0,
  "fwhm_avg": 1.8592498067692045,
  "fwhm_x": 1.7320933333333333,
  "fwhm_y": 2.0208166666666667,
  "fwhm_z": 1.8248394203076133,
  "gcor": 0.0141871,
  "gsr_x": 0.007943864911794662,
  "gsr_y": 0.0587809719145298,
  "provenance": {
    "md5sum": "899db2fc763655e93999baf330ab0ed1",
    "settings": {
      "fd_thres": 0.2,
      "testing": false
    },
    "software": "mriqc",
    "version": "22.0.6",
    "webapi_port": null,
    "webapi_url": "https://mriqc.nimh.nih.gov/api/v1"
  },
  "size_t": 267,
  "size_x": 64,
  "size_y": 64,
  "size_z": 37,
  "snr": 5.447976782038183,
  "spacing_tr": 2.0,
  "spacing_x": 3.0,
  "spacing_y": 3.0,
  "spacing_z": 3.299999952316284,
  "summary_bg_k": 14.909461462180598,
  "summary_bg_mad": 12.876982010824927,
  "summary_bg_mean": 79.12947082519531,
  "summary_bg_median": 34.29213333129883,
  "summary_bg_n": 77634.0,
  "summary_bg_p05": 23.95880126953125,
  "summary_bg_p95": 322.3423309326171,
  "summary_bg_stdv": 107.94157409667969,
  "summary_fg_k": 1.6945183097750984,
  "summary_fg_mad": 137.4877376524401,
  "summary_fg_mean": 849.6090087890625,
  "summary_fg_median": 834.857666015625,
  "summary_fg_n": 38223.0,
  "summary_fg_p05": 639.8929138183594,
  "summary_fg_p95": 1125.8423217773438,
  "summary_fg_stdv": 153.23977661132812,
  "tsnr": 47.51257401611656
}