{
  "aor": 0.000370187265917603,
  "aqi": 0.007629436891385767,
  "bids_meta": {
    "AcquisitionMatrixPE": 64,
    "AcquisitionNumber": 1,
    "AcquisitionTime": "09:42:29.190000",
    "BandwidthPerPixelPhaseEncode": 58.962,
    "BaseResolution": 64,
    "CoilString": "t:HEA;HEP",
    "ConversionSoftware": "dcm2niix",
    "ConversionSoftwareVersion": "v1.0.20181125  (JP2:OpenJPEG) (JP-LS:CharLS) Clang10.0.0",
    "DerivedVendorReportedEchoSpacing": 0.000530002,
    "DeviceSerialNumber": "35370",
    "DwellTime": 3.5e-06,
    "EchoTime": 0.03,
    "EffectiveEchoSpacing": 0.000265001,
    "FlipAngle": 70,
    "ImageOrientationPatientDICOM": [
      0.998505,
      0.0129596,
      -0.053101,
      -0.0261468,
      0.966373,
      -0.255812
    ],
    "ImageType": [
      "ORIGINAL",
      "PRIMARY",
      "M",
      "ND",
      "MOSAIC"
    ],
    "ImagingFrequency": 123.243,
    "InPlanePhaseEncodingDirectionDICOM": "COL",
    "InstitutionAddress": "Habelschwerdter_Allee_45_Berlin_District_DE_14195",
    "InstitutionName": "Freie_Universitaet",
    "InstitutionalDepartmentName": "Department",
    "MRAcquisitionType": "2D",
    "MagneticFieldStrength": 3,
    "Manufacturer": "Siemens",
    "ManufacturersModelName": "TrioTim",
    "Modality": "MR",
    "ParallelReductionFactorInPlane": 2,
    "PartialFourier": 1,
    "PatientPosition": "HFS",
    "PercentPhaseFOV": 100,
    "PhaseEncodingDirection": "j-",
    "PhaseEncodingSteps": 63,
    "PhaseResolution": 1,
    "PixelBandwidth": 2232,
    "ProcedureStepDescription": "Projekte_fMRI_12ch_localizer",
    "ProtocolName": "ep2d_267",
    "PulseSequenceDetails": "%SiemensSeq%_ep2d_bold",
    "ReceiveCoilName": "HeadMatrix",
    "ReconMatrixPE": 64,
    "RepetitionTime": 2,
    "SAR": 0.123933,
    "ScanOptions": "FS",
    "ScanningSequence": "EP",
    "SequenceName": "_epfid2d1_64",
    "SequenceVariant": "SK",
    "SeriesDescription": "ep2d_267",
    "SeriesNumber": 4,
    "ShimSetting": [
      -6812,
      -5506,
      -10704,
      136,
      665,
      1618,
      -128,
      7
    ],
    "SliceThickness": 3,
    "SliceTiming": [
      0,
      1.0325,
      0.055,
      1.085,
      0.11,
      1.14,
      0.1625,
      1.195,
      0.2175,
      1.2475,
      0.2725,
      1.3025,
      0.3275,
      1.3575,
      0.38,
      1.4125,
      0.435,
      1.465,
      0.49,
      1.52,
      0.5425,
      1.575,
      0.5975,
      1.6275,
      0.6525,
      1.6825,
      0.705,
      1.7375,
      0.76,
      1.7925,
      0.815,
      1.845,
      0.87,
      1.9,
      0.9225,
      1.955,
      0.9775
    ],
    "SoftwareVersions": "syngo_MR_B17",
    "SpacingBetweenSlices": 3.3,
    "StationName": "MRC35370",
    "TaskName": "silentreading",
    "TotalReadoutTime": 0.0166951,
    "TxRefAmp": 299.858,
    "dataset": "ds002727",
    "modality": "bold",
    "run_id": 1,
    "subject_id": "21",
    "task_id": "silentreading"
  },
  "dummy_trs": 0,
  "dvars_nstd": 32.1918842631955,
  "dvars_std": 1.0720729818797001,
  "dvars_vstd": 1.003228874210526,
  "efc": 0.618733014605147,
  "fber": 600.4860229492188,
  "fd_mean": 0.06248955912873945,
  "fd_num": 0,
  "fd_perc": 0.0,
  "fwhm_avg": 1.8507738471347708,
  "fwhm_x": 1.7360766666666667,
  "fwhm_y": 1.9993933333333331,
  "fwhm_z": 1.816851541404313,
  "gcor": 0.0112667,
  "gsr_x": 0.00824281107634306,
  "gsr_y": 0.05741950497031212,
  "provenance": {
    "md5sum": "043c425806907cfc38e61defdd652274",
    "settings": {
      "fd_thres": 0.2,
      "testing": false
    },
    "software": "mriqc",
    "version": "22.0.6",
    "webapi_port": null,
    "webapi_url": "https://mriqc.nimh.nih.gov/api/v1"
  },
  "size_t": 267,
  "size_x": 64,
  "size_y": 64,
  "size_z": 37,
  "snr": 5.458676842379536,
  "spacing_tr": 2.0,
  "spacing_x": 3.0,
  "spacing_y": 3.0,
  "spacing_z": 3.299999952316284,
  "summary_bg_k": 17.647502290733495,
  "summary_bg_mad": 11.988534282843604,
  "summary_bg_mean": 75.2955093383789,
  "summary_bg_median": 33.48314666748047,
  "summary_bg_n": 77882.0,
  "summary_bg_p05": 23.685394287109375,
  "summary_bg_p95": 301.4393341064452,
  "summary_bg_stdv": 102.59241485595703,
  "summary_fg_k": 1.7234532539088079,
  "summary_fg_mad": 136.80471265577995,
  "summary_fg_mean": 852.7042236328125,
  "summary_fg_median": 837.5842895507812,
  "summary_fg_n": 38135.0,
  "summary_fg_p05": 641.4314758300782,
  "summary_fg_p95": 1131.0262451171875,
  "summary_fg_stdv": 153.4388885498047,
  "tsnr": 47.60239490913227
}