{
  "aor": 0.0003434962406015038,
  "aqi": 0.008276965338345864,
  "bids_meta": {
    "AcquisitionMatrixPE": 64,
    "AcquisitionNumber": 1,
    "AcquisitionTime": "11:29:52.240000",
    "BandwidthPerPixelPhaseEncode": 58.962,
    "BaseResolution": 64,
    "CoilString": "t:HEA;HEP",
    "ConversionSoftware": "dcm2niix",
    "ConversionSoftwareVersion": "v1.0.20181125  (JP2:OpenJPEG) (JP-LS:CharLS) Clang10.0.0",
    "DerivedVendorReportedEchoSpacing": 0.000530002,
    "DeviceSerialNumber": "35370",
    "DwellTime": 3.5e-06,
    "EchoTime": 0.03,
    "EffectiveEchoSpacing": 0.000265001,
    "FlipAngle": 70,
    "ImageOrientationPatientDICOM": [
      0.999948,
      -0.00264463,
      0.00985737,
      0.00349045,
      0.99622,
      -0.0868017
    ],
    "ImageType": [
      "ORIGINAL",
      "PRIMARY",
      "M",
      "ND",
      "MOSAIC"
    ],
    "ImagingFrequency": 123.243,
    "InPlanePhaseEncodingDirectionDICOM": "COL",
    "InstitutionAddress": "Habelschwerdter_Allee_45_Berlin_District_DE_14195",
    "InstitutionName": "Freie_Universitaet",
    "InstitutionalDepartmentName": "Department",
    "MRAcquisitionType": "2D",
    "MagneticFieldStrength": 3,
    "Manufacturer": "Siemens",
    "ManufacturersModelName": "TrioTim",
    "Modality": "MR",
    "ParallelReductionFactorInPlane": 2,
    "PartialFourier": 1,
    "PatientPosition": "HFS",
    "PercentPhaseFOV": 100,
    "PhaseEncodingDirection": "j-",
    "PhaseEncodingSteps": 63,
    "PhaseResolution": 1,
    "PixelBandwidth": 2232,
    "ProcedureStepDescription": "Projekte_fMRI_12ch_localizer",
    "ProtocolName": "ep2d_267",
    "PulseSequenceDetails": "%SiemensSeq%_ep2d_bold",
    "ReceiveCoilName": "HeadMatrix",
    "ReconMatrixPE": 64,
    "RepetitionTime": 2,
    "SAR": 0.103667,
    "ScanOptions": "FS",
    "ScanningSequence": "EP",
    "SequenceName": "_epfid2d1_64",
    "SequenceVariant": "SK",
    "SeriesDescription": "ep2d_267",
    "SeriesNumber": 6,
    "ShimSetting": [
      -6804,
      -5535,
      -10642,
      536,
      515,
      1782,
      403,
      113
    ],
    "SliceThickness": 3,
    "SliceTiming": [
      0,
      1.03,
      0.055,
      1.085,
      0.11,
      1.14,
      0.1625,
      1.195,
      0.2175,
      1.2475,
      0.2725,
      1.3025,
      0.325,
      1.3575,
      0.38,
      1.41,
      0.435,
      1.465,
      0.4875,
      1.52,
      0.5425,
      1.5725,
      0.5975,
      1.6275,
      0.6525,
      1.6825,
      0.705,
      1.7375,
      0.76,
      1.79,
      0.815,
      1.845,
      0.8675,
      1.9,
      0.9225,
      1.9525,
      0.9775
    ],
    "SoftwareVersions": "syngo_MR_B17",
    "SpacingBetweenSlices": 3.3,
    "StationName": "MRC35370",
    "TaskName": "silentreading",
    "TotalReadoutTime": 0.0166951,
    "TxRefAmp": 289.514,
    "dataset": "ds002727",
    "modality": "bold",
    "run_id": 3,
    "subject_id": "08",
    "task_id": "silentreading"
  },
  "dummy_trs": 1,
  "dvars_nstd": 29.436891332830175,
  "dvars_std": 1.0643271512452839,
  "dvars_vstd": 0.9990080243773586,
  "efc": 0.5695457976698267,
  "fber": 773.1951293945312,
  "fd_mean": 0.08079749580526645,
  "fd_num": 0,
  "fd_perc": 0.0,
  "fwhm_avg": 1.7846983922359285,
  "fwhm_x": 1.6797033333333333,
  "fwhm_y": 1.93091,
  "fwhm_z": 1.7434818433744523,
  "gcor": 0.00397345,
  "gsr_x": 0.0012112396070733666,
  "gsr_y": 0.03446033224463463,
  "provenance": {
    "md5sum": "ba2ba8163fecfcfbae46ed70fbc020d4",
    "settings": {
      "fd_thres": 0.2,
      "testing": false
    },
    "software": "mriqc",
    "version": "22.0.6",
    "webapi_port": null,
    "webapi_url": "https://mriqc.nimh.nih.gov/api/v1"
  },
  "size_t": 266,
  "size_x": 64,
  "size_y": 64,
  "size_z": 37,
  "snr": 5.667253812763954,
  "spacing_tr": 2.0,
  "spacing_x": 3.0,
  "spacing_y": 3.0,
  "spacing_z": 3.299999952316284,
  "summary_bg_k": 36.372184453334235,
  "summary_bg_mad": 8.31037499786786,
  "summary_bg_mean": 51.18428039550781,
  "summary_bg_median": 29.507518768310547,
  "summary_bg_n": 83672.0,
  "summary_bg_p05": 22.417293548583984,
  "summary_bg_p95": 150.84154281616196,
  "summary_bg_stdv": 69.51962280273438,
  "summary_fg_k": 1.5638230324356188,
  "summary_fg_mad": 136.01481795574728,
  "summary_fg_mean": 842.2883911132812,
  "summary_fg_median": 832.7556762695312,
  "summary_fg_n": 33777.0,
  "summary_fg_p05": 641.366162109375,
  "summary_fg_p95": 1095.7044921875,
  "summary_fg_stdv": 146.93948364257812,
  "tsnr": 49.05425798892975
}