{
  "aor": 0.000336390977443609,
  "aqi": 0.006990918872180452,
  "bids_meta": {
    "AcquisitionMatrixPE": 64,
    "AcquisitionNumber": 1,
    "AcquisitionTime": "11:10:28.157500",
    "BandwidthPerPixelPhaseEncode": 58.962,
    "BaseResolution": 64,
    "CoilString": "t:HEA;HEP",
    "ConversionSoftware": "dcm2niix",
    "ConversionSoftwareVersion": "v1.0.20181125  (JP2:OpenJPEG) (JP-LS:CharLS) Clang10.0.0",
    "DerivedVendorReportedEchoSpacing": 0.000530002,
    "DeviceSerialNumber": "35370",
    "DwellTime": 3.5e-06,
    "EchoTime": 0.03,
    "EffectiveEchoSpacing": 0.000265001,
    "FlipAngle": 70,
    "ImageOrientationPatientDICOM": [
      0.999948,
      -0.00264463,
      0.00985737,
      0.00349045,
      0.99622,
      -0.0868017
    ],
    "ImageType": [
      "ORIGINAL",
      "PRIMARY",
      "M",
      "ND",
      "MOSAIC"
    ],
    "ImagingFrequency": 123.243,
    "InPlanePhaseEncodingDirectionDICOM": "COL",
    "InstitutionAddress": "Habelschwerdter_Allee_45_Berlin_District_DE_14195",
    "InstitutionName": "Freie_Universitaet",
    "InstitutionalDepartmentName": "Department",
    "MRAcquisitionType": "2D",
    "MagneticFieldStrength": 3,
    "Manufacturer": "Siemens",
    "ManufacturersModelName": "TrioTim",
    "Modality": "MR",
    "ParallelReductionFactorInPlane": 2,
    "PartialFourier": 1,
    "PatientPosition": "HFS",
    "PercentPhaseFOV": 100,
    "PhaseEncodingDirection": "j-",
    "PhaseEncodingSteps": 63,
    "PhaseResolution": 1,
    "PixelBandwidth": 2232,
    "ProcedureStepDescription": "Projekte_fMRI_12ch_localizer",
    "ProtocolName": "ep2d_267",
    "PulseSequenceDetails": "%SiemensSeq%_ep2d_bold",
    "ReceiveCoilName": "HeadMatrix",
    "ReconMatrixPE": 64,
    "RepetitionTime": 2,
    "SAR": 0.103667,
    "ScanOptions": "FS",
    "ScanningSequence": "EP",
    "SequenceName": "_epfid2d1_64",
    "SequenceVariant": "SK",
    "SeriesDescription": "ep2d_267",
    "SeriesNumber": 4,
    "ShimSetting": [
      -6804,
      -5535,
      -10642,
      536,
      515,
      1782,
      403,
      113
    ],
    "SliceThickness": 3,
    "SliceTiming": [
      0,
      1.0325,
      0.055,
      1.085,
      0.11,
      1.14,
      0.1625,
      1.195,
      0.2175,
      1.25,
      0.2725,
      1.3025,
      0.3275,
      1.3575,
      0.38,
      1.4125,
      0.435,
      1.465,
      0.49,
      1.52,
      0.5425,
      1.575,
      0.5975,
      1.6275,
      0.6525,
      1.6825,
      0.705,
      1.7375,
      0.76,
      1.7925,
      0.815,
      1.845,
      0.87,
      1.9,
      0.9225,
      1.955,
      0.9775
    ],
    "SoftwareVersions": "syngo_MR_B17",
    "SpacingBetweenSlices": 3.3,
    "StationName": "MRC35370",
    "TaskName": "silentreading",
    "TotalReadoutTime": 0.0166951,
    "TxRefAmp": 289.514,
    "dataset": "ds002727",
    "modality": "bold",
    "run_id": 1,
    "subject_id": "08",
    "task_id": "silentreading"
  },
  "dummy_trs": 1,
  "dvars_nstd": 28.355340518716993,
  "dvars_std": 1.0616016455094346,
  "dvars_vstd": 1.008731892867925,
  "efc": 0.5686234486345513,
  "fber": 788.4930419921875,
  "fd_mean": 0.07989508099413596,
  "fd_num": 0,
  "fd_perc": 0.0,
  "fwhm_avg": 1.7791708164755944,
  "fwhm_x": 1.6725733333333332,
  "fwhm_y": 1.9220300000000001,
  "fwhm_z": 1.7429091160934493,
  "gcor": 0.00642201,
  "gsr_x": 0.0008793224697001278,
  "gsr_y": 0.0324898362159729,
  "provenance": {
    "md5sum": "27e3ae66d72d6409d08a5f8e4197ccb9",
    "settings": {
      "fd_thres": 0.2,
      "testing": false
    },
    "software": "mriqc",
    "version": "22.0.6",
    "webapi_port": null,
    "webapi_url": "https://mriqc.nimh.nih.gov/api/v1"
  },
  "size_t": 266,
  "size_x": 64,
  "size_y": 64,
  "size_z": 37,
  "snr": 5.660953972303102,
  "spacing_tr": 2.0,
  "spacing_x": 3.0,
  "spacing_y": 3.0,
  "spacing_z": 3.299999952316284,
  "summary_bg_k": 36.346807426109905,
  "summary_bg_mad": 8.265785627557275,
  "summary_bg_mean": 50.461158752441406,
  "summary_bg_median": 29.289474487304688,
  "summary_bg_n": 83677.0,
  "summary_bg_p05": 22.093984603881836,
  "summary_bg_p95": 146.41729736328125,
  "summary_bg_stdv": 68.26273345947266,
  "summary_fg_k": 1.4983612096277188,
  "summary_fg_mad": 136.85086299339213,
  "summary_fg_mean": 844.09130859375,
  "summary_fg_median": 834.1992797851562,
  "summary_fg_n": 33833.0,
  "summary_fg_p05": 641.0970092773438,
  "summary_fg_p95": 1099.7797119140625,
  "summary_fg_stdv": 147.35801696777344,
  "tsnr": 51.22216312563978
}