{
  "bids_meta": {
    "AcquisitionMatrixPE": 256,
    "AcquisitionNumber": 1,
    "AcquisitionTime": "13:57:31.312500",
    "BaseResolution": 256,
    "CoilString": "T:HEA;HEP",
    "ConversionSoftware": "dcm2niix",
    "ConversionSoftwareVersion": "v1.0.20181125  (JP2:OpenJPEG) (JP-LS:CharLS) Clang10.0.0",
    "DeviceSerialNumber": "35370",
    "DwellTime": 1.15e-05,
    "EchoTime": 0.00252,
    "FlipAngle": 9,
    "ImageOrientationPatientDICOM": [
      -0.0784591,
      0.996917,
      0,
      0,
      0,
      -1
    ],
    "ImageType": [
      "ORIGINAL",
      "PRIMARY",
      "M",
      "ND",
      "NORM"
    ],
    "ImagingFrequency": 123.243,
    "InPlanePhaseEncodingDirectionDICOM": "ROW",
    "InstitutionAddress": "Habelschwerdter_Allee_45_Berlin_District_DE_14195",
    "InstitutionName": "Freie_Universitaet",
    "InstitutionalDepartmentName": "Department",
    "InversionTime": 0.9,
    "MRAcquisitionType": "3D",
    "MagneticFieldStrength": 3,
    "Manufacturer": "Siemens",
    "ManufacturersModelName": "TrioTim",
    "Modality": "MR",
    "PartialFourier": 1,
    "PatientPosition": "HFS",
    "PercentPhaseFOV": 100,
    "PhaseEncodingSteps": 255,
    "PhaseResolution": 1,
    "PixelBandwidth": 170,
    "ProcedureStepDescription": "Projekte_fMRI_12ch_localizer",
    "ProtocolName": "t1_mpr_1x1x1_176",
    "PulseSequenceDetails": "%SiemensSeq%_tfl",
    "ReceiveCoilName": "HeadMatrix",
    "ReconMatrixPE": 256,
    "RepetitionTime": 1.9,
    "SAR": 0.0967967,
    "ScanOptions": "IR",
    "ScanningSequence": "GR_IR",
    "SequenceName": "_tfl3d1_ns",
    "SequenceVariant": "SP_MP",
    "SeriesDescription": "t1_mpr_1x1x1_176",
    "SeriesNumber": 7,
    "ShimSetting": [
      -6815,
      -5538,
      -10937,
      -320,
      556,
      1071,
      213,
      71
    ],
    "SliceThickness": 1,
    "SoftwareVersions": "syngo_MR_B17",
    "StationName": "MRC35370",
    "TxRefAmp": 292.629,
    "dataset": "ds002727",
    "modality": "T1w",
    "subject_id": "16"
  },
  "cjv": 0.3704127040031108,
  "cnr": 3.676453297430288,
  "efc": 0.5635145807943517,
  "fber": 27198.06788837984,
  "fwhm_avg": 4.20611,
  "fwhm_x": 4.20867,
  "fwhm_y": 4.24266,
  "fwhm_z": 4.167,
  "icvs_csf": 0.22718632639540803,
  "icvs_gm": 0.42250545987522475,
  "icvs_wm": 0.3503082137293672,
  "inu_med": 0.48387882113456726,
  "inu_range": 0.18557661771774292,
  "provenance": {
    "md5sum": "6fe21f66d144b119fbcf1b8381b1c70d",
    "settings": {
      "testing": false
    },
    "software": "mriqc",
    "version": "22.0.6",
    "warnings": {
      "large_rot_frame": true,
      "small_air_mask": false
    },
    "webapi_port": null,
    "webapi_url": "https://mriqc.nimh.nih.gov/api/v1"
  },
  "qi_1": 9.656012000194606e-06,
  "qi_2": 0.005630553975786799,
  "rpve_csf": 23.193981883683772,
  "rpve_gm": 12.784499488155664,
  "rpve_wm": 17.841050259808814,
  "size_x": 176,
  "size_y": 256,
  "size_z": 256,
  "snr_csf": 2.995878614158889,
  "snr_gm": 12.908608704954945,
  "snr_total": 13.67001379725155,
  "snr_wm": 25.105554072640814,
  "snrd_csf": 30.113197363175104,
  "snrd_gm": 68.87855061495165,
  "snrd_total": 63.9537667471613,
  "snrd_wm": 92.86955226335716,
  "spacing_x": 1.0,
  "spacing_y": 1.0,
  "spacing_z": 1.0,
  "summary_bg_k": 9.148888685904069,
  "summary_bg_mad": 0.0,
  "summary_bg_mean": 4.329528000317839,
  "summary_bg_median": 0.0,
  "summary_bg_n": 2478073.0,
  "summary_bg_p05": 0.0,
  "summary_bg_p95": 18.428978545591235,
  "summary_bg_stdv": 7.054567458982393,
  "summary_csf_k": 1.934735110741368,
  "summary_csf_mad": 83.115519404482,
  "summary_csf_mean": 328.17674946698673,
  "summary_csf_median": 324.2616075128317,
  "summary_csf_n": 38029.0,
  "summary_csf_p05": 136.41864868216217,
  "summary_csf_p95": 513.2484339773655,
  "summary_csf_stdv": 108.23447338815139,
  "summary_gm_k": 0.045843539924811605,
  "summary_gm_mad": 57.185443611955094,
  "summary_gm_mean": 740.6136494979827,
  "summary_gm_median": 741.6904049143195,
  "summary_gm_n": 25179.0,
  "summary_gm_p05": 644.4340263828635,
  "summary_gm_p95": 833.1500822480767,
  "summary_gm_stdv": 57.45589577986815,
  "summary_wm_k": 0.2930245311851176,
  "summary_wm_mad": 38.50595773297836,
  "summary_wm_mean": 1000.6512227819992,
  "summary_wm_median": 1000.0276603884995,
  "summary_wm_n": 198147.0,
  "summary_wm_p05": 936.341310242191,
  "summary_wm_p95": 1067.1953468117863,
  "summary_wm_stdv": 39.83282480215022,
  "tpm_overlap_csf": 0.16542343739087803,
  "tpm_overlap_gm": 0.4557917229551331,
  "tpm_overlap_wm": 0.5123259370794995,
  "wm2max": 0.6533252502519311
}