{
  "aor": 0.0007423320158102765,
  "aqi": 0.007046206561264821,
  "bids_meta": {
    "AcquisitionMatrixPE": 64,
    "AcquisitionNumber": 1,
    "AcquisitionTime": "14:53:44.617500",
    "BandwidthPerPixelPhaseEncode": 58.962,
    "BaseResolution": 64,
    "CoilString": "t:HEA;HEP",
    "ConversionSoftware": "dcm2niix",
    "ConversionSoftwareVersion": "v1.0.20181125  (JP2:OpenJPEG) (JP-LS:CharLS) Clang10.0.0",
    "DerivedVendorReportedEchoSpacing": 0.000530002,
    "DeviceSerialNumber": "35370",
    "DwellTime": 3.5e-06,
    "EchoTime": 0.03,
    "EffectiveEchoSpacing": 0.000265001,
    "FlipAngle": 70,
    "ImageOrientationPatientDICOM": [
      0.999995,
      0.00323168,
      0.000480311,
      -0.00314163,
      0.991482,
      -0.130206
    ],
    "ImageType": [
      "ORIGINAL",
      "PRIMARY",
      "M",
      "ND",
      "MOSAIC"
    ],
    "ImagingFrequency": 123.243,
    "InPlanePhaseEncodingDirectionDICOM": "COL",
    "InstitutionAddress": "Habelschwerdter_Allee_45_Berlin_District_DE_14195",
    "InstitutionName": "Freie_Universitaet",
    "InstitutionalDepartmentName": "Department",
    "MRAcquisitionType": "2D",
    "MagneticFieldStrength": 3,
    "Manufacturer": "Siemens",
    "ManufacturersModelName": "TrioTim",
    "Modality": "MR",
    "ParallelReductionFactorInPlane": 2,
    "PartialFourier": 1,
    "PatientPosition": "HFS",
    "PercentPhaseFOV": 100,
    "PhaseEncodingDirection": "j-",
    "PhaseEncodingSteps": 63,
    "PhaseResolution": 1,
    "PixelBandwidth": 2232,
    "ProcedureStepDescription": "Projekte_fMRI_12ch_localizer",
    "ProtocolName": "ep2d_254",
    "PulseSequenceDetails": "%SiemensSeq%_ep2d_bold",
    "ReceiveCoilName": "HeadMatrix",
    "ReconMatrixPE": 64,
    "RepetitionTime": 2,
    "SAR": 0.1296,
    "ScanOptions": "FS",
    "ScanningSequence": "EP",
    "SequenceName": "_epfid2d1_64",
    "SequenceVariant": "SK",
    "SeriesDescription": "ep2d_254",
    "SeriesNumber": 5,
    "ShimSetting": [
      -6928,
      -5637,
      -11042,
      346,
      430,
      2103,
      182,
      182
    ],
    "SliceThickness": 3,
    "SliceTiming": [
      0,
      1.0325,
      0.055,
      1.0875,
      0.11,
      1.14,
      0.165,
      1.195,
      0.2175,
      1.25,
      0.2725,
      1.3025,
      0.3275,
      1.3575,
      0.38,
      1.4125,
      0.435,
      1.465,
      0.49,
      1.52,
      0.5425,
      1.575,
      0.5975,
      1.63,
      0.6525,
      1.6825,
      0.7075,
      1.7375,
      0.76,
      1.7925,
      0.815,
      1.845,
      0.87,
      1.9,
      0.9225,
      1.955,
      0.9775
    ],
    "SoftwareVersions": "syngo_MR_B17",
    "SpacingBetweenSlices": 3.3,
    "StationName": "MRC35370",
    "TaskName": "silentreading",
    "TotalReadoutTime": 0.0166951,
    "TxRefAmp": 303.945,
    "dataset": "ds002727",
    "modality": "bold",
    "run_id": 2,
    "subject_id": "02",
    "task_id": "silentreading"
  },
  "dummy_trs": 0,
  "dvars_nstd": 29.33019325488095,
  "dvars_std": 1.0907727173412696,
  "dvars_vstd": 1.0120988757142848,
  "efc": 0.5532911308477547,
  "fber": 903.0318603515625,
  "fd_mean": 0.10825294701212401,
  "fd_num": 12,
  "fd_perc": 4.743083003952569,
  "fwhm_avg": 1.9392760245471898,
  "fwhm_x": 1.8093899999999998,
  "fwhm_y": 2.1368199999999997,
  "fwhm_z": 1.8716180736415704,
  "gcor": 0.0132138,
  "gsr_x": -0.002973275724798441,
  "gsr_y": 0.03386976197361946,
  "provenance": {
    "md5sum": "3bbf7fca59cdd85ab5fea3a13fb1c99a",
    "settings": {
      "fd_thres": 0.2,
      "testing": false
    },
    "software": "mriqc",
    "version": "22.0.6",
    "webapi_port": null,
    "webapi_url": "https://mriqc.nimh.nih.gov/api/v1"
  },
  "size_t": 253,
  "size_x": 64,
  "size_y": 64,
  "size_z": 37,
  "snr": 5.433825920262538,
  "spacing_tr": 2.0,
  "spacing_x": 3.0,
  "spacing_y": 3.0,
  "spacing_z": 3.3000001907348633,
  "summary_bg_k": 76.31510829554894,
  "summary_bg_mad": 7.969719334850058,
  "summary_bg_mean": 51.10426712036133,
  "summary_bg_median": 29.93280792236328,
  "summary_bg_n": 85800.0,
  "summary_bg_p05": 23.150197982788086,
  "summary_bg_p95": 153.3559410095215,
  "summary_bg_stdv": 68.2091064453125,
  "summary_fg_k": 1.35629203891353,
  "summary_fg_mad": 148.23090281254775,
  "summary_fg_mean": 923.7111206054688,
  "summary_fg_median": 912.225341796875,
  "summary_fg_n": 31778.0,
  "summary_fg_p05": 678.6025909423828,
  "summary_fg_p95": 1218.9169921875,
  "summary_fg_stdv": 167.87637329101562,
  "tsnr": 53.45109868096188
}