{
  "aor": 0.001361245283018868,
  "aqi": 0.009578226603773585,
  "bids_meta": {
    "AcquisitionMatrixPE": 64,
    "AcquisitionNumber": 1,
    "AcquisitionTime": "09:47:30.475000",
    "BandwidthPerPixelPhaseEncode": 58.962,
    "BaseResolution": 64,
    "CoilString": "t:HEA;HEP",
    "ConversionSoftware": "dcm2niix",
    "ConversionSoftwareVersion": "v1.0.20181125  (JP2:OpenJPEG) (JP-LS:CharLS) Clang10.0.0",
    "DerivedVendorReportedEchoSpacing": 0.000530002,
    "DeviceSerialNumber": "35370",
    "DwellTime": 3.5e-06,
    "EchoTime": 0.03,
    "EffectiveEchoSpacing": 0.000265001,
    "FlipAngle": 70,
    "ImageOrientationPatientDICOM": [
      0.999771,
      0.0213686,
      -0.000632708,
      -0.0209422,
      0.973019,
      -0.229772
    ],
    "ImageType": [
      "ORIGINAL",
      "PRIMARY",
      "M",
      "ND",
      "MOSAIC"
    ],
    "ImagingFrequency": 123.243,
    "InPlanePhaseEncodingDirectionDICOM": "COL",
    "InstitutionAddress": "Habelschwerdter_Allee_45_Berlin_District_DE_14195",
    "InstitutionName": "Freie_Universitaet",
    "InstitutionalDepartmentName": "Department",
    "MRAcquisitionType": "2D",
    "MagneticFieldStrength": 3,
    "Manufacturer": "Siemens",
    "ManufacturersModelName": "TrioTim",
    "Modality": "MR",
    "ParallelReductionFactorInPlane": 2,
    "PartialFourier": 1,
    "PatientPosition": "HFS",
    "PercentPhaseFOV": 100,
    "PhaseEncodingDirection": "j-",
    "PhaseEncodingSteps": 63,
    "PhaseResolution": 1,
    "PixelBandwidth": 2232,
    "ProcedureStepDescription": "Projekte_fMRI_12ch_localizer",
    "ProtocolName": "ep2d_267",
    "PulseSequenceDetails": "%SiemensSeq%_ep2d_bold",
    "ReceiveCoilName": "HeadMatrix",
    "ReconMatrixPE": 64,
    "RepetitionTime": 2,
    "SAR": 0.136581,
    "ScanOptions": "FS",
    "ScanningSequence": "EP",
    "SequenceName": "_epfid2d1_64",
    "SequenceVariant": "SK",
    "SeriesDescription": "ep2d_267",
    "SeriesNumber": 8,
    "ShimSetting": [
      -6822,
      -5545,
      -10765,
      -21,
      572,
      1788,
      136,
      56
    ],
    "SliceThickness": 3,
    "SliceTiming": [
      0,
      1.03,
      0.055,
      1.085,
      0.1075,
      1.14,
      0.1625,
      1.195,
      0.2175,
      1.2475,
      0.2725,
      1.3025,
      0.325,
      1.3575,
      0.38,
      1.41,
      0.435,
      1.465,
      0.4875,
      1.52,
      0.5425,
      1.5725,
      0.5975,
      1.6275,
      0.6525,
      1.6825,
      0.705,
      1.7375,
      0.76,
      1.79,
      0.815,
      1.845,
      0.8675,
      1.9,
      0.9225,
      1.9525,
      0.9775
    ],
    "SoftwareVersions": "syngo_MR_B17",
    "SpacingBetweenSlices": 3.3,
    "StationName": "MRC35370",
    "TaskName": "silentreading",
    "TotalReadoutTime": 0.0166951,
    "TxRefAmp": 337.577,
    "dataset": "ds002727",
    "modality": "bold",
    "run_id": 1,
    "subject_id": "14",
    "task_id": "silentreading"
  },
  "dummy_trs": 2,
  "dvars_nstd": 32.4123434803788,
  "dvars_std": 1.0459484225757567,
  "dvars_vstd": 1.0066239115530302,
  "efc": 0.6046616190289091,
  "fber": 659.5040283203125,
  "fd_mean": 0.19519027115654547,
  "fd_num": 102,
  "fd_perc": 38.490566037735846,
  "fwhm_avg": 1.9309622314333676,
  "fwhm_x": 1.8109933333333332,
  "fwhm_y": 2.0694933333333334,
  "fwhm_z": 1.9124000276334363,
  "gcor": 0.00889168,
  "gsr_x": -0.00045180649613030255,
  "gsr_y": 0.0485689640045166,
  "provenance": {
    "md5sum": "3bde050b0cef759b440ec32022f1107e",
    "settings": {
      "fd_thres": 0.2,
      "testing": false
    },
    "software": "mriqc",
    "version": "22.0.6",
    "webapi_port": null,
    "webapi_url": "https://mriqc.nimh.nih.gov/api/v1"
  },
  "size_t": 265,
  "size_x": 64,
  "size_y": 64,
  "size_z": 37,
  "snr": 4.877264658284636,
  "spacing_tr": 2.0,
  "spacing_x": 3.0,
  "spacing_y": 3.0,
  "spacing_z": 3.299999952316284,
  "summary_bg_k": 26.198887820082362,
  "summary_bg_mad": 10.83138809104052,
  "summary_bg_mean": 61.83953094482422,
  "summary_bg_median": 33.04905700683594,
  "summary_bg_n": 77779.0,
  "summary_bg_p05": 24.24905776977539,
  "summary_bg_p95": 203.19660034179617,
  "summary_bg_stdv": 79.4277114868164,
  "summary_fg_k": 1.738500740656706,
  "summary_fg_mad": 152.82833610187186,
  "summary_fg_mean": 886.1812133789062,
  "summary_fg_median": 864.6434326171875,
  "summary_fg_n": 39428.0,
  "summary_fg_p05": 653.3222930908203,
  "summary_fg_p95": 1218.8232421875,
  "summary_fg_stdv": 177.2781524658203,
  "tsnr": 43.71411373576848
}