{
  "aor": 0.002154194756554307,
  "aqi": 0.01013714531835206,
  "bids_meta": {
    "AcquisitionMatrixPE": 64,
    "AcquisitionNumber": 1,
    "AcquisitionTime": "09:58:5.312500",
    "BandwidthPerPixelPhaseEncode": 58.962,
    "BaseResolution": 64,
    "CoilString": "t:HEA;HEP",
    "ConversionSoftware": "dcm2niix",
    "ConversionSoftwareVersion": "v1.0.20181125  (JP2:OpenJPEG) (JP-LS:CharLS) Clang10.0.0",
    "DerivedVendorReportedEchoSpacing": 0.000530002,
    "DeviceSerialNumber": "35370",
    "DwellTime": 3.5e-06,
    "EchoTime": 0.03,
    "EffectiveEchoSpacing": 0.000265001,
    "FlipAngle": 70,
    "ImageOrientationPatientDICOM": [
      0.999771,
      0.0213686,
      -0.000632708,
      -0.0209422,
      0.973019,
      -0.229772
    ],
    "ImageType": [
      "ORIGINAL",
      "PRIMARY",
      "M",
      "ND",
      "MOSAIC"
    ],
    "ImagingFrequency": 123.243,
    "InPlanePhaseEncodingDirectionDICOM": "COL",
    "InstitutionAddress": "Habelschwerdter_Allee_45_Berlin_District_DE_14195",
    "InstitutionName": "Freie_Universitaet",
    "InstitutionalDepartmentName": "Department",
    "MRAcquisitionType": "2D",
    "MagneticFieldStrength": 3,
    "Manufacturer": "Siemens",
    "ManufacturersModelName": "TrioTim",
    "Modality": "MR",
    "ParallelReductionFactorInPlane": 2,
    "PartialFourier": 1,
    "PatientPosition": "HFS",
    "PercentPhaseFOV": 100,
    "PhaseEncodingDirection": "j-",
    "PhaseEncodingSteps": 63,
    "PhaseResolution": 1,
    "PixelBandwidth": 2232,
    "ProcedureStepDescription": "Projekte_fMRI_12ch_localizer",
    "ProtocolName": "ep2d_267",
    "PulseSequenceDetails": "%SiemensSeq%_ep2d_bold",
    "ReceiveCoilName": "HeadMatrix",
    "ReconMatrixPE": 64,
    "RepetitionTime": 2,
    "SAR": 0.136581,
    "ScanOptions": "FS",
    "ScanningSequence": "EP",
    "SequenceName": "_epfid2d1_64",
    "SequenceVariant": "SK",
    "SeriesDescription": "ep2d_267",
    "SeriesNumber": 9,
    "ShimSetting": [
      -6822,
      -5545,
      -10765,
      -21,
      572,
      1788,
      136,
      56
    ],
    "SliceThickness": 3,
    "SliceTiming": [
      0,
      1.03,
      0.055,
      1.085,
      0.1075,
      1.14,
      0.1625,
      1.1925,
      0.2175,
      1.2475,
      0.2725,
      1.3025,
      0.325,
      1.3575,
      0.38,
      1.41,
      0.435,
      1.465,
      0.4875,
      1.52,
      0.5425,
      1.5725,
      0.5975,
      1.6275,
      0.65,
      1.6825,
      0.705,
      1.7375,
      0.76,
      1.79,
      0.815,
      1.845,
      0.8675,
      1.9,
      0.9225,
      1.9525,
      0.9775
    ],
    "SoftwareVersions": "syngo_MR_B17",
    "SpacingBetweenSlices": 3.3,
    "StationName": "MRC35370",
    "TaskName": "silentreading",
    "TotalReadoutTime": 0.0166951,
    "TxRefAmp": 337.577,
    "dataset": "ds002727",
    "modality": "bold",
    "run_id": 2,
    "subject_id": "14",
    "task_id": "silentreading"
  },
  "dummy_trs": 0,
  "dvars_nstd": 33.210439718045116,
  "dvars_std": 1.0719697970300754,
  "dvars_vstd": 1.0258313296240604,
  "efc": 0.6050252697514923,
  "fber": 661.0664672851562,
  "fd_mean": 0.2109639765840253,
  "fd_num": 107,
  "fd_perc": 40.0749063670412,
  "fwhm_avg": 1.934761625262711,
  "fwhm_x": 1.82997,
  "fwhm_y": 2.0847633333333335,
  "fwhm_z": 1.8895515424547997,
  "gcor": 0.00665236,
  "gsr_x": -0.0011264840140938759,
  "gsr_y": 0.048336129635572433,
  "provenance": {
    "md5sum": "0b91baa175311c9a581aedbbb6fbf2cf",
    "settings": {
      "fd_thres": 0.2,
      "testing": false
    },
    "software": "mriqc",
    "version": "22.0.6",
    "webapi_port": null,
    "webapi_url": "https://mriqc.nimh.nih.gov/api/v1"
  },
  "size_t": 267,
  "size_x": 64,
  "size_y": 64,
  "size_z": 37,
  "snr": 4.874184350190234,
  "spacing_tr": 2.0,
  "spacing_x": 3.0,
  "spacing_y": 3.0,
  "spacing_z": 3.299999952316284,
  "summary_bg_k": 25.6893538153812,
  "summary_bg_mad": 11.150054475548991,
  "summary_bg_mean": 61.94670486450195,
  "summary_bg_median": 32.955055236816406,
  "summary_bg_n": 77775.0,
  "summary_bg_p05": 23.59550666809082,
  "summary_bg_p95": 201.93969879150393,
  "summary_bg_stdv": 79.0050048828125,
  "summary_fg_k": 1.7386631543580355,
  "summary_fg_mad": 152.27489401395803,
  "summary_fg_mean": 885.6744995117188,
  "summary_fg_median": 863.8801879882812,
  "summary_fg_n": 39396.0,
  "summary_fg_p05": 652.3651580810547,
  "summary_fg_p95": 1217.7491149902344,
  "summary_fg_stdv": 177.2335968017578,
  "tsnr": 42.36429694772232
}