{
  "aor": 0.0023970037453183517,
  "aqi": 0.009934098352059925,
  "bids_meta": {
    "AcquisitionMatrixPE": 64,
    "AcquisitionNumber": 1,
    "AcquisitionTime": "10:09:1.047500",
    "BandwidthPerPixelPhaseEncode": 58.962,
    "BaseResolution": 64,
    "CoilString": "t:HEA;HEP",
    "ConversionSoftware": "dcm2niix",
    "ConversionSoftwareVersion": "v1.0.20181125  (JP2:OpenJPEG) (JP-LS:CharLS) Clang10.0.0",
    "DerivedVendorReportedEchoSpacing": 0.000530002,
    "DeviceSerialNumber": "35370",
    "DwellTime": 3.5e-06,
    "EchoTime": 0.03,
    "EffectiveEchoSpacing": 0.000265001,
    "FlipAngle": 70,
    "ImageOrientationPatientDICOM": [
      0.999771,
      0.0213686,
      -0.000632708,
      -0.0209422,
      0.973019,
      -0.229772
    ],
    "ImageType": [
      "ORIGINAL",
      "PRIMARY",
      "M",
      "ND",
      "MOSAIC"
    ],
    "ImagingFrequency": 123.243,
    "InPlanePhaseEncodingDirectionDICOM": "COL",
    "InstitutionAddress": "Habelschwerdter_Allee_45_Berlin_District_DE_14195",
    "InstitutionName": "Freie_Universitaet",
    "InstitutionalDepartmentName": "Department",
    "MRAcquisitionType": "2D",
    "MagneticFieldStrength": 3,
    "Manufacturer": "Siemens",
    "ManufacturersModelName": "TrioTim",
    "Modality": "MR",
    "ParallelReductionFactorInPlane": 2,
    "PartialFourier": 1,
    "PatientPosition": "HFS",
    "PercentPhaseFOV": 100,
    "PhaseEncodingDirection": "j-",
    "PhaseEncodingSteps": 63,
    "PhaseResolution": 1,
    "PixelBandwidth": 2232,
    "ProcedureStepDescription": "Projekte_fMRI_12ch_localizer",
    "ProtocolName": "ep2d_267",
    "PulseSequenceDetails": "%SiemensSeq%_ep2d_bold",
    "ReceiveCoilName": "HeadMatrix",
    "ReconMatrixPE": 64,
    "RepetitionTime": 2,
    "SAR": 0.136581,
    "ScanOptions": "FS",
    "ScanningSequence": "EP",
    "SequenceName": "_epfid2d1_64",
    "SequenceVariant": "SK",
    "SeriesDescription": "ep2d_267",
    "SeriesNumber": 10,
    "ShimSetting": [
      -6822,
      -5545,
      -10765,
      -21,
      572,
      1788,
      136,
      56
    ],
    "SliceThickness": 3,
    "SliceTiming": [
      0,
      1.03,
      0.0525,
      1.085,
      0.1075,
      1.1375,
      0.1625,
      1.1925,
      0.2175,
      1.2475,
      0.27,
      1.3025,
      0.325,
      1.355,
      0.38,
      1.41,
      0.4325,
      1.465,
      0.4875,
      1.5175,
      0.5425,
      1.5725,
      0.595,
      1.6275,
      0.65,
      1.68,
      0.705,
      1.735,
      0.76,
      1.79,
      0.8125,
      1.845,
      0.8675,
      1.8975,
      0.9225,
      1.9525,
      0.975
    ],
    "SoftwareVersions": "syngo_MR_B17",
    "SpacingBetweenSlices": 3.3,
    "StationName": "MRC35370",
    "TaskName": "silentreading",
    "TotalReadoutTime": 0.0166951,
    "TxRefAmp": 337.577,
    "dataset": "ds002727",
    "modality": "bold",
    "run_id": 3,
    "subject_id": "14",
    "task_id": "silentreading"
  },
  "dummy_trs": 0,
  "dvars_nstd": 32.12663897875938,
  "dvars_std": 1.0638916496616535,
  "dvars_vstd": 1.0275727796616545,
  "efc": 0.6048029365281579,
  "fber": 660.6303100585938,
  "fd_mean": 0.18510665495423193,
  "fd_num": 99,
  "fd_perc": 37.07865168539326,
  "fwhm_avg": 1.9348516252558072,
  "fwhm_x": 1.83016,
  "fwhm_y": 2.0862766666666666,
  "fwhm_z": 1.8881182091007551,
  "gcor": 0.00629324,
  "gsr_x": -0.0007197161321528256,
  "gsr_y": 0.04910951480269432,
  "provenance": {
    "md5sum": "86f4bcfa655f70239efff2b50dc156e5",
    "settings": {
      "fd_thres": 0.2,
      "testing": false
    },
    "software": "mriqc",
    "version": "22.0.6",
    "webapi_port": null,
    "webapi_url": "https://mriqc.nimh.nih.gov/api/v1"
  },
  "size_t": 267,
  "size_x": 64,
  "size_y": 64,
  "size_z": 37,
  "snr": 4.864194371545243,
  "spacing_tr": 2.0,
  "spacing_x": 3.0,
  "spacing_y": 3.0,
  "spacing_z": 3.299999952316284,
  "summary_bg_k": 25.707161952393058,
  "summary_bg_mad": 10.866860507401249,
  "summary_bg_mean": 61.935516357421875,
  "summary_bg_median": 32.93258285522461,
  "summary_bg_n": 77856.0,
  "summary_bg_p05": 23.921348571777344,
  "summary_bg_p95": 203.914794921875,
  "summary_bg_stdv": 78.24003601074219,
  "summary_fg_k": 1.680054766624579,
  "summary_fg_mad": 152.09165002638028,
  "summary_fg_mean": 884.8215942382812,
  "summary_fg_median": 862.449462890625,
  "summary_fg_n": 39426.0,
  "summary_fg_p05": 652.3024444580078,
  "summary_fg_p95": 1218.0796508789062,
  "summary_fg_stdv": 177.303466796875,
  "tsnr": 43.0348108864855
}