{
  "bids_meta": {
    "AcquisitionMatrixPE": 256,
    "AcquisitionNumber": 1,
    "AcquisitionTime": "10:21:59.252500",
    "BaseResolution": 256,
    "CoilString": "T:HEA;HEP",
    "ConversionSoftware": "dcm2niix",
    "ConversionSoftwareVersion": "v1.0.20181125  (JP2:OpenJPEG) (JP-LS:CharLS) Clang10.0.0",
    "DeviceSerialNumber": "35370",
    "DwellTime": 1.15e-05,
    "EchoTime": 0.00252,
    "FlipAngle": 9,
    "ImageOrientationPatientDICOM": [
      -0.0541213,
      0.998533,
      0.00174482,
      0.024302,
      0.00306405,
      -0.9997
    ],
    "ImageType": [
      "ORIGINAL",
      "PRIMARY",
      "M",
      "ND",
      "NORM"
    ],
    "ImagingFrequency": 123.243,
    "InPlanePhaseEncodingDirectionDICOM": "ROW",
    "InstitutionAddress": "Habelschwerdter_Allee_45_Berlin_District_DE_14195",
    "InstitutionName": "Freie_Universitaet",
    "InstitutionalDepartmentName": "Department",
    "InversionTime": 0.9,
    "MRAcquisitionType": "3D",
    "MagneticFieldStrength": 3,
    "Manufacturer": "Siemens",
    "ManufacturersModelName": "TrioTim",
    "Modality": "MR",
    "PartialFourier": 1,
    "PatientPosition": "HFS",
    "PercentPhaseFOV": 100,
    "PhaseEncodingSteps": 255,
    "PhaseResolution": 1,
    "PixelBandwidth": 170,
    "ProcedureStepDescription": "Projekte_fMRI_12ch_localizer",
    "ProtocolName": "t1_mpr_1x1x1_176",
    "PulseSequenceDetails": "%SiemensSeq%_tfl",
    "ReceiveCoilName": "HeadMatrix",
    "ReconMatrixPE": 256,
    "RepetitionTime": 1.9,
    "SAR": 0.113665,
    "ScanOptions": "IR",
    "ScanningSequence": "GR_IR",
    "SequenceName": "_tfl3d1_ns",
    "SequenceVariant": "SP_MP",
    "SeriesDescription": "t1_mpr_1x1x1_176",
    "SeriesNumber": 7,
    "ShimSetting": [
      -6807,
      -5627,
      -10845,
      -486,
      363,
      632,
      205,
      53
    ],
    "SliceThickness": 1,
    "SoftwareVersions": "syngo_MR_B17",
    "StationName": "MRC35370",
    "TxRefAmp": 307.952,
    "dataset": "ds002727",
    "modality": "T1w",
    "subject_id": "07"
  },
  "cjv": 0.4034792145547219,
  "cnr": 3.43232348326613,
  "efc": 0.5634780156882419,
  "fber": 16134.953674316404,
  "fwhm_avg": 4.316853333333333,
  "fwhm_x": 4.26762,
  "fwhm_y": 4.34753,
  "fwhm_z": 4.33541,
  "icvs_csf": 0.19984846282273233,
  "icvs_gm": 0.43004994834455856,
  "icvs_wm": 0.37010158883270905,
  "inu_med": 0.4825190603733063,
  "inu_range": 0.22532534599304205,
  "provenance": {
    "md5sum": "c4ea25bc59a749b17fcbe65cdafbf6a7",
    "settings": {
      "testing": false
    },
    "software": "mriqc",
    "version": "22.0.6",
    "warnings": {
      "large_rot_frame": true,
      "small_air_mask": false
    },
    "webapi_port": null,
    "webapi_url": "https://mriqc.nimh.nih.gov/api/v1"
  },
  "qi_1": 0.0,
  "qi_2": 0.011664541350408723,
  "rpve_csf": 25.639286417499015,
  "rpve_gm": 12.439339037496323,
  "rpve_wm": 16.414220877458398,
  "size_x": 176,
  "size_y": 256,
  "size_z": 256,
  "snr_csf": 3.3922580079563995,
  "snr_gm": 13.205141099580347,
  "snr_total": 13.299957326821733,
  "snr_wm": 23.30247287292845,
  "snrd_csf": 23.65752326618914,
  "snrd_gm": 60.00844677713962,
  "snrd_total": 54.44034259317008,
  "snrd_wm": 79.65505773618148,
  "spacing_x": 1.0,
  "spacing_y": 1.0,
  "spacing_z": 1.0,
  "summary_bg_k": 9.027484405849233,
  "summary_bg_mad": 0.0,
  "summary_bg_mean": 4.906697342704869,
  "summary_bg_median": 0.0,
  "summary_bg_n": 2491543.0,
  "summary_bg_p05": 0.0,
  "summary_bg_p95": 20.848440900444984,
  "summary_bg_stdv": 8.22466794524045,
  "summary_csf_k": 2.4726738868920597,
  "summary_csf_mad": 59.60243690594874,
  "summary_csf_mean": 305.49661236014254,
  "summary_csf_median": 296.9996374361217,
  "summary_csf_n": 51725.0,
  "summary_csf_p05": 178.62581581920386,
  "summary_csf_p95": 466.72407544478756,
  "summary_csf_stdv": 87.55134950732106,
  "summary_gm_k": -0.05884910051937631,
  "summary_gm_mad": 57.653766477231144,
  "summary_gm_mean": 751.9117408853475,
  "summary_gm_median": 753.3538796678185,
  "summary_gm_n": 28558.0,
  "summary_gm_p05": 656.9071791544557,
  "summary_gm_p95": 843.5007252134383,
  "summary_gm_stdv": 57.049045063528176,
  "summary_wm_k": 0.21121088101815566,
  "summary_wm_mad": 41.86281645141609,
  "summary_wm_mean": 1001.3836316409872,
  "summary_wm_median": 1000.0000000596046,
  "summary_wm_n": 205398.0,
  "summary_wm_p05": 933.1943437829614,
  "summary_wm_p95": 1074.193256046623,
  "summary_wm_stdv": 42.91379593966165,
  "tpm_overlap_csf": 0.1487351122427355,
  "tpm_overlap_gm": 0.43259773322233463,
  "tpm_overlap_wm": 0.4793292180072256,
  "wm2max": 0.45041594424264125
}