{
  "aor": 0.00030308270676691727,
  "aqi": 0.007027798721804512,
  "bids_meta": {
    "AcquisitionMatrixPE": 64,
    "AcquisitionNumber": 1,
    "AcquisitionTime": "16:57:48.707500",
    "BandwidthPerPixelPhaseEncode": 58.962,
    "BaseResolution": 64,
    "CoilString": "t:HEA;HEP",
    "ConversionSoftware": "dcm2niix",
    "ConversionSoftwareVersion": "v1.0.20181125  (JP2:OpenJPEG) (JP-LS:CharLS) Clang10.0.0",
    "DerivedVendorReportedEchoSpacing": 0.000530002,
    "DeviceSerialNumber": "35370",
    "DwellTime": 3.5e-06,
    "EchoTime": 0.03,
    "EffectiveEchoSpacing": 0.000265001,
    "FlipAngle": 70,
    "ImageOrientationPatientDICOM": [
      0.999995,
      0.00324171,
      0.000406877,
      -0.0031416,
      0.988273,
      -0.152666
    ],
    "ImageType": [
      "ORIGINAL",
      "PRIMARY",
      "M",
      "ND",
      "MOSAIC"
    ],
    "ImagingFrequency": 123.243,
    "InPlanePhaseEncodingDirectionDICOM": "COL",
    "InstitutionAddress": "Habelschwerdter_Allee_45_Berlin_District_DE_14195",
    "InstitutionName": "Freie_Universitaet",
    "InstitutionalDepartmentName": "Department",
    "MRAcquisitionType": "2D",
    "MagneticFieldStrength": 3,
    "Manufacturer": "Siemens",
    "ManufacturersModelName": "TrioTim",
    "Modality": "MR",
    "ParallelReductionFactorInPlane": 2,
    "PartialFourier": 1,
    "PatientPosition": "HFS",
    "PercentPhaseFOV": 100,
    "PhaseEncodingDirection": "j-",
    "PhaseEncodingSteps": 63,
    "PhaseResolution": 1,
    "PixelBandwidth": 2232,
    "ProcedureStepDescription": "Projekte_fMRI_12ch_localizer",
    "ProtocolName": "ep2d_267",
    "PulseSequenceDetails": "%SiemensSeq%_ep2d_bold",
    "ReceiveCoilName": "HeadMatrix",
    "ReconMatrixPE": 64,
    "RepetitionTime": 2,
    "SAR": 0.127089,
    "ScanOptions": "FS",
    "ScanningSequence": "EP",
    "SequenceName": "_epfid2d1_64",
    "SequenceVariant": "SK",
    "SeriesDescription": "ep2d_267",
    "SeriesNumber": 5,
    "ShimSetting": [
      -6837,
      -5779,
      -10886,
      315,
      599,
      1825,
      508,
      115
    ],
    "SliceThickness": 3,
    "SliceTiming": [
      0,
      1.03,
      0.055,
      1.085,
      0.1075,
      1.14,
      0.1625,
      1.1925,
      0.2175,
      1.2475,
      0.27,
      1.3025,
      0.325,
      1.355,
      0.38,
      1.41,
      0.4325,
      1.465,
      0.4875,
      1.5175,
      0.5425,
      1.5725,
      0.5975,
      1.6275,
      0.65,
      1.6825,
      0.705,
      1.735,
      0.76,
      1.79,
      0.8125,
      1.845,
      0.8675,
      1.8975,
      0.9225,
      1.9525,
      0.975
    ],
    "SoftwareVersions": "syngo_MR_B17",
    "SpacingBetweenSlices": 3.3,
    "StationName": "MRC35370",
    "TaskName": "silentreading",
    "TotalReadoutTime": 0.0166951,
    "TxRefAmp": 294.903,
    "dataset": "ds002727",
    "modality": "bold",
    "run_id": 2,
    "subject_id": "06",
    "task_id": "silentreading"
  },
  "dummy_trs": 1,
  "dvars_nstd": 27.0735100074717,
  "dvars_std": 1.0285072472830192,
  "dvars_vstd": 1.0013494550188682,
  "efc": 0.5773308777623696,
  "fber": 863.1183471679688,
  "fd_mean": 0.040232974883106704,
  "fd_num": 0,
  "fd_perc": 0.0,
  "fwhm_avg": 1.8449122876683592,
  "fwhm_x": 1.7343033333333333,
  "fwhm_y": 1.9545033333333333,
  "fwhm_z": 1.845930196338411,
  "gcor": 0.00680395,
  "gsr_x": -0.012702184729278088,
  "gsr_y": 0.046798788011074066,
  "provenance": {
    "md5sum": "3518bc2ebc9ec63150656f9657cf277c",
    "settings": {
      "fd_thres": 0.2,
      "testing": false
    },
    "software": "mriqc",
    "version": "22.0.6",
    "webapi_port": null,
    "webapi_url": "https://mriqc.nimh.nih.gov/api/v1"
  },
  "size_t": 266,
  "size_x": 64,
  "size_y": 64,
  "size_z": 37,
  "snr": 5.0478349495244395,
  "spacing_tr": 2.0,
  "spacing_x": 3.0,
  "spacing_y": 3.0,
  "spacing_z": 3.3000001907348633,
  "summary_bg_k": 74.51518734639184,
  "summary_bg_mad": 6.922525191272253,
  "summary_bg_mean": 48.5135383605957,
  "summary_bg_median": 28.875940322875977,
  "summary_bg_n": 80360.0,
  "summary_bg_p05": 22.830827713012695,
  "summary_bg_p95": 140.5648590087891,
  "summary_bg_stdv": 65.44686889648438,
  "summary_fg_k": 1.0739054265818595,
  "summary_fg_mad": 160.16284637503014,
  "summary_fg_mean": 879.581787109375,
  "summary_fg_median": 863.18798828125,
  "summary_fg_n": 36716.0,
  "summary_fg_p05": 644.9633483886719,
  "summary_fg_p95": 1188.9304809570312,
  "summary_fg_stdv": 170.99929809570312,
  "tsnr": 49.69810992339626
}