{
  "aor": 0.00040424812030075195,
  "aqi": 0.007049857368421053,
  "bids_meta": {
    "AcquisitionMatrixPE": 64,
    "AcquisitionNumber": 1,
    "AcquisitionTime": "16:48:23.895000",
    "BandwidthPerPixelPhaseEncode": 58.962,
    "BaseResolution": 64,
    "CoilString": "t:HEA;HEP",
    "ConversionSoftware": "dcm2niix",
    "ConversionSoftwareVersion": "v1.0.20181125  (JP2:OpenJPEG) (JP-LS:CharLS) Clang10.0.0",
    "DerivedVendorReportedEchoSpacing": 0.000530002,
    "DeviceSerialNumber": "35370",
    "DwellTime": 3.5e-06,
    "EchoTime": 0.03,
    "EffectiveEchoSpacing": 0.000265001,
    "FlipAngle": 70,
    "ImageOrientationPatientDICOM": [
      0.999995,
      0.00324171,
      0.000406877,
      -0.0031416,
      0.988273,
      -0.152666
    ],
    "ImageType": [
      "ORIGINAL",
      "PRIMARY",
      "M",
      "ND",
      "MOSAIC"
    ],
    "ImagingFrequency": 123.243,
    "InPlanePhaseEncodingDirectionDICOM": "COL",
    "InstitutionAddress": "Habelschwerdter_Allee_45_Berlin_District_DE_14195",
    "InstitutionName": "Freie_Universitaet",
    "InstitutionalDepartmentName": "Department",
    "MRAcquisitionType": "2D",
    "MagneticFieldStrength": 3,
    "Manufacturer": "Siemens",
    "ManufacturersModelName": "TrioTim",
    "Modality": "MR",
    "ParallelReductionFactorInPlane": 2,
    "PartialFourier": 1,
    "PatientPosition": "HFS",
    "PercentPhaseFOV": 100,
    "PhaseEncodingDirection": "j-",
    "PhaseEncodingSteps": 63,
    "PhaseResolution": 1,
    "PixelBandwidth": 2232,
    "ProcedureStepDescription": "Projekte_fMRI_12ch_localizer",
    "ProtocolName": "ep2d_267",
    "PulseSequenceDetails": "%SiemensSeq%_ep2d_bold",
    "ReceiveCoilName": "HeadMatrix",
    "ReconMatrixPE": 64,
    "RepetitionTime": 2,
    "SAR": 0.127089,
    "ScanOptions": "FS",
    "ScanningSequence": "EP",
    "SequenceName": "_epfid2d1_64",
    "SequenceVariant": "SK",
    "SeriesDescription": "ep2d_267",
    "SeriesNumber": 4,
    "ShimSetting": [
      -6837,
      -5779,
      -10886,
      315,
      599,
      1825,
      508,
      115
    ],
    "SliceThickness": 3,
    "SliceTiming": [
      0,
      1.0325,
      0.055,
      1.085,
      0.11,
      1.14,
      0.1625,
      1.195,
      0.2175,
      1.2475,
      0.2725,
      1.3025,
      0.325,
      1.3575,
      0.38,
      1.41,
      0.435,
      1.465,
      0.4875,
      1.52,
      0.5425,
      1.575,
      0.5975,
      1.6275,
      0.6525,
      1.6825,
      0.705,
      1.7375,
      0.76,
      1.79,
      0.815,
      1.845,
      0.8675,
      1.9,
      0.9225,
      1.9525,
      0.9775
    ],
    "SoftwareVersions": "syngo_MR_B17",
    "SpacingBetweenSlices": 3.3,
    "StationName": "MRC35370",
    "TaskName": "silentreading",
    "TotalReadoutTime": 0.0166951,
    "TxRefAmp": 294.903,
    "dataset": "ds002727",
    "modality": "bold",
    "run_id": 1,
    "subject_id": "06",
    "task_id": "silentreading"
  },
  "dummy_trs": 1,
  "dvars_nstd": 26.6187402474717,
  "dvars_std": 1.0222357217735851,
  "dvars_vstd": 1.0009445038867921,
  "efc": 0.576479608064514,
  "fber": 873.0834350585938,
  "fd_mean": 0.041014433551801864,
  "fd_num": 0,
  "fd_perc": 0.0,
  "fwhm_avg": 1.847749257503578,
  "fwhm_x": 1.73632,
  "fwhm_y": 1.9681733333333333,
  "fwhm_z": 1.8387544391774011,
  "gcor": 0.00356701,
  "gsr_x": -0.012437844648957253,
  "gsr_y": 0.046750716865062714,
  "provenance": {
    "md5sum": "ef3dd8e586cee460261b2c2541f71e97",
    "settings": {
      "fd_thres": 0.2,
      "testing": false
    },
    "software": "mriqc",
    "version": "22.0.6",
    "webapi_port": null,
    "webapi_url": "https://mriqc.nimh.nih.gov/api/v1"
  },
  "size_t": 266,
  "size_x": 64,
  "size_y": 64,
  "size_z": 37,
  "snr": 5.057482237011712,
  "spacing_tr": 2.0,
  "spacing_x": 3.0,
  "spacing_y": 3.0,
  "spacing_z": 3.3000001907348633,
  "summary_bg_k": 73.41547456752429,
  "summary_bg_mad": 6.96154371813333,
  "summary_bg_mean": 47.91762924194336,
  "summary_bg_median": 28.72556495666504,
  "summary_bg_n": 80447.0,
  "summary_bg_p05": 22.312030792236328,
  "summary_bg_p95": 137.34624176025386,
  "summary_bg_stdv": 64.5013427734375,
  "summary_fg_k": 1.0263940490544927,
  "summary_fg_mad": 160.38301063269765,
  "summary_fg_mean": 879.6497192382812,
  "summary_fg_median": 862.9661865234375,
  "summary_fg_n": 36725.0,
  "summary_fg_p05": 643.657177734375,
  "summary_fg_p95": 1189.91962890625,
  "summary_fg_stdv": 170.62925720214844,
  "tsnr": 49.62708600796759
}