{
  "aor": 0.0006500416666666666,
  "aqi": 0.006657529708333333,
  "bids_meta": {
    "AcquisitionMatrixPE": 64,
    "AcquisitionNumber": 1,
    "AcquisitionTime": "11:32:28.132500",
    "BandwidthPerPixelPhaseEncode": 58.962,
    "BaseResolution": 64,
    "CoilString": "t:HEA;HEP",
    "ConversionSoftware": "dcm2niix",
    "ConversionSoftwareVersion": "v1.0.20181125  (JP2:OpenJPEG) (JP-LS:CharLS) Clang10.0.0",
    "DerivedVendorReportedEchoSpacing": 0.000530002,
    "DeviceSerialNumber": "35370",
    "DwellTime": 3.5e-06,
    "EchoTime": 0.03,
    "EffectiveEchoSpacing": 0.000265001,
    "FlipAngle": 70,
    "ImageComments": "Pilot",
    "ImageOrientationPatientDICOM": [
      0.994975,
      0.0939402,
      -0.0346348,
      -0.0993118,
      0.969905,
      -0.222311
    ],
    "ImageType": [
      "ORIGINAL",
      "PRIMARY",
      "M",
      "ND",
      "MOSAIC"
    ],
    "ImagingFrequency": 123.243,
    "InPlanePhaseEncodingDirectionDICOM": "COL",
    "InstitutionAddress": "Habelschwerdter_Allee_45_Berlin_District_DE_14195",
    "InstitutionName": "Freie_Universitaet",
    "InstitutionalDepartmentName": "Department",
    "MRAcquisitionType": "2D",
    "MagneticFieldStrength": 3,
    "Manufacturer": "Siemens",
    "ManufacturersModelName": "TrioTim",
    "Modality": "MR",
    "ParallelReductionFactorInPlane": 2,
    "PartialFourier": 1,
    "PatientPosition": "HFS",
    "PercentPhaseFOV": 100,
    "PhaseEncodingDirection": "j-",
    "PhaseEncodingSteps": 63,
    "PhaseResolution": 1,
    "PixelBandwidth": 2232,
    "ProcedureStepDescription": "Projekte_fMRI_12ch_localizer",
    "ProtocolName": "ep2d",
    "PulseSequenceDetails": "%SiemensSeq%_ep2d_bold",
    "ReceiveCoilName": "HeadMatrix",
    "ReconMatrixPE": 64,
    "RepetitionTime": 2,
    "SAR": 0.123564,
    "ScanOptions": "FS",
    "ScanningSequence": "EP",
    "SequenceName": "_epfid2d1_64",
    "SequenceVariant": "SK",
    "SeriesDescription": "ep2d",
    "SeriesNumber": 6,
    "ShimSetting": [
      -6874,
      -5756,
      -10891,
      314,
      469,
      1880,
      421,
      0
    ],
    "SliceThickness": 3,
    "SliceTiming": [
      0,
      1.03,
      0.055,
      1.085,
      0.1075,
      1.14,
      0.1625,
      1.195,
      0.2175,
      1.2475,
      0.2725,
      1.3025,
      0.325,
      1.3575,
      0.38,
      1.41,
      0.435,
      1.465,
      0.4875,
      1.52,
      0.5425,
      1.5725,
      0.5975,
      1.6275,
      0.6525,
      1.6825,
      0.705,
      1.7375,
      0.76,
      1.79,
      0.815,
      1.845,
      0.8675,
      1.9,
      0.9225,
      1.9525,
      0.9775
    ],
    "SoftwareVersions": "syngo_MR_B17",
    "SpacingBetweenSlices": 3.3,
    "StationName": "MRC35370",
    "TaskName": "silentreading",
    "TotalReadoutTime": 0.0166951,
    "TxRefAmp": 301.253,
    "dataset": "ds002727",
    "modality": "bold",
    "run_id": 3,
    "subject_id": "01",
    "task_id": "silentreading"
  },
  "dummy_trs": 6,
  "dvars_nstd": 26.297682463054404,
  "dvars_std": 1.0085377565271971,
  "dvars_vstd": 1.0023848715062766,
  "efc": 0.580376827150009,
  "fber": 722.9995727539062,
  "fd_mean": 0.07042947184585507,
  "fd_num": 0,
  "fd_perc": 0.0,
  "fwhm_avg": 1.844838493648517,
  "fwhm_x": 1.7523266666666668,
  "fwhm_y": 1.9551433333333332,
  "fwhm_z": 1.8270454809455507,
  "gcor": 0.00396911,
  "gsr_x": -0.008270174264907837,
  "gsr_y": 0.05414225533604622,
  "provenance": {
    "md5sum": "5f1fff5a36d1da0e3c00682ea048eadf",
    "settings": {
      "fd_thres": 0.2,
      "testing": false
    },
    "software": "mriqc",
    "version": "22.0.6",
    "webapi_port": null,
    "webapi_url": "https://mriqc.nimh.nih.gov/api/v1"
  },
  "size_t": 240,
  "size_x": 64,
  "size_y": 64,
  "size_z": 37,
  "snr": 5.160694354894968,
  "spacing_tr": 2.0,
  "spacing_x": 3.0,
  "spacing_y": 3.0,
  "spacing_z": 3.299999952316284,
  "summary_bg_k": 26.170588816879377,
  "summary_bg_mad": 10.631493785579163,
  "summary_bg_mean": 70.53350067138672,
  "summary_bg_median": 33.083335876464844,
  "summary_bg_n": 84562.0,
  "summary_bg_p05": 24.250001907348633,
  "summary_bg_p95": 273.49666748046855,
  "summary_bg_stdv": 98.1181640625,
  "summary_fg_k": 1.969609828847994,
  "summary_fg_mad": 154.91338120793247,
  "summary_fg_mean": 919.7515869140625,
  "summary_fg_median": 901.9708862304688,
  "summary_fg_n": 33273.0,
  "summary_fg_p05": 682.548388671875,
  "summary_fg_p95": 1238.1933837890622,
  "summary_fg_stdv": 174.7744140625,
  "tsnr": 49.42615971923806
}