{
  "aor": 0.0016154693877551021,
  "aqi": 0.008779193102040818,
  "bids_meta": {
    "AcquisitionMatrixPE": 64,
    "AcquisitionNumber": 1,
    "AcquisitionTime": "11:05:11.810000",
    "BandwidthPerPixelPhaseEncode": 58.962,
    "BaseResolution": 64,
    "CoilString": "t:HEA;HEP",
    "ConversionSoftware": "dcm2niix",
    "ConversionSoftwareVersion": "v1.0.20181125  (JP2:OpenJPEG) (JP-LS:CharLS) Clang10.0.0",
    "DerivedVendorReportedEchoSpacing": 0.000530002,
    "DeviceSerialNumber": "35370",
    "DwellTime": 3.5e-06,
    "EchoTime": 0.03,
    "EffectiveEchoSpacing": 0.000265001,
    "FlipAngle": 70,
    "ImageComments": "Pilot",
    "ImageOrientationPatientDICOM": [
      0.994975,
      0.0939402,
      -0.0346348,
      -0.0993118,
      0.969905,
      -0.222311
    ],
    "ImageType": [
      "ORIGINAL",
      "PRIMARY",
      "M",
      "ND",
      "MOSAIC"
    ],
    "ImagingFrequency": 123.243,
    "InPlanePhaseEncodingDirectionDICOM": "COL",
    "InstitutionAddress": "Habelschwerdter_Allee_45_Berlin_District_DE_14195",
    "InstitutionName": "Freie_Universitaet",
    "InstitutionalDepartmentName": "Department",
    "MRAcquisitionType": "2D",
    "MagneticFieldStrength": 3,
    "Manufacturer": "Siemens",
    "ManufacturersModelName": "TrioTim",
    "Modality": "MR",
    "ParallelReductionFactorInPlane": 2,
    "PartialFourier": 1,
    "PatientPosition": "HFS",
    "PercentPhaseFOV": 100,
    "PhaseEncodingDirection": "j-",
    "PhaseEncodingSteps": 63,
    "PhaseResolution": 1,
    "PixelBandwidth": 2232,
    "ProcedureStepDescription": "Projekte_fMRI_12ch_localizer",
    "ProtocolName": "ep2d",
    "PulseSequenceDetails": "%SiemensSeq%_ep2d_bold",
    "ReceiveCoilName": "HeadMatrix",
    "ReconMatrixPE": 64,
    "RepetitionTime": 2,
    "SAR": 0.123631,
    "ScanOptions": "FS",
    "ScanningSequence": "EP",
    "SequenceName": "_epfid2d1_64",
    "SequenceVariant": "SK",
    "SeriesDescription": "ep2d",
    "SeriesNumber": 4,
    "ShimSetting": [
      -6874,
      -5756,
      -10891,
      314,
      469,
      1880,
      421,
      0
    ],
    "SliceThickness": 3,
    "SliceTiming": [
      0,
      1.03,
      0.0525,
      1.085,
      0.1075,
      1.1375,
      0.1625,
      1.1925,
      0.215,
      1.2475,
      0.27,
      1.3025,
      0.325,
      1.355,
      0.38,
      1.41,
      0.4325,
      1.465,
      0.4875,
      1.5175,
      0.5425,
      1.5725,
      0.595,
      1.6275,
      0.65,
      1.68,
      0.705,
      1.735,
      0.76,
      1.79,
      0.8125,
      1.845,
      0.8675,
      1.8975,
      0.9225,
      1.9525,
      0.975
    ],
    "SoftwareVersions": "syngo_MR_B17",
    "SpacingBetweenSlices": 3.3,
    "StationName": "MRC35370",
    "TaskName": "silentreading",
    "TotalReadoutTime": 0.0166951,
    "TxRefAmp": 301.253,
    "dataset": "ds002727",
    "modality": "bold",
    "run_id": 1,
    "subject_id": "01",
    "task_id": "silentreading"
  },
  "dummy_trs": 1,
  "dvars_nstd": 27.636516922581986,
  "dvars_std": 1.0319568238524586,
  "dvars_vstd": 1.01092974602459,
  "efc": 0.5778373706149598,
  "fber": 747.832763671875,
  "fd_mean": 0.06696802542153928,
  "fd_num": 2,
  "fd_perc": 0.8163265306122449,
  "fwhm_avg": 1.8412807156633069,
  "fwhm_x": 1.75357,
  "fwhm_y": 1.9862933333333332,
  "fwhm_z": 1.7839788136565875,
  "gcor": 0.00742883,
  "gsr_x": -0.009084337390959263,
  "gsr_y": 0.05375811457633972,
  "provenance": {
    "md5sum": "645a654489ffae408e1916eca40a1abc",
    "settings": {
      "fd_thres": 0.2,
      "testing": false
    },
    "software": "mriqc",
    "version": "22.0.6",
    "webapi_port": null,
    "webapi_url": "https://mriqc.nimh.nih.gov/api/v1"
  },
  "size_t": 245,
  "size_x": 64,
  "size_y": 64,
  "size_z": 37,
  "snr": 5.19691008074799,
  "spacing_tr": 2.0,
  "spacing_x": 3.0,
  "spacing_y": 3.0,
  "spacing_z": 3.299999952316284,
  "summary_bg_k": 26.50761519834663,
  "summary_bg_mad": 10.172464768857585,
  "summary_bg_mean": 67.7904052734375,
  "summary_bg_median": 32.559181213378906,
  "summary_bg_n": 84527.0,
  "summary_bg_p05": 23.93877410888672,
  "summary_bg_p95": 256.81508789062497,
  "summary_bg_stdv": 93.540283203125,
  "summary_fg_k": 1.7991504549257042,
  "summary_fg_mad": 154.30555411432272,
  "summary_fg_mean": 917.7764892578125,
  "summary_fg_median": 900.2326049804688,
  "summary_fg_n": 33279.0,
  "summary_fg_p05": 681.1546813964844,
  "summary_fg_p95": 1230.1239990234374,
  "summary_fg_stdv": 173.22198486328125,
  "tsnr": 45.47244252031669
}