{
  "aor": 0.0022518775510204083,
  "aqi": 0.010278022326530613,
  "bids_meta": {
    "AcquisitionMatrixPE": 64,
    "AcquisitionNumber": 1,
    "AcquisitionTime": "11:19:32.220000",
    "BandwidthPerPixelPhaseEncode": 58.962,
    "BaseResolution": 64,
    "CoilString": "t:HEA;HEP",
    "ConversionSoftware": "dcm2niix",
    "ConversionSoftwareVersion": "v1.0.20181125  (JP2:OpenJPEG) (JP-LS:CharLS) Clang10.0.0",
    "DerivedVendorReportedEchoSpacing": 0.000530002,
    "DeviceSerialNumber": "35370",
    "DwellTime": 3.5e-06,
    "EchoTime": 0.03,
    "EffectiveEchoSpacing": 0.000265001,
    "FlipAngle": 70,
    "ImageComments": "Pilot",
    "ImageOrientationPatientDICOM": [
      0.994975,
      0.0939402,
      -0.0346348,
      -0.0993118,
      0.969905,
      -0.222311
    ],
    "ImageType": [
      "ORIGINAL",
      "PRIMARY",
      "M",
      "ND",
      "MOSAIC"
    ],
    "ImagingFrequency": 123.243,
    "InPlanePhaseEncodingDirectionDICOM": "COL",
    "InstitutionAddress": "Habelschwerdter_Allee_45_Berlin_District_DE_14195",
    "InstitutionName": "Freie_Universitaet",
    "InstitutionalDepartmentName": "Department",
    "MRAcquisitionType": "2D",
    "MagneticFieldStrength": 3,
    "Manufacturer": "Siemens",
    "ManufacturersModelName": "TrioTim",
    "Modality": "MR",
    "ParallelReductionFactorInPlane": 2,
    "PartialFourier": 1,
    "PatientPosition": "HFS",
    "PercentPhaseFOV": 100,
    "PhaseEncodingDirection": "j-",
    "PhaseEncodingSteps": 63,
    "PhaseResolution": 1,
    "PixelBandwidth": 2232,
    "ProcedureStepDescription": "Projekte_fMRI_12ch_localizer",
    "ProtocolName": "ep2d",
    "PulseSequenceDetails": "%SiemensSeq%_ep2d_bold",
    "ReceiveCoilName": "HeadMatrix",
    "ReconMatrixPE": 64,
    "RepetitionTime": 2,
    "SAR": 0.123564,
    "ScanOptions": "FS",
    "ScanningSequence": "EP",
    "SequenceName": "_epfid2d1_64",
    "SequenceVariant": "SK",
    "SeriesDescription": "ep2d",
    "SeriesNumber": 5,
    "ShimSetting": [
      -6874,
      -5756,
      -10891,
      314,
      469,
      1880,
      421,
      0
    ],
    "SliceThickness": 3,
    "SliceTiming": [
      0,
      1.03,
      0.0525,
      1.085,
      0.1075,
      1.1375,
      0.1625,
      1.1925,
      0.215,
      1.2475,
      0.27,
      1.3,
      0.325,
      1.355,
      0.3775,
      1.41,
      0.4325,
      1.465,
      0.4875,
      1.5175,
      0.5425,
      1.5725,
      0.595,
      1.6275,
      0.65,
      1.68,
      0.705,
      1.735,
      0.7575,
      1.79,
      0.8125,
      1.8425,
      0.8675,
      1.8975,
      0.9225,
      1.9525,
      0.975
    ],
    "SoftwareVersions": "syngo_MR_B17",
    "SpacingBetweenSlices": 3.3,
    "StationName": "MRC35370",
    "TaskName": "silentreading",
    "TotalReadoutTime": 0.0166951,
    "TxRefAmp": 301.253,
    "dataset": "ds002727",
    "modality": "bold",
    "run_id": 2,
    "subject_id": "01",
    "task_id": "silentreading"
  },
  "dummy_trs": 1,
  "dvars_nstd": 26.412230811885244,
  "dvars_std": 1.010536317909836,
  "dvars_vstd": 1.0114870202459019,
  "efc": 0.579434237327081,
  "fber": 726.1122436523438,
  "fd_mean": 0.07460768428385851,
  "fd_num": 2,
  "fd_perc": 0.8163265306122449,
  "fwhm_avg": 1.8463870793820771,
  "fwhm_x": 1.7667566666666668,
  "fwhm_y": 1.9713166666666666,
  "fwhm_z": 1.8010879048128983,
  "gcor": 0.0078238,
  "gsr_x": -0.0075049977749586105,
  "gsr_y": 0.05411427840590477,
  "provenance": {
    "md5sum": "fbdff41c0b8b14e88e6d9b848e858bdd",
    "settings": {
      "fd_thres": 0.2,
      "testing": false
    },
    "software": "mriqc",
    "version": "22.0.6",
    "webapi_port": null,
    "webapi_url": "https://mriqc.nimh.nih.gov/api/v1"
  },
  "size_t": 245,
  "size_x": 64,
  "size_y": 64,
  "size_z": 37,
  "snr": 5.1479552677747575,
  "spacing_tr": 2.0,
  "spacing_x": 3.0,
  "spacing_y": 3.0,
  "spacing_z": 3.299999952316284,
  "summary_bg_k": 24.50469679226456,
  "summary_bg_mad": 11.437215902254938,
  "summary_bg_mean": 69.65457916259766,
  "summary_bg_median": 33.22040557861328,
  "summary_bg_n": 84531.0,
  "summary_bg_p05": 23.485713958740234,
  "summary_bg_p95": 265.98570251464844,
  "summary_bg_stdv": 95.6539077758789,
  "summary_fg_k": 1.9079459519009179,
  "summary_fg_mad": 155.37063151372524,
  "summary_fg_mean": 919.8445434570312,
  "summary_fg_median": 901.3917846679688,
  "summary_fg_n": 33297.0,
  "summary_fg_p05": 681.2685424804688,
  "summary_fg_p95": 1236.210571289062,
  "summary_fg_stdv": 175.09442138671875,
  "tsnr": 44.12039153208025
}