{
  "aor": 0.0003962921348314607,
  "aqi": 0.007669682097378277,
  "bids_meta": {
    "AcquisitionMatrixPE": 64,
    "AcquisitionNumber": 1,
    "AcquisitionTime": "11:19:54.585000",
    "BandwidthPerPixelPhaseEncode": 58.962,
    "BaseResolution": 64,
    "CoilString": "t:HEA;HEP",
    "ConversionSoftware": "dcm2niix",
    "ConversionSoftwareVersion": "v1.0.20181125  (JP2:OpenJPEG) (JP-LS:CharLS) Clang10.0.0",
    "DerivedVendorReportedEchoSpacing": 0.000530002,
    "DeviceSerialNumber": "35370",
    "DwellTime": 3.5e-06,
    "EchoTime": 0.03,
    "EffectiveEchoSpacing": 0.000265001,
    "FlipAngle": 70,
    "ImageOrientationPatientDICOM": [
      0.999948,
      -0.00264463,
      0.00985737,
      0.00349045,
      0.99622,
      -0.0868017
    ],
    "ImageType": [
      "ORIGINAL",
      "PRIMARY",
      "M",
      "ND",
      "MOSAIC"
    ],
    "ImagingFrequency": 123.243,
    "InPlanePhaseEncodingDirectionDICOM": "COL",
    "InstitutionAddress": "Habelschwerdter_Allee_45_Berlin_District_DE_14195",
    "InstitutionName": "Freie_Universitaet",
    "InstitutionalDepartmentName": "Department",
    "MRAcquisitionType": "2D",
    "MagneticFieldStrength": 3,
    "Manufacturer": "Siemens",
    "ManufacturersModelName": "TrioTim",
    "Modality": "MR",
    "ParallelReductionFactorInPlane": 2,
    "PartialFourier": 1,
    "PatientPosition": "HFS",
    "PercentPhaseFOV": 100,
    "PhaseEncodingDirection": "j-",
    "PhaseEncodingSteps": 63,
    "PhaseResolution": 1,
    "PixelBandwidth": 2232,
    "ProcedureStepDescription": "Projekte_fMRI_12ch_localizer",
    "ProtocolName": "ep2d_267",
    "PulseSequenceDetails": "%SiemensSeq%_ep2d_bold",
    "ReceiveCoilName": "HeadMatrix",
    "ReconMatrixPE": 64,
    "RepetitionTime": 2,
    "SAR": 0.103667,
    "ScanOptions": "FS",
    "ScanningSequence": "EP",
    "SequenceName": "_epfid2d1_64",
    "SequenceVariant": "SK",
    "SeriesDescription": "ep2d_267",
    "SeriesNumber": 5,
    "ShimSetting": [
      -6804,
      -5535,
      -10642,
      536,
      515,
      1782,
      403,
      113
    ],
    "SliceThickness": 3,
    "SliceTiming": [
      0,
      1.03,
      0.055,
      1.085,
      0.1075,
      1.14,
      0.1625,
      1.1925,
      0.2175,
      1.2475,
      0.2725,
      1.3025,
      0.325,
      1.3575,
      0.38,
      1.41,
      0.435,
      1.465,
      0.4875,
      1.52,
      0.5425,
      1.5725,
      0.5975,
      1.6275,
      0.65,
      1.6825,
      0.705,
      1.735,
      0.76,
      1.79,
      0.815,
      1.845,
      0.8675,
      1.9,
      0.9225,
      1.9525,
      0.9775
    ],
    "SoftwareVersions": "syngo_MR_B17",
    "SpacingBetweenSlices": 3.3,
    "StationName": "MRC35370",
    "TaskName": "silentreading",
    "TotalReadoutTime": 0.0166951,
    "TxRefAmp": 289.514,
    "dataset": "ds002727",
    "modality": "bold",
    "run_id": 2,
    "subject_id": "08",
    "task_id": "silentreading"
  },
  "dummy_trs": 0,
  "dvars_nstd": 29.27723261447368,
  "dvars_std": 1.067947537518797,
  "dvars_vstd": 1.0019745253383463,
  "efc": 0.5692193689671349,
  "fber": 782.360107421875,
  "fd_mean": 0.08915204988708585,
  "fd_num": 0,
  "fd_perc": 0.0,
  "fwhm_avg": 1.7833375841616592,
  "fwhm_x": 1.67561,
  "fwhm_y": 1.9295633333333333,
  "fwhm_z": 1.7448394191516445,
  "gcor": 0.00710986,
  "gsr_x": 0.000907807145267725,
  "gsr_y": 0.033772196620702744,
  "provenance": {
    "md5sum": "7803c3c23bad9cda44d707d235e4d3a0",
    "settings": {
      "fd_thres": 0.2,
      "testing": false
    },
    "software": "mriqc",
    "version": "22.0.6",
    "webapi_port": null,
    "webapi_url": "https://mriqc.nimh.nih.gov/api/v1"
  },
  "size_t": 267,
  "size_x": 64,
  "size_y": 64,
  "size_z": 37,
  "snr": 5.654870235532365,
  "spacing_tr": 2.0,
  "spacing_x": 3.0,
  "spacing_y": 3.0,
  "spacing_z": 3.299999952316284,
  "summary_bg_k": 36.429075949974916,
  "summary_bg_mad": 8.051585283004007,
  "summary_bg_mean": 50.7089729309082,
  "summary_bg_median": 29.325843811035156,
  "summary_bg_n": 83599.0,
  "summary_bg_p05": 22.38576889038086,
  "summary_bg_p95": 147.55505523681634,
  "summary_bg_stdv": 68.92536926269531,
  "summary_fg_k": 1.602316375028428,
  "summary_fg_mad": 135.52209523359375,
  "summary_fg_mean": 842.5242309570312,
  "summary_fg_median": 832.1011352539062,
  "summary_fg_n": 33835.0,
  "summary_fg_p05": 640.4677856445312,
  "summary_fg_p95": 1095.5954833984374,
  "summary_fg_stdv": 147.14552307128906,
  "tsnr": 50.14186803839402
}