{
  "bids_meta": {
    "AcquisitionMatrixPE": 256,
    "AcquisitionNumber": 1,
    "AcquisitionTime": "17:17:19.330000",
    "BaseResolution": 256,
    "CoilString": "T:HEA;HEP",
    "ConversionSoftware": "dcm2niix",
    "ConversionSoftwareVersion": "v1.0.20181125  (JP2:OpenJPEG) (JP-LS:CharLS) Clang10.0.0",
    "DeviceSerialNumber": "35370",
    "DwellTime": 1.15e-05,
    "EchoTime": 0.00252,
    "FlipAngle": 9,
    "ImageOrientationPatientDICOM": [
      6.09167e-05,
      0.999994,
      -0.0034901,
      0.0174523,
      -0.00349064,
      -0.999842
    ],
    "ImageType": [
      "ORIGINAL",
      "PRIMARY",
      "M",
      "ND",
      "NORM"
    ],
    "ImagingFrequency": 123.243,
    "InPlanePhaseEncodingDirectionDICOM": "ROW",
    "InstitutionAddress": "Habelschwerdter_Allee_45_Berlin_District_DE_14195",
    "InstitutionName": "Freie_Universitaet",
    "InstitutionalDepartmentName": "Department",
    "InversionTime": 0.9,
    "MRAcquisitionType": "3D",
    "MagneticFieldStrength": 3,
    "Manufacturer": "Siemens",
    "ManufacturersModelName": "TrioTim",
    "Modality": "MR",
    "PartialFourier": 1,
    "PatientPosition": "HFS",
    "PercentPhaseFOV": 100,
    "PhaseEncodingSteps": 255,
    "PhaseResolution": 1,
    "PixelBandwidth": 170,
    "ProcedureStepDescription": "Projekte_fMRI_12ch_localizer",
    "ProtocolName": "t1_mpr_1x1x1_176",
    "PulseSequenceDetails": "%SiemensSeq%_tfl",
    "ReceiveCoilName": "HeadMatrix",
    "ReconMatrixPE": 256,
    "RepetitionTime": 1.9,
    "SAR": 0.116507,
    "ScanOptions": "IR",
    "ScanningSequence": "GR_IR",
    "SequenceName": "_tfl3d1_ns",
    "SequenceVariant": "SP_MP",
    "SeriesDescription": "t1_mpr_1x1x1_176",
    "SeriesNumber": 7,
    "ShimSetting": [
      -6827,
      -5881,
      -10985,
      -43,
      581,
      1049,
      499,
      121
    ],
    "SliceThickness": 1,
    "SoftwareVersions": "syngo_MR_B17",
    "StationName": "MRC35370",
    "TxRefAmp": 294.903,
    "dataset": "ds002727",
    "modality": "T1w",
    "subject_id": "06"
  },
  "cjv": 0.3830065199312119,
  "cnr": 3.5714091931788046,
  "efc": 0.5443094159683464,
  "fber": 23411.550069444445,
  "fwhm_avg": 4.259306666666667,
  "fwhm_x": 4.20353,
  "fwhm_y": 4.27487,
  "fwhm_z": 4.29952,
  "icvs_csf": 0.19917380453652653,
  "icvs_gm": 0.4430324742172096,
  "icvs_wm": 0.3577937212462639,
  "inu_med": 0.4419861435890198,
  "inu_range": 0.1668679416179657,
  "provenance": {
    "md5sum": "bc66ee3c16d51e88367561908e2b6298",
    "settings": {
      "testing": false
    },
    "software": "mriqc",
    "version": "22.0.6",
    "warnings": {
      "large_rot_frame": true,
      "small_air_mask": false
    },
    "webapi_port": null,
    "webapi_url": "https://mriqc.nimh.nih.gov/api/v1"
  },
  "qi_1": 5.321995415247876e-05,
  "qi_2": 0.011603104443137561,
  "rpve_csf": 24.937586410358573,
  "rpve_gm": 11.968016788291976,
  "rpve_wm": 16.825000771374796,
  "size_x": 176,
  "size_y": 256,
  "size_z": 256,
  "snr_csf": 2.797712578828288,
  "snr_gm": 12.88259728026635,
  "snr_total": 13.790066931940856,
  "snr_wm": 25.689890936727927,
  "snrd_csf": 29.22059534366157,
  "snrd_gm": 72.8886108735761,
  "snrd_total": 66.47585592415986,
  "snrd_wm": 97.3183615552419,
  "spacing_x": 1.0,
  "spacing_y": 1.0,
  "spacing_z": 1.0,
  "summary_bg_k": 48.50556037609693,
  "summary_bg_mad": 0.0,
  "summary_bg_mean": 4.146892931309739,
  "summary_bg_median": 0.0,
  "summary_bg_n": 2841713.0,
  "summary_bg_p05": 0.0,
  "summary_bg_p95": 17.429780546575785,
  "summary_bg_stdv": 6.732147886382408,
  "summary_csf_k": 1.1412071116634221,
  "summary_csf_mad": 79.97723331478917,
  "summary_csf_mean": 308.5943213614665,
  "summary_csf_median": 300.26933197677135,
  "summary_csf_n": 33361.0,
  "summary_csf_p05": 118.27625916153193,
  "summary_csf_p95": 505.0788724832237,
  "summary_csf_stdv": 107.32511763737858,
  "summary_gm_k": -0.01411052859698092,
  "summary_gm_mad": 58.10043661277658,
  "summary_gm_mean": 746.9907748011622,
  "summary_gm_median": 748.9996092934161,
  "summary_gm_n": 34822.0,
  "summary_gm_p05": 648.0184634998441,
  "summary_gm_p95": 839.628696685098,
  "summary_gm_stdv": 58.13958460642187,
  "summary_wm_k": 0.201738626520799,
  "summary_wm_mad": 38.04908318185762,
  "summary_wm_mean": 1000.3681393807809,
  "summary_wm_median": 1000.0384684018791,
  "summary_wm_n": 203804.0,
  "summary_wm_p05": 937.2835631668568,
  "summary_wm_p95": 1065.0634775049984,
  "summary_wm_stdv": 38.92721917076172,
  "tpm_overlap_csf": 0.15397953188263155,
  "tpm_overlap_gm": 0.4568717866642652,
  "tpm_overlap_wm": 0.5016533497359105,
  "wm2max": 0.5197368421052632
}