{
  "bids_meta": {
    "AcquisitionMatrixPE": 256,
    "AcquisitionNumber": 1,
    "AcquisitionTime": "15:47:34.247500",
    "BaseResolution": 256,
    "CoilString": "T:HEA;HEP",
    "ConversionSoftware": "dcm2niix",
    "ConversionSoftwareVersion": "v1.0.20181125  (JP2:OpenJPEG) (JP-LS:CharLS) Clang10.0.0",
    "DeviceSerialNumber": "35370",
    "DwellTime": 1.15e-05,
    "EchoTime": 0.00252,
    "FlipAngle": 9,
    "ImageOrientationPatientDICOM": [
      3.34707e-05,
      0.999998,
      -0.00174495,
      0.0191974,
      -0.00174527,
      -0.999814
    ],
    "ImageType": [
      "ORIGINAL",
      "PRIMARY",
      "M",
      "ND",
      "NORM"
    ],
    "ImagingFrequency": 123.243,
    "InPlanePhaseEncodingDirectionDICOM": "ROW",
    "InstitutionAddress": "Habelschwerdter_Allee_45_Berlin_District_DE_14195",
    "InstitutionName": "Freie_Universitaet",
    "InstitutionalDepartmentName": "Department",
    "InversionTime": 0.9,
    "MRAcquisitionType": "3D",
    "MagneticFieldStrength": 3,
    "Manufacturer": "Siemens",
    "ManufacturersModelName": "TrioTim",
    "Modality": "MR",
    "PartialFourier": 1,
    "PatientPosition": "HFS",
    "PercentPhaseFOV": 100,
    "PhaseEncodingSteps": 255,
    "PhaseResolution": 1,
    "PixelBandwidth": 170,
    "ProcedureStepDescription": "Projekte_fMRI_12ch_localizer",
    "ProtocolName": "t1_mpr_1x1x1_176",
    "PulseSequenceDetails": "%SiemensSeq%_tfl",
    "ReceiveCoilName": "HeadMatrix",
    "ReconMatrixPE": 256,
    "RepetitionTime": 1.9,
    "SAR": 0.124112,
    "ScanOptions": "IR",
    "ScanningSequence": "GR_IR",
    "SequenceName": "_tfl3d1_ns",
    "SequenceVariant": "SP_MP",
    "SeriesDescription": "t1_mpr_1x1x1_176",
    "SeriesNumber": 7,
    "ShimSetting": [
      -6822,
      -5937,
      -10878,
      35,
      588,
      1010,
      373,
      -6
    ],
    "SliceThickness": 1,
    "SoftwareVersions": "syngo_MR_B17",
    "StationName": "MRC35370",
    "TxRefAmp": 314.311,
    "dataset": "ds002727",
    "modality": "T1w",
    "subject_id": "05"
  },
  "cjv": 0.3949861971018712,
  "cnr": 3.5053270995775176,
  "efc": 0.5776669697700886,
  "fber": 25749.3433876897,
  "fwhm_avg": 4.295106666666666,
  "fwhm_x": 4.32316,
  "fwhm_y": 4.24546,
  "fwhm_z": 4.3167,
  "icvs_csf": 0.20001728469582927,
  "icvs_gm": 0.41839323417929175,
  "icvs_wm": 0.38158948112487895,
  "inu_med": 0.45738157629966736,
  "inu_range": 0.19423165917396545,
  "provenance": {
    "md5sum": "c021a8cbd78143ccc925ac9e564bfcca",
    "settings": {
      "testing": false
    },
    "software": "mriqc",
    "version": "22.0.6",
    "warnings": {
      "large_rot_frame": true,
      "small_air_mask": false
    },
    "webapi_port": null,
    "webapi_url": "https://mriqc.nimh.nih.gov/api/v1"
  },
  "qi_1": 0.0,
  "qi_2": 0.020822384168795314,
  "rpve_csf": 22.422768701701063,
  "rpve_gm": 11.259351677787171,
  "rpve_wm": 14.318311015032327,
  "size_x": 176,
  "size_y": 256,
  "size_z": 256,
  "snr_csf": 3.0935880565897613,
  "snr_gm": 13.000875395996639,
  "snr_total": 13.67398751321999,
  "snr_wm": 24.927499087073564,
  "snrd_csf": 28.12904815790417,
  "snrd_gm": 69.35720571758976,
  "snrd_total": 63.238787058426986,
  "snrd_wm": 92.23010729978701,
  "spacing_x": 1.0,
  "spacing_y": 1.0,
  "spacing_z": 1.0,
  "summary_bg_k": 8.531199853669959,
  "summary_bg_mad": 0.0,
  "summary_bg_mean": 4.109222982271007,
  "summary_bg_median": 0.0,
  "summary_bg_n": 2867205.0,
  "summary_bg_p05": 0.0,
  "summary_bg_p95": 18.341236785054207,
  "summary_bg_stdv": 7.1035992243878034,
  "summary_csf_k": 3.2853756534078897,
  "summary_csf_mad": 80.11915142431894,
  "summary_csf_mean": 316.29952188501255,
  "summary_csf_median": 305.00134731829166,
  "summary_csf_n": 47205.0,
  "summary_csf_p05": 179.66359799057247,
  "summary_csf_p95": 498.917428332567,
  "summary_csf_stdv": 98.5904105904611,
  "summary_gm_k": -0.04563221218558855,
  "summary_gm_mad": 58.63023994958439,
  "summary_gm_mean": 751.0554094180023,
  "summary_gm_median": 752.0354429110885,
  "summary_gm_n": 33358.0,
  "summary_gm_p05": 654.3348059877753,
  "summary_gm_p95": 844.0614801120012,
  "summary_gm_stdv": 57.84411800977311,
  "summary_wm_k": 0.2122361423846857,
  "summary_wm_mad": 39.330013902832064,
  "summary_wm_mean": 1000.9061244193958,
  "summary_wm_median": 1000.0447520241141,
  "summary_wm_n": 272948.0,
  "summary_wm_p05": 936.8793219253421,
  "summary_wm_p95": 1068.2204711958766,
  "summary_wm_stdv": 40.1180606444505,
  "tpm_overlap_csf": 0.15927136302921707,
  "tpm_overlap_gm": 0.4537386856522861,
  "tpm_overlap_wm": 0.5121082100852966,
  "wm2max": 0.46510902130492676
}