{
  "aor": 0.0004930451127819549,
  "aqi": 0.008799348045112782,
  "bids_meta": {
    "AcquisitionMatrixPE": 64,
    "AcquisitionNumber": 1,
    "AcquisitionTime": "13:20:21.190000",
    "BandwidthPerPixelPhaseEncode": 58.962,
    "BaseResolution": 64,
    "CoilString": "t:HEA;HEP",
    "ConversionSoftware": "dcm2niix",
    "ConversionSoftwareVersion": "v1.0.20181125  (JP2:OpenJPEG) (JP-LS:CharLS) Clang10.0.0",
    "DerivedVendorReportedEchoSpacing": 0.000530002,
    "DeviceSerialNumber": "35370",
    "DwellTime": 3.5e-06,
    "EchoTime": 0.03,
    "EffectiveEchoSpacing": 0.000265001,
    "FlipAngle": 70,
    "ImageOrientationPatientDICOM": [
      0.99844,
      0.0372079,
      0.0416409,
      -0.029633,
      0.985056,
      -0.169667
    ],
    "ImageType": [
      "ORIGINAL",
      "PRIMARY",
      "M",
      "ND",
      "MOSAIC"
    ],
    "ImagingFrequency": 123.243,
    "InPlanePhaseEncodingDirectionDICOM": "COL",
    "InstitutionAddress": "Habelschwerdter_Allee_45_Berlin_District_DE_14195",
    "InstitutionName": "Freie_Universitaet",
    "InstitutionalDepartmentName": "Department",
    "MRAcquisitionType": "2D",
    "MagneticFieldStrength": 3,
    "Manufacturer": "Siemens",
    "ManufacturersModelName": "TrioTim",
    "Modality": "MR",
    "ParallelReductionFactorInPlane": 2,
    "PartialFourier": 1,
    "PatientPosition": "HFS",
    "PercentPhaseFOV": 100,
    "PhaseEncodingDirection": "j-",
    "PhaseEncodingSteps": 63,
    "PhaseResolution": 1,
    "PixelBandwidth": 2232,
    "ProcedureStepDescription": "Projekte_fMRI_12ch_localizer",
    "ProtocolName": "ep2d_267",
    "PulseSequenceDetails": "%SiemensSeq%_ep2d_bold",
    "ReceiveCoilName": "HeadMatrix",
    "ReconMatrixPE": 64,
    "RepetitionTime": 2,
    "SAR": 0.0944304,
    "ScanOptions": "FS",
    "ScanningSequence": "EP",
    "SequenceName": "_epfid2d1_64",
    "SequenceVariant": "SK",
    "SeriesDescription": "ep2d_267",
    "SeriesNumber": 4,
    "ShimSetting": [
      -6775,
      -5434,
      -10909,
      57,
      695,
      2020,
      446,
      104
    ],
    "SliceThickness": 3,
    "SliceTiming": [
      0,
      1.03,
      0.055,
      1.085,
      0.1075,
      1.14,
      0.1625,
      1.1925,
      0.2175,
      1.2475,
      0.27,
      1.3025,
      0.325,
      1.3575,
      0.38,
      1.41,
      0.435,
      1.465,
      0.4875,
      1.52,
      0.5425,
      1.5725,
      0.5975,
      1.6275,
      0.65,
      1.6825,
      0.705,
      1.735,
      0.76,
      1.79,
      0.8125,
      1.845,
      0.8675,
      1.9,
      0.9225,
      1.9525,
      0.9775
    ],
    "SoftwareVersions": "syngo_MR_B17",
    "SpacingBetweenSlices": 3.3,
    "StationName": "MRC35370",
    "TaskName": "silentreading",
    "TotalReadoutTime": 0.0166951,
    "TxRefAmp": 291.154,
    "dataset": "ds002727",
    "modality": "bold",
    "run_id": 1,
    "subject_id": "12",
    "task_id": "silentreading"
  },
  "dummy_trs": 1,
  "dvars_nstd": 28.5186532505283,
  "dvars_std": 1.0479761895094335,
  "dvars_vstd": 1.0009929173207546,
  "efc": 0.5574359709977816,
  "fber": 926.7510375976562,
  "fd_mean": 0.17137741227952846,
  "fd_num": 99,
  "fd_perc": 37.21804511278196,
  "fwhm_avg": 1.938878282015171,
  "fwhm_x": 1.8068133333333334,
  "fwhm_y": 2.1186666666666665,
  "fwhm_z": 1.891154846045513,
  "gcor": 0.00848526,
  "gsr_x": -0.006726308260113001,
  "gsr_y": 0.037442613393068314,
  "provenance": {
    "md5sum": "258d78b547fa688227f6f81d7500de04",
    "settings": {
      "fd_thres": 0.2,
      "testing": false
    },
    "software": "mriqc",
    "version": "22.0.6",
    "webapi_port": null,
    "webapi_url": "https://mriqc.nimh.nih.gov/api/v1"
  },
  "size_t": 266,
  "size_x": 64,
  "size_y": 64,
  "size_z": 37,
  "snr": 5.192932918264218,
  "spacing_tr": 2.0,
  "spacing_x": 3.0,
  "spacing_y": 3.0,
  "spacing_z": 3.299999475479126,
  "summary_bg_k": 44.62119300078853,
  "summary_bg_mad": 7.797594411456811,
  "summary_bg_mean": 54.98427963256836,
  "summary_bg_median": 29.785715103149414,
  "summary_bg_n": 85717.0,
  "summary_bg_p05": 22.93609046936035,
  "summary_bg_p95": 177.99850463867168,
  "summary_bg_stdv": 81.60752868652344,
  "summary_fg_k": 1.959447190627456,
  "summary_fg_mad": 149.19110130745517,
  "summary_fg_mean": 940.5717163085938,
  "summary_fg_median": 920.6466674804688,
  "summary_fg_n": 32399.0,
  "summary_fg_p05": 705.9834838867188,
  "summary_fg_p95": 1278.0165649414062,
  "summary_fg_stdv": 177.28564453125,
  "tsnr": 50.099743355065584
}