{
  "aor": 0.0003495505617977528,
  "aqi": 0.008462699588014981,
  "bids_meta": {
    "AcquisitionMatrixPE": 64,
    "AcquisitionNumber": 1,
    "AcquisitionTime": "14:12:56.920000",
    "BandwidthPerPixelPhaseEncode": 58.962,
    "BaseResolution": 64,
    "CoilString": "t:HEA;HEP",
    "ConversionSoftware": "dcm2niix",
    "ConversionSoftwareVersion": "v1.0.20181125  (JP2:OpenJPEG) (JP-LS:CharLS) Clang10.0.0",
    "DerivedVendorReportedEchoSpacing": 0.000530002,
    "DeviceSerialNumber": "35370",
    "DwellTime": 3.5e-06,
    "EchoTime": 0.03,
    "EffectiveEchoSpacing": 0.000265001,
    "FlipAngle": 70,
    "ImageOrientationPatientDICOM": [
      0.999839,
      0.0154309,
      -0.00912568,
      -0.0174523,
      0.954213,
      -0.298619
    ],
    "ImageType": [
      "ORIGINAL",
      "PRIMARY",
      "M",
      "ND",
      "MOSAIC"
    ],
    "ImagingFrequency": 123.243,
    "InPlanePhaseEncodingDirectionDICOM": "COL",
    "InstitutionAddress": "Habelschwerdter_Allee_45_Berlin_District_DE_14195",
    "InstitutionName": "Freie_Universitaet",
    "InstitutionalDepartmentName": "Department",
    "MRAcquisitionType": "2D",
    "MagneticFieldStrength": 3,
    "Manufacturer": "Siemens",
    "ManufacturersModelName": "TrioTim",
    "Modality": "MR",
    "ParallelReductionFactorInPlane": 2,
    "PartialFourier": 1,
    "PatientPosition": "HFS",
    "PercentPhaseFOV": 100,
    "PhaseEncodingDirection": "j-",
    "PhaseEncodingSteps": 63,
    "PhaseResolution": 1,
    "PixelBandwidth": 2232,
    "ProcedureStepDescription": "Projekte_fMRI_12ch_localizer",
    "ProtocolName": "ep2d_267",
    "PulseSequenceDetails": "%SiemensSeq%_ep2d_bold",
    "ReceiveCoilName": "HeadMatrix",
    "ReconMatrixPE": 64,
    "RepetitionTime": 2,
    "SAR": 0.132386,
    "ScanOptions": "FS",
    "ScanningSequence": "EP",
    "SequenceName": "_epfid2d1_64",
    "SequenceVariant": "SK",
    "SeriesDescription": "ep2d_267",
    "SeriesNumber": 4,
    "ShimSetting": [
      -6768,
      -5479,
      -11009,
      14,
      642,
      1926,
      396,
      63
    ],
    "SliceThickness": 3,
    "SliceTiming": [
      0,
      1.03,
      0.0525,
      1.085,
      0.1075,
      1.1375,
      0.1625,
      1.1925,
      0.215,
      1.2475,
      0.27,
      1.3025,
      0.325,
      1.355,
      0.38,
      1.41,
      0.4325,
      1.465,
      0.4875,
      1.5175,
      0.5425,
      1.5725,
      0.595,
      1.6275,
      0.65,
      1.68,
      0.705,
      1.735,
      0.7575,
      1.79,
      0.8125,
      1.845,
      0.8675,
      1.8975,
      0.9225,
      1.9525,
      0.975
    ],
    "SoftwareVersions": "syngo_MR_B17",
    "SpacingBetweenSlices": 3.3,
    "StationName": "MRC35370",
    "TaskName": "silentreading",
    "TotalReadoutTime": 0.0166951,
    "TxRefAmp": 291.931,
    "dataset": "ds002727",
    "modality": "bold",
    "run_id": 1,
    "subject_id": "23",
    "task_id": "silentreading"
  },
  "dummy_trs": 0,
  "dvars_nstd": 29.147827571278203,
  "dvars_std": 1.087229091278195,
  "dvars_vstd": 1.0025068085714288,
  "efc": 0.5744960634480124,
  "fber": 954.6235961914062,
  "fd_mean": 0.08891733990570917,
  "fd_num": 2,
  "fd_perc": 0.7490636704119851,
  "fwhm_avg": 1.7719326346900628,
  "fwhm_x": 1.6729133333333335,
  "fwhm_y": 1.8931966666666666,
  "fwhm_z": 1.7496879040701883,
  "gcor": 0.0107059,
  "gsr_x": -0.007120216265320778,
  "gsr_y": 0.037662703543901443,
  "provenance": {
    "md5sum": "e2de811584a580e2e4076b7d067ba789",
    "settings": {
      "fd_thres": 0.2,
      "testing": false
    },
    "software": "mriqc",
    "version": "22.0.6",
    "webapi_port": null,
    "webapi_url": "https://mriqc.nimh.nih.gov/api/v1"
  },
  "size_t": 267,
  "size_x": 64,
  "size_y": 64,
  "size_z": 37,
  "snr": 6.193432709039919,
  "spacing_tr": 2.0,
  "spacing_x": 3.0,
  "spacing_y": 3.0,
  "spacing_z": 3.299999952316284,
  "summary_bg_k": 76.74421895595981,
  "summary_bg_mad": 7.046525945211826,
  "summary_bg_mean": 47.91580581665039,
  "summary_bg_median": 28.434457778930664,
  "summary_bg_n": 80972.0,
  "summary_bg_p05": 22.32415809631348,
  "summary_bg_p95": 123.6799633026121,
  "summary_bg_stdv": 73.039794921875,
  "summary_fg_k": 2.053091757641666,
  "summary_fg_mad": 125.25215201572703,
  "summary_fg_mean": 902.6280517578125,
  "summary_fg_median": 890.318359375,
  "summary_fg_n": 36154.0,
  "summary_fg_p05": 701.5441864013671,
  "summary_fg_p95": 1155.215374755859,
  "summary_fg_stdv": 143.75001525878906,
  "tsnr": 54.14425040013157
}