{
  "aor": 0.00044861423220973783,
  "aqi": 0.008560138127340824,
  "bids_meta": {
    "AcquisitionMatrixPE": 64,
    "AcquisitionNumber": 1,
    "AcquisitionTime": "14:22:28.567500",
    "BandwidthPerPixelPhaseEncode": 58.962,
    "BaseResolution": 64,
    "CoilString": "t:HEA;HEP",
    "ConversionSoftware": "dcm2niix",
    "ConversionSoftwareVersion": "v1.0.20181125  (JP2:OpenJPEG) (JP-LS:CharLS) Clang10.0.0",
    "DerivedVendorReportedEchoSpacing": 0.000530002,
    "DeviceSerialNumber": "35370",
    "DwellTime": 3.5e-06,
    "EchoTime": 0.03,
    "EffectiveEchoSpacing": 0.000265001,
    "FlipAngle": 70,
    "ImageOrientationPatientDICOM": [
      0.999839,
      0.0154309,
      -0.00912568,
      -0.0174523,
      0.954213,
      -0.298619
    ],
    "ImageType": [
      "ORIGINAL",
      "PRIMARY",
      "M",
      "ND",
      "MOSAIC"
    ],
    "ImagingFrequency": 123.243,
    "InPlanePhaseEncodingDirectionDICOM": "COL",
    "InstitutionAddress": "Habelschwerdter_Allee_45_Berlin_District_DE_14195",
    "InstitutionName": "Freie_Universitaet",
    "InstitutionalDepartmentName": "Department",
    "MRAcquisitionType": "2D",
    "MagneticFieldStrength": 3,
    "Manufacturer": "Siemens",
    "ManufacturersModelName": "TrioTim",
    "Modality": "MR",
    "ParallelReductionFactorInPlane": 2,
    "PartialFourier": 1,
    "PatientPosition": "HFS",
    "PercentPhaseFOV": 100,
    "PhaseEncodingDirection": "j-",
    "PhaseEncodingSteps": 63,
    "PhaseResolution": 1,
    "PixelBandwidth": 2232,
    "ProcedureStepDescription": "Projekte_fMRI_12ch_localizer",
    "ProtocolName": "ep2d_267",
    "PulseSequenceDetails": "%SiemensSeq%_ep2d_bold",
    "ReceiveCoilName": "HeadMatrix",
    "ReconMatrixPE": 64,
    "RepetitionTime": 2,
    "SAR": 0.132386,
    "ScanOptions": "FS",
    "ScanningSequence": "EP",
    "SequenceName": "_epfid2d1_64",
    "SequenceVariant": "SK",
    "SeriesDescription": "ep2d_267",
    "SeriesNumber": 5,
    "ShimSetting": [
      -6768,
      -5479,
      -11009,
      14,
      642,
      1926,
      396,
      63
    ],
    "SliceThickness": 3,
    "SliceTiming": [
      0,
      1.03,
      0.0525,
      1.085,
      0.1075,
      1.1375,
      0.1625,
      1.1925,
      0.215,
      1.2475,
      0.27,
      1.3,
      0.325,
      1.355,
      0.38,
      1.41,
      0.4325,
      1.465,
      0.4875,
      1.5175,
      0.5425,
      1.5725,
      0.595,
      1.6275,
      0.65,
      1.68,
      0.705,
      1.735,
      0.7575,
      1.79,
      0.8125,
      1.8425,
      0.8675,
      1.8975,
      0.9225,
      1.9525,
      0.975
    ],
    "SoftwareVersions": "syngo_MR_B17",
    "SpacingBetweenSlices": 3.3,
    "StationName": "MRC35370",
    "TaskName": "silentreading",
    "TotalReadoutTime": 0.0166951,
    "TxRefAmp": 291.931,
    "dataset": "ds002727",
    "modality": "bold",
    "run_id": 2,
    "subject_id": "23",
    "task_id": "silentreading"
  },
  "dummy_trs": 0,
  "dvars_nstd": 29.61428966413533,
  "dvars_std": 1.1012881801503764,
  "dvars_vstd": 1.0086007071052627,
  "efc": 0.5751473436491633,
  "fber": 954.200927734375,
  "fd_mean": 0.1073480552665206,
  "fd_num": 15,
  "fd_perc": 5.617977528089888,
  "fwhm_avg": 1.7596245537873003,
  "fwhm_x": 1.6524766666666666,
  "fwhm_y": 1.8963666666666665,
  "fwhm_z": 1.730030328028568,
  "gcor": 0.0164283,
  "gsr_x": -0.007611562963575125,
  "gsr_y": 0.037833280861377716,
  "provenance": {
    "md5sum": "dc0de7233283e852e887d796bd069ca0",
    "settings": {
      "fd_thres": 0.2,
      "testing": false
    },
    "software": "mriqc",
    "version": "22.0.6",
    "webapi_port": null,
    "webapi_url": "https://mriqc.nimh.nih.gov/api/v1"
  },
  "size_t": 267,
  "size_x": 64,
  "size_y": 64,
  "size_z": 37,
  "snr": 6.213589147657453,
  "spacing_tr": 2.0,
  "spacing_x": 3.0,
  "spacing_y": 3.0,
  "spacing_z": 3.299999952316284,
  "summary_bg_k": 78.40163155676471,
  "summary_bg_mad": 7.213108303548709,
  "summary_bg_mean": 48.71036911010742,
  "summary_bg_median": 28.449438095092773,
  "summary_bg_n": 80962.0,
  "summary_bg_p05": 22.20973777770996,
  "summary_bg_p95": 129.06330032348632,
  "summary_bg_stdv": 75.23506164550781,
  "summary_fg_k": 2.0205892017586526,
  "summary_fg_mad": 125.19383065770536,
  "summary_fg_mean": 901.8821411132812,
  "summary_fg_median": 889.955078125,
  "summary_fg_n": 36141.0,
  "summary_fg_p05": 702.0187377929688,
  "summary_fg_p95": 1153.5430908203125,
  "summary_fg_stdv": 143.22523498535156,
  "tsnr": 54.5077317149844
}