{
  "aor": 0.0003910861423220974,
  "aqi": 0.008764592359550561,
  "bids_meta": {
    "AcquisitionMatrixPE": 64,
    "AcquisitionNumber": 1,
    "AcquisitionTime": "13:32:51.297500",
    "BandwidthPerPixelPhaseEncode": 58.962,
    "BaseResolution": 64,
    "CoilString": "t:HEA;HEP",
    "ConversionSoftware": "dcm2niix",
    "ConversionSoftwareVersion": "v1.0.20181125  (JP2:OpenJPEG) (JP-LS:CharLS) Clang10.0.0",
    "DerivedVendorReportedEchoSpacing": 0.000530002,
    "DeviceSerialNumber": "35370",
    "DwellTime": 3.5e-06,
    "EchoTime": 0.03,
    "EffectiveEchoSpacing": 0.000265001,
    "FlipAngle": 70,
    "ImageOrientationPatientDICOM": [
      0.999429,
      0.0154568,
      -0.0300308,
      -0.0209351,
      0.981234,
      -0.191683
    ],
    "ImageType": [
      "ORIGINAL",
      "PRIMARY",
      "M",
      "ND",
      "MOSAIC"
    ],
    "ImagingFrequency": 123.243,
    "InPlanePhaseEncodingDirectionDICOM": "COL",
    "InstitutionAddress": "Habelschwerdter_Allee_45_Berlin_District_DE_14195",
    "InstitutionName": "Freie_Universitaet",
    "InstitutionalDepartmentName": "Department",
    "MRAcquisitionType": "2D",
    "MagneticFieldStrength": 3,
    "Manufacturer": "Siemens",
    "ManufacturersModelName": "TrioTim",
    "Modality": "MR",
    "ParallelReductionFactorInPlane": 2,
    "PartialFourier": 1,
    "PatientPosition": "HFS",
    "PercentPhaseFOV": 100,
    "PhaseEncodingDirection": "j-",
    "PhaseEncodingSteps": 63,
    "PhaseResolution": 1,
    "PixelBandwidth": 2232,
    "ProcedureStepDescription": "Projekte_fMRI_12ch_localizer",
    "ProtocolName": "ep2d_267",
    "PulseSequenceDetails": "%SiemensSeq%_ep2d_bold",
    "ReceiveCoilName": "HeadMatrix",
    "ReconMatrixPE": 64,
    "RepetitionTime": 2,
    "SAR": 0.100096,
    "ScanOptions": "FS",
    "ScanningSequence": "EP",
    "SequenceName": "_epfid2d1_64",
    "SequenceVariant": "SK",
    "SeriesDescription": "ep2d_267",
    "SeriesNumber": 4,
    "ShimSetting": [
      -6823,
      -5504,
      -10799,
      378,
      551,
      1737,
      150,
      128
    ],
    "SliceThickness": 3,
    "SliceTiming": [
      0,
      1.0325,
      0.055,
      1.085,
      0.11,
      1.14,
      0.1625,
      1.195,
      0.2175,
      1.2475,
      0.2725,
      1.3025,
      0.325,
      1.3575,
      0.38,
      1.41,
      0.435,
      1.465,
      0.49,
      1.52,
      0.5425,
      1.575,
      0.5975,
      1.6275,
      0.6525,
      1.6825,
      0.705,
      1.7375,
      0.76,
      1.79,
      0.815,
      1.845,
      0.8675,
      1.9,
      0.9225,
      1.9525,
      0.9775
    ],
    "SoftwareVersions": "syngo_MR_B17",
    "SpacingBetweenSlices": 3.3,
    "StationName": "MRC35370",
    "TaskName": "silentreading",
    "TotalReadoutTime": 0.0166951,
    "TxRefAmp": 284.986,
    "dataset": "ds002727",
    "modality": "bold",
    "run_id": 1,
    "subject_id": "10",
    "task_id": "silentreading"
  },
  "dummy_trs": 0,
  "dvars_nstd": 27.991589388233102,
  "dvars_std": 1.0578924624060153,
  "dvars_vstd": 0.9961650266165412,
  "efc": 0.548819861995036,
  "fber": 963.12744140625,
  "fd_mean": 0.08054771989802571,
  "fd_num": 1,
  "fd_perc": 0.37453183520599254,
  "fwhm_avg": 1.8078539062231227,
  "fwhm_x": 1.7093,
  "fwhm_y": 1.9925466666666667,
  "fwhm_z": 1.7217150520027016,
  "gcor": 0.00742343,
  "gsr_x": -0.00375755806453526,
  "gsr_y": 0.03065432235598564,
  "provenance": {
    "md5sum": "5c158a4af11ee173200ce9aa6b2fbd27",
    "settings": {
      "fd_thres": 0.2,
      "testing": false
    },
    "software": "mriqc",
    "version": "22.0.6",
    "webapi_port": null,
    "webapi_url": "https://mriqc.nimh.nih.gov/api/v1"
  },
  "size_t": 267,
  "size_x": 64,
  "size_y": 64,
  "size_z": 37,
  "snr": 5.7411689088587305,
  "spacing_tr": 2.0,
  "spacing_x": 3.0,
  "spacing_y": 3.0,
  "spacing_z": 3.3000001907348633,
  "summary_bg_k": 40.184129048972665,
  "summary_bg_mad": 6.685591846469949,
  "summary_bg_mean": 48.929481506347656,
  "summary_bg_median": 28.91385841369629,
  "summary_bg_n": 86723.0,
  "summary_bg_p05": 22.853933334350586,
  "summary_bg_p95": 141.69138793945305,
  "summary_bg_stdv": 65.44209289550781,
  "summary_fg_k": 1.8277097321630036,
  "summary_fg_mad": 141.07208054031895,
  "summary_fg_mean": 919.1998901367188,
  "summary_fg_median": 906.3876953125,
  "summary_fg_n": 31648.0,
  "summary_fg_p05": 703.465185546875,
  "summary_fg_p95": 1196.7045288085935,
  "summary_fg_stdv": 157.87261962890625,
  "tsnr": 50.621568701346405
}