{
  "aor": 0.00033037190082644625,
  "aqi": 0.006289453223140496,
  "bids_meta": {
    "AcquisitionMatrixPE": 64,
    "AcquisitionNumber": 1,
    "AcquisitionTime": "13:42:17.397500",
    "BandwidthPerPixelPhaseEncode": 58.962,
    "BaseResolution": 64,
    "CoilString": "t:HEA;HEP",
    "ConversionSoftware": "dcm2niix",
    "ConversionSoftwareVersion": "v1.0.20181125  (JP2:OpenJPEG) (JP-LS:CharLS) Clang10.0.0",
    "DerivedVendorReportedEchoSpacing": 0.000530002,
    "DeviceSerialNumber": "35370",
    "DwellTime": 3.5e-06,
    "EchoTime": 0.03,
    "EffectiveEchoSpacing": 0.000265001,
    "FlipAngle": 70,
    "ImageOrientationPatientDICOM": [
      0.999429,
      0.0154568,
      -0.0300308,
      -0.0209351,
      0.981234,
      -0.191683
    ],
    "ImageType": [
      "ORIGINAL",
      "PRIMARY",
      "M",
      "ND",
      "MOSAIC"
    ],
    "ImagingFrequency": 123.243,
    "InPlanePhaseEncodingDirectionDICOM": "COL",
    "InstitutionAddress": "Habelschwerdter_Allee_45_Berlin_District_DE_14195",
    "InstitutionName": "Freie_Universitaet",
    "InstitutionalDepartmentName": "Department",
    "MRAcquisitionType": "2D",
    "MagneticFieldStrength": 3,
    "Manufacturer": "Siemens",
    "ManufacturersModelName": "TrioTim",
    "Modality": "MR",
    "ParallelReductionFactorInPlane": 2,
    "PartialFourier": 1,
    "PatientPosition": "HFS",
    "PercentPhaseFOV": 100,
    "PhaseEncodingDirection": "j-",
    "PhaseEncodingSteps": 63,
    "PhaseResolution": 1,
    "PixelBandwidth": 2232,
    "ProcedureStepDescription": "Projekte_fMRI_12ch_localizer",
    "ProtocolName": "ep2d_267",
    "PulseSequenceDetails": "%SiemensSeq%_ep2d_bold",
    "ReceiveCoilName": "HeadMatrix",
    "ReconMatrixPE": 64,
    "RepetitionTime": 2,
    "SAR": 0.100096,
    "ScanOptions": "FS",
    "ScanningSequence": "EP",
    "SequenceName": "_epfid2d1_64",
    "SequenceVariant": "SK",
    "SeriesDescription": "ep2d_267",
    "SeriesNumber": 5,
    "ShimSetting": [
      -6823,
      -5504,
      -10799,
      378,
      551,
      1737,
      150,
      128
    ],
    "SliceThickness": 3,
    "SliceTiming": [
      0,
      1.0325,
      0.055,
      1.085,
      0.11,
      1.14,
      0.1625,
      1.195,
      0.2175,
      1.2475,
      0.2725,
      1.3025,
      0.325,
      1.3575,
      0.38,
      1.41,
      0.435,
      1.465,
      0.4875,
      1.52,
      0.5425,
      1.575,
      0.5975,
      1.6275,
      0.6525,
      1.6825,
      0.705,
      1.7375,
      0.76,
      1.79,
      0.815,
      1.845,
      0.8675,
      1.9,
      0.9225,
      1.9525,
      0.9775
    ],
    "SoftwareVersions": "syngo_MR_B17",
    "SpacingBetweenSlices": 3.3,
    "StationName": "MRC35370",
    "TaskName": "silentreading",
    "TotalReadoutTime": 0.0166951,
    "TxRefAmp": 284.986,
    "dataset": "ds002727",
    "modality": "bold",
    "run_id": 2,
    "subject_id": "10",
    "task_id": "silentreading"
  },
  "dummy_trs": 3,
  "dvars_nstd": 27.907337877385903,
  "dvars_std": 1.0775667346473035,
  "dvars_vstd": 1.0114287417842325,
  "efc": 0.5489024549233543,
  "fber": 953.65625,
  "fd_mean": 0.07805337367193112,
  "fd_num": 1,
  "fd_perc": 0.4132231404958678,
  "fwhm_avg": 1.8106291582511336,
  "fwhm_x": 1.7022700000000002,
  "fwhm_y": 1.9820933333333333,
  "fwhm_z": 1.747524141420067,
  "gcor": 0.0133255,
  "gsr_x": -0.002971299458295107,
  "gsr_y": 0.02981301210820675,
  "provenance": {
    "md5sum": "a1d9ec8409ce7a4a6e3bc1fd93f01a89",
    "settings": {
      "fd_thres": 0.2,
      "testing": false
    },
    "software": "mriqc",
    "version": "22.0.6",
    "webapi_port": null,
    "webapi_url": "https://mriqc.nimh.nih.gov/api/v1"
  },
  "size_t": 242,
  "size_x": 64,
  "size_y": 64,
  "size_z": 37,
  "snr": 5.7496271713104905,
  "spacing_tr": 2.0,
  "spacing_x": 3.0,
  "spacing_y": 3.0,
  "spacing_z": 3.3000001907348633,
  "summary_bg_k": 37.76348564823128,
  "summary_bg_mad": 6.5062955225752015,
  "summary_bg_mean": 49.25885009765625,
  "summary_bg_median": 29.033056259155273,
  "summary_bg_n": 86822.0,
  "summary_bg_p05": 23.34710693359375,
  "summary_bg_p95": 143.77168731689446,
  "summary_bg_stdv": 66.22028350830078,
  "summary_fg_k": 1.790015237668796,
  "summary_fg_mad": 140.77368693585595,
  "summary_fg_mean": 920.17041015625,
  "summary_fg_median": 906.7561645507812,
  "summary_fg_n": 31574.0,
  "summary_fg_p05": 703.4830261230469,
  "summary_fg_p95": 1196.8530212402343,
  "summary_fg_stdv": 157.70445251464844,
  "tsnr": 55.70478043332696
}