{
  "aor": 0.0011253558052434457,
  "aqi": 0.008249509288389512,
  "bids_meta": {
    "AcquisitionMatrixPE": 64,
    "AcquisitionNumber": 1,
    "AcquisitionTime": "13:51:10.720000",
    "BandwidthPerPixelPhaseEncode": 58.962,
    "BaseResolution": 64,
    "CoilString": "t:HEA;HEP",
    "ConversionSoftware": "dcm2niix",
    "ConversionSoftwareVersion": "v1.0.20181125  (JP2:OpenJPEG) (JP-LS:CharLS) Clang10.0.0",
    "DerivedVendorReportedEchoSpacing": 0.000530002,
    "DeviceSerialNumber": "35370",
    "DwellTime": 3.5e-06,
    "EchoTime": 0.03,
    "EffectiveEchoSpacing": 0.000265001,
    "FlipAngle": 70,
    "ImageOrientationPatientDICOM": [
      0.999429,
      0.0154568,
      -0.0300308,
      -0.0209351,
      0.981234,
      -0.191683
    ],
    "ImageType": [
      "ORIGINAL",
      "PRIMARY",
      "M",
      "ND",
      "MOSAIC"
    ],
    "ImagingFrequency": 123.243,
    "InPlanePhaseEncodingDirectionDICOM": "COL",
    "InstitutionAddress": "Habelschwerdter_Allee_45_Berlin_District_DE_14195",
    "InstitutionName": "Freie_Universitaet",
    "InstitutionalDepartmentName": "Department",
    "MRAcquisitionType": "2D",
    "MagneticFieldStrength": 3,
    "Manufacturer": "Siemens",
    "ManufacturersModelName": "TrioTim",
    "Modality": "MR",
    "ParallelReductionFactorInPlane": 2,
    "PartialFourier": 1,
    "PatientPosition": "HFS",
    "PercentPhaseFOV": 100,
    "PhaseEncodingDirection": "j-",
    "PhaseEncodingSteps": 63,
    "PhaseResolution": 1,
    "PixelBandwidth": 2232,
    "ProcedureStepDescription": "Projekte_fMRI_12ch_localizer",
    "ProtocolName": "ep2d_267",
    "PulseSequenceDetails": "%SiemensSeq%_ep2d_bold",
    "ReceiveCoilName": "HeadMatrix",
    "ReconMatrixPE": 64,
    "RepetitionTime": 2,
    "SAR": 0.100096,
    "ScanOptions": "FS",
    "ScanningSequence": "EP",
    "SequenceName": "_epfid2d1_64",
    "SequenceVariant": "SK",
    "SeriesDescription": "ep2d_267",
    "SeriesNumber": 6,
    "ShimSetting": [
      -6823,
      -5504,
      -10799,
      378,
      551,
      1737,
      150,
      128
    ],
    "SliceThickness": 3,
    "SliceTiming": [
      0,
      1.0325,
      0.055,
      1.085,
      0.11,
      1.14,
      0.165,
      1.195,
      0.2175,
      1.25,
      0.2725,
      1.3025,
      0.3275,
      1.3575,
      0.38,
      1.4125,
      0.435,
      1.465,
      0.49,
      1.52,
      0.5425,
      1.575,
      0.5975,
      1.6275,
      0.6525,
      1.6825,
      0.7075,
      1.7375,
      0.76,
      1.7925,
      0.815,
      1.845,
      0.87,
      1.9,
      0.9225,
      1.955,
      0.9775
    ],
    "SoftwareVersions": "syngo_MR_B17",
    "SpacingBetweenSlices": 3.3,
    "StationName": "MRC35370",
    "TaskName": "silentreading",
    "TotalReadoutTime": 0.0166951,
    "TxRefAmp": 284.986,
    "dataset": "ds002727",
    "modality": "bold",
    "run_id": 3,
    "subject_id": "10",
    "task_id": "silentreading"
  },
  "dummy_trs": 0,
  "dvars_nstd": 27.634581307819538,
  "dvars_std": 1.0711186028195485,
  "dvars_vstd": 1.0150968820300754,
  "efc": 0.5493797169241654,
  "fber": 957.4486694335938,
  "fd_mean": 0.08774913376405592,
  "fd_num": 4,
  "fd_perc": 1.4981273408239701,
  "fwhm_avg": 1.8048457243636065,
  "fwhm_x": 1.7065033333333333,
  "fwhm_y": 1.9841733333333333,
  "fwhm_z": 1.7238605064241521,
  "gcor": 0.00675627,
  "gsr_x": -0.002849172567948699,
  "gsr_y": 0.03056369535624981,
  "provenance": {
    "md5sum": "de5e3f1f7b73e1cfefdfea54d4562489",
    "settings": {
      "fd_thres": 0.2,
      "testing": false
    },
    "software": "mriqc",
    "version": "22.0.6",
    "webapi_port": null,
    "webapi_url": "https://mriqc.nimh.nih.gov/api/v1"
  },
  "size_t": 267,
  "size_x": 64,
  "size_y": 64,
  "size_z": 37,
  "snr": 5.738918154462294,
  "spacing_tr": 2.0,
  "spacing_x": 3.0,
  "spacing_y": 3.0,
  "spacing_z": 3.3000001907348633,
  "summary_bg_k": 35.819421704109615,
  "summary_bg_mad": 6.896596732597865,
  "summary_bg_mean": 49.914573669433594,
  "summary_bg_median": 29.067415237426758,
  "summary_bg_n": 86865.0,
  "summary_bg_p05": 22.8464412689209,
  "summary_bg_p95": 147.11460571289064,
  "summary_bg_stdv": 66.8016586303711,
  "summary_fg_k": 1.7527892713985649,
  "summary_fg_mad": 141.17483290964958,
  "summary_fg_mean": 920.7440185546875,
  "summary_fg_median": 907.052490234375,
  "summary_fg_n": 31590.0,
  "summary_fg_p05": 704.383349609375,
  "summary_fg_p95": 1196.9365295410155,
  "summary_fg_stdv": 158.0503692626953,
  "tsnr": 51.68323334434535
}