{
  "bids_meta": {
    "AcquisitionMatrixPE": 256,
    "AcquisitionNumber": 1,
    "AcquisitionTime": "10:13:51.262500",
    "BaseResolution": 256,
    "CoilString": "T:HEA;HEP",
    "ConversionSoftware": "dcm2niix",
    "ConversionSoftwareVersion": "v1.0.20181125  (JP2:OpenJPEG) (JP-LS:CharLS) Clang10.0.0",
    "DeviceSerialNumber": "35370",
    "DwellTime": 1.15e-05,
    "EchoTime": 0.00252,
    "FlipAngle": 9,
    "ImageOrientationPatientDICOM": [
      0.0449209,
      0.992952,
      -0.109674,
      -0.0382761,
      -0.107993,
      -0.993414
    ],
    "ImageType": [
      "ORIGINAL",
      "PRIMARY",
      "M",
      "ND",
      "NORM"
    ],
    "ImagingFrequency": 123.243,
    "InPlanePhaseEncodingDirectionDICOM": "ROW",
    "InstitutionAddress": "Habelschwerdter_Allee_45_Berlin_District_DE_14195",
    "InstitutionName": "Freie_Universitaet",
    "InstitutionalDepartmentName": "Department",
    "InversionTime": 0.9,
    "MRAcquisitionType": "3D",
    "MagneticFieldStrength": 3,
    "Manufacturer": "Siemens",
    "ManufacturersModelName": "TrioTim",
    "Modality": "MR",
    "PartialFourier": 1,
    "PatientPosition": "HFS",
    "PercentPhaseFOV": 100,
    "PhaseEncodingSteps": 255,
    "PhaseResolution": 1,
    "PixelBandwidth": 170,
    "ProcedureStepDescription": "Projekte_fMRI_12ch_localizer",
    "ProtocolName": "t1_mpr_1x1x1_176",
    "PulseSequenceDetails": "%SiemensSeq%_tfl",
    "ReceiveCoilName": "HeadMatrix",
    "ReconMatrixPE": 256,
    "RepetitionTime": 1.9,
    "SAR": 0.113614,
    "ScanOptions": "IR",
    "ScanningSequence": "GR_IR",
    "SequenceName": "_tfl3d1_ns",
    "SequenceVariant": "SP_MP",
    "SeriesDescription": "t1_mpr_1x1x1_176",
    "SeriesNumber": 7,
    "ShimSetting": [
      -6817,
      -5645,
      -10880,
      -371,
      581,
      681,
      123,
      92
    ],
    "SliceThickness": 1,
    "SoftwareVersions": "syngo_MR_B17",
    "StationName": "MRC35370",
    "TxRefAmp": 299.858,
    "dataset": "ds002727",
    "modality": "T1w",
    "subject_id": "21"
  },
  "cjv": 0.39221061409359226,
  "cnr": 3.560315250291789,
  "efc": 0.6101247284591601,
  "fber": 22854.577536341232,
  "fwhm_avg": 4.277606666666667,
  "fwhm_x": 4.2596,
  "fwhm_y": 4.27501,
  "fwhm_z": 4.29821,
  "icvs_csf": 0.17827108792235366,
  "icvs_gm": 0.43973844868003664,
  "icvs_wm": 0.38199046339760967,
  "inu_med": 0.46159282326698303,
  "inu_range": 0.204406863451004,
  "provenance": {
    "md5sum": "35078899b63c8a5e6cf1fa3e7d4107d3",
    "settings": {
      "testing": false
    },
    "software": "mriqc",
    "version": "22.0.6",
    "warnings": {
      "large_rot_frame": true,
      "small_air_mask": false
    },
    "webapi_port": null,
    "webapi_url": "https://mriqc.nimh.nih.gov/api/v1"
  },
  "qi_1": 0.0,
  "qi_2": 0.017292384785407608,
  "rpve_csf": 26.377173169771442,
  "rpve_gm": 11.664569582981397,
  "rpve_wm": 15.238067018855462,
  "size_x": 176,
  "size_y": 256,
  "size_z": 256,
  "snr_csf": 2.8694087509948827,
  "snr_gm": 13.23275897007753,
  "snr_total": 13.081795267756524,
  "snr_wm": 23.14321808219716,
  "snrd_csf": 25.675341451428583,
  "snrd_gm": 57.63883386315341,
  "snrd_total": 53.54533088602625,
  "snrd_wm": 77.32181734349676,
  "spacing_x": 1.0,
  "spacing_y": 1.0,
  "spacing_z": 1.0,
  "summary_bg_k": 9.375101339723491,
  "summary_bg_mad": 0.0,
  "summary_bg_mean": 4.916897631516183,
  "summary_bg_median": 0.0,
  "summary_bg_n": 2202812.0,
  "summary_bg_p05": 0.0,
  "summary_bg_p95": 22.65756368637085,
  "summary_bg_stdv": 8.473411838366246,
  "summary_csf_k": 1.081139902612887,
  "summary_csf_mad": 95.69118740121532,
  "summary_csf_mean": 342.495973583551,
  "summary_csf_median": 332.0800709724426,
  "summary_csf_n": 27501.0,
  "summary_csf_p05": 162.59357929229736,
  "summary_csf_p95": 551.5978932380676,
  "summary_csf_stdv": 115.72907944972859,
  "summary_gm_k": -0.10703352369882735,
  "summary_gm_mad": 57.99169558397617,
  "summary_gm_mean": 745.5732348868623,
  "summary_gm_median": 745.489912033081,
  "summary_gm_n": 30720.0,
  "summary_gm_p05": 653.8702440261841,
  "summary_gm_p95": 836.7138147354126,
  "summary_gm_stdv": 56.33577850206228,
  "summary_wm_k": 0.3200624683653217,
  "summary_wm_mad": 41.85572632367926,
  "summary_wm_mean": 1001.4662355104828,
  "summary_wm_median": 1000.0659441947937,
  "summary_wm_n": 228318.0,
  "summary_wm_p05": 932.9177641868591,
  "summary_wm_p95": 1074.5687627792358,
  "summary_wm_stdv": 43.21195741093567,
  "tpm_overlap_csf": 0.16920172893982904,
  "tpm_overlap_gm": 0.4601428538322119,
  "tpm_overlap_wm": 0.5158766135240761,
  "wm2max": 0.6056504573162111
}