{
  "bids_meta": {
    "AcquisitionMatrixPE": 256,
    "AcquisitionNumber": 1,
    "AcquisitionTime": "14:01:42.467500",
    "BaseResolution": 256,
    "CoilString": "T:HEA;HEP",
    "ConversionSoftware": "dcm2niix",
    "ConversionSoftwareVersion": "v1.0.20181125  (JP2:OpenJPEG) (JP-LS:CharLS) Clang10.0.0",
    "DeviceSerialNumber": "35370",
    "DwellTime": 1.15e-05,
    "EchoTime": 0.00252,
    "FlipAngle": 9,
    "ImageOrientationPatientDICOM": [
      -0.0401318,
      0.999194,
      -5.14797e-09,
      -0.0139509,
      -0.000560331,
      -0.999903
    ],
    "ImageType": [
      "ORIGINAL",
      "PRIMARY",
      "M",
      "ND",
      "NORM"
    ],
    "ImagingFrequency": 123.243,
    "InPlanePhaseEncodingDirectionDICOM": "ROW",
    "InstitutionAddress": "Habelschwerdter_Allee_45_Berlin_District_DE_14195",
    "InstitutionName": "Freie_Universitaet",
    "InstitutionalDepartmentName": "Department",
    "InversionTime": 0.9,
    "MRAcquisitionType": "3D",
    "MagneticFieldStrength": 3,
    "Manufacturer": "Siemens",
    "ManufacturersModelName": "TrioTim",
    "Modality": "MR",
    "PartialFourier": 1,
    "PatientPosition": "HFS",
    "PercentPhaseFOV": 100,
    "PhaseEncodingSteps": 255,
    "PhaseResolution": 1,
    "PixelBandwidth": 170,
    "ProcedureStepDescription": "Projekte_fMRI_12ch_localizer",
    "ProtocolName": "t1_mpr_1x1x1_176",
    "PulseSequenceDetails": "%SiemensSeq%_tfl",
    "ReceiveCoilName": "HeadMatrix",
    "ReconMatrixPE": 256,
    "RepetitionTime": 1.9,
    "SAR": 0.0917621,
    "ScanOptions": "IR",
    "ScanningSequence": "GR_IR",
    "SequenceName": "_tfl3d1_ns",
    "SequenceVariant": "SP_MP",
    "SeriesDescription": "t1_mpr_1x1x1_176",
    "SeriesNumber": 7,
    "ShimSetting": [
      -6806,
      -5625,
      -10933,
      -195,
      439,
      578,
      489,
      136
    ],
    "SliceThickness": 1,
    "SoftwareVersions": "syngo_MR_B17",
    "StationName": "MRC35370",
    "TxRefAmp": 284.986,
    "dataset": "ds002727",
    "modality": "T1w",
    "subject_id": "10"
  },
  "cjv": 0.39505260456345337,
  "cnr": 3.503581311789686,
  "efc": 0.5518912631992048,
  "fber": 22132.65923138941,
  "fwhm_avg": 4.223986666666666,
  "fwhm_x": 4.12824,
  "fwhm_y": 4.30781,
  "fwhm_z": 4.23591,
  "icvs_csf": 0.18792776199659275,
  "icvs_gm": 0.43026110055107714,
  "icvs_wm": 0.38181113745233014,
  "inu_med": 0.43627503514289856,
  "inu_range": 0.16301321983337402,
  "provenance": {
    "md5sum": "b200612e447837df20ab168f99ca7696",
    "settings": {
      "testing": false
    },
    "software": "mriqc",
    "version": "22.0.6",
    "warnings": {
      "large_rot_frame": true,
      "small_air_mask": false
    },
    "webapi_port": null,
    "webapi_url": "https://mriqc.nimh.nih.gov/api/v1"
  },
  "qi_1": 7.989584161849628e-05,
  "qi_2": 0.00942720770668249,
  "rpve_csf": 30.74325255249057,
  "rpve_gm": 14.285943875792126,
  "rpve_wm": 18.41480663729186,
  "size_x": 176,
  "size_y": 256,
  "size_z": 256,
  "snr_csf": 2.849401697271852,
  "snr_gm": 13.460404249841503,
  "snr_total": 13.517711026524884,
  "snr_wm": 24.2433271324613,
  "snrd_csf": 28.56952552488504,
  "snrd_gm": 67.24295021499277,
  "snrd_total": 61.6347159282837,
  "snrd_wm": 89.0916720449733,
  "spacing_x": 1.0,
  "spacing_y": 1.0,
  "spacing_z": 1.0,
  "summary_bg_k": 9.216559514266281,
  "summary_bg_mad": 0.0,
  "summary_bg_mean": 4.692087085861357,
  "summary_bg_median": 0.0,
  "summary_bg_n": 2582399.0,
  "summary_bg_p05": 0.0,
  "summary_bg_p95": 19.63396879658103,
  "summary_bg_stdv": 7.353796776348495,
  "summary_csf_k": 1.4282578161930246,
  "summary_csf_mad": 83.55143287560198,
  "summary_csf_mean": 327.1965664362223,
  "summary_csf_median": 320.6881570108235,
  "summary_csf_n": 26302.0,
  "summary_csf_p05": 120.70971854049715,
  "summary_csf_p95": 528.4104522360476,
  "summary_csf_stdv": 112.54364766838061,
  "summary_gm_k": -0.10364844409601082,
  "summary_gm_mad": 56.679014443775884,
  "summary_gm_mean": 752.7622430915918,
  "summary_gm_median": 754.7908962517977,
  "summary_gm_n": 24002.0,
  "summary_gm_p05": 656.8170000612736,
  "summary_gm_p95": 841.3214413672686,
  "summary_gm_stdv": 56.073737354274634,
  "summary_wm_k": 0.25358059855123827,
  "summary_wm_mad": 40.206948226645736,
  "summary_wm_mean": 1000.9243897177109,
  "summary_wm_median": 1000.0391531959176,
  "summary_wm_n": 196955.0,
  "summary_wm_p05": 935.0236756838858,
  "summary_wm_p95": 1070.5019793361425,
  "summary_wm_stdv": 41.249974022885254,
  "tpm_overlap_csf": 0.1645118316842152,
  "tpm_overlap_gm": 0.4695865902455699,
  "tpm_overlap_wm": 0.5278949157074572,
  "wm2max": 0.516746992831396
}