{
  "aor": 0.0005869662921348315,
  "aqi": 0.008462411797752808,
  "bids_meta": {
    "AcquisitionMatrixPE": 64,
    "AcquisitionNumber": 1,
    "AcquisitionTime": "09:53:22.430000",
    "BandwidthPerPixelPhaseEncode": 58.962,
    "BaseResolution": 64,
    "CoilString": "t:HEA;HEP",
    "ConversionSoftware": "dcm2niix",
    "ConversionSoftwareVersion": "v1.0.20181125  (JP2:OpenJPEG) (JP-LS:CharLS) Clang10.0.0",
    "DerivedVendorReportedEchoSpacing": 0.000530002,
    "DeviceSerialNumber": "35370",
    "DwellTime": 3.5e-06,
    "EchoTime": 0.03,
    "EffectiveEchoSpacing": 0.000265001,
    "FlipAngle": 70,
    "ImageOrientationPatientDICOM": [
      0.998505,
      0.0129596,
      -0.053101,
      -0.0261468,
      0.966373,
      -0.255812
    ],
    "ImageType": [
      "ORIGINAL",
      "PRIMARY",
      "M",
      "ND",
      "MOSAIC"
    ],
    "ImagingFrequency": 123.243,
    "InPlanePhaseEncodingDirectionDICOM": "COL",
    "InstitutionAddress": "Habelschwerdter_Allee_45_Berlin_District_DE_14195",
    "InstitutionName": "Freie_Universitaet",
    "InstitutionalDepartmentName": "Department",
    "MRAcquisitionType": "2D",
    "MagneticFieldStrength": 3,
    "Manufacturer": "Siemens",
    "ManufacturersModelName": "TrioTim",
    "Modality": "MR",
    "ParallelReductionFactorInPlane": 2,
    "PartialFourier": 1,
    "PatientPosition": "HFS",
    "PercentPhaseFOV": 100,
    "PhaseEncodingDirection": "j-",
    "PhaseEncodingSteps": 63,
    "PhaseResolution": 1,
    "PixelBandwidth": 2232,
    "ProcedureStepDescription": "Projekte_fMRI_12ch_localizer",
    "ProtocolName": "ep2d_267",
    "PulseSequenceDetails": "%SiemensSeq%_ep2d_bold",
    "ReceiveCoilName": "HeadMatrix",
    "ReconMatrixPE": 64,
    "RepetitionTime": 2,
    "SAR": 0.123933,
    "ScanOptions": "FS",
    "ScanningSequence": "EP",
    "SequenceName": "_epfid2d1_64",
    "SequenceVariant": "SK",
    "SeriesDescription": "ep2d_267",
    "SeriesNumber": 5,
    "ShimSetting": [
      -6812,
      -5506,
      -10704,
      136,
      665,
      1618,
      -128,
      7
    ],
    "SliceThickness": 3,
    "SliceTiming": [
      0,
      1.0325,
      0.055,
      1.085,
      0.11,
      1.14,
      0.1625,
      1.195,
      0.2175,
      1.25,
      0.2725,
      1.3025,
      0.3275,
      1.3575,
      0.38,
      1.4125,
      0.435,
      1.465,
      0.49,
      1.52,
      0.5425,
      1.575,
      0.5975,
      1.6275,
      0.6525,
      1.6825,
      0.7075,
      1.7375,
      0.76,
      1.7925,
      0.815,
      1.845,
      0.87,
      1.9,
      0.9225,
      1.955,
      0.9775
    ],
    "SoftwareVersions": "syngo_MR_B17",
    "SpacingBetweenSlices": 3.3,
    "StationName": "MRC35370",
    "TaskName": "silentreading",
    "TotalReadoutTime": 0.0166951,
    "TxRefAmp": 299.858,
    "dataset": "ds002727",
    "modality": "bold",
    "run_id": 2,
    "subject_id": "21",
    "task_id": "silentreading"
  },
  "dummy_trs": 0,
  "dvars_nstd": 31.79317672319546,
  "dvars_std": 1.0698068250751875,
  "dvars_vstd": 1.006907051541353,
  "efc": 0.6213969125541552,
  "fber": 583.2156372070312,
  "fd_mean": 0.0684176067489329,
  "fd_num": 1,
  "fd_perc": 0.37453183520599254,
  "fwhm_avg": 1.854555968366815,
  "fwhm_x": 1.7348466666666666,
  "fwhm_y": 2.0078333333333336,
  "fwhm_z": 1.8209879051004454,
  "gcor": 0.0117282,
  "gsr_x": 0.00845080055296421,
  "gsr_y": 0.05817554518580437,
  "provenance": {
    "md5sum": "7d1cd3048937b6f7ee1153ae9d5232ab",
    "settings": {
      "fd_thres": 0.2,
      "testing": false
    },
    "software": "mriqc",
    "version": "22.0.6",
    "webapi_port": null,
    "webapi_url": "https://mriqc.nimh.nih.gov/api/v1"
  },
  "size_t": 267,
  "size_x": 64,
  "size_y": 64,
  "size_z": 37,
  "snr": 5.42703419219488,
  "spacing_tr": 2.0,
  "spacing_x": 3.0,
  "spacing_y": 3.0,
  "spacing_z": 3.299999952316284,
  "summary_bg_k": 15.723408122111984,
  "summary_bg_mad": 12.657649137915891,
  "summary_bg_mean": 77.45195007324219,
  "summary_bg_median": 33.88576889038086,
  "summary_bg_n": 77682.0,
  "summary_bg_p05": 23.434457778930664,
  "summary_bg_p95": 311.7878189086913,
  "summary_bg_stdv": 105.4301528930664,
  "summary_fg_k": 1.6933760187124358,
  "summary_fg_mad": 137.24897752344066,
  "summary_fg_mean": 851.14404296875,
  "summary_fg_median": 835.6854248046875,
  "summary_fg_n": 38224.0,
  "summary_fg_p05": 639.3934539794922,
  "summary_fg_p95": 1128.9421630859374,
  "summary_fg_stdv": 153.983642578125,
  "tsnr": 45.8956553642638
}