{
  "bids_meta": {
    "AcquisitionMatrixPE": 256,
    "AcquisitionNumber": 1,
    "AcquisitionTime": "14:14:13.422500",
    "BaseResolution": 256,
    "CoilString": "T:HEA;HEP",
    "ConversionSoftware": "dcm2niix",
    "ConversionSoftwareVersion": "v1.0.20181125  (JP2:OpenJPEG) (JP-LS:CharLS) Clang10.0.0",
    "DeviceSerialNumber": "35370",
    "DwellTime": 1.15e-05,
    "EchoTime": 0.00252,
    "FlipAngle": 9,
    "ImageOrientationPatientDICOM": [
      -0.0367441,
      0.999323,
      -0.00174243,
      -0.0574613,
      -0.00385351,
      -0.99834
    ],
    "ImageType": [
      "ORIGINAL",
      "PRIMARY",
      "M",
      "ND",
      "NORM"
    ],
    "ImagingFrequency": 123.243,
    "InPlanePhaseEncodingDirectionDICOM": "ROW",
    "InstitutionAddress": "Habelschwerdter_Allee_45_Berlin_District_DE_14195",
    "InstitutionName": "Freie_Universitaet",
    "InstitutionalDepartmentName": "Department",
    "InversionTime": 0.9,
    "MRAcquisitionType": "3D",
    "MagneticFieldStrength": 3,
    "Manufacturer": "Siemens",
    "ManufacturersModelName": "TrioTim",
    "Modality": "MR",
    "PartialFourier": 1,
    "PatientPosition": "HFS",
    "PercentPhaseFOV": 100,
    "PhaseEncodingSteps": 255,
    "PhaseResolution": 1,
    "PixelBandwidth": 170,
    "ProcedureStepDescription": "Projekte_fMRI_12ch_localizer",
    "ProtocolName": "t1_mpr_1x1x1_176",
    "PulseSequenceDetails": "%SiemensSeq%_tfl",
    "ReceiveCoilName": "HeadMatrix",
    "ReconMatrixPE": 256,
    "RepetitionTime": 1.9,
    "SAR": 0.111995,
    "ScanOptions": "IR",
    "ScanningSequence": "GR_IR",
    "SequenceName": "_tfl3d1_ns",
    "SequenceVariant": "SP_MP",
    "SeriesDescription": "t1_mpr_1x1x1_176",
    "SeriesNumber": 11,
    "ShimSetting": [
      -6834,
      -5892,
      -10914,
      -259,
      350,
      934,
      144,
      115
    ],
    "SliceThickness": 1,
    "SoftwareVersions": "syngo_MR_B17",
    "StationName": "MRC35370",
    "TxRefAmp": 308.537,
    "dataset": "ds002727",
    "modality": "T1w",
    "subject_id": "03"
  },
  "cjv": 0.3952185118488819,
  "cnr": 3.497802887989733,
  "efc": 0.6176816807435946,
  "fber": 10350.955358705929,
  "fwhm_avg": 4.228903333333333,
  "fwhm_x": 4.21552,
  "fwhm_y": 4.22062,
  "fwhm_z": 4.25057,
  "icvs_csf": 0.21559632854989064,
  "icvs_gm": 0.43396307246236393,
  "icvs_wm": 0.35044059898774543,
  "inu_med": 0.5640252828598022,
  "inu_range": 0.25183642208576207,
  "provenance": {
    "md5sum": "e737ce16e9a5d57c728202a091631932",
    "settings": {
      "testing": false
    },
    "software": "mriqc",
    "version": "22.0.6",
    "warnings": {
      "large_rot_frame": true,
      "small_air_mask": false
    },
    "webapi_port": null,
    "webapi_url": "https://mriqc.nimh.nih.gov/api/v1"
  },
  "qi_1": 0.00015544232256413935,
  "qi_2": 0.00844133146647068,
  "rpve_csf": 22.315253008243552,
  "rpve_gm": 11.493581429042617,
  "rpve_wm": 16.079782563186075,
  "size_x": 176,
  "size_y": 256,
  "size_z": 256,
  "snr_csf": 3.1716092528600646,
  "snr_gm": 12.814789178049722,
  "snr_total": 12.516534796069754,
  "snr_wm": 21.563205957299477,
  "snrd_csf": 20.85516381233541,
  "snrd_gm": 46.8533131923022,
  "snrd_total": 43.71140692942085,
  "snrd_wm": 63.42574378362495,
  "spacing_x": 1.0,
  "spacing_y": 1.0,
  "spacing_z": 1.0,
  "summary_bg_k": 9.038808222029836,
  "summary_bg_mad": 0.0,
  "summary_bg_mean": 6.6871966217759935,
  "summary_bg_median": 0.0,
  "summary_bg_n": 2356902.0,
  "summary_bg_p05": 0.0,
  "summary_bg_p95": 27.461292326450348,
  "summary_bg_stdv": 10.32961898468089,
  "summary_csf_k": 1.1506886174618192,
  "summary_csf_mad": 85.14088441715377,
  "summary_csf_mean": 331.31020486826617,
  "summary_csf_median": 328.82602164149284,
  "summary_csf_n": 48975.0,
  "summary_csf_p05": 154.55949848294262,
  "summary_csf_p95": 508.29683530628665,
  "summary_csf_stdv": 103.67691551141408,
  "summary_gm_k": 0.019406929265119555,
  "summary_gm_mad": 57.79185032385292,
  "summary_gm_mean": 737.5583057307495,
  "summary_gm_median": 738.742151170969,
  "summary_gm_n": 30277.0,
  "summary_gm_p05": 641.1168396055698,
  "summary_gm_p95": 830.4829000949859,
  "summary_gm_stdv": 57.64667222232072,
  "summary_wm_k": 0.20496617917570825,
  "summary_wm_mad": 45.478597417593036,
  "summary_wm_mean": 1001.0016374293564,
  "summary_wm_median": 1000.0417731404305,
  "summary_wm_n": 210781.0,
  "summary_wm_p05": 926.5473418533802,
  "summary_wm_p95": 1078.627811819315,
  "summary_wm_stdv": 46.3771204935174,
  "tpm_overlap_csf": 0.1598943404578465,
  "tpm_overlap_gm": 0.4637873632108737,
  "tpm_overlap_wm": 0.5063640539656836,
  "wm2max": 0.48904036899465286
}