{
  "bids_meta": {
    "AcquisitionMatrixPE": 256,
    "AcquisitionNumber": 1,
    "AcquisitionTime": "13:53:40.255000",
    "BaseResolution": 256,
    "CoilString": "T:HEA;HEP",
    "ConversionSoftware": "dcm2niix",
    "ConversionSoftwareVersion": "v1.0.20181125  (JP2:OpenJPEG) (JP-LS:CharLS) Clang10.0.0",
    "DeviceSerialNumber": "35370",
    "DwellTime": 1.15e-05,
    "EchoTime": 0.00252,
    "FlipAngle": 9,
    "ImageOrientationPatientDICOM": [
      0.0331551,
      0.99945,
      -6.37578e-08,
      -0.0383667,
      0.00127269,
      -0.999263
    ],
    "ImageType": [
      "ORIGINAL",
      "PRIMARY",
      "M",
      "ND",
      "NORM"
    ],
    "ImagingFrequency": 123.243,
    "InPlanePhaseEncodingDirectionDICOM": "ROW",
    "InstitutionAddress": "Habelschwerdter_Allee_45_Berlin_District_DE_14195",
    "InstitutionName": "Freie_Universitaet",
    "InstitutionalDepartmentName": "Department",
    "InversionTime": 0.9,
    "MRAcquisitionType": "3D",
    "MagneticFieldStrength": 3,
    "Manufacturer": "Siemens",
    "ManufacturersModelName": "TrioTim",
    "Modality": "MR",
    "PartialFourier": 1,
    "PatientPosition": "HFS",
    "PercentPhaseFOV": 100,
    "PhaseEncodingSteps": 255,
    "PhaseResolution": 1,
    "PixelBandwidth": 170,
    "ProcedureStepDescription": "Projekte_fMRI_12ch_localizer",
    "ProtocolName": "t1_mpr_1x1x1_176",
    "PulseSequenceDetails": "%SiemensSeq%_tfl",
    "ReceiveCoilName": "HeadMatrix",
    "ReconMatrixPE": 256,
    "RepetitionTime": 1.9,
    "SAR": 0.119815,
    "ScanOptions": "IR",
    "ScanningSequence": "GR_IR",
    "SequenceName": "_tfl3d1_ns",
    "SequenceVariant": "SP_MP",
    "SeriesDescription": "t1_mpr_1x1x1_176",
    "SeriesNumber": 7,
    "ShimSetting": [
      -6821,
      -5720,
      -10911,
      -116,
      627,
      689,
      530,
      188
    ],
    "SliceThickness": 1,
    "SoftwareVersions": "syngo_MR_B17",
    "StationName": "MRC35370",
    "TxRefAmp": 285.593,
    "dataset": "ds002727",
    "modality": "T1w",
    "subject_id": "18"
  },
  "cjv": 0.37973018171305695,
  "cnr": 3.5827996306767513,
  "efc": 0.5646687498431466,
  "fber": 18998.027777777777,
  "fwhm_avg": 4.399286666666667,
  "fwhm_x": 4.37312,
  "fwhm_y": 4.42506,
  "fwhm_z": 4.39968,
  "icvs_csf": 0.21496657730461802,
  "icvs_gm": 0.41731135906640643,
  "icvs_wm": 0.3677220636289755,
  "inu_med": 0.46165943145751953,
  "inu_range": 0.18556800335645673,
  "provenance": {
    "md5sum": "e38b8ad621934a0bdfd49e148d56ef46",
    "settings": {
      "testing": false
    },
    "software": "mriqc",
    "version": "22.0.6",
    "warnings": {
      "large_rot_frame": true,
      "small_air_mask": false
    },
    "webapi_port": null,
    "webapi_url": "https://mriqc.nimh.nih.gov/api/v1"
  },
  "qi_1": 0.0,
  "qi_2": 0.009583366188922613,
  "rpve_csf": 22.12011115426906,
  "rpve_gm": 11.797247263611876,
  "rpve_wm": 15.66580438110377,
  "size_x": 176,
  "size_y": 256,
  "size_z": 256,
  "snr_csf": 2.930909986838498,
  "snr_gm": 12.924374171525917,
  "snr_total": 13.891479059191427,
  "snr_wm": 25.81915301920987,
  "snrd_csf": 29.105134430834074,
  "snrd_gm": 72.54291885862699,
  "snrd_total": 66.16366601041896,
  "snrd_wm": 96.84294474179582,
  "spacing_x": 1.0,
  "spacing_y": 1.0,
  "spacing_z": 1.0,
  "summary_bg_k": 8.617211380404179,
  "summary_bg_mad": 0.0,
  "summary_bg_mean": 4.448174830655432,
  "summary_bg_median": 0.0,
  "summary_bg_n": 2396635.0,
  "summary_bg_p05": 0.0,
  "summary_bg_p95": 17.109486278146505,
  "summary_bg_stdv": 6.765398539083288,
  "summary_csf_k": 1.555037350833179,
  "summary_csf_mad": 73.77062133877742,
  "summary_csf_mean": 309.6594851999411,
  "summary_csf_median": 300.56005735322833,
  "summary_csf_n": 48554.0,
  "summary_csf_p05": 137.3283866187558,
  "summary_csf_p95": 499.23841727413225,
  "summary_csf_stdv": 102.54731928847333,
  "summary_gm_k": 0.09783166712540403,
  "summary_gm_mad": 57.36589840551463,
  "summary_gm_mean": 746.8133198748604,
  "summary_gm_median": 749.1291237473488,
  "summary_gm_n": 30144.0,
  "summary_gm_p05": 647.8382329270244,
  "summary_gm_p95": 838.7063343413174,
  "summary_gm_stdv": 57.96154520606016,
  "summary_wm_k": 0.2024865182623321,
  "summary_wm_mad": 37.92326381794391,
  "summary_wm_mean": 1000.5328643381121,
  "summary_wm_median": 1000.0682558268309,
  "summary_wm_n": 247437.0,
  "summary_wm_p05": 937.7432808615267,
  "summary_wm_p95": 1064.8520791195333,
  "summary_wm_stdv": 38.73350276929741,
  "tpm_overlap_csf": 0.1509668420168522,
  "tpm_overlap_gm": 0.4486033707777043,
  "tpm_overlap_wm": 0.510799834861919,
  "wm2max": 0.5722325354176844
}