{
  "bids_meta": {
    "AcquisitionMatrixPE": 256,
    "AcquisitionNumber": 1,
    "AcquisitionTime": "13:00:40.255000",
    "BaseResolution": 256,
    "CoilString": "T:HEA;HEP",
    "ConversionSoftware": "dcm2niix",
    "ConversionSoftwareVersion": "v1.0.20181125  (JP2:OpenJPEG) (JP-LS:CharLS) Clang10.0.0",
    "DeviceSerialNumber": "35370",
    "DwellTime": 1.15e-05,
    "EchoTime": 0.00252,
    "FlipAngle": 9,
    "ImageOrientationPatientDICOM": [
      0.00872653,
      0.999962,
      1.05004e-08,
      0.0279205,
      -0.000243648,
      -0.99961
    ],
    "ImageType": [
      "ORIGINAL",
      "PRIMARY",
      "M",
      "ND",
      "NORM"
    ],
    "ImagingFrequency": 123.243,
    "InPlanePhaseEncodingDirectionDICOM": "ROW",
    "InstitutionAddress": "Habelschwerdter_Allee_45_Berlin_District_DE_14195",
    "InstitutionName": "Freie_Universitaet",
    "InstitutionalDepartmentName": "Department",
    "InversionTime": 0.9,
    "MRAcquisitionType": "3D",
    "MagneticFieldStrength": 3,
    "Manufacturer": "Siemens",
    "ManufacturersModelName": "TrioTim",
    "Modality": "MR",
    "PartialFourier": 1,
    "PatientPosition": "HFS",
    "PercentPhaseFOV": 100,
    "PhaseEncodingSteps": 255,
    "PhaseResolution": 1,
    "PixelBandwidth": 170,
    "ProcedureStepDescription": "Projekte_fMRI_12ch_localizer",
    "ProtocolName": "t1_mpr_1x1x1_176",
    "PulseSequenceDetails": "%SiemensSeq%_tfl",
    "ReceiveCoilName": "HeadMatrix",
    "ReconMatrixPE": 256,
    "RepetitionTime": 1.9,
    "SAR": 0.129365,
    "ScanOptions": "IR",
    "ScanningSequence": "GR_IR",
    "SequenceName": "_tfl3d1_ns",
    "SequenceVariant": "SP_MP",
    "SeriesDescription": "t1_mpr_1x1x1_176",
    "SeriesNumber": 7,
    "ShimSetting": [
      -6812,
      -5884,
      -10895,
      -83,
      492,
      716,
      238,
      137
    ],
    "SliceThickness": 1,
    "SoftwareVersions": "syngo_MR_B17",
    "StationName": "MRC35370",
    "TxRefAmp": 306.618,
    "dataset": "ds002727",
    "modality": "T1w",
    "subject_id": "04"
  },
  "cjv": 0.40443004901126484,
  "cnr": 3.3818596813171276,
  "efc": 0.609153418056757,
  "fber": 13068.393218322428,
  "fwhm_avg": 4.222753333333333,
  "fwhm_x": 4.22208,
  "fwhm_y": 4.25223,
  "fwhm_z": 4.19395,
  "icvs_csf": 0.20967555955611625,
  "icvs_gm": 0.4326843787263517,
  "icvs_wm": 0.3576400617175321,
  "inu_med": 0.5405070185661316,
  "inu_range": 0.2565290629863739,
  "provenance": {
    "md5sum": "ac659502bc9d7982caaa6761a004aa9c",
    "settings": {
      "testing": false
    },
    "software": "mriqc",
    "version": "22.0.6",
    "warnings": {
      "large_rot_frame": true,
      "small_air_mask": false
    },
    "webapi_port": null,
    "webapi_url": "https://mriqc.nimh.nih.gov/api/v1"
  },
  "qi_1": 1.3487863375301024e-05,
  "qi_2": 0.010617906133526119,
  "rpve_csf": 21.903058197615447,
  "rpve_gm": 11.071971108176589,
  "rpve_wm": 15.25548064306212,
  "size_x": 176,
  "size_y": 256,
  "size_z": 256,
  "snr_csf": 2.8540230213926625,
  "snr_gm": 13.505093071613906,
  "snr_total": 12.62483167026616,
  "snr_wm": 21.515378917791907,
  "snrd_csf": 24.174654814828877,
  "snrd_gm": 53.031604304499346,
  "snrd_total": 49.22384494595648,
  "snrd_wm": 70.4652757185412,
  "spacing_x": 1.0,
  "spacing_y": 1.0,
  "spacing_z": 1.0,
  "summary_bg_k": 10.319274130634707,
  "summary_bg_mad": 0.0,
  "summary_bg_mean": 5.638062984655376,
  "summary_bg_median": 0.0,
  "summary_bg_n": 2231831.0,
  "summary_bg_p05": 0.0,
  "summary_bg_p95": 23.859081394970417,
  "summary_bg_stdv": 9.29765268670974,
  "summary_csf_k": 0.7422159211797128,
  "summary_csf_mad": 96.8628889790511,
  "summary_csf_mean": 340.5284557294598,
  "summary_csf_median": 343.0851106569171,
  "summary_csf_n": 38999.0,
  "summary_csf_p05": 103.48828374370933,
  "summary_csf_p95": 535.9659332878887,
  "summary_csf_stdv": 120.20951107166016,
  "summary_gm_k": 0.10400463581652941,
  "summary_gm_mad": 54.28893482601685,
  "summary_gm_mean": 750.3859695327099,
  "summary_gm_median": 752.6210392862558,
  "summary_gm_n": 27114.0,
  "summary_gm_p05": 654.459613456577,
  "summary_gm_p95": 838.164904058352,
  "summary_gm_stdv": 55.72765447377891,
  "summary_wm_k": 0.19790124507988915,
  "summary_wm_mad": 45.77414399540999,
  "summary_wm_mean": 1001.1448811550199,
  "summary_wm_median": 1000.0385570153594,
  "summary_wm_n": 214021.0,
  "summary_wm_p05": 926.958075068891,
  "summary_wm_p95": 1079.2090791240335,
  "summary_wm_stdv": 46.48006546964602,
  "tpm_overlap_csf": 0.15863520221387592,
  "tpm_overlap_gm": 0.45251345518084746,
  "tpm_overlap_wm": 0.5029200446483161,
  "wm2max": 0.5089250686543743
}