{
  "bids_meta": {
    "AcquisitionMatrixPE": 256,
    "AcquisitionNumber": 1,
    "AcquisitionTime": "11:35:51.242500",
    "BaseResolution": 256,
    "CoilString": "T:HEA;HEP",
    "ConversionSoftware": "dcm2niix",
    "ConversionSoftwareVersion": "v1.0.20181125  (JP2:OpenJPEG) (JP-LS:CharLS) Clang10.0.0",
    "DeviceSerialNumber": "35370",
    "DwellTime": 1.15e-05,
    "EchoTime": 0.00252,
    "FlipAngle": 9,
    "ImageOrientationPatientDICOM": [
      0.0740221,
      0.996646,
      -0.0348876,
      -0.0287041,
      -0.0328398,
      -0.999048
    ],
    "ImageType": [
      "ORIGINAL",
      "PRIMARY",
      "M",
      "ND",
      "NORM"
    ],
    "ImagingFrequency": 123.243,
    "InPlanePhaseEncodingDirectionDICOM": "ROW",
    "InstitutionAddress": "Habelschwerdter_Allee_45_Berlin_District_DE_14195",
    "InstitutionName": "Freie_Universitaet",
    "InstitutionalDepartmentName": "Department",
    "InversionTime": 0.9,
    "MRAcquisitionType": "3D",
    "MagneticFieldStrength": 3,
    "Manufacturer": "Siemens",
    "ManufacturersModelName": "TrioTim",
    "Modality": "MR",
    "PartialFourier": 1,
    "PatientPosition": "HFS",
    "PercentPhaseFOV": 100,
    "PhaseEncodingSteps": 255,
    "PhaseResolution": 1,
    "PixelBandwidth": 170,
    "ProcedureStepDescription": "Projekte_fMRI_12ch_localizer",
    "ProtocolName": "t1_mpr_1x1x1_176",
    "PulseSequenceDetails": "%SiemensSeq%_tfl",
    "ReceiveCoilName": "HeadMatrix",
    "ReconMatrixPE": 256,
    "RepetitionTime": 1.9,
    "SAR": 0.113918,
    "ScanOptions": "IR",
    "ScanningSequence": "GR_IR",
    "SequenceName": "_tfl3d1_ns",
    "SequenceVariant": "SP_MP",
    "SeriesDescription": "t1_mpr_1x1x1_176",
    "SeriesNumber": 7,
    "ShimSetting": [
      -6798,
      -5639,
      -10910,
      -33,
      646,
      1046,
      341,
      252
    ],
    "SliceThickness": 1,
    "SoftwareVersions": "syngo_MR_B17",
    "StationName": "MRC35370",
    "TxRefAmp": 291.695,
    "dataset": "ds002727",
    "modality": "T1w",
    "subject_id": "22"
  },
  "cjv": 0.38926569392264465,
  "cnr": 3.5279455597170197,
  "efc": 0.5526324062052477,
  "fber": 13417.121291616835,
  "fwhm_avg": 4.425023333333333,
  "fwhm_x": 4.42104,
  "fwhm_y": 4.39208,
  "fwhm_z": 4.46195,
  "icvs_csf": 0.26669479619264186,
  "icvs_gm": 0.40688335142637727,
  "icvs_wm": 0.32642185238098087,
  "inu_med": 0.525369256734848,
  "inu_range": 0.21793381869792938,
  "provenance": {
    "md5sum": "f25d1e7d685d8f7a51168e50d9d8e2f0",
    "settings": {
      "testing": false
    },
    "software": "mriqc",
    "version": "22.0.6",
    "warnings": {
      "large_rot_frame": true,
      "small_air_mask": false
    },
    "webapi_port": null,
    "webapi_url": "https://mriqc.nimh.nih.gov/api/v1"
  },
  "qi_1": 0.0001292352310792586,
  "qi_2": 0.0041671666154004874,
  "rpve_csf": 21.55018945270264,
  "rpve_gm": 13.522088482205215,
  "rpve_wm": 19.150278708663787,
  "size_x": 176,
  "size_y": 256,
  "size_z": 256,
  "snr_csf": 3.3146458345449314,
  "snr_gm": 13.28111706184434,
  "snr_total": 13.329738190126825,
  "snr_wm": 23.3934516739912,
  "snrd_csf": 25.232147534994482,
  "snrd_gm": 64.03778154217699,
  "snrd_total": 58.28583386594664,
  "snrd_wm": 85.58757252066846,
  "spacing_x": 1.0,
  "spacing_y": 1.0,
  "spacing_z": 1.0,
  "summary_bg_k": 166.24015906386222,
  "summary_bg_mad": 7.654860172036135,
  "summary_bg_mean": 6.518888549226813,
  "summary_bg_median": 5.163124725222588,
  "summary_bg_n": 2489026.0,
  "summary_bg_p05": 0.0,
  "summary_bg_p95": 24.206823892891407,
  "summary_bg_stdv": 9.623716764385192,
  "summary_csf_k": 1.7084120110174936,
  "summary_csf_mad": 68.7273315445853,
  "summary_csf_mean": 301.2074183094119,
  "summary_csf_median": 294.8219045996666,
  "summary_csf_n": 75000.0,
  "summary_csf_p05": 163.34368175081912,
  "summary_csf_p95": 456.7868823930621,
  "summary_csf_stdv": 88.94462751982879,
  "summary_gm_k": 0.023757772350891493,
  "summary_gm_mad": 56.302051265338235,
  "summary_gm_mean": 746.9844731934764,
  "summary_gm_median": 748.2415317371488,
  "summary_gm_n": 18974.0,
  "summary_gm_p05": 652.3495848476887,
  "summary_gm_p95": 837.062242589891,
  "summary_gm_stdv": 56.33726518971792,
  "summary_wm_k": 0.23663929070600664,
  "summary_wm_mad": 41.71344093747227,
  "summary_wm_mean": 1001.0893485592899,
  "summary_wm_median": 1000.0373969599605,
  "summary_wm_n": 165636.0,
  "summary_wm_p05": 933.0196638870984,
  "summary_wm_p95": 1073.1816639006138,
  "summary_wm_stdv": 42.74847474889361,
  "tpm_overlap_csf": 0.157872908654955,
  "tpm_overlap_gm": 0.46169822960158957,
  "tpm_overlap_wm": 0.5058167514959361,
  "wm2max": 0.47721978100897416
}