{
  "aor": 0.0005954681647940075,
  "aqi": 0.008331926479400748,
  "bids_meta": {
    "AcquisitionMatrixPE": 64,
    "AcquisitionNumber": 1,
    "AcquisitionTime": "11:47:3.705000",
    "BandwidthPerPixelPhaseEncode": 58.962,
    "BaseResolution": 64,
    "CoilString": "t:HEA;HEP",
    "ConversionSoftware": "dcm2niix",
    "ConversionSoftwareVersion": "v1.0.20181125  (JP2:OpenJPEG) (JP-LS:CharLS) Clang10.0.0",
    "DerivedVendorReportedEchoSpacing": 0.000530002,
    "DeviceSerialNumber": "35370",
    "DwellTime": 3.5e-06,
    "EchoTime": 0.03,
    "EffectiveEchoSpacing": 0.000265001,
    "FlipAngle": 70,
    "ImageOrientationPatientDICOM": [
      0.999995,
      0.00323251,
      0.000474676,
      -0.00314162,
      0.991253,
      -0.131936
    ],
    "ImageType": [
      "ORIGINAL",
      "PRIMARY",
      "M",
      "ND",
      "MOSAIC"
    ],
    "ImagingFrequency": 123.243,
    "InPlanePhaseEncodingDirectionDICOM": "COL",
    "InstitutionAddress": "Habelschwerdter_Allee_45_Berlin_District_DE_14195",
    "InstitutionName": "Freie_Universitaet",
    "InstitutionalDepartmentName": "Department",
    "MRAcquisitionType": "2D",
    "MagneticFieldStrength": 3,
    "Manufacturer": "Siemens",
    "ManufacturersModelName": "TrioTim",
    "Modality": "MR",
    "ParallelReductionFactorInPlane": 2,
    "PartialFourier": 1,
    "PatientPosition": "HFS",
    "PercentPhaseFOV": 100,
    "PhaseEncodingDirection": "j-",
    "PhaseEncodingSteps": 63,
    "PhaseResolution": 1,
    "PixelBandwidth": 2232,
    "ProcedureStepDescription": "Projekte_fMRI_12ch_localizer",
    "ProtocolName": "ep2d_267",
    "PulseSequenceDetails": "%SiemensSeq%_ep2d_bold",
    "ReceiveCoilName": "HeadMatrix",
    "ReconMatrixPE": 64,
    "RepetitionTime": 2,
    "SAR": 0.109112,
    "ScanOptions": "FS",
    "ScanningSequence": "EP",
    "SequenceName": "_epfid2d1_64",
    "SequenceVariant": "SK",
    "SeriesDescription": "ep2d_267",
    "SeriesNumber": 5,
    "ShimSetting": [
      -6852,
      -5489,
      -10697,
      338,
      746,
      1768,
      283,
      146
    ],
    "SliceThickness": 3,
    "SliceTiming": [
      0,
      1.03,
      0.0525,
      1.085,
      0.1075,
      1.1375,
      0.1625,
      1.1925,
      0.215,
      1.2475,
      0.27,
      1.3025,
      0.325,
      1.355,
      0.38,
      1.41,
      0.4325,
      1.465,
      0.4875,
      1.5175,
      0.5425,
      1.5725,
      0.595,
      1.6275,
      0.65,
      1.68,
      0.705,
      1.735,
      0.7575,
      1.79,
      0.8125,
      1.845,
      0.8675,
      1.8975,
      0.9225,
      1.9525,
      0.975
    ],
    "SoftwareVersions": "syngo_MR_B17",
    "SpacingBetweenSlices": 3.3,
    "StationName": "MRC35370",
    "TaskName": "silentreading",
    "TotalReadoutTime": 0.0166951,
    "TxRefAmp": 288.021,
    "dataset": "ds002727",
    "modality": "bold",
    "run_id": 2,
    "subject_id": "11",
    "task_id": "silentreading"
  },
  "dummy_trs": 0,
  "dvars_nstd": 31.347596304887222,
  "dvars_std": 1.1210943110902256,
  "dvars_vstd": 1.007308491390978,
  "efc": 0.5696272865551821,
  "fber": 887.5030517578125,
  "fd_mean": 0.06547688991813884,
  "fd_num": 2,
  "fd_perc": 0.7490636704119851,
  "fwhm_avg": 1.870517887674375,
  "fwhm_x": 1.7993233333333334,
  "fwhm_y": 1.9672333333333334,
  "fwhm_z": 1.8449969963564583,
  "gcor": 0.0148382,
  "gsr_x": -0.009104033000767231,
  "gsr_y": 0.03693176805973053,
  "provenance": {
    "md5sum": "87f45ed7bb190b368048f97d0dc98830",
    "settings": {
      "fd_thres": 0.2,
      "testing": false
    },
    "software": "mriqc",
    "version": "22.0.6",
    "webapi_port": null,
    "webapi_url": "https://mriqc.nimh.nih.gov/api/v1"
  },
  "size_t": 267,
  "size_x": 64,
  "size_y": 64,
  "size_z": 37,
  "snr": 5.182050400715731,
  "spacing_tr": 2.0,
  "spacing_x": 3.0,
  "spacing_y": 3.0,
  "spacing_z": 3.299999952316284,
  "summary_bg_k": 74.76843318763235,
  "summary_bg_mad": 8.068241256566244,
  "summary_bg_mean": 48.97658157348633,
  "summary_bg_median": 29.41573143005371,
  "summary_bg_n": 81461.0,
  "summary_bg_p05": 22.423221588134766,
  "summary_bg_p95": 125.37078857421875,
  "summary_bg_stdv": 74.3884506225586,
  "summary_fg_k": 1.110186487084154,
  "summary_fg_mad": 159.0993073202147,
  "summary_fg_mean": 906.4945678710938,
  "summary_fg_median": 886.4307250976562,
  "summary_fg_n": 35619.0,
  "summary_fg_p05": 678.3000305175781,
  "summary_fg_p95": 1220.5670898437497,
  "summary_fg_stdv": 171.05551147460938,
  "tsnr": 50.68239229847677
}