{
  "aor": 0.0017849063670411986,
  "aqi": 0.012900339363295881,
  "bids_meta": {
    "AcquisitionMatrixPE": 64,
    "AcquisitionNumber": 1,
    "AcquisitionTime": "11:59:24.507500",
    "BandwidthPerPixelPhaseEncode": 58.962,
    "BaseResolution": 64,
    "CoilString": "t:HEA;HEP",
    "ConversionSoftware": "dcm2niix",
    "ConversionSoftwareVersion": "v1.0.20181125  (JP2:OpenJPEG) (JP-LS:CharLS) Clang10.0.0",
    "DerivedVendorReportedEchoSpacing": 0.000530002,
    "DeviceSerialNumber": "35370",
    "DwellTime": 3.5e-06,
    "EchoTime": 0.03,
    "EffectiveEchoSpacing": 0.000265001,
    "FlipAngle": 70,
    "ImageOrientationPatientDICOM": [
      0.999995,
      0.00323251,
      0.000474676,
      -0.00314162,
      0.991253,
      -0.131936
    ],
    "ImageType": [
      "ORIGINAL",
      "PRIMARY",
      "M",
      "ND",
      "MOSAIC"
    ],
    "ImagingFrequency": 123.243,
    "InPlanePhaseEncodingDirectionDICOM": "COL",
    "InstitutionAddress": "Habelschwerdter_Allee_45_Berlin_District_DE_14195",
    "InstitutionName": "Freie_Universitaet",
    "InstitutionalDepartmentName": "Department",
    "MRAcquisitionType": "2D",
    "MagneticFieldStrength": 3,
    "Manufacturer": "Siemens",
    "ManufacturersModelName": "TrioTim",
    "Modality": "MR",
    "ParallelReductionFactorInPlane": 2,
    "PartialFourier": 1,
    "PatientPosition": "HFS",
    "PercentPhaseFOV": 100,
    "PhaseEncodingDirection": "j-",
    "PhaseEncodingSteps": 63,
    "PhaseResolution": 1,
    "PixelBandwidth": 2232,
    "ProcedureStepDescription": "Projekte_fMRI_12ch_localizer",
    "ProtocolName": "ep2d_267",
    "PulseSequenceDetails": "%SiemensSeq%_ep2d_bold",
    "ReceiveCoilName": "HeadMatrix",
    "ReconMatrixPE": 64,
    "RepetitionTime": 2,
    "SAR": 0.109112,
    "ScanOptions": "FS",
    "ScanningSequence": "EP",
    "SequenceName": "_epfid2d1_64",
    "SequenceVariant": "SK",
    "SeriesDescription": "ep2d_267",
    "SeriesNumber": 6,
    "ShimSetting": [
      -6852,
      -5489,
      -10697,
      338,
      746,
      1768,
      283,
      146
    ],
    "SliceThickness": 3,
    "SliceTiming": [
      0,
      1.03,
      0.0525,
      1.085,
      0.1075,
      1.1375,
      0.1625,
      1.1925,
      0.215,
      1.2475,
      0.27,
      1.3025,
      0.325,
      1.355,
      0.38,
      1.41,
      0.4325,
      1.465,
      0.4875,
      1.5175,
      0.5425,
      1.5725,
      0.595,
      1.6275,
      0.65,
      1.68,
      0.705,
      1.735,
      0.76,
      1.79,
      0.8125,
      1.845,
      0.8675,
      1.8975,
      0.9225,
      1.9525,
      0.975
    ],
    "SoftwareVersions": "syngo_MR_B17",
    "SpacingBetweenSlices": 3.3,
    "StationName": "MRC35370",
    "TaskName": "silentreading",
    "TotalReadoutTime": 0.0166951,
    "TxRefAmp": 288.021,
    "dataset": "ds002727",
    "modality": "bold",
    "run_id": 3,
    "subject_id": "11",
    "task_id": "silentreading"
  },
  "dummy_trs": 0,
  "dvars_nstd": 30.181715957894728,
  "dvars_std": 1.0792890747744364,
  "dvars_vstd": 0.9996532067293231,
  "efc": 0.5677363238271393,
  "fber": 882.6400756835938,
  "fd_mean": 0.064103021224115,
  "fd_num": 2,
  "fd_perc": 0.7490636704119851,
  "fwhm_avg": 1.9256414232714374,
  "fwhm_x": 1.8479266666666667,
  "fwhm_y": 2.03344,
  "fwhm_z": 1.8955576031476455,
  "gcor": 0.00964522,
  "gsr_x": -0.007218736689537764,
  "gsr_y": 0.040358394384384155,
  "provenance": {
    "md5sum": "8185ce8d1d7acb5a3c86ac39df8b860c",
    "settings": {
      "fd_thres": 0.2,
      "testing": false
    },
    "software": "mriqc",
    "version": "22.0.6",
    "webapi_port": null,
    "webapi_url": "https://mriqc.nimh.nih.gov/api/v1"
  },
  "size_t": 267,
  "size_x": 64,
  "size_y": 64,
  "size_z": 37,
  "snr": 5.130684980694519,
  "spacing_tr": 2.0,
  "spacing_x": 3.0,
  "spacing_y": 3.0,
  "spacing_z": 3.299999952316284,
  "summary_bg_k": 81.08831284904556,
  "summary_bg_mad": 8.612422170725184,
  "summary_bg_mean": 48.659828186035156,
  "summary_bg_median": 29.56554412841797,
  "summary_bg_n": 81784.0,
  "summary_bg_p05": 21.962547302246094,
  "summary_bg_p95": 122.87359542846663,
  "summary_bg_stdv": 74.22540283203125,
  "summary_fg_k": 1.1250407709638353,
  "summary_fg_mad": 159.687859861057,
  "summary_fg_mean": 905.9518432617188,
  "summary_fg_median": 886.2022705078125,
  "summary_fg_n": 35435.0,
  "summary_fg_p05": 674.6247253417969,
  "summary_fg_p95": 1222.6446044921872,
  "summary_fg_stdv": 172.72348022460938,
  "tsnr": 43.12986875907518
}