{
  "aor": 0.0005999625468164794,
  "aqi": 0.009536279288389514,
  "bids_meta": {
    "AcquisitionMatrixPE": 64,
    "AcquisitionNumber": 1,
    "AcquisitionTime": "11:37:19.745000",
    "BandwidthPerPixelPhaseEncode": 58.962,
    "BaseResolution": 64,
    "CoilString": "t:HEA;HEP",
    "ConversionSoftware": "dcm2niix",
    "ConversionSoftwareVersion": "v1.0.20181125  (JP2:OpenJPEG) (JP-LS:CharLS) Clang10.0.0",
    "DerivedVendorReportedEchoSpacing": 0.000530002,
    "DeviceSerialNumber": "35370",
    "DwellTime": 3.5e-06,
    "EchoTime": 0.03,
    "EffectiveEchoSpacing": 0.000265001,
    "FlipAngle": 70,
    "ImageOrientationPatientDICOM": [
      0.999995,
      0.00323251,
      0.000474676,
      -0.00314162,
      0.991253,
      -0.131936
    ],
    "ImageType": [
      "ORIGINAL",
      "PRIMARY",
      "M",
      "ND",
      "MOSAIC"
    ],
    "ImagingFrequency": 123.243,
    "InPlanePhaseEncodingDirectionDICOM": "COL",
    "InstitutionAddress": "Habelschwerdter_Allee_45_Berlin_District_DE_14195",
    "InstitutionName": "Freie_Universitaet",
    "InstitutionalDepartmentName": "Department",
    "MRAcquisitionType": "2D",
    "MagneticFieldStrength": 3,
    "Manufacturer": "Siemens",
    "ManufacturersModelName": "TrioTim",
    "Modality": "MR",
    "ParallelReductionFactorInPlane": 2,
    "PartialFourier": 1,
    "PatientPosition": "HFS",
    "PercentPhaseFOV": 100,
    "PhaseEncodingDirection": "j-",
    "PhaseEncodingSteps": 63,
    "PhaseResolution": 1,
    "PixelBandwidth": 2232,
    "ProcedureStepDescription": "Projekte_fMRI_12ch_localizer",
    "ProtocolName": "ep2d_267",
    "PulseSequenceDetails": "%SiemensSeq%_ep2d_bold",
    "ReceiveCoilName": "HeadMatrix",
    "ReconMatrixPE": 64,
    "RepetitionTime": 2,
    "SAR": 0.109112,
    "ScanOptions": "FS",
    "ScanningSequence": "EP",
    "SequenceName": "_epfid2d1_64",
    "SequenceVariant": "SK",
    "SeriesDescription": "ep2d_267",
    "SeriesNumber": 4,
    "ShimSetting": [
      -6852,
      -5489,
      -10697,
      338,
      746,
      1768,
      283,
      146
    ],
    "SliceThickness": 3,
    "SliceTiming": [
      0,
      1.03,
      0.0525,
      1.085,
      0.1075,
      1.14,
      0.1625,
      1.1925,
      0.2175,
      1.2475,
      0.27,
      1.3025,
      0.325,
      1.355,
      0.38,
      1.41,
      0.4325,
      1.465,
      0.4875,
      1.5175,
      0.5425,
      1.5725,
      0.595,
      1.6275,
      0.65,
      1.6825,
      0.705,
      1.735,
      0.76,
      1.79,
      0.8125,
      1.845,
      0.8675,
      1.8975,
      0.9225,
      1.9525,
      0.975
    ],
    "SoftwareVersions": "syngo_MR_B17",
    "SpacingBetweenSlices": 3.3,
    "StationName": "MRC35370",
    "TaskName": "silentreading",
    "TotalReadoutTime": 0.0166951,
    "TxRefAmp": 288.021,
    "dataset": "ds002727",
    "modality": "bold",
    "run_id": 1,
    "subject_id": "11",
    "task_id": "silentreading"
  },
  "dummy_trs": 0,
  "dvars_nstd": 31.113233286390994,
  "dvars_std": 1.0959101469924806,
  "dvars_vstd": 0.9964711319548873,
  "efc": 0.5692318814540476,
  "fber": 888.6965942382812,
  "fd_mean": 0.06630175658443829,
  "fd_num": 4,
  "fd_perc": 1.4981273408239701,
  "fwhm_avg": 1.8854910190710221,
  "fwhm_x": 1.8040766666666668,
  "fwhm_y": 1.99006,
  "fwhm_z": 1.8623363905463999,
  "gcor": 0.0144851,
  "gsr_x": -0.008959110826253891,
  "gsr_y": 0.03750709816813469,
  "provenance": {
    "md5sum": "de5c46c4f233cf6ae8a2a617fe13605d",
    "settings": {
      "fd_thres": 0.2,
      "testing": false
    },
    "software": "mriqc",
    "version": "22.0.6",
    "webapi_port": null,
    "webapi_url": "https://mriqc.nimh.nih.gov/api/v1"
  },
  "size_t": 267,
  "size_x": 64,
  "size_y": 64,
  "size_z": 37,
  "snr": 5.1988700690660705,
  "spacing_tr": 2.0,
  "spacing_x": 3.0,
  "spacing_y": 3.0,
  "spacing_z": 3.299999952316284,
  "summary_bg_k": 69.29543586511791,
  "summary_bg_mad": 7.751732513454713,
  "summary_bg_mean": 48.3871955871582,
  "summary_bg_median": 29.25093650817871,
  "summary_bg_n": 81469.0,
  "summary_bg_p05": 22.37453269958496,
  "summary_bg_p95": 121.45093841552558,
  "summary_bg_stdv": 72.21145629882812,
  "summary_fg_k": 1.0943317944166955,
  "summary_fg_mad": 158.02210414583172,
  "summary_fg_mean": 903.3892822265625,
  "summary_fg_median": 883.4007568359375,
  "summary_fg_n": 35583.0,
  "summary_fg_p05": 675.2936157226562,
  "summary_fg_p95": 1214.3906860351562,
  "summary_fg_stdv": 169.91929626464844,
  "tsnr": 47.25239758263342
}