{
  "aor": 0.0005481203007518796,
  "aqi": 0.007925298045112782,
  "bids_meta": {
    "AcquisitionMatrixPE": 64,
    "AcquisitionNumber": 1,
    "AcquisitionTime": "10:11:27.430000",
    "BandwidthPerPixelPhaseEncode": 58.962,
    "BaseResolution": 64,
    "CoilString": "t:HEA;HEP",
    "ConversionSoftware": "dcm2niix",
    "ConversionSoftwareVersion": "v1.0.20181125  (JP2:OpenJPEG) (JP-LS:CharLS) Clang10.0.0",
    "DerivedVendorReportedEchoSpacing": 0.000530002,
    "DeviceSerialNumber": "35370",
    "DwellTime": 3.5e-06,
    "EchoTime": 0.03,
    "EffectiveEchoSpacing": 0.000265001,
    "FlipAngle": 70,
    "ImageOrientationPatientDICOM": [
      0.998449,
      0.0362561,
      0.0422472,
      -0.0313775,
      0.993335,
      -0.110909
    ],
    "ImageType": [
      "ORIGINAL",
      "PRIMARY",
      "M",
      "ND",
      "MOSAIC"
    ],
    "ImagingFrequency": 123.243,
    "InPlanePhaseEncodingDirectionDICOM": "COL",
    "InstitutionAddress": "Habelschwerdter_Allee_45_Berlin_District_DE_14195",
    "InstitutionName": "Freie_Universitaet",
    "InstitutionalDepartmentName": "Department",
    "MRAcquisitionType": "2D",
    "MagneticFieldStrength": 3,
    "Manufacturer": "Siemens",
    "ManufacturersModelName": "TrioTim",
    "Modality": "MR",
    "ParallelReductionFactorInPlane": 2,
    "PartialFourier": 1,
    "PatientPosition": "HFS",
    "PercentPhaseFOV": 100,
    "PhaseEncodingDirection": "j-",
    "PhaseEncodingSteps": 63,
    "PhaseResolution": 1,
    "PixelBandwidth": 2232,
    "ProcedureStepDescription": "Projekte_fMRI_12ch_localizer",
    "ProtocolName": "ep2d_267",
    "PulseSequenceDetails": "%SiemensSeq%_ep2d_bold",
    "ReceiveCoilName": "HeadMatrix",
    "ReconMatrixPE": 64,
    "RepetitionTime": 2,
    "SAR": 0.123988,
    "ScanOptions": "FS",
    "ScanningSequence": "EP",
    "SequenceName": "_epfid2d1_64",
    "SequenceVariant": "SK",
    "SeriesDescription": "ep2d_267",
    "SeriesNumber": 6,
    "ShimSetting": [
      -6778,
      -5524,
      -10701,
      272,
      581,
      1754,
      -4,
      186
    ],
    "SliceThickness": 3,
    "SliceTiming": [
      0,
      1.03,
      0.055,
      1.085,
      0.1075,
      1.14,
      0.1625,
      1.1925,
      0.2175,
      1.2475,
      0.27,
      1.3025,
      0.325,
      1.3575,
      0.38,
      1.41,
      0.435,
      1.465,
      0.4875,
      1.52,
      0.5425,
      1.5725,
      0.5975,
      1.6275,
      0.65,
      1.6825,
      0.705,
      1.735,
      0.76,
      1.79,
      0.815,
      1.845,
      0.8675,
      1.9,
      0.9225,
      1.9525,
      0.9775
    ],
    "SoftwareVersions": "syngo_MR_B17",
    "SpacingBetweenSlices": 3.3,
    "StationName": "MRC35370",
    "TaskName": "silentreading",
    "TotalReadoutTime": 0.0166951,
    "TxRefAmp": 307.952,
    "dataset": "ds002727",
    "modality": "bold",
    "run_id": 3,
    "subject_id": "07",
    "task_id": "silentreading"
  },
  "dummy_trs": 1,
  "dvars_nstd": 28.776904145358472,
  "dvars_std": 1.070789045169812,
  "dvars_vstd": 1.0084364176603782,
  "efc": 0.5771710018266496,
  "fber": 867.1123657226562,
  "fd_mean": 0.06820185015098797,
  "fd_num": 11,
  "fd_perc": 4.135338345864661,
  "fwhm_avg": 1.8917780446829466,
  "fwhm_x": 1.7532833333333333,
  "fwhm_y": 2.0469933333333334,
  "fwhm_z": 1.8750574673821727,
  "gcor": 0.0204734,
  "gsr_x": -0.0008279428002424538,
  "gsr_y": 0.04308254271745682,
  "provenance": {
    "md5sum": "39ccde4af495d22585bc9b601707a053",
    "settings": {
      "fd_thres": 0.2,
      "testing": false
    },
    "software": "mriqc",
    "version": "22.0.6",
    "webapi_port": null,
    "webapi_url": "https://mriqc.nimh.nih.gov/api/v1"
  },
  "size_t": 266,
  "size_x": 64,
  "size_y": 64,
  "size_z": 37,
  "snr": 5.168970904448239,
  "spacing_tr": 2.0,
  "spacing_x": 3.0,
  "spacing_y": 3.0,
  "spacing_z": 3.3000001907348633,
  "summary_bg_k": 54.713279815680345,
  "summary_bg_mad": 8.812008241701264,
  "summary_bg_mean": 56.509395599365234,
  "summary_bg_median": 31.800752639770508,
  "summary_bg_n": 81410.0,
  "summary_bg_p05": 24.296993255615234,
  "summary_bg_p95": 167.35921173095704,
  "summary_bg_stdv": 78.8858413696289,
  "summary_fg_k": 1.703477200399952,
  "summary_fg_mad": 152.4739286562678,
  "summary_fg_mean": 974.2474365234375,
  "summary_fg_median": 950.9924926757812,
  "summary_fg_n": 36201.0,
  "summary_fg_p05": 735.3308715820312,
  "summary_fg_p95": 1329.0413818359375,
  "summary_fg_stdv": 183.9784698486328,
  "tsnr": 50.307101517915726
}