{
  "aor": 0.0008093522267206476,
  "aqi": 0.007858161983805668,
  "bids_meta": {
    "AcquisitionMatrixPE": 64,
    "AcquisitionNumber": 1,
    "AcquisitionTime": "10:02:34.630000",
    "BandwidthPerPixelPhaseEncode": 58.962,
    "BaseResolution": 64,
    "CoilString": "t:HEA;HEP",
    "ConversionSoftware": "dcm2niix",
    "ConversionSoftwareVersion": "v1.0.20181125  (JP2:OpenJPEG) (JP-LS:CharLS) Clang10.0.0",
    "DerivedVendorReportedEchoSpacing": 0.000530002,
    "DeviceSerialNumber": "35370",
    "DwellTime": 3.5e-06,
    "EchoTime": 0.03,
    "EffectiveEchoSpacing": 0.000265001,
    "FlipAngle": 70,
    "ImageOrientationPatientDICOM": [
      0.998449,
      0.0362561,
      0.0422472,
      -0.0313775,
      0.993335,
      -0.110909
    ],
    "ImageType": [
      "ORIGINAL",
      "PRIMARY",
      "M",
      "ND",
      "MOSAIC"
    ],
    "ImagingFrequency": 123.243,
    "InPlanePhaseEncodingDirectionDICOM": "COL",
    "InstitutionAddress": "Habelschwerdter_Allee_45_Berlin_District_DE_14195",
    "InstitutionName": "Freie_Universitaet",
    "InstitutionalDepartmentName": "Department",
    "MRAcquisitionType": "2D",
    "MagneticFieldStrength": 3,
    "Manufacturer": "Siemens",
    "ManufacturersModelName": "TrioTim",
    "Modality": "MR",
    "ParallelReductionFactorInPlane": 2,
    "PartialFourier": 1,
    "PatientPosition": "HFS",
    "PercentPhaseFOV": 100,
    "PhaseEncodingDirection": "j-",
    "PhaseEncodingSteps": 63,
    "PhaseResolution": 1,
    "PixelBandwidth": 2232,
    "ProcedureStepDescription": "Projekte_fMRI_12ch_localizer",
    "ProtocolName": "ep2d_267",
    "PulseSequenceDetails": "%SiemensSeq%_ep2d_bold",
    "ReceiveCoilName": "HeadMatrix",
    "ReconMatrixPE": 64,
    "RepetitionTime": 2,
    "SAR": 0.123988,
    "ScanOptions": "FS",
    "ScanningSequence": "EP",
    "SequenceName": "_epfid2d1_64",
    "SequenceVariant": "SK",
    "SeriesDescription": "ep2d_267",
    "SeriesNumber": 5,
    "ShimSetting": [
      -6778,
      -5524,
      -10701,
      272,
      581,
      1754,
      -4,
      186
    ],
    "SliceThickness": 3,
    "SliceTiming": [
      0,
      1.0325,
      0.055,
      1.085,
      0.11,
      1.14,
      0.1625,
      1.195,
      0.2175,
      1.25,
      0.2725,
      1.3025,
      0.3275,
      1.3575,
      0.38,
      1.4125,
      0.435,
      1.465,
      0.49,
      1.52,
      0.5425,
      1.575,
      0.5975,
      1.6275,
      0.6525,
      1.6825,
      0.7075,
      1.7375,
      0.76,
      1.7925,
      0.815,
      1.845,
      0.87,
      1.9,
      0.9225,
      1.955,
      0.9775
    ],
    "SoftwareVersions": "syngo_MR_B17",
    "SpacingBetweenSlices": 3.3,
    "StationName": "MRC35370",
    "TaskName": "silentreading",
    "TotalReadoutTime": 0.0166951,
    "TxRefAmp": 307.952,
    "dataset": "ds002727",
    "modality": "bold",
    "run_id": 2,
    "subject_id": "07",
    "task_id": "silentreading"
  },
  "dummy_trs": 0,
  "dvars_nstd": 30.242543887601627,
  "dvars_std": 1.0852746438617882,
  "dvars_vstd": 1.0101326911788622,
  "efc": 0.5766769688874975,
  "fber": 869.9389038085938,
  "fd_mean": 0.1241785072410885,
  "fd_num": 43,
  "fd_perc": 17.408906882591094,
  "fwhm_avg": 1.8844183478714072,
  "fwhm_x": 1.7491166666666667,
  "fwhm_y": 2.03729,
  "fwhm_z": 1.8668483769475543,
  "gcor": 0.0263158,
  "gsr_x": -0.0008815816836431623,
  "gsr_y": 0.04298247769474983,
  "provenance": {
    "md5sum": "059f8e7864b347450bdf2d99ad75f736",
    "settings": {
      "fd_thres": 0.2,
      "testing": false
    },
    "software": "mriqc",
    "version": "22.0.6",
    "webapi_port": null,
    "webapi_url": "https://mriqc.nimh.nih.gov/api/v1"
  },
  "size_t": 247,
  "size_x": 64,
  "size_y": 64,
  "size_z": 37,
  "snr": 5.18621211822111,
  "spacing_tr": 2.0,
  "spacing_x": 3.0,
  "spacing_y": 3.0,
  "spacing_z": 3.3000001907348633,
  "summary_bg_k": 55.718687997364405,
  "summary_bg_mad": 8.82358541585471,
  "summary_bg_mean": 56.12276840209961,
  "summary_bg_median": 31.676115036010742,
  "summary_bg_n": 81523.0,
  "summary_bg_p05": 24.129554748535156,
  "summary_bg_p95": 166.04413604736325,
  "summary_bg_stdv": 78.28579711914062,
  "summary_fg_k": 1.7522435311415618,
  "summary_fg_mad": 150.97331875700763,
  "summary_fg_mean": 972.4187622070312,
  "summary_fg_median": 949.7530517578125,
  "summary_fg_n": 36087.0,
  "summary_fg_p05": 733.5955444335938,
  "summary_fg_p95": 1327.6664428710938,
  "summary_fg_stdv": 183.1278533935547,
  "tsnr": 50.30460127815604
}