{
  "bids_meta": {
    "AcquisitionMatrixPE": 256,
    "AcquisitionNumber": 1,
    "AcquisitionTime": "16:50:49.270000",
    "BaseResolution": 256,
    "CoilString": "T:HEA;HEP",
    "ConversionSoftware": "dcm2niix",
    "ConversionSoftwareVersion": "v1.0.20181125  (JP2:OpenJPEG) (JP-LS:CharLS) Clang10.0.0",
    "DeviceSerialNumber": "35370",
    "DwellTime": 1.15e-05,
    "EchoTime": 0.00252,
    "FlipAngle": 9,
    "ImageOrientationPatientDICOM": [
      0.045363,
      0.998971,
      -1.79364e-08,
      -0.024407,
      0.0011083,
      -0.999701
    ],
    "ImageType": [
      "ORIGINAL",
      "PRIMARY",
      "M",
      "ND",
      "NORM"
    ],
    "ImagingFrequency": 123.243,
    "InPlanePhaseEncodingDirectionDICOM": "ROW",
    "InstitutionAddress": "Habelschwerdter_Allee_45_Berlin_District_DE_14195",
    "InstitutionName": "Freie_Universitaet",
    "InstitutionalDepartmentName": "Department",
    "InversionTime": 0.9,
    "MRAcquisitionType": "3D",
    "MagneticFieldStrength": 3,
    "Manufacturer": "Siemens",
    "ManufacturersModelName": "TrioTim",
    "Modality": "MR",
    "PartialFourier": 1,
    "PatientPosition": "HFS",
    "PercentPhaseFOV": 100,
    "PhaseEncodingSteps": 255,
    "PhaseResolution": 1,
    "PixelBandwidth": 170,
    "ProcedureStepDescription": "Projekte_fMRI_12ch_localizer",
    "ProtocolName": "t1_mpr_1x1x1_176",
    "PulseSequenceDetails": "%SiemensSeq%_tfl",
    "ReceiveCoilName": "HeadMatrix",
    "ReconMatrixPE": 256,
    "RepetitionTime": 1.9,
    "SAR": 0.101588,
    "ScanOptions": "IR",
    "ScanningSequence": "GR_IR",
    "SequenceName": "_tfl3d1_ns",
    "SequenceVariant": "SP_MP",
    "SeriesDescription": "t1_mpr_1x1x1_176",
    "SeriesNumber": 7,
    "ShimSetting": [
      -6838,
      -5667,
      -10911,
      -143,
      657,
      594,
      130,
      204
    ],
    "SliceThickness": 1,
    "SoftwareVersions": "syngo_MR_B17",
    "StationName": "MRC35370",
    "TxRefAmp": 293.367,
    "dataset": "ds002727",
    "modality": "T1w",
    "subject_id": "20"
  },
  "cjv": 0.44022578339413565,
  "cnr": 3.1462675144760857,
  "efc": 0.565374455676492,
  "fber": 15869.280711111112,
  "fwhm_avg": 4.187523333333334,
  "fwhm_x": 4.16408,
  "fwhm_y": 4.13585,
  "fwhm_z": 4.26264,
  "icvs_csf": 0.23695174240281217,
  "icvs_gm": 0.39965187669735003,
  "icvs_wm": 0.36339638089983783,
  "inu_med": 0.5019427239894867,
  "inu_range": 0.19384564012289046,
  "provenance": {
    "md5sum": "467622bacd7be6e555b222b7327658eb",
    "settings": {
      "testing": false
    },
    "software": "mriqc",
    "version": "22.0.6",
    "warnings": {
      "large_rot_frame": true,
      "small_air_mask": false
    },
    "webapi_port": null,
    "webapi_url": "https://mriqc.nimh.nih.gov/api/v1"
  },
  "qi_1": 0.0,
  "qi_2": 0.00378015744633529,
  "rpve_csf": 26.353370483138967,
  "rpve_gm": 15.268975960121137,
  "rpve_wm": 19.307363603735975,
  "size_x": 176,
  "size_y": 256,
  "size_z": 256,
  "snr_csf": 3.1486632233500185,
  "snr_gm": 14.558598060510686,
  "snr_total": 12.725060017106907,
  "snr_wm": 20.467918767460024,
  "snrd_csf": 24.86058267536547,
  "snrd_gm": 59.84828479738205,
  "snrd_total": 54.089168112530764,
  "snrd_wm": 77.55863686484477,
  "spacing_x": 1.0,
  "spacing_y": 1.0,
  "spacing_z": 1.0,
  "summary_bg_k": 11.324682137652934,
  "summary_bg_mad": 0.0,
  "summary_bg_mean": 5.272700935102372,
  "summary_bg_median": 0.0,
  "summary_bg_n": 2173925.0,
  "summary_bg_p05": 0.0,
  "summary_bg_p95": 21.634526669979095,
  "summary_bg_stdv": 8.447291978968929,
  "summary_csf_k": 1.3183768527168196,
  "summary_csf_mad": 80.27017916413661,
  "summary_csf_mean": 333.0246235828242,
  "summary_csf_median": 320.55095797777176,
  "summary_csf_n": 43217.0,
  "summary_csf_p05": 192.7125766158104,
  "summary_csf_p95": 519.7796042561531,
  "summary_csf_stdv": 101.80423455835675,
  "summary_gm_k": 0.09437641419246345,
  "summary_gm_mad": 53.095946190660236,
  "summary_gm_mean": 768.5472759469368,
  "summary_gm_median": 771.6804258227348,
  "summary_gm_n": 14243.0,
  "summary_gm_p05": 677.5463596940041,
  "summary_gm_p95": 850.762150645256,
  "summary_gm_stdv": 53.00327217816677,
  "summary_wm_k": 0.32434269468392696,
  "summary_wm_mad": 47.432378596989814,
  "summary_wm_mean": 1002.4054320910765,
  "summary_wm_median": 1000.0367115736008,
  "summary_wm_n": 160369.0,
  "summary_wm_p05": 926.4278975725174,
  "summary_wm_p95": 1086.3544325828552,
  "summary_wm_stdv": 48.85858718740794,
  "tpm_overlap_csf": 0.16955148433201672,
  "tpm_overlap_gm": 0.45727449947146864,
  "tpm_overlap_wm": 0.5173054136711135,
  "wm2max": 0.5290008861532182
}