{
  "aor": 0.0004268301886792453,
  "aqi": 0.007465502566037736,
  "bids_meta": {
    "AcquisitionMatrixPE": 64,
    "AcquisitionNumber": 1,
    "AcquisitionTime": "11:05:20.635000",
    "BandwidthPerPixelPhaseEncode": 58.962,
    "BaseResolution": 64,
    "CoilString": "t:HEA;HEP",
    "ConversionSoftware": "dcm2niix",
    "ConversionSoftwareVersion": "v1.0.20181125  (JP2:OpenJPEG) (JP-LS:CharLS) Clang10.0.0",
    "DerivedVendorReportedEchoSpacing": 0.000530002,
    "DeviceSerialNumber": "35370",
    "DwellTime": 3.5e-06,
    "EchoTime": 0.03,
    "EffectiveEchoSpacing": 0.000265001,
    "FlipAngle": 70,
    "ImageOrientationPatientDICOM": [
      0.997249,
      -0.0709695,
      -0.0214116,
      0.0644892,
      0.973021,
      -0.221519
    ],
    "ImageType": [
      "ORIGINAL",
      "PRIMARY",
      "M",
      "ND",
      "MOSAIC"
    ],
    "ImagingFrequency": 123.243,
    "InPlanePhaseEncodingDirectionDICOM": "COL",
    "InstitutionAddress": "Habelschwerdter_Allee_45_Berlin_District_DE_14195",
    "InstitutionName": "Freie_Universitaet",
    "InstitutionalDepartmentName": "Department",
    "MRAcquisitionType": "2D",
    "MagneticFieldStrength": 3,
    "Manufacturer": "Siemens",
    "ManufacturersModelName": "TrioTim",
    "Modality": "MR",
    "ParallelReductionFactorInPlane": 2,
    "PartialFourier": 1,
    "PatientPosition": "HFS",
    "PercentPhaseFOV": 100,
    "PhaseEncodingDirection": "j-",
    "PhaseEncodingSteps": 63,
    "PhaseResolution": 1,
    "PixelBandwidth": 2232,
    "ProcedureStepDescription": "Projekte_fMRI_12ch_localizer",
    "ProtocolName": "ep2d_267",
    "PulseSequenceDetails": "%SiemensSeq%_ep2d_bold",
    "ReceiveCoilName": "HeadMatrix",
    "ReconMatrixPE": 64,
    "RepetitionTime": 2,
    "SAR": 0.124265,
    "ScanOptions": "FS",
    "ScanningSequence": "EP",
    "SequenceName": "_epfid2d1_64",
    "SequenceVariant": "SK",
    "SeriesDescription": "ep2d_267",
    "SeriesNumber": 4,
    "ShimSetting": [
      -6824,
      -5463,
      -10768,
      339,
      566,
      1880,
      393,
      195
    ],
    "SliceThickness": 3,
    "SliceTiming": [
      0,
      1.03,
      0.055,
      1.085,
      0.1075,
      1.14,
      0.1625,
      1.1925,
      0.2175,
      1.2475,
      0.27,
      1.3025,
      0.325,
      1.355,
      0.38,
      1.41,
      0.435,
      1.465,
      0.4875,
      1.52,
      0.5425,
      1.5725,
      0.5975,
      1.6275,
      0.65,
      1.6825,
      0.705,
      1.735,
      0.76,
      1.79,
      0.8125,
      1.845,
      0.8675,
      1.8975,
      0.9225,
      1.9525,
      0.9775
    ],
    "SoftwareVersions": "syngo_MR_B17",
    "SpacingBetweenSlices": 3.3,
    "StationName": "MRC35370",
    "TaskName": "silentreading",
    "TotalReadoutTime": 0.0166951,
    "TxRefAmp": 291.695,
    "dataset": "ds002727",
    "modality": "bold",
    "run_id": 1,
    "subject_id": "22",
    "task_id": "silentreading"
  },
  "dummy_trs": 2,
  "dvars_nstd": 27.792005488181804,
  "dvars_std": 1.0244570856818176,
  "dvars_vstd": 0.9908386996590911,
  "efc": 0.5694884400092313,
  "fber": 841.192138671875,
  "fd_mean": 0.05730775493961357,
  "fd_num": 4,
  "fd_perc": 1.509433962264151,
  "fwhm_avg": 1.889942130153555,
  "fwhm_x": 1.8046833333333332,
  "fwhm_y": 2.00874,
  "fwhm_z": 1.856403057127332,
  "gcor": 0.00923512,
  "gsr_x": -0.0010628844611346722,
  "gsr_y": 0.032884690910577774,
  "provenance": {
    "md5sum": "034145746474e636980fa49949d814e1",
    "settings": {
      "fd_thres": 0.2,
      "testing": false
    },
    "software": "mriqc",
    "version": "22.0.6",
    "webapi_port": null,
    "webapi_url": "https://mriqc.nimh.nih.gov/api/v1"
  },
  "size_t": 265,
  "size_x": 64,
  "size_y": 64,
  "size_z": 37,
  "snr": 4.599143514754696,
  "spacing_tr": 2.0,
  "spacing_x": 3.0,
  "spacing_y": 3.0,
  "spacing_z": 3.299999952316284,
  "summary_bg_k": 33.941124200553965,
  "summary_bg_mad": 8.912396537365,
  "summary_bg_mean": 50.686527252197266,
  "summary_bg_median": 30.049057006835938,
  "summary_bg_n": 81981.0,
  "summary_bg_p05": 22.48301887512207,
  "summary_bg_p95": 145.8113250732422,
  "summary_bg_stdv": 64.31786346435547,
  "summary_fg_k": 1.9918595104056749,
  "summary_fg_mad": 160.92106927474074,
  "summary_fg_mean": 914.715576171875,
  "summary_fg_median": 882.4754638671875,
  "summary_fg_n": 35141.0,
  "summary_fg_p05": 671.5321044921875,
  "summary_fg_p95": 1282.784912109375,
  "summary_fg_stdv": 191.87548828125,
  "tsnr": 48.4414046430029
}