{
  "aor": 0.0003623684210526316,
  "aqi": 0.006308682593984963,
  "bids_meta": {
    "AcquisitionMatrixPE": 64,
    "AcquisitionNumber": 1,
    "AcquisitionTime": "11:25:41.445000",
    "BandwidthPerPixelPhaseEncode": 58.962,
    "BaseResolution": 64,
    "CoilString": "t:HEA;HEP",
    "ConversionSoftware": "dcm2niix",
    "ConversionSoftwareVersion": "v1.0.20181125  (JP2:OpenJPEG) (JP-LS:CharLS) Clang10.0.0",
    "DerivedVendorReportedEchoSpacing": 0.000530002,
    "DeviceSerialNumber": "35370",
    "DwellTime": 3.5e-06,
    "EchoTime": 0.03,
    "EffectiveEchoSpacing": 0.000265001,
    "FlipAngle": 70,
    "ImageOrientationPatientDICOM": [
      0.997249,
      -0.0709695,
      -0.0214116,
      0.0644892,
      0.973021,
      -0.221519
    ],
    "ImageType": [
      "ORIGINAL",
      "PRIMARY",
      "M",
      "ND",
      "MOSAIC"
    ],
    "ImagingFrequency": 123.243,
    "InPlanePhaseEncodingDirectionDICOM": "COL",
    "InstitutionAddress": "Habelschwerdter_Allee_45_Berlin_District_DE_14195",
    "InstitutionName": "Freie_Universitaet",
    "InstitutionalDepartmentName": "Department",
    "MRAcquisitionType": "2D",
    "MagneticFieldStrength": 3,
    "Manufacturer": "Siemens",
    "ManufacturersModelName": "TrioTim",
    "Modality": "MR",
    "ParallelReductionFactorInPlane": 2,
    "PartialFourier": 1,
    "PatientPosition": "HFS",
    "PercentPhaseFOV": 100,
    "PhaseEncodingDirection": "j-",
    "PhaseEncodingSteps": 63,
    "PhaseResolution": 1,
    "PixelBandwidth": 2232,
    "ProcedureStepDescription": "Projekte_fMRI_12ch_localizer",
    "ProtocolName": "ep2d_267",
    "PulseSequenceDetails": "%SiemensSeq%_ep2d_bold",
    "ReceiveCoilName": "HeadMatrix",
    "ReconMatrixPE": 64,
    "RepetitionTime": 2,
    "SAR": 0.124265,
    "ScanOptions": "FS",
    "ScanningSequence": "EP",
    "SequenceName": "_epfid2d1_64",
    "SequenceVariant": "SK",
    "SeriesDescription": "ep2d_267",
    "SeriesNumber": 6,
    "ShimSetting": [
      -6824,
      -5463,
      -10768,
      339,
      566,
      1880,
      393,
      195
    ],
    "SliceThickness": 3,
    "SliceTiming": [
      0,
      1.03,
      0.0525,
      1.085,
      0.1075,
      1.1375,
      0.1625,
      1.1925,
      0.215,
      1.2475,
      0.27,
      1.3,
      0.325,
      1.355,
      0.38,
      1.41,
      0.4325,
      1.465,
      0.4875,
      1.5175,
      0.5425,
      1.5725,
      0.595,
      1.6275,
      0.65,
      1.68,
      0.705,
      1.735,
      0.7575,
      1.79,
      0.8125,
      1.845,
      0.8675,
      1.8975,
      0.9225,
      1.9525,
      0.975
    ],
    "SoftwareVersions": "syngo_MR_B17",
    "SpacingBetweenSlices": 3.3,
    "StationName": "MRC35370",
    "TaskName": "silentreading",
    "TotalReadoutTime": 0.0166951,
    "TxRefAmp": 291.695,
    "dataset": "ds002727",
    "modality": "bold",
    "run_id": 3,
    "subject_id": "22",
    "task_id": "silentreading"
  },
  "dummy_trs": 1,
  "dvars_nstd": 29.393927210754697,
  "dvars_std": 1.0745912009811325,
  "dvars_vstd": 1.008211652943396,
  "efc": 0.5699861530915928,
  "fber": 838.0809326171875,
  "fd_mean": 0.06400934109580006,
  "fd_num": 1,
  "fd_perc": 0.37593984962406013,
  "fwhm_avg": 1.8829520291217943,
  "fwhm_x": 1.7965233333333332,
  "fwhm_y": 2.000426666666667,
  "fwhm_z": 1.851906087365383,
  "gcor": 0.0247932,
  "gsr_x": -0.0009719234076328576,
  "gsr_y": 0.03433487191796303,
  "provenance": {
    "md5sum": "725d98dfa386fed194e598ecf37b59e8",
    "settings": {
      "fd_thres": 0.2,
      "testing": false
    },
    "software": "mriqc",
    "version": "22.0.6",
    "webapi_port": null,
    "webapi_url": "https://mriqc.nimh.nih.gov/api/v1"
  },
  "size_t": 266,
  "size_x": 64,
  "size_y": 64,
  "size_z": 37,
  "snr": 4.6139527136236556,
  "spacing_tr": 2.0,
  "spacing_x": 3.0,
  "spacing_y": 3.0,
  "spacing_z": 3.299999952316284,
  "summary_bg_k": 37.43924926784487,
  "summary_bg_mad": 8.767418871390678,
  "summary_bg_mean": 51.764190673828125,
  "summary_bg_median": 30.097745895385742,
  "summary_bg_n": 82049.0,
  "summary_bg_p05": 22.808271408081055,
  "summary_bg_p95": 150.99323730468694,
  "summary_bg_stdv": 68.02906036376953,
  "summary_fg_k": 1.9718639833176423,
  "summary_fg_mad": 161.21910091577155,
  "summary_fg_mean": 914.7626953125,
  "summary_fg_median": 883.430419921875,
  "summary_fg_n": 35090.0,
  "summary_fg_p05": 671.9432586669922,
  "summary_fg_p95": 1279.8860900878901,
  "summary_fg_stdv": 191.4665985107422,
  "tsnr": 51.80132903973572
}