{
  "bids_meta": {
    "AcquisitionMatrixPE": 256,
    "AcquisitionNumber": 1,
    "AcquisitionTime": "15:14:28.242500",
    "BaseResolution": 256,
    "CoilString": "T:HEA;HEP",
    "ConversionSoftware": "dcm2niix",
    "ConversionSoftwareVersion": "v1.0.20181125  (JP2:OpenJPEG) (JP-LS:CharLS) Clang10.0.0",
    "DeviceSerialNumber": "35370",
    "DwellTime": 1.15e-05,
    "EchoTime": 0.00252,
    "FlipAngle": 9,
    "ImageOrientationPatientDICOM": [
      0,
      1,
      0,
      0,
      0,
      -1
    ],
    "ImageType": [
      "ORIGINAL",
      "PRIMARY",
      "M",
      "ND",
      "NORM"
    ],
    "ImagingFrequency": 123.243,
    "InPlanePhaseEncodingDirectionDICOM": "ROW",
    "InstitutionAddress": "Habelschwerdter_Allee_45_Berlin_District_DE_14195",
    "InstitutionName": "Freie_Universitaet",
    "InstitutionalDepartmentName": "Department",
    "InversionTime": 0.9,
    "MRAcquisitionType": "3D",
    "MagneticFieldStrength": 3,
    "Manufacturer": "Siemens",
    "ManufacturersModelName": "TrioTim",
    "Modality": "MR",
    "PartialFourier": 1,
    "PatientPosition": "HFS",
    "PercentPhaseFOV": 100,
    "PhaseEncodingSteps": 255,
    "PhaseResolution": 1,
    "PixelBandwidth": 170,
    "ProcedureStepDescription": "Projekte_fMRI_12ch_localizer",
    "ProtocolName": "t1_mpr_1x1x1_176",
    "PulseSequenceDetails": "%SiemensSeq%_tfl",
    "ReceiveCoilName": "HeadMatrix",
    "ReconMatrixPE": 256,
    "RepetitionTime": 1.9,
    "SAR": 0.118744,
    "ScanOptions": "IR",
    "ScanningSequence": "GR_IR",
    "SequenceName": "_tfl3d1_ns",
    "SequenceVariant": "SP_MP",
    "SeriesDescription": "t1_mpr_1x1x1_176",
    "SeriesNumber": 7,
    "ShimSetting": [
      -6913,
      -5790,
      -11078,
      207,
      510,
      1192,
      129,
      104
    ],
    "SliceThickness": 1,
    "SoftwareVersions": "syngo_MR_B17",
    "StationName": "MRC35370",
    "TxRefAmp": 303.945,
    "dataset": "ds002727",
    "modality": "T1w",
    "subject_id": "02"
  },
  "cjv": 0.3883103594451653,
  "cnr": 3.603133342090397,
  "efc": 0.5442754181556217,
  "fber": 19435.130781991436,
  "fwhm_avg": 3.7909699999999997,
  "fwhm_x": 3.8282,
  "fwhm_y": 3.79513,
  "fwhm_z": 3.74958,
  "icvs_csf": 0.1964168168484576,
  "icvs_gm": 0.45289451411368326,
  "icvs_wm": 0.3506886690378591,
  "inu_med": 0.5073607563972473,
  "inu_range": 0.18009458780288695,
  "provenance": {
    "md5sum": "72ff2ef91349a303b51b60d3689ebbe5",
    "settings": {
      "testing": false
    },
    "software": "mriqc",
    "version": "22.0.6",
    "warnings": {
      "large_rot_frame": true,
      "small_air_mask": false
    },
    "webapi_port": null,
    "webapi_url": "https://mriqc.nimh.nih.gov/api/v1"
  },
  "qi_1": 0.0,
  "qi_2": 0.0041657088134764006,
  "rpve_csf": 28.5221529691495,
  "rpve_gm": 13.315500663420679,
  "rpve_wm": 18.86220779734029,
  "size_x": 176,
  "size_y": 256,
  "size_z": 256,
  "snr_csf": 2.1475880614616516,
  "snr_gm": 14.80278639078914,
  "snr_total": 13.602484144316932,
  "snr_wm": 23.85707798070001,
  "snrd_csf": 31.831342176285236,
  "snrd_gm": 72.00795641147955,
  "snrd_total": 66.21192719154384,
  "snrd_wm": 94.7964829868667,
  "spacing_x": 1.0,
  "spacing_y": 1.0,
  "spacing_z": 1.0,
  "summary_bg_k": 8.899945083358194,
  "summary_bg_mad": 6.911208244613222,
  "summary_bg_mean": 5.628140520241944,
  "summary_bg_median": 4.661539122462273,
  "summary_bg_n": 2771549.0,
  "summary_bg_p05": 0.0,
  "summary_bg_p95": 20.544068846851587,
  "summary_bg_stdv": 7.8229199697031895,
  "summary_csf_k": 21.098814975273168,
  "summary_csf_mad": 96.01642882694799,
  "summary_csf_mean": 341.97789146021023,
  "summary_csf_median": 335.79730035737157,
  "summary_csf_n": 31992.0,
  "summary_csf_p05": 99.41897563431417,
  "summary_csf_p95": 554.0056115152313,
  "summary_csf_stdv": 156.357756963393,
  "summary_gm_k": -0.036393818100166175,
  "summary_gm_mad": 52.17962224682983,
  "summary_gm_mean": 758.4099694383233,
  "summary_gm_median": 759.6310967132449,
  "summary_gm_n": 30032.0,
  "summary_gm_p05": 671.4464303640649,
  "summary_gm_p95": 839.9577399702741,
  "summary_gm_stdv": 51.31590968930768,
  "summary_wm_k": 0.1617020747031792,
  "summary_wm_mad": 41.171054828624484,
  "summary_wm_mean": 1001.2402327290201,
  "summary_wm_median": 1000.0333286002278,
  "summary_wm_n": 166997.0,
  "summary_wm_p05": 934.6385940536857,
  "summary_wm_p95": 1072.0874047502875,
  "summary_wm_stdv": 41.91755315714708,
  "tpm_overlap_csf": 0.1699465238054355,
  "tpm_overlap_gm": 0.48771113617239675,
  "tpm_overlap_wm": 0.5203147605778774,
  "wm2max": 0.5054952453084238
}