{
  "aor": 0.0005292883895131087,
  "aqi": 0.008549333483146068,
  "bids_meta": {
    "AcquisitionMatrixPE": 64,
    "AcquisitionNumber": 1,
    "AcquisitionTime": "09:53:9.240000",
    "BandwidthPerPixelPhaseEncode": 58.962,
    "BaseResolution": 64,
    "CoilString": "t:HEA;HEP",
    "ConversionSoftware": "dcm2niix",
    "ConversionSoftwareVersion": "v1.0.20181125  (JP2:OpenJPEG) (JP-LS:CharLS) Clang10.0.0",
    "DerivedVendorReportedEchoSpacing": 0.000530002,
    "DeviceSerialNumber": "35370",
    "DwellTime": 3.5e-06,
    "EchoTime": 0.03,
    "EffectiveEchoSpacing": 0.000265001,
    "FlipAngle": 70,
    "ImageOrientationPatientDICOM": [
      0.998449,
      0.0362561,
      0.0422472,
      -0.0313775,
      0.993335,
      -0.110909
    ],
    "ImageType": [
      "ORIGINAL",
      "PRIMARY",
      "M",
      "ND",
      "MOSAIC"
    ],
    "ImagingFrequency": 123.243,
    "InPlanePhaseEncodingDirectionDICOM": "COL",
    "InstitutionAddress": "Habelschwerdter_Allee_45_Berlin_District_DE_14195",
    "InstitutionName": "Freie_Universitaet",
    "InstitutionalDepartmentName": "Department",
    "MRAcquisitionType": "2D",
    "MagneticFieldStrength": 3,
    "Manufacturer": "Siemens",
    "ManufacturersModelName": "TrioTim",
    "Modality": "MR",
    "ParallelReductionFactorInPlane": 2,
    "PartialFourier": 1,
    "PatientPosition": "HFS",
    "PercentPhaseFOV": 100,
    "PhaseEncodingDirection": "j-",
    "PhaseEncodingSteps": 63,
    "PhaseResolution": 1,
    "PixelBandwidth": 2232,
    "ProcedureStepDescription": "Projekte_fMRI_12ch_localizer",
    "ProtocolName": "ep2d_267",
    "PulseSequenceDetails": "%SiemensSeq%_ep2d_bold",
    "ReceiveCoilName": "HeadMatrix",
    "ReconMatrixPE": 64,
    "RepetitionTime": 2,
    "SAR": 0.123988,
    "ScanOptions": "FS",
    "ScanningSequence": "EP",
    "SequenceName": "_epfid2d1_64",
    "SequenceVariant": "SK",
    "SeriesDescription": "ep2d_267",
    "SeriesNumber": 4,
    "ShimSetting": [
      -6778,
      -5524,
      -10701,
      272,
      581,
      1754,
      -4,
      186
    ],
    "SliceThickness": 3,
    "SliceTiming": [
      0,
      1.03,
      0.0525,
      1.085,
      0.1075,
      1.1375,
      0.1625,
      1.1925,
      0.215,
      1.2475,
      0.27,
      1.3,
      0.325,
      1.355,
      0.38,
      1.41,
      0.4325,
      1.465,
      0.4875,
      1.5175,
      0.5425,
      1.5725,
      0.595,
      1.6275,
      0.65,
      1.68,
      0.705,
      1.735,
      0.7575,
      1.79,
      0.8125,
      1.845,
      0.8675,
      1.8975,
      0.9225,
      1.9525,
      0.975
    ],
    "SoftwareVersions": "syngo_MR_B17",
    "SpacingBetweenSlices": 3.3,
    "StationName": "MRC35370",
    "TaskName": "silentreading",
    "TotalReadoutTime": 0.0166951,
    "TxRefAmp": 307.952,
    "dataset": "ds002727",
    "modality": "bold",
    "run_id": 1,
    "subject_id": "07",
    "task_id": "silentreading"
  },
  "dummy_trs": 0,
  "dvars_nstd": 30.775133771127813,
  "dvars_std": 1.0841314762030076,
  "dvars_vstd": 1.002364743270677,
  "efc": 0.5767056214310581,
  "fber": 867.7413330078125,
  "fd_mean": 0.13570037443330984,
  "fd_num": 62,
  "fd_perc": 23.220973782771537,
  "fwhm_avg": 1.883059459141785,
  "fwhm_x": 1.75904,
  "fwhm_y": 2.0315566666666665,
  "fwhm_z": 1.8585817107586884,
  "gcor": 0.0217324,
  "gsr_x": -0.0007116292254067957,
  "gsr_y": 0.04264049232006073,
  "provenance": {
    "md5sum": "95b9f6f1fc639950b18ba103bd040205",
    "settings": {
      "fd_thres": 0.2,
      "testing": false
    },
    "software": "mriqc",
    "version": "22.0.6",
    "webapi_port": null,
    "webapi_url": "https://mriqc.nimh.nih.gov/api/v1"
  },
  "size_t": 267,
  "size_x": 64,
  "size_y": 64,
  "size_z": 37,
  "snr": 5.198784031731209,
  "spacing_tr": 2.0,
  "spacing_x": 3.0,
  "spacing_y": 3.0,
  "spacing_z": 3.3000001907348633,
  "summary_bg_k": 54.53990976179682,
  "summary_bg_mad": 9.073303422197739,
  "summary_bg_mean": 55.88299560546875,
  "summary_bg_median": 31.812734603881836,
  "summary_bg_n": 81451.0,
  "summary_bg_p05": 23.977527618408203,
  "summary_bg_p95": 163.56180572509766,
  "summary_bg_stdv": 77.30459594726562,
  "summary_fg_k": 1.7012265565232791,
  "summary_fg_mad": 151.53635287587616,
  "summary_fg_mean": 974.2390747070312,
  "summary_fg_median": 951.835205078125,
  "summary_fg_n": 36115.0,
  "summary_fg_p05": 734.8097351074218,
  "summary_fg_p95": 1328.844921875,
  "summary_fg_stdv": 183.08551025390625,
  "tsnr": 48.99259393685497
}