{
  "bids_meta": {
    "AcquisitionMatrixPE": 256,
    "AcquisitionNumber": 1,
    "AcquisitionTime": "12:11:23.290000",
    "BaseResolution": 256,
    "CoilString": "T:HEA;HEP",
    "ConversionSoftware": "dcm2niix",
    "ConversionSoftwareVersion": "v1.0.20181125  (JP2:OpenJPEG) (JP-LS:CharLS) Clang10.0.0",
    "DeviceSerialNumber": "35370",
    "DwellTime": 1.15e-05,
    "EchoTime": 0.00252,
    "FlipAngle": 9,
    "ImageOrientationPatientDICOM": [
      0,
      0.999877,
      -0.0157074,
      0,
      -0.0157074,
      -0.999877
    ],
    "ImageType": [
      "ORIGINAL",
      "PRIMARY",
      "M",
      "ND",
      "NORM"
    ],
    "ImagingFrequency": 123.243,
    "InPlanePhaseEncodingDirectionDICOM": "ROW",
    "InstitutionAddress": "Habelschwerdter_Allee_45_Berlin_District_DE_14195",
    "InstitutionName": "Freie_Universitaet",
    "InstitutionalDepartmentName": "Department",
    "InversionTime": 0.9,
    "MRAcquisitionType": "3D",
    "MagneticFieldStrength": 3,
    "Manufacturer": "Siemens",
    "ManufacturersModelName": "TrioTim",
    "Modality": "MR",
    "PartialFourier": 1,
    "PatientPosition": "HFS",
    "PercentPhaseFOV": 100,
    "PhaseEncodingSteps": 255,
    "PhaseResolution": 1,
    "PixelBandwidth": 170,
    "ProcedureStepDescription": "Projekte_fMRI_12ch_localizer",
    "ProtocolName": "t1_mpr_1x1x1_176",
    "PulseSequenceDetails": "%SiemensSeq%_tfl",
    "ReceiveCoilName": "HeadMatrix",
    "ReconMatrixPE": 256,
    "RepetitionTime": 1.9,
    "SAR": 0.0897522,
    "ScanOptions": "IR",
    "ScanningSequence": "GR_IR",
    "SequenceName": "_tfl3d1_ns",
    "SequenceVariant": "SP_MP",
    "SeriesDescription": "t1_mpr_1x1x1_176",
    "SeriesNumber": 7,
    "ShimSetting": [
      -6795,
      -5646,
      -10906,
      -208,
      528,
      539,
      412,
      -41
    ],
    "SliceThickness": 1,
    "SoftwareVersions": "syngo_MR_B17",
    "StationName": "MRC35370",
    "TxRefAmp": 306.913,
    "dataset": "ds002727",
    "modality": "T1w",
    "subject_id": "09"
  },
  "cjv": 0.39435462321180453,
  "cnr": 3.486404704191137,
  "efc": 0.6131294748090304,
  "fber": 18098.836124943413,
  "fwhm_avg": 4.259196666666667,
  "fwhm_x": 4.26132,
  "fwhm_y": 4.20792,
  "fwhm_z": 4.30835,
  "icvs_csf": 0.20986623630845014,
  "icvs_gm": 0.41879485815937173,
  "icvs_wm": 0.37133890553217813,
  "inu_med": 0.4820026755332947,
  "inu_range": 0.18977071344852448,
  "provenance": {
    "md5sum": "16d14eed03902c0028a24efe7a293751",
    "settings": {
      "testing": false
    },
    "software": "mriqc",
    "version": "22.0.6",
    "warnings": {
      "large_rot_frame": true,
      "small_air_mask": false
    },
    "webapi_port": null,
    "webapi_url": "https://mriqc.nimh.nih.gov/api/v1"
  },
  "qi_1": 6.080780893882393e-06,
  "qi_2": 0.0081261516911078,
  "rpve_csf": 23.68463119244812,
  "rpve_gm": 12.22185376005194,
  "rpve_wm": 15.773693116676956,
  "size_x": 176,
  "size_y": 256,
  "size_z": 256,
  "snr_csf": 3.0825537229620656,
  "snr_gm": 14.101118777352676,
  "snr_total": 13.373506724641098,
  "snr_wm": 22.936847673608558,
  "snrd_csf": 22.238963281518675,
  "snrd_gm": 51.8368911834078,
  "snrd_total": 47.52770164601492,
  "snrd_wm": 68.50725047311828,
  "spacing_x": 1.0,
  "spacing_y": 1.0,
  "spacing_z": 1.0,
  "summary_bg_k": 8.724428637693793,
  "summary_bg_mad": 0.0,
  "summary_bg_mean": 6.190362956715369,
  "summary_bg_median": 0.0,
  "summary_bg_n": 2412946.0,
  "summary_bg_p05": 0.0,
  "summary_bg_p95": 24.619251631200314,
  "summary_bg_stdv": 9.563376260930076,
  "summary_csf_k": 1.2934266138582773,
  "summary_csf_mad": 79.797013690312,
  "summary_csf_mean": 326.56792780656906,
  "summary_csf_median": 324.6340357735753,
  "summary_csf_n": 45649.0,
  "summary_csf_p05": 128.09404016882183,
  "summary_csf_p95": 505.9367107741534,
  "summary_csf_stdv": 105.31218890787733,
  "summary_gm_k": 0.04917622197105853,
  "summary_gm_mad": 53.3806945977774,
  "summary_gm_mean": 754.8498953416644,
  "summary_gm_median": 756.6908121481538,
  "summary_gm_n": 25321.0,
  "summary_gm_p05": 662.8345360346138,
  "summary_gm_p95": 839.9009253941476,
  "summary_gm_stdv": 53.660697564964764,
  "summary_wm_k": 0.2105890737097642,
  "summary_wm_mad": 42.58398326742612,
  "summary_wm_mean": 1001.5025998033897,
  "summary_wm_median": 1000.03695852682,
  "summary_wm_n": 226001.0,
  "summary_wm_p05": 932.2416019327939,
  "summary_wm_p95": 1075.2254837788641,
  "summary_wm_stdv": 43.59948499870225,
  "tpm_overlap_csf": 0.16951043252601325,
  "tpm_overlap_gm": 0.4638008628379201,
  "tpm_overlap_wm": 0.5132914743126488,
  "wm2max": 0.5323507418631194
}