{
  "aor": 0.002601842105263158,
  "aqi": 0.010961408120300751,
  "bids_meta": {
    "AcquisitionMatrixPE": 64,
    "AcquisitionNumber": 1,
    "AcquisitionTime": "13:39:50.710000",
    "BandwidthPerPixelPhaseEncode": 58.962,
    "BaseResolution": 64,
    "CoilString": "t:HEA;HEP",
    "ConversionSoftware": "dcm2niix",
    "ConversionSoftwareVersion": "v1.0.20181125  (JP2:OpenJPEG) (JP-LS:CharLS) Clang10.0.0",
    "DerivedVendorReportedEchoSpacing": 0.000530002,
    "DeviceSerialNumber": "35370",
    "DwellTime": 3.5e-06,
    "EchoTime": 0.03,
    "EffectiveEchoSpacing": 0.000265001,
    "FlipAngle": 70,
    "ImageOrientationPatientDICOM": [
      0.99844,
      0.0372079,
      0.0416409,
      -0.029633,
      0.985056,
      -0.169667
    ],
    "ImageType": [
      "ORIGINAL",
      "PRIMARY",
      "M",
      "ND",
      "MOSAIC"
    ],
    "ImagingFrequency": 123.243,
    "InPlanePhaseEncodingDirectionDICOM": "COL",
    "InstitutionAddress": "Habelschwerdter_Allee_45_Berlin_District_DE_14195",
    "InstitutionName": "Freie_Universitaet",
    "InstitutionalDepartmentName": "Department",
    "MRAcquisitionType": "2D",
    "MagneticFieldStrength": 3,
    "Manufacturer": "Siemens",
    "ManufacturersModelName": "TrioTim",
    "Modality": "MR",
    "ParallelReductionFactorInPlane": 2,
    "PartialFourier": 1,
    "PatientPosition": "HFS",
    "PercentPhaseFOV": 100,
    "PhaseEncodingDirection": "j-",
    "PhaseEncodingSteps": 63,
    "PhaseResolution": 1,
    "PixelBandwidth": 2232,
    "ProcedureStepDescription": "Projekte_fMRI_12ch_localizer",
    "ProtocolName": "ep2d_267",
    "PulseSequenceDetails": "%SiemensSeq%_ep2d_bold",
    "ReceiveCoilName": "HeadMatrix",
    "ReconMatrixPE": 64,
    "RepetitionTime": 2,
    "SAR": 0.0944304,
    "ScanOptions": "FS",
    "ScanningSequence": "EP",
    "SequenceName": "_epfid2d1_64",
    "SequenceVariant": "SK",
    "SeriesDescription": "ep2d_267",
    "SeriesNumber": 6,
    "ShimSetting": [
      -6775,
      -5434,
      -10909,
      57,
      695,
      2020,
      446,
      104
    ],
    "SliceThickness": 3,
    "SliceTiming": [
      0,
      1.03,
      0.0525,
      1.085,
      0.1075,
      1.1375,
      0.1625,
      1.1925,
      0.215,
      1.2475,
      0.27,
      1.3,
      0.325,
      1.355,
      0.38,
      1.41,
      0.4325,
      1.465,
      0.4875,
      1.5175,
      0.5425,
      1.5725,
      0.595,
      1.6275,
      0.65,
      1.68,
      0.705,
      1.735,
      0.7575,
      1.79,
      0.8125,
      1.845,
      0.8675,
      1.8975,
      0.9225,
      1.9525,
      0.975
    ],
    "SoftwareVersions": "syngo_MR_B17",
    "SpacingBetweenSlices": 3.3,
    "StationName": "MRC35370",
    "TaskName": "silentreading",
    "TotalReadoutTime": 0.0166951,
    "TxRefAmp": 291.154,
    "dataset": "ds002727",
    "modality": "bold",
    "run_id": 3,
    "subject_id": "12",
    "task_id": "silentreading"
  },
  "dummy_trs": 1,
  "dvars_nstd": 29.856088508830165,
  "dvars_std": 1.079891625660377,
  "dvars_vstd": 1.022308695584906,
  "efc": 0.5598487254594717,
  "fber": 902.67919921875,
  "fd_mean": 0.20641873640628303,
  "fd_num": 125,
  "fd_perc": 46.99248120300752,
  "fwhm_avg": 1.936151312315151,
  "fwhm_x": 1.7891966666666665,
  "fwhm_y": 2.12816,
  "fwhm_z": 1.8910972702787858,
  "gcor": 0.00880827,
  "gsr_x": -0.007922007702291012,
  "gsr_y": 0.038909632712602615,
  "provenance": {
    "md5sum": "113afbe195985ec81228ed8601295555",
    "settings": {
      "fd_thres": 0.2,
      "testing": false
    },
    "software": "mriqc",
    "version": "22.0.6",
    "webapi_port": null,
    "webapi_url": "https://mriqc.nimh.nih.gov/api/v1"
  },
  "size_t": 266,
  "size_x": 64,
  "size_y": 64,
  "size_z": 37,
  "snr": 5.152939886278261,
  "spacing_tr": 2.0,
  "spacing_x": 3.0,
  "spacing_y": 3.0,
  "spacing_z": 3.299999475479126,
  "summary_bg_k": 43.990147542806795,
  "summary_bg_mad": 8.968071037788313,
  "summary_bg_mean": 57.344234466552734,
  "summary_bg_median": 30.447368621826172,
  "summary_bg_n": 85676.0,
  "summary_bg_p05": 22.33458709716797,
  "summary_bg_p95": 190.9680519104004,
  "summary_bg_stdv": 84.55694580078125,
  "summary_fg_k": 1.92723942952622,
  "summary_fg_mad": 152.07821213395792,
  "summary_fg_mean": 949.55908203125,
  "summary_fg_median": 928.1766967773438,
  "summary_fg_n": 32567.0,
  "summary_fg_p05": 713.3598022460938,
  "summary_fg_p95": 1288.1921508789062,
  "summary_fg_stdv": 180.12289428710938,
  "tsnr": 46.027514285524376
}