{
  "aor": 0.00116310861423221,
  "aqi": 0.00998889307116105,
  "bids_meta": {
    "AcquisitionMatrixPE": 64,
    "AcquisitionNumber": 1,
    "AcquisitionTime": "13:29:58.010000",
    "BandwidthPerPixelPhaseEncode": 58.962,
    "BaseResolution": 64,
    "CoilString": "t:HEA;HEP",
    "ConversionSoftware": "dcm2niix",
    "ConversionSoftwareVersion": "v1.0.20181125  (JP2:OpenJPEG) (JP-LS:CharLS) Clang10.0.0",
    "DerivedVendorReportedEchoSpacing": 0.000530002,
    "DeviceSerialNumber": "35370",
    "DwellTime": 3.5e-06,
    "EchoTime": 0.03,
    "EffectiveEchoSpacing": 0.000265001,
    "FlipAngle": 70,
    "ImageOrientationPatientDICOM": [
      0.99844,
      0.0372079,
      0.0416409,
      -0.029633,
      0.985056,
      -0.169667
    ],
    "ImageType": [
      "ORIGINAL",
      "PRIMARY",
      "M",
      "ND",
      "MOSAIC"
    ],
    "ImagingFrequency": 123.243,
    "InPlanePhaseEncodingDirectionDICOM": "COL",
    "InstitutionAddress": "Habelschwerdter_Allee_45_Berlin_District_DE_14195",
    "InstitutionName": "Freie_Universitaet",
    "InstitutionalDepartmentName": "Department",
    "MRAcquisitionType": "2D",
    "MagneticFieldStrength": 3,
    "Manufacturer": "Siemens",
    "ManufacturersModelName": "TrioTim",
    "Modality": "MR",
    "ParallelReductionFactorInPlane": 2,
    "PartialFourier": 1,
    "PatientPosition": "HFS",
    "PercentPhaseFOV": 100,
    "PhaseEncodingDirection": "j-",
    "PhaseEncodingSteps": 63,
    "PhaseResolution": 1,
    "PixelBandwidth": 2232,
    "ProcedureStepDescription": "Projekte_fMRI_12ch_localizer",
    "ProtocolName": "ep2d_267",
    "PulseSequenceDetails": "%SiemensSeq%_ep2d_bold",
    "ReceiveCoilName": "HeadMatrix",
    "ReconMatrixPE": 64,
    "RepetitionTime": 2,
    "SAR": 0.0944304,
    "ScanOptions": "FS",
    "ScanningSequence": "EP",
    "SequenceName": "_epfid2d1_64",
    "SequenceVariant": "SK",
    "SeriesDescription": "ep2d_267",
    "SeriesNumber": 5,
    "ShimSetting": [
      -6775,
      -5434,
      -10909,
      57,
      695,
      2020,
      446,
      104
    ],
    "SliceThickness": 3,
    "SliceTiming": [
      0,
      1.0325,
      0.055,
      1.085,
      0.11,
      1.14,
      0.1625,
      1.195,
      0.2175,
      1.2475,
      0.2725,
      1.3025,
      0.325,
      1.3575,
      0.38,
      1.41,
      0.435,
      1.465,
      0.49,
      1.52,
      0.5425,
      1.575,
      0.5975,
      1.6275,
      0.6525,
      1.6825,
      0.705,
      1.7375,
      0.76,
      1.79,
      0.815,
      1.845,
      0.8675,
      1.9,
      0.9225,
      1.9525,
      0.9775
    ],
    "SoftwareVersions": "syngo_MR_B17",
    "SpacingBetweenSlices": 3.3,
    "StationName": "MRC35370",
    "TaskName": "silentreading",
    "TotalReadoutTime": 0.0166951,
    "TxRefAmp": 291.154,
    "dataset": "ds002727",
    "modality": "bold",
    "run_id": 2,
    "subject_id": "12",
    "task_id": "silentreading"
  },
  "dummy_trs": 0,
  "dvars_nstd": 29.355636345488715,
  "dvars_std": 1.0720828772556383,
  "dvars_vstd": 1.0110285562030081,
  "efc": 0.5589816311458149,
  "fber": 903.4883422851562,
  "fd_mean": 0.18037878352187045,
  "fd_num": 107,
  "fd_perc": 40.0749063670412,
  "fwhm_avg": 1.930964644929696,
  "fwhm_x": 1.8015966666666667,
  "fwhm_y": 2.113766666666667,
  "fwhm_z": 1.8775306014557551,
  "gcor": 0.0139102,
  "gsr_x": -0.007530780043452978,
  "gsr_y": 0.03815117105841637,
  "provenance": {
    "md5sum": "744287d3acfc5f3f16a300cada5ef935",
    "settings": {
      "fd_thres": 0.2,
      "testing": false
    },
    "software": "mriqc",
    "version": "22.0.6",
    "webapi_port": null,
    "webapi_url": "https://mriqc.nimh.nih.gov/api/v1"
  },
  "size_t": 267,
  "size_x": 64,
  "size_y": 64,
  "size_z": 37,
  "snr": 5.1501441919674775,
  "spacing_tr": 2.0,
  "spacing_x": 3.0,
  "spacing_y": 3.0,
  "spacing_z": 3.299999475479126,
  "summary_bg_k": 42.82705737748957,
  "summary_bg_mad": 8.717923199869483,
  "summary_bg_mean": 56.46771240234375,
  "summary_bg_median": 30.16853904724121,
  "summary_bg_n": 85742.0,
  "summary_bg_p05": 22.11236000061035,
  "summary_bg_p95": 187.2089981079101,
  "summary_bg_stdv": 84.03386688232422,
  "summary_fg_k": 1.9197602508003957,
  "summary_fg_mad": 151.47522630125457,
  "summary_fg_mean": 944.8815307617188,
  "summary_fg_median": 923.17041015625,
  "summary_fg_n": 32472.0,
  "summary_fg_p05": 707.7168609619141,
  "summary_fg_p95": 1284.9640808105464,
  "summary_fg_stdv": 179.2486114501953,
  "tsnr": 47.185627825092524
}