{
  "aor": 0.0003857894736842106,
  "aqi": 0.0073189154135338335,
  "bids_meta": {
    "AcquisitionMatrixPE": 64,
    "AcquisitionNumber": 1,
    "AcquisitionTime": "15:27:59.457500",
    "BandwidthPerPixelPhaseEncode": 58.962,
    "BaseResolution": 64,
    "CoilString": "t:HEA;HEP",
    "ConversionSoftware": "dcm2niix",
    "ConversionSoftwareVersion": "v1.0.20181125  (JP2:OpenJPEG) (JP-LS:CharLS) Clang10.0.0",
    "DerivedVendorReportedEchoSpacing": 0.000530002,
    "DeviceSerialNumber": "35370",
    "DwellTime": 3.5e-06,
    "EchoTime": 0.03,
    "EffectiveEchoSpacing": 0.000265001,
    "FlipAngle": 70,
    "ImageOrientationPatientDICOM": [
      0.999995,
      0.00326188,
      0.000185437,
      -0.0031416,
      0.975601,
      -0.21953
    ],
    "ImageType": [
      "ORIGINAL",
      "PRIMARY",
      "M",
      "ND",
      "MOSAIC"
    ],
    "ImagingFrequency": 123.243,
    "InPlanePhaseEncodingDirectionDICOM": "COL",
    "InstitutionAddress": "Habelschwerdter_Allee_45_Berlin_District_DE_14195",
    "InstitutionName": "Freie_Universitaet",
    "InstitutionalDepartmentName": "Department",
    "MRAcquisitionType": "2D",
    "MagneticFieldStrength": 3,
    "Manufacturer": "Siemens",
    "ManufacturersModelName": "TrioTim",
    "Modality": "MR",
    "ParallelReductionFactorInPlane": 2,
    "PartialFourier": 1,
    "PatientPosition": "HFS",
    "PercentPhaseFOV": 100,
    "PhaseEncodingDirection": "j-",
    "PhaseEncodingSteps": 63,
    "PhaseResolution": 1,
    "PixelBandwidth": 2232,
    "ProcedureStepDescription": "Projekte_fMRI_12ch_localizer",
    "ProtocolName": "ep2d_267",
    "PulseSequenceDetails": "%SiemensSeq%_ep2d_bold",
    "ReceiveCoilName": "HeadMatrix",
    "ReconMatrixPE": 64,
    "RepetitionTime": 2,
    "SAR": 0.135385,
    "ScanOptions": "FS",
    "ScanningSequence": "EP",
    "SequenceName": "_epfid2d1_64",
    "SequenceVariant": "SK",
    "SeriesDescription": "ep2d_267",
    "SeriesNumber": 5,
    "ShimSetting": [
      -6801,
      -5842,
      -10808,
      229,
      729,
      1790,
      246,
      32
    ],
    "SliceThickness": 3,
    "SliceTiming": [
      0,
      1.03,
      0.0525,
      1.085,
      0.1075,
      1.1375,
      0.1625,
      1.1925,
      0.215,
      1.2475,
      0.27,
      1.3025,
      0.325,
      1.355,
      0.38,
      1.41,
      0.4325,
      1.465,
      0.4875,
      1.5175,
      0.5425,
      1.5725,
      0.595,
      1.6275,
      0.65,
      1.68,
      0.705,
      1.735,
      0.7575,
      1.79,
      0.8125,
      1.845,
      0.8675,
      1.8975,
      0.9225,
      1.9525,
      0.975
    ],
    "SoftwareVersions": "syngo_MR_B17",
    "SpacingBetweenSlices": 3.3,
    "StationName": "MRC35370",
    "TaskName": "silentreading",
    "TotalReadoutTime": 0.0166951,
    "TxRefAmp": 314.311,
    "dataset": "ds002727",
    "modality": "bold",
    "run_id": 2,
    "subject_id": "05",
    "task_id": "silentreading"
  },
  "dummy_trs": 1,
  "dvars_nstd": 30.79843637720754,
  "dvars_std": 1.0931036460754717,
  "dvars_vstd": 1.0080330663018866,
  "efc": 0.6097924746917376,
  "fber": 742.9872436523438,
  "fd_mean": 0.06503066147496443,
  "fd_num": 2,
  "fd_perc": 0.7518796992481203,
  "fwhm_avg": 1.8507962140176364,
  "fwhm_x": 1.7639566666666668,
  "fwhm_y": 1.9751833333333335,
  "fwhm_z": 1.8132486420529084,
  "gcor": 0.0105593,
  "gsr_x": 0.00037672417238354683,
  "gsr_y": 0.04208989068865776,
  "provenance": {
    "md5sum": "bf85987034f20f999f468c339431a402",
    "settings": {
      "fd_thres": 0.2,
      "testing": false
    },
    "software": "mriqc",
    "version": "22.0.6",
    "webapi_port": null,
    "webapi_url": "https://mriqc.nimh.nih.gov/api/v1"
  },
  "size_t": 266,
  "size_x": 64,
  "size_y": 64,
  "size_z": 37,
  "snr": 5.0101090895899025,
  "spacing_tr": 2.0,
  "spacing_x": 3.0,
  "spacing_y": 3.0,
  "spacing_z": 3.299999713897705,
  "summary_bg_k": 39.267843639805875,
  "summary_bg_mad": 9.993629382771099,
  "summary_bg_mean": 55.12924575805664,
  "summary_bg_median": 32.364662170410156,
  "summary_bg_n": 74637.0,
  "summary_bg_p05": 23.97744369506836,
  "summary_bg_p95": 164.2285766601562,
  "summary_bg_stdv": 65.98786163330078,
  "summary_fg_k": 2.5048296058992685,
  "summary_fg_mad": 155.1604212504447,
  "summary_fg_mean": 914.0404052734375,
  "summary_fg_median": 895.443603515625,
  "summary_fg_n": 41925.0,
  "summary_fg_p05": 678.4375854492188,
  "summary_fg_p95": 1232.2361083984374,
  "summary_fg_stdv": 178.72523498535156,
  "tsnr": 49.9599464405328
}