{
  "aor": 0.00036011235955056174,
  "aqi": 0.0071021474906367045,
  "bids_meta": {
    "AcquisitionMatrixPE": 64,
    "AcquisitionNumber": 1,
    "AcquisitionTime": "15:18:5.402500",
    "BandwidthPerPixelPhaseEncode": 58.962,
    "BaseResolution": 64,
    "CoilString": "t:HEA;HEP",
    "ConversionSoftware": "dcm2niix",
    "ConversionSoftwareVersion": "v1.0.20181125  (JP2:OpenJPEG) (JP-LS:CharLS) Clang10.0.0",
    "DerivedVendorReportedEchoSpacing": 0.000530002,
    "DeviceSerialNumber": "35370",
    "DwellTime": 3.5e-06,
    "EchoTime": 0.03,
    "EffectiveEchoSpacing": 0.000265001,
    "FlipAngle": 70,
    "ImageOrientationPatientDICOM": [
      0.999995,
      0.00326188,
      0.000185437,
      -0.0031416,
      0.975601,
      -0.21953
    ],
    "ImageType": [
      "ORIGINAL",
      "PRIMARY",
      "M",
      "ND",
      "MOSAIC"
    ],
    "ImagingFrequency": 123.243,
    "InPlanePhaseEncodingDirectionDICOM": "COL",
    "InstitutionAddress": "Habelschwerdter_Allee_45_Berlin_District_DE_14195",
    "InstitutionName": "Freie_Universitaet",
    "InstitutionalDepartmentName": "Department",
    "MRAcquisitionType": "2D",
    "MagneticFieldStrength": 3,
    "Manufacturer": "Siemens",
    "ManufacturersModelName": "TrioTim",
    "Modality": "MR",
    "ParallelReductionFactorInPlane": 2,
    "PartialFourier": 1,
    "PatientPosition": "HFS",
    "PercentPhaseFOV": 100,
    "PhaseEncodingDirection": "j-",
    "PhaseEncodingSteps": 63,
    "PhaseResolution": 1,
    "PixelBandwidth": 2232,
    "ProcedureStepDescription": "Projekte_fMRI_12ch_localizer",
    "ProtocolName": "ep2d_267",
    "PulseSequenceDetails": "%SiemensSeq%_ep2d_bold",
    "ReceiveCoilName": "HeadMatrix",
    "ReconMatrixPE": 64,
    "RepetitionTime": 2,
    "SAR": 0.135385,
    "ScanOptions": "FS",
    "ScanningSequence": "EP",
    "SequenceName": "_epfid2d1_64",
    "SequenceVariant": "SK",
    "SeriesDescription": "ep2d_267",
    "SeriesNumber": 4,
    "ShimSetting": [
      -6801,
      -5842,
      -10808,
      229,
      729,
      1790,
      246,
      32
    ],
    "SliceThickness": 3,
    "SliceTiming": [
      0,
      1.0325,
      0.055,
      1.085,
      0.11,
      1.14,
      0.1625,
      1.195,
      0.2175,
      1.25,
      0.2725,
      1.3025,
      0.3275,
      1.3575,
      0.38,
      1.4125,
      0.435,
      1.465,
      0.49,
      1.52,
      0.5425,
      1.575,
      0.5975,
      1.6275,
      0.6525,
      1.6825,
      0.705,
      1.7375,
      0.76,
      1.7925,
      0.815,
      1.845,
      0.87,
      1.9,
      0.9225,
      1.955,
      0.9775
    ],
    "SoftwareVersions": "syngo_MR_B17",
    "SpacingBetweenSlices": 3.3,
    "StationName": "MRC35370",
    "TaskName": "silentreading",
    "TotalReadoutTime": 0.0166951,
    "TxRefAmp": 314.311,
    "dataset": "ds002727",
    "modality": "bold",
    "run_id": 1,
    "subject_id": "05",
    "task_id": "silentreading"
  },
  "dummy_trs": 0,
  "dvars_nstd": 30.24558918462407,
  "dvars_std": 1.0790537500000004,
  "dvars_vstd": 1.0017757307894737,
  "efc": 0.6090705883144367,
  "fber": 762.8193969726562,
  "fd_mean": 0.061476436082838974,
  "fd_num": 0,
  "fd_perc": 0.0,
  "fwhm_avg": 1.839876921014519,
  "fwhm_x": 1.7531733333333335,
  "fwhm_y": 1.9557633333333333,
  "fwhm_z": 1.8106940963768898,
  "gcor": 0.00940982,
  "gsr_x": 0.0005218746373429894,
  "gsr_y": 0.04077906906604767,
  "provenance": {
    "md5sum": "7ee5b7e52f3762a6edc199e3f5c2c88b",
    "settings": {
      "fd_thres": 0.2,
      "testing": false
    },
    "software": "mriqc",
    "version": "22.0.6",
    "webapi_port": null,
    "webapi_url": "https://mriqc.nimh.nih.gov/api/v1"
  },
  "size_t": 267,
  "size_x": 64,
  "size_y": 64,
  "size_z": 37,
  "snr": 5.019830368466026,
  "spacing_tr": 2.0,
  "spacing_x": 3.0,
  "spacing_y": 3.0,
  "spacing_z": 3.299999713897705,
  "summary_bg_k": 37.1909775827698,
  "summary_bg_mad": 9.648019345274342,
  "summary_bg_mean": 53.84413146972656,
  "summary_bg_median": 31.949438095092773,
  "summary_bg_n": 74520.0,
  "summary_bg_p05": 23.842697143554688,
  "summary_bg_p95": 158.50974349975587,
  "summary_bg_stdv": 63.353275299072266,
  "summary_fg_k": 2.4320728634629116,
  "summary_fg_mad": 155.8619968730078,
  "summary_fg_mean": 915.5829467773438,
  "summary_fg_median": 896.7228393554688,
  "summary_fg_n": 41991.0,
  "summary_fg_p05": 678.6891479492188,
  "summary_fg_p95": 1236.0355834960938,
  "summary_fg_stdv": 178.6339569091797,
  "tsnr": 49.68534242536407
}