{
  "aor": 0.0004093258426966292,
  "aqi": 0.006894331573033707,
  "bids_meta": {
    "AcquisitionMatrixPE": 64,
    "AcquisitionNumber": 1,
    "AcquisitionTime": "15:37:41.607500",
    "BandwidthPerPixelPhaseEncode": 58.962,
    "BaseResolution": 64,
    "CoilString": "t:HEA;HEP",
    "ConversionSoftware": "dcm2niix",
    "ConversionSoftwareVersion": "v1.0.20181125  (JP2:OpenJPEG) (JP-LS:CharLS) Clang10.0.0",
    "DerivedVendorReportedEchoSpacing": 0.000530002,
    "DeviceSerialNumber": "35370",
    "DwellTime": 3.5e-06,
    "EchoTime": 0.03,
    "EffectiveEchoSpacing": 0.000265001,
    "FlipAngle": 70,
    "ImageOrientationPatientDICOM": [
      0.999995,
      0.00326188,
      0.000185437,
      -0.0031416,
      0.975601,
      -0.21953
    ],
    "ImageType": [
      "ORIGINAL",
      "PRIMARY",
      "M",
      "ND",
      "MOSAIC"
    ],
    "ImagingFrequency": 123.243,
    "InPlanePhaseEncodingDirectionDICOM": "COL",
    "InstitutionAddress": "Habelschwerdter_Allee_45_Berlin_District_DE_14195",
    "InstitutionName": "Freie_Universitaet",
    "InstitutionalDepartmentName": "Department",
    "MRAcquisitionType": "2D",
    "MagneticFieldStrength": 3,
    "Manufacturer": "Siemens",
    "ManufacturersModelName": "TrioTim",
    "Modality": "MR",
    "ParallelReductionFactorInPlane": 2,
    "PartialFourier": 1,
    "PatientPosition": "HFS",
    "PercentPhaseFOV": 100,
    "PhaseEncodingDirection": "j-",
    "PhaseEncodingSteps": 63,
    "PhaseResolution": 1,
    "PixelBandwidth": 2232,
    "ProcedureStepDescription": "Projekte_fMRI_12ch_localizer",
    "ProtocolName": "ep2d_267",
    "PulseSequenceDetails": "%SiemensSeq%_ep2d_bold",
    "ReceiveCoilName": "HeadMatrix",
    "ReconMatrixPE": 64,
    "RepetitionTime": 2,
    "SAR": 0.135385,
    "ScanOptions": "FS",
    "ScanningSequence": "EP",
    "SequenceName": "_epfid2d1_64",
    "SequenceVariant": "SK",
    "SeriesDescription": "ep2d_267",
    "SeriesNumber": 6,
    "ShimSetting": [
      -6801,
      -5842,
      -10808,
      229,
      729,
      1790,
      246,
      32
    ],
    "SliceThickness": 3,
    "SliceTiming": [
      0,
      1.03,
      0.055,
      1.085,
      0.1075,
      1.14,
      0.1625,
      1.1925,
      0.2175,
      1.2475,
      0.2725,
      1.3025,
      0.325,
      1.3575,
      0.38,
      1.41,
      0.435,
      1.465,
      0.4875,
      1.52,
      0.5425,
      1.5725,
      0.5975,
      1.6275,
      0.65,
      1.6825,
      0.705,
      1.7375,
      0.76,
      1.79,
      0.815,
      1.845,
      0.8675,
      1.9,
      0.9225,
      1.9525,
      0.9775
    ],
    "SoftwareVersions": "syngo_MR_B17",
    "SpacingBetweenSlices": 3.3,
    "StationName": "MRC35370",
    "TaskName": "silentreading",
    "TotalReadoutTime": 0.0166951,
    "TxRefAmp": 314.311,
    "dataset": "ds002727",
    "modality": "bold",
    "run_id": 3,
    "subject_id": "05",
    "task_id": "silentreading"
  },
  "dummy_trs": 0,
  "dvars_nstd": 30.614346016541326,
  "dvars_std": 1.0875808997744354,
  "dvars_vstd": 1.005825701390977,
  "efc": 0.6105373356773612,
  "fber": 739.883544921875,
  "fd_mean": 0.059828248626312495,
  "fd_num": 0,
  "fd_perc": 0.0,
  "fwhm_avg": 1.8424793452278685,
  "fwhm_x": 1.75216,
  "fwhm_y": 1.96559,
  "fwhm_z": 1.809688035683606,
  "gcor": 0.00873346,
  "gsr_x": 0.00038203608710318804,
  "gsr_y": 0.04214659705758095,
  "provenance": {
    "md5sum": "d4a8d72d22080832884cf94e763bd638",
    "settings": {
      "fd_thres": 0.2,
      "testing": false
    },
    "software": "mriqc",
    "version": "22.0.6",
    "webapi_port": null,
    "webapi_url": "https://mriqc.nimh.nih.gov/api/v1"
  },
  "size_t": 267,
  "size_x": 64,
  "size_y": 64,
  "size_z": 37,
  "snr": 4.99365997515265,
  "spacing_tr": 2.0,
  "spacing_x": 3.0,
  "spacing_y": 3.0,
  "spacing_z": 3.299999713897705,
  "summary_bg_k": 38.88928292854519,
  "summary_bg_mad": 9.539738550083916,
  "summary_bg_mean": 55.69746780395508,
  "summary_bg_median": 32.31835174560547,
  "summary_bg_n": 74592.0,
  "summary_bg_p05": 24.41029968261719,
  "summary_bg_p95": 167.656742095947,
  "summary_bg_stdv": 67.12073516845703,
  "summary_fg_k": 2.5121634952588137,
  "summary_fg_mad": 155.71490398322624,
  "summary_fg_mean": 912.11669921875,
  "summary_fg_median": 893.7191162109375,
  "summary_fg_n": 41990.0,
  "summary_fg_p05": 675.7091827392578,
  "summary_fg_p95": 1229.5247253417967,
  "summary_fg_stdv": 178.9686279296875,
  "tsnr": 50.772354001645
}