{
  "aor": 0.0006552439024390243,
  "aqi": 0.013292675487804878,
  "bids_meta": {
    "AcquisitionMatrixPE": 64,
    "AcquisitionNumber": 1,
    "AcquisitionTime": "13:46:24.727500",
    "BandwidthPerPixelPhaseEncode": 58.962,
    "BaseResolution": 64,
    "CoilString": "t:HEA;HEP",
    "ConversionSoftware": "dcm2niix",
    "ConversionSoftwareVersion": "v1.0.20181125  (JP2:OpenJPEG) (JP-LS:CharLS) Clang10.0.0",
    "DerivedVendorReportedEchoSpacing": 0.000530002,
    "DeviceSerialNumber": "35370",
    "DwellTime": 3.5e-06,
    "EchoTime": 0.03,
    "EffectiveEchoSpacing": 0.000265001,
    "FlipAngle": 70,
    "ImageOrientationPatientDICOM": [
      0.999552,
      0.0269133,
      -0.013129,
      -0.0296659,
      0.949692,
      -0.311776
    ],
    "ImageType": [
      "ORIGINAL",
      "PRIMARY",
      "M",
      "ND",
      "MOSAIC"
    ],
    "ImagingFrequency": 123.243,
    "InPlanePhaseEncodingDirectionDICOM": "COL",
    "InstitutionAddress": "Habelschwerdter_Allee_45_Berlin_District_DE_14195",
    "InstitutionName": "Freie_Universitaet",
    "InstitutionalDepartmentName": "Department",
    "MRAcquisitionType": "2D",
    "MagneticFieldStrength": 3,
    "Manufacturer": "Siemens",
    "ManufacturersModelName": "TrioTim",
    "Modality": "MR",
    "ParallelReductionFactorInPlane": 2,
    "PartialFourier": 1,
    "PatientPosition": "HFS",
    "PercentPhaseFOV": 100,
    "PhaseEncodingDirection": "j-",
    "PhaseEncodingSteps": 63,
    "PhaseResolution": 1,
    "PixelBandwidth": 2232,
    "ProcedureStepDescription": "Projekte_fMRI_12ch_localizer",
    "ProtocolName": "ep2d_individuell_333",
    "PulseSequenceDetails": "%SiemensSeq%_ep2d_bold",
    "ReceiveCoilName": "HeadMatrix",
    "ReconMatrixPE": 64,
    "RepetitionTime": 2,
    "SAR": 0.122234,
    "ScanOptions": "FS",
    "ScanningSequence": "EP",
    "SequenceName": "_epfid2d1_64",
    "SequenceVariant": "SK",
    "SeriesDescription": "ep2d_individuell_333",
    "SeriesNumber": 8,
    "ShimSetting": [
      -6807,
      -5777,
      -10766,
      431,
      503,
      1896,
      -62,
      118
    ],
    "SliceThickness": 3,
    "SliceTiming": [
      0,
      1.0325,
      0.055,
      1.085,
      0.11,
      1.14,
      0.1625,
      1.195,
      0.2175,
      1.2475,
      0.2725,
      1.3025,
      0.325,
      1.3575,
      0.38,
      1.41,
      0.435,
      1.465,
      0.49,
      1.52,
      0.5425,
      1.575,
      0.5975,
      1.6275,
      0.6525,
      1.6825,
      0.705,
      1.7375,
      0.76,
      1.79,
      0.815,
      1.845,
      0.8675,
      1.9,
      0.9225,
      1.955,
      0.9775
    ],
    "SoftwareVersions": "syngo_MR_B17",
    "SpacingBetweenSlices": 3.3,
    "StationName": "MRC35370",
    "TaskName": "silentreading",
    "TotalReadoutTime": 0.0166951,
    "TxRefAmp": 308.537,
    "dataset": "ds002727",
    "modality": "bold",
    "run_id": 1,
    "subject_id": "03",
    "task_id": "silentreading"
  },
  "dummy_trs": 0,
  "dvars_nstd": 35.77800440857142,
  "dvars_std": 1.0547864492244903,
  "dvars_vstd": 0.9818188713061217,
  "efc": 0.6177462104902292,
  "fber": 518.5695190429688,
  "fd_mean": 0.14944321203201566,
  "fd_num": 56,
  "fd_perc": 22.764227642276424,
  "fwhm_avg": 1.7831365742067362,
  "fwhm_x": 1.6712166666666668,
  "fwhm_y": 1.9030233333333333,
  "fwhm_z": 1.7751697226202088,
  "gcor": 0.0122881,
  "gsr_x": 0.007257955148816109,
  "gsr_y": 0.037345368415117264,
  "provenance": {
    "md5sum": "8318586c6562ef6c5fd50377c625fb54",
    "settings": {
      "fd_thres": 0.2,
      "testing": false
    },
    "software": "mriqc",
    "version": "22.0.6",
    "webapi_port": null,
    "webapi_url": "https://mriqc.nimh.nih.gov/api/v1"
  },
  "size_t": 246,
  "size_x": 64,
  "size_y": 64,
  "size_z": 37,
  "snr": 5.030190998749624,
  "spacing_tr": 2.0,
  "spacing_x": 3.0,
  "spacing_y": 3.0,
  "spacing_z": 3.299999952316284,
  "summary_bg_k": 24.724598394322697,
  "summary_bg_mad": 15.335290595038495,
  "summary_bg_mean": 77.1384048461914,
  "summary_bg_median": 38.46544647216797,
  "summary_bg_n": 77038.0,
  "summary_bg_p05": 25.91463279724121,
  "summary_bg_p95": 280.4908416748046,
  "summary_bg_stdv": 104.17330169677734,
  "summary_fg_k": 1.428502199309067,
  "summary_fg_mad": 160.78397562477517,
  "summary_fg_mean": 912.5177612304688,
  "summary_fg_median": 894.357666015625,
  "summary_fg_n": 39183.0,
  "summary_fg_p05": 670.7764038085937,
  "summary_fg_p95": 1232.4272094726564,
  "summary_fg_stdv": 177.79568481445312,
  "tsnr": 37.57977888523601
}