{
  "aor": 0.001439297520661157,
  "aqi": 0.011698113223140495,
  "bids_meta": {
    "AcquisitionMatrixPE": 64,
    "AcquisitionNumber": 1,
    "AcquisitionTime": "13:55:38.160000",
    "BandwidthPerPixelPhaseEncode": 58.962,
    "BaseResolution": 64,
    "CoilString": "t:HEA;HEP",
    "ConversionSoftware": "dcm2niix",
    "ConversionSoftwareVersion": "v1.0.20181125  (JP2:OpenJPEG) (JP-LS:CharLS) Clang10.0.0",
    "DerivedVendorReportedEchoSpacing": 0.000530002,
    "DeviceSerialNumber": "35370",
    "DwellTime": 3.5e-06,
    "EchoTime": 0.03,
    "EffectiveEchoSpacing": 0.000265001,
    "FlipAngle": 70,
    "ImageOrientationPatientDICOM": [
      0.999552,
      0.0269133,
      -0.013129,
      -0.0296659,
      0.949692,
      -0.311776
    ],
    "ImageType": [
      "ORIGINAL",
      "PRIMARY",
      "M",
      "ND",
      "MOSAIC"
    ],
    "ImagingFrequency": 123.243,
    "InPlanePhaseEncodingDirectionDICOM": "COL",
    "InstitutionAddress": "Habelschwerdter_Allee_45_Berlin_District_DE_14195",
    "InstitutionName": "Freie_Universitaet",
    "InstitutionalDepartmentName": "Department",
    "MRAcquisitionType": "2D",
    "MagneticFieldStrength": 3,
    "Manufacturer": "Siemens",
    "ManufacturersModelName": "TrioTim",
    "Modality": "MR",
    "ParallelReductionFactorInPlane": 2,
    "PartialFourier": 1,
    "PatientPosition": "HFS",
    "PercentPhaseFOV": 100,
    "PhaseEncodingDirection": "j-",
    "PhaseEncodingSteps": 63,
    "PhaseResolution": 1,
    "PixelBandwidth": 2232,
    "ProcedureStepDescription": "Projekte_fMRI_12ch_localizer",
    "ProtocolName": "ep2d_individuell_333",
    "PulseSequenceDetails": "%SiemensSeq%_ep2d_bold",
    "ReceiveCoilName": "HeadMatrix",
    "ReconMatrixPE": 64,
    "RepetitionTime": 2,
    "SAR": 0.122234,
    "ScanOptions": "FS",
    "ScanningSequence": "EP",
    "SequenceName": "_epfid2d1_64",
    "SequenceVariant": "SK",
    "SeriesDescription": "ep2d_individuell_333",
    "SeriesNumber": 9,
    "ShimSetting": [
      -6807,
      -5777,
      -10766,
      431,
      503,
      1896,
      -62,
      118
    ],
    "SliceThickness": 3,
    "SliceTiming": [
      0,
      1.0325,
      0.055,
      1.085,
      0.11,
      1.14,
      0.1625,
      1.195,
      0.2175,
      1.25,
      0.2725,
      1.3025,
      0.3275,
      1.3575,
      0.38,
      1.4125,
      0.435,
      1.465,
      0.49,
      1.52,
      0.5425,
      1.575,
      0.5975,
      1.6275,
      0.6525,
      1.6825,
      0.705,
      1.7375,
      0.76,
      1.7925,
      0.815,
      1.845,
      0.87,
      1.9,
      0.9225,
      1.955,
      0.9775
    ],
    "SoftwareVersions": "syngo_MR_B17",
    "SpacingBetweenSlices": 3.3,
    "StationName": "MRC35370",
    "TaskName": "silentreading",
    "TotalReadoutTime": 0.0166951,
    "TxRefAmp": 308.537,
    "dataset": "ds002727",
    "modality": "bold",
    "run_id": 2,
    "subject_id": "03",
    "task_id": "silentreading"
  },
  "dummy_trs": 1,
  "dvars_nstd": 36.11657287481328,
  "dvars_std": 1.0929678023651452,
  "dvars_vstd": 1.016381517676348,
  "efc": 0.6191358325661752,
  "fber": 507.0509948730469,
  "fd_mean": 0.15555058662514887,
  "fd_num": 54,
  "fd_perc": 22.31404958677686,
  "fwhm_avg": 1.7738504124704093,
  "fwhm_x": 1.6635600000000001,
  "fwhm_y": 1.90777,
  "fwhm_z": 1.750221237411228,
  "gcor": 0.00957789,
  "gsr_x": 0.006701016798615456,
  "gsr_y": 0.03759700059890747,
  "provenance": {
    "md5sum": "a519dd0c1f3be7c1e093c8de027e0bc5",
    "settings": {
      "fd_thres": 0.2,
      "testing": false
    },
    "software": "mriqc",
    "version": "22.0.6",
    "webapi_port": null,
    "webapi_url": "https://mriqc.nimh.nih.gov/api/v1"
  },
  "size_t": 242,
  "size_x": 64,
  "size_y": 64,
  "size_z": 37,
  "snr": 4.974056193140771,
  "spacing_tr": 2.0,
  "spacing_x": 3.0,
  "spacing_y": 3.0,
  "spacing_z": 3.299999952316284,
  "summary_bg_k": 22.348047434149372,
  "summary_bg_mad": 17.38687953416958,
  "summary_bg_mean": 78.35943603515625,
  "summary_bg_median": 38.83470916748047,
  "summary_bg_n": 76847.0,
  "summary_bg_p05": 22.954544067382812,
  "summary_bg_p95": 288.0053527832029,
  "summary_bg_stdv": 105.79045104980469,
  "summary_fg_k": 1.5034528903597648,
  "summary_fg_mad": 161.23606795165836,
  "summary_fg_mean": 910.7924194335938,
  "summary_fg_median": 891.8698120117188,
  "summary_fg_n": 39286.0,
  "summary_fg_p05": 668.2375946044922,
  "summary_fg_p95": 1233.3728942871094,
  "summary_fg_stdv": 179.3020477294922,
  "tsnr": 38.972823056043126
}