{
  "aor": 0.0006669262295081967,
  "aqi": 0.01185131512295082,
  "bids_meta": {
    "AcquisitionMatrixPE": 64,
    "AcquisitionNumber": 1,
    "AcquisitionTime": "14:04:29.805000",
    "BandwidthPerPixelPhaseEncode": 58.962,
    "BaseResolution": 64,
    "CoilString": "t:HEA;HEP",
    "ConversionSoftware": "dcm2niix",
    "ConversionSoftwareVersion": "v1.0.20181125  (JP2:OpenJPEG) (JP-LS:CharLS) Clang10.0.0",
    "DerivedVendorReportedEchoSpacing": 0.000530002,
    "DeviceSerialNumber": "35370",
    "DwellTime": 3.5e-06,
    "EchoTime": 0.03,
    "EffectiveEchoSpacing": 0.000265001,
    "FlipAngle": 70,
    "ImageOrientationPatientDICOM": [
      0.999552,
      0.0269133,
      -0.013129,
      -0.0296659,
      0.949692,
      -0.311776
    ],
    "ImageType": [
      "ORIGINAL",
      "PRIMARY",
      "M",
      "ND",
      "MOSAIC"
    ],
    "ImagingFrequency": 123.243,
    "InPlanePhaseEncodingDirectionDICOM": "COL",
    "InstitutionAddress": "Habelschwerdter_Allee_45_Berlin_District_DE_14195",
    "InstitutionName": "Freie_Universitaet",
    "InstitutionalDepartmentName": "Department",
    "MRAcquisitionType": "2D",
    "MagneticFieldStrength": 3,
    "Manufacturer": "Siemens",
    "ManufacturersModelName": "TrioTim",
    "Modality": "MR",
    "ParallelReductionFactorInPlane": 2,
    "PartialFourier": 1,
    "PatientPosition": "HFS",
    "PercentPhaseFOV": 100,
    "PhaseEncodingDirection": "j-",
    "PhaseEncodingSteps": 63,
    "PhaseResolution": 1,
    "PixelBandwidth": 2232,
    "ProcedureStepDescription": "Projekte_fMRI_12ch_localizer",
    "ProtocolName": "ep2d_individuell_333",
    "PulseSequenceDetails": "%SiemensSeq%_ep2d_bold",
    "ReceiveCoilName": "HeadMatrix",
    "ReconMatrixPE": 64,
    "RepetitionTime": 2,
    "SAR": 0.122234,
    "ScanOptions": "FS",
    "ScanningSequence": "EP",
    "SequenceName": "_epfid2d1_64",
    "SequenceVariant": "SK",
    "SeriesDescription": "ep2d_individuell_333",
    "SeriesNumber": 10,
    "ShimSetting": [
      -6807,
      -5777,
      -10766,
      431,
      503,
      1896,
      -62,
      118
    ],
    "SliceThickness": 3,
    "SliceTiming": [
      0,
      1.03,
      0.0525,
      1.085,
      0.1075,
      1.1375,
      0.1625,
      1.1925,
      0.215,
      1.2475,
      0.27,
      1.3,
      0.325,
      1.355,
      0.38,
      1.41,
      0.4325,
      1.465,
      0.4875,
      1.5175,
      0.5425,
      1.5725,
      0.595,
      1.6275,
      0.65,
      1.68,
      0.705,
      1.735,
      0.7575,
      1.79,
      0.8125,
      1.845,
      0.8675,
      1.8975,
      0.9225,
      1.9525,
      0.975
    ],
    "SoftwareVersions": "syngo_MR_B17",
    "SpacingBetweenSlices": 3.3,
    "StationName": "MRC35370",
    "TaskName": "silentreading",
    "TotalReadoutTime": 0.0166951,
    "TxRefAmp": 308.537,
    "dataset": "ds002727",
    "modality": "bold",
    "run_id": 3,
    "subject_id": "03",
    "task_id": "silentreading"
  },
  "dummy_trs": 0,
  "dvars_nstd": 36.02133467534978,
  "dvars_std": 1.0529423850617288,
  "dvars_vstd": 0.9780912420987655,
  "efc": 0.619827384048734,
  "fber": 505.73236083984375,
  "fd_mean": 0.13415541128791633,
  "fd_num": 40,
  "fd_perc": 16.39344262295082,
  "fwhm_avg": 1.7764453619638407,
  "fwhm_x": 1.6762966666666665,
  "fwhm_y": 1.9031333333333331,
  "fwhm_z": 1.7499060858915225,
  "gcor": 0.00831417,
  "gsr_x": 0.006978384219110012,
  "gsr_y": 0.03691323474049568,
  "provenance": {
    "md5sum": "3abacbc7bf9343b1dd39f2760cf5d3ca",
    "settings": {
      "fd_thres": 0.2,
      "testing": false
    },
    "software": "mriqc",
    "version": "22.0.6",
    "webapi_port": null,
    "webapi_url": "https://mriqc.nimh.nih.gov/api/v1"
  },
  "size_t": 244,
  "size_x": 64,
  "size_y": 64,
  "size_z": 37,
  "snr": 4.9647763873488255,
  "spacing_tr": 2.0,
  "spacing_x": 3.0,
  "spacing_y": 3.0,
  "spacing_z": 3.299999952316284,
  "summary_bg_k": 22.56391298089823,
  "summary_bg_mad": 17.171449079514517,
  "summary_bg_mean": 78.86376953125,
  "summary_bg_median": 38.9221305847168,
  "summary_bg_n": 76835.0,
  "summary_bg_p05": 23.672130584716797,
  "summary_bg_p95": 290.74956970214845,
  "summary_bg_stdv": 106.00584411621094,
  "summary_fg_k": 1.46765397066003,
  "summary_fg_mad": 161.640064387481,
  "summary_fg_mean": 911.3331298828125,
  "summary_fg_median": 891.8687744140625,
  "summary_fg_n": 39300.0,
  "summary_fg_p05": 668.3005584716797,
  "summary_fg_p95": 1234.9278076171865,
  "summary_fg_stdv": 179.63697814941406,
  "tsnr": 38.5064678756753
}